{
  "aor": 0.001392909090909091,
  "aqi": 0.00736925116883117,
  "bids_meta": {
    "AcquisitionDateTime": "2018-05-29T13:24:59.266000",
    "AcquisitionMatrixPE": 84,
    "AcquisitionNumber": 1,
    "AcquisitionTime": "13:24:57.225000",
    "BandwidthPerPixelPhaseEncode": 23.81,
    "BaseResolution": 84,
    "BodyPartExamined": "HEAD",
    "ConsistencyInfo": "N4_VE11B_LATEST_20150530",
    "ConversionSoftware": "dcm2niix",
    "ConversionSoftwareVersion": "v1.0.20171215 GCC5.1.0",
    "DerivedVendorReportedEchoSpacing": 0.00049999,
    "DeviceSerialNumber": "66072",
    "DwellTime": 2.3e-06,
    "EchoTime": 0.03,
    "EchoTrainLength": 84,
    "EffectiveEchoSpacing": 0.00049999,
    "FlipAngle": 65,
    "ImageComments": "Unaliased_MB3_PE3_LB_SENSE1",
    "ImageOrientationPatientDICOM": [
      0.993686,
      0.0962035,
      -0.0577312,
      -0.103564,
      0.984414,
      -0.142141
    ],
    "ImageType": [
      "ORIGINAL",
      "PRIMARY",
      "M",
      "MB",
      "ND",
      "MOSAIC"
    ],
    "InPlanePhaseEncodingDirectionDICOM": "COL",
    "InstitutionAddress": "Boulevard_Jean_Moulin_27_Marseille_District_FR_13005",
    "InstitutionName": "Universite_d_aix_Marseille",
    "InstitutionalDepartmentName": "Department",
    "MRAcquisitionType": "2D",
    "MagneticFieldStrength": 3,
    "Manufacturer": "Siemens",
    "ManufacturersModelName": "Prisma",
    "Modality": "MR",
    "MultibandAccelerationFactor": 3,
    "PartialFourier": 1,
    "PatientPosition": "HFS",
    "PercentPhaseFOV": 100,
    "PhaseEncodingDirection": "j",
    "PhaseEncodingSteps": 84,
    "PhaseResolution": 1,
    "PixelBandwidth": 2590,
    "ProcedureStepDescription": "Projets_Convers",
    "ProtocolName": "task-convers_run1_bold",
    "PulseSequenceDetails": "%CustomerSeq%_cmrr_mbep2d_bold",
    "ReceiveCoilActiveElements": "HC1-6",
    "ReceiveCoilName": "HeadNeck_64",
    "ReconMatrixPE": 84,
    "RepetitionTime": 1.205,
    "SAR": 0.0527927,
    "ScanOptions": "FS_EXT",
    "ScanningSequence": "EP",
    "SequenceName": "epfid2d1_84",
    "SequenceVariant": "SK_SS",
    "SeriesDescription": "task-convers_run1_bold",
    "SeriesNumber": 10,
    "ShimSetting": [
      -611,
      -10708,
      -605,
      491,
      27,
      -63,
      -105,
      25
    ],
    "SliceThickness": 2.5,
    "SliceTiming": [
      1.14,
      1.0725,
      1.005,
      0.9375,
      0.87,
      0.805,
      0.7375,
      0.67,
      0.6025,
      0.5375,
      0.47,
      0.4025,
      0.335,
      0.2675,
      0.2025,
      0.135,
      0.0675,
      0,
      1.14,
      1.0725,
      1.005,
      0.9375,
      0.87,
      0.805,
      0.7375,
      0.67,
      0.6025,
      0.5375,
      0.47,
      0.4025,
      0.335,
      0.2675,
      0.2025,
      0.135,
      0.0675,
      0,
      1.14,
      1.0725,
      1.005,
      0.9375,
      0.87,
      0.805,
      0.7375,
      0.67,
      0.6025,
      0.5375,
      0.47,
      0.4025,
      0.335,
      0.2675,
      0.2025,
      0.135,
      0.0675,
      0
    ],
    "SoftwareVersions": "syngo_MR_E11",
    "SpacingBetweenSlices": 2.5,
    "StationName": "AWP66072",
    "TaskName": "convers",
    "TotalReadoutTime": 0.04199916,
    "TxRefAmp": 217.908,
    "modality": "bold",
    "run_id": "01",
    "subject_id": "03",
    "task_id": "convers"
  },
  "dummy_trs": 0,
  "dvars_nstd": 43.12549820562504,
  "dvars_std": 1.1158208414062503,
  "dvars_vstd": 0.9591109571614581,
  "efc": 0.47011071337487614,
  "fber": 13144.125,
  "fd_mean": 0.227570497756721,
  "fd_num": 197,
  "fd_perc": 51.16883116883117,
  "fwhm_avg": 2.9375319999999996,
  "fwhm_x": 2.755128,
  "fwhm_y": 3.281396,
  "fwhm_z": 2.776072,
  "gcor": 0.0332719,
  "gsr_x": -0.003948351368308067,
  "gsr_y": 0.045209623873233795,
  "provenance": {
    "md5sum": "c8abfe029427bbcf36bea1626c24804c",
    "settings": {
      "fd_thres": 0.2,
      "hmc_fsl": false
    },
    "software": "mriqc",
    "version": "0.10.4"
  },
  "size_t": 385,
  "size_x": 84,
  "size_y": 84,
  "size_z": 54,
  "snr": 2.0364452617831184,
  "spacing_tr": 1.2050000429153442,
  "spacing_x": 2.5,
  "spacing_y": 2.5,
  "spacing_z": 2.5,
  "summary_bg_k": 37.13041169967943,
  "summary_bg_mad": 71.59504699707031,
  "summary_bg_mean": 530.6825561523438,
  "summary_bg_median": 89.99856567382812,
  "summary_bg_n": 236502.0,
  "summary_bg_p05": 38.25443859100342,
  "summary_bg_p95": 2534.1739990234287,
  "summary_bg_stdv": 1308.93505859375,
  "summary_fg_k": 0.9082705677487386,
  "summary_fg_mad": 5299.47705078125,
  "summary_fg_mean": 12255.224609375,
  "summary_fg_median": 11272.0751953125,
  "summary_fg_n": 83771.0,
  "summary_fg_p05": 5137.060302734375,
  "summary_fg_p95": 22651.7724609375,
  "summary_fg_stdv": 5535.13916015625,
  "tsnr": 32.59857177734375
}