{
  "aor": 0.003170961038961039,
  "aqi": 0.008327976857142858,
  "bids_meta": {
    "AcquisitionDateTime": "2018-05-30T10:03:08.830000",
    "AcquisitionMatrixPE": 84,
    "AcquisitionNumber": 1,
    "AcquisitionTime": "10:03:6.605000",
    "BandwidthPerPixelPhaseEncode": 23.81,
    "BaseResolution": 84,
    "BodyPartExamined": "HEAD",
    "ConsistencyInfo": "N4_VE11B_LATEST_20150530",
    "ConversionSoftware": "dcm2niix",
    "ConversionSoftwareVersion": "v1.0.20171215 GCC5.1.0",
    "DerivedVendorReportedEchoSpacing": 0.00049999,
    "DeviceSerialNumber": "66072",
    "DwellTime": 2.3e-06,
    "EchoTime": 0.03,
    "EchoTrainLength": 84,
    "EffectiveEchoSpacing": 0.00049999,
    "FlipAngle": 65,
    "ImageComments": "Unaliased_MB3_PE3_LB_SENSE1",
    "ImageOrientationPatientDICOM": [
      0.999005,
      -0.0376506,
      -0.023904,
      0.0368065,
      0.998716,
      -0.0348205
    ],
    "ImageType": [
      "ORIGINAL",
      "PRIMARY",
      "M",
      "MB",
      "ND",
      "MOSAIC"
    ],
    "InPlanePhaseEncodingDirectionDICOM": "COL",
    "InstitutionAddress": "Boulevard_Jean_Moulin_27_Marseille_District_FR_13005",
    "InstitutionName": "Universite_d_aix_Marseille",
    "InstitutionalDepartmentName": "Department",
    "MRAcquisitionType": "2D",
    "MagneticFieldStrength": 3,
    "Manufacturer": "Siemens",
    "ManufacturersModelName": "Prisma",
    "Modality": "MR",
    "MultibandAccelerationFactor": 3,
    "PartialFourier": 1,
    "PatientPosition": "HFS",
    "PercentPhaseFOV": 100,
    "PhaseEncodingDirection": "j",
    "PhaseEncodingSteps": 84,
    "PhaseResolution": 1,
    "PixelBandwidth": 2590,
    "ProcedureStepDescription": "Projets_Convers",
    "ProtocolName": "task-convers_run2_bold",
    "PulseSequenceDetails": "%CustomerSeq%_cmrr_mbep2d_bold",
    "ReceiveCoilActiveElements": "HC1-6",
    "ReceiveCoilName": "HeadNeck_64",
    "ReconMatrixPE": 84,
    "RepetitionTime": 1.205,
    "SAR": 0.0524392,
    "ScanOptions": "FS_EXT",
    "ScanningSequence": "EP",
    "SequenceName": "epfid2d1_84",
    "SequenceVariant": "SK_SS",
    "SeriesDescription": "task-convers_run2_bold",
    "SeriesNumber": 12,
    "ShimSetting": [
      -612,
      -10772,
      -608,
      325,
      0,
      -58,
      -3,
      21
    ],
    "SliceThickness": 2.5,
    "SliceTiming": [
      1.1375,
      1.07,
      1.005,
      0.9375,
      0.87,
      0.8025,
      0.735,
      0.67,
      0.6025,
      0.535,
      0.4675,
      0.4025,
      0.335,
      0.2675,
      0.2,
      0.135,
      0.0675,
      0,
      1.1375,
      1.07,
      1.005,
      0.9375,
      0.87,
      0.8025,
      0.735,
      0.67,
      0.6025,
      0.535,
      0.4675,
      0.4025,
      0.335,
      0.2675,
      0.2,
      0.135,
      0.0675,
      0,
      1.1375,
      1.07,
      1.005,
      0.9375,
      0.87,
      0.8025,
      0.735,
      0.67,
      0.6025,
      0.535,
      0.4675,
      0.4025,
      0.335,
      0.2675,
      0.2,
      0.135,
      0.0675,
      0
    ],
    "SoftwareVersions": "syngo_MR_E11",
    "SpacingBetweenSlices": 2.5,
    "StationName": "AWP66072",
    "TaskName": "convers",
    "TotalReadoutTime": 0.04199916,
    "TxRefAmp": 233.498,
    "modality": "bold",
    "run_id": "02",
    "subject_id": "05",
    "task_id": "convers"
  },
  "dummy_trs": 0,
  "dvars_nstd": 37.61146673072916,
  "dvars_std": 1.1158382419270834,
  "dvars_vstd": 1.0679455399218758,
  "efc": 0.500671046172642,
  "fber": 7636.27392578125,
  "fd_mean": 0.20872537444161673,
  "fd_num": 166,
  "fd_perc": 43.116883116883116,
  "fwhm_avg": 2.9108933333333336,
  "fwhm_x": 2.671824,
  "fwhm_y": 3.191132,
  "fwhm_z": 2.869724,
  "gcor": 0.0322014,
  "gsr_x": 0.0057601165026426315,
  "gsr_y": 0.0341784730553627,
  "provenance": {
    "md5sum": "160d2a18871c05271f1067128c5ccdd6",
    "settings": {
      "fd_thres": 0.2,
      "hmc_fsl": false
    },
    "software": "mriqc",
    "version": "0.10.4"
  },
  "size_t": 385,
  "size_x": 84,
  "size_y": 84,
  "size_z": 54,
  "snr": 2.1684471109678776,
  "spacing_tr": 1.2050000429153442,
  "spacing_x": 2.5,
  "spacing_y": 2.5,
  "spacing_z": 2.5,
  "summary_bg_k": 25.700286646895027,
  "summary_bg_mad": 97.87286376953125,
  "summary_bg_mean": 668.4561767578125,
  "summary_bg_median": 105.35760498046875,
  "summary_bg_n": 230919.0,
  "summary_bg_p05": 28.05687065124512,
  "summary_bg_p95": 3839.0150634765573,
  "summary_bg_stdv": 1653.0203857421875,
  "summary_fg_k": 0.5888311043388166,
  "summary_fg_mad": 4371.08203125,
  "summary_fg_mean": 10429.0888671875,
  "summary_fg_median": 9758.455078125,
  "summary_fg_n": 89536.0,
  "summary_fg_p05": 4347.4237060546875,
  "summary_fg_p95": 18847.9052734375,
  "summary_fg_stdv": 4500.17919921875,
  "tsnr": 34.03297805786133
}