{
  "aor": 0.0035059480519480522,
  "aqi": 0.004274852753246753,
  "bids_meta": {
    "AcquisitionDateTime": "2018-05-29T11:51:44.390000",
    "AcquisitionMatrixPE": 84,
    "AcquisitionNumber": 1,
    "AcquisitionTime": "11:51:26.442500",
    "BandwidthPerPixelPhaseEncode": 23.81,
    "BaseResolution": 84,
    "BodyPartExamined": "HEAD",
    "ConsistencyInfo": "N4_VE11B_LATEST_20150530",
    "ConversionSoftware": "dcm2niix",
    "ConversionSoftwareVersion": "v1.0.20171215 GCC5.1.0",
    "DerivedVendorReportedEchoSpacing": 0.00049999,
    "DeviceSerialNumber": "66072",
    "DwellTime": 2.3e-06,
    "EchoTime": 0.03,
    "EchoTrainLength": 84,
    "EffectiveEchoSpacing": 0.00049999,
    "FlipAngle": 65,
    "ImageComments": "Unaliased_MB3_PE3_LB_SENSE1",
    "ImageOrientationPatientDICOM": [
      0.996665,
      -0.0120731,
      0.0807029,
      0.0167008,
      0.998239,
      -0.0569162
    ],
    "ImageType": [
      "ORIGINAL",
      "PRIMARY",
      "M",
      "MB",
      "ND",
      "MOSAIC"
    ],
    "InPlanePhaseEncodingDirectionDICOM": "COL",
    "InstitutionAddress": "Boulevard_Jean_Moulin_27_Marseille_District_FR_13005",
    "InstitutionName": "Universite_d_aix_Marseille",
    "InstitutionalDepartmentName": "Department",
    "MRAcquisitionType": "2D",
    "MagneticFieldStrength": 3,
    "Manufacturer": "Siemens",
    "ManufacturersModelName": "Prisma",
    "Modality": "MR",
    "MultibandAccelerationFactor": 3,
    "PartialFourier": 1,
    "PatientPosition": "HFS",
    "PercentPhaseFOV": 100,
    "PhaseEncodingDirection": "j",
    "PhaseEncodingSteps": 84,
    "PhaseResolution": 1,
    "PixelBandwidth": 2590,
    "ProcedureStepDescription": "Projets_Convers",
    "ProtocolName": "task-convers_run1_bold",
    "PulseSequenceDetails": "%CustomerSeq%_cmrr_mbep2d_bold",
    "ReceiveCoilActiveElements": "HC1-7",
    "ReceiveCoilName": "HeadNeck_64",
    "ReconMatrixPE": 84,
    "RepetitionTime": 1.205,
    "SAR": 0.0495346,
    "ScanOptions": "FS_EXT",
    "ScanningSequence": "EP",
    "SequenceName": "epfid2d1_84",
    "SequenceVariant": "SK_SS",
    "SeriesDescription": "task-convers_run1_bold",
    "SeriesNumber": 10,
    "ShimSetting": [
      -590,
      -10745,
      -556,
      562,
      13,
      147,
      -113,
      -12
    ],
    "SliceThickness": 2.5,
    "SliceTiming": [
      1.1375,
      1.0725,
      1.005,
      0.9375,
      0.87,
      0.805,
      0.7375,
      0.67,
      0.6025,
      0.535,
      0.47,
      0.4025,
      0.335,
      0.2675,
      0.2025,
      0.135,
      0.0675,
      0,
      1.1375,
      1.0725,
      1.005,
      0.9375,
      0.87,
      0.805,
      0.7375,
      0.67,
      0.6025,
      0.535,
      0.47,
      0.4025,
      0.335,
      0.2675,
      0.2025,
      0.135,
      0.0675,
      0,
      1.1375,
      1.0725,
      1.005,
      0.9375,
      0.87,
      0.805,
      0.7375,
      0.67,
      0.6025,
      0.535,
      0.47,
      0.4025,
      0.335,
      0.2675,
      0.2025,
      0.135,
      0.0675,
      0
    ],
    "SoftwareVersions": "syngo_MR_E11",
    "SpacingBetweenSlices": 2.5,
    "StationName": "AWP66072",
    "TaskName": "convers",
    "TotalReadoutTime": 0.04199916,
    "TxRefAmp": 216.133,
    "modality": "bold",
    "run_id": "01",
    "subject_id": "02",
    "task_id": "convers"
  },
  "dummy_trs": 0,
  "dvars_nstd": 34.83724744119794,
  "dvars_std": 1.1962525231510417,
  "dvars_vstd": 1.0610011336718748,
  "efc": 0.4224357398140868,
  "fber": 19437.20703125,
  "fd_mean": 0.1464474506363724,
  "fd_num": 75,
  "fd_perc": 19.48051948051948,
  "fwhm_avg": 2.7493119999999998,
  "fwhm_x": 2.552796,
  "fwhm_y": 3.0888,
  "fwhm_z": 2.6063400000000003,
  "gcor": 0.0152317,
  "gsr_x": -0.0015444178134202957,
  "gsr_y": 0.025926245376467705,
  "provenance": {
    "md5sum": "e2d048730020d1e3697ce36865116294",
    "settings": {
      "fd_thres": 0.2,
      "hmc_fsl": false
    },
    "software": "mriqc",
    "version": "0.10.4"
  },
  "size_t": 385,
  "size_x": 84,
  "size_y": 84,
  "size_z": 54,
  "snr": 2.3786415764359177,
  "spacing_tr": 1.2050000429153442,
  "spacing_x": 2.5,
  "spacing_y": 2.5,
  "spacing_z": 2.5,
  "summary_bg_k": 46.09835358827198,
  "summary_bg_mad": 45.746864318847656,
  "summary_bg_mean": 393.0915222167969,
  "summary_bg_median": 69.58491516113281,
  "summary_bg_n": 259728.0,
  "summary_bg_p05": 35.24366607666016,
  "summary_bg_p95": 1802.570983886718,
  "summary_bg_stdv": 976.7954711914062,
  "summary_fg_k": 0.6089910277553376,
  "summary_fg_mad": 4055.304443359375,
  "summary_fg_mean": 11013.365234375,
  "summary_fg_median": 10366.8330078125,
  "summary_fg_n": 64769.0,
  "summary_fg_p05": 5006.4591796875,
  "summary_fg_p95": 19185.965234375,
  "summary_fg_stdv": 4358.26611328125,
  "tsnr": 42.46588134765625
}