{
  "bids_meta": {
    "AcquisitionDateTime": "2018-05-30T13:05:28.432000",
    "AcquisitionMatrixPE": 320,
    "AcquisitionNumber": 1,
    "AcquisitionTime": "12:57:24.517500",
    "BaseResolution": 320,
    "BodyPartExamined": "HEAD",
    "ConsistencyInfo": "N4_VE11B_LATEST_20150530",
    "ConversionSoftware": "dcm2niix",
    "ConversionSoftwareVersion": "v1.0.20171215 GCC5.1.0",
    "DeviceSerialNumber": "66072",
    "DwellTime": 2.2e-06,
    "EchoTime": 0.562,
    "EchoTrainLength": 305,
    "FlipAngle": 120,
    "ImageOrientationPatientDICOM": [
      0.0199733,
      0.997438,
      0.0686934,
      0.0246013,
      0.068196,
      -0.997369
    ],
    "ImageType": [
      "ORIGINAL",
      "PRIMARY",
      "M",
      "ND",
      "NORM"
    ],
    "InPlanePhaseEncodingDirectionDICOM": "ROW",
    "InstitutionAddress": "Boulevard_Jean_Moulin_27_Marseille_District_FR_13005",
    "InstitutionName": "Universite_d_aix_Marseille",
    "InstitutionalDepartmentName": "Department",
    "MRAcquisitionType": "3D",
    "MagneticFieldStrength": 3,
    "Manufacturer": "Siemens",
    "ManufacturersModelName": "Prisma",
    "Modality": "MR",
    "ParallelReductionFactorInPlane": 2,
    "PartialFourier": 1,
    "PatientPosition": "HFS",
    "PercentPhaseFOV": 100,
    "PhaseEncodingSteps": 315,
    "PhaseResolution": 1,
    "PixelBandwidth": 710,
    "ProcedureStepDescription": "Projets_Convers",
    "ProtocolName": "T2w",
    "PulseSequenceDetails": "%SiemensSeq%_tse_vfl",
    "ReceiveCoilActiveElements": "HC1-7;NC1,2",
    "ReceiveCoilName": "HeadNeck_64",
    "ReconMatrixPE": 320,
    "RepetitionTime": 3.2,
    "SAR": 0.150281,
    "ScanOptions": "PFP",
    "ScanningSequence": "SE",
    "SequenceName": "_spc_305ns",
    "SequenceVariant": "SK_SP",
    "SeriesDescription": "T2w",
    "SeriesNumber": 19,
    "ShimSetting": [
      -581,
      -10799,
      -673,
      61,
      32,
      -389,
      59,
      33
    ],
    "SliceThickness": 0.8,
    "SoftwareVersions": "syngo_MR_E11",
    "StationName": "AWP66072",
    "TxRefAmp": 251.399,
    "modality": "T2w",
    "subject_id": "06"
  },
  "cjv": 0.38193157157384555,
  "cnr": 2.438321264576614,
  "efc": 0.5454079642182755,
  "fber": 304.6856994628906,
  "fwhm_avg": 2.84959156198067,
  "fwhm_x": 2.7523872723149134,
  "fwhm_y": 3.0291249548625205,
  "fwhm_z": 2.767262458764576,
  "icvs_csf": 0.2930997937382466,
  "icvs_gm": 0.6028324589626481,
  "icvs_wm": 0.10406774729910533,
  "inu_med": 1.3042685985565186,
  "inu_range": 0.4613814353942871,
  "provenance": {
    "md5sum": "98d8d127ba401af58fbd46df0521bd04",
    "settings": {
      "testing": false
    },
    "software": "mriqc",
    "version": "0.10.4",
    "warnings": {
      "large_rot_frame": false,
      "small_air_mask": false
    }
  },
  "qi_1": 0.0,
  "qi_2": 0.011075586270792326,
  "rpve_csf": 20.823987418961423,
  "rpve_gm": 12.22931929906059,
  "rpve_wm": 65.97699821685738,
  "size_x": 256,
  "size_y": 320,
  "size_z": 320,
  "snr_csf": 7.975450608775749,
  "snr_gm": 6.7985492190353645,
  "snr_total": 6.141454084817607,
  "snr_wm": 3.6503624266417045,
  "snrd_csf": 27.77626567891173,
  "snrd_gm": 16.765592389965736,
  "snrd_total": 32.23390946018703,
  "snrd_wm": 52.15987031168363,
  "spacing_x": 0.7999927997589111,
  "spacing_y": 0.800000011920929,
  "spacing_z": 0.800000011920929,
  "summary_bg_k": 1.5969024811212975,
  "summary_bg_mad": 12.552006721496582,
  "summary_bg_mean": 16.87009620666504,
  "summary_bg_median": 14.278538703918457,
  "summary_bg_n": 4658909.0,
  "summary_bg_p05": 2.350387620925903,
  "summary_bg_p95": 41.89573440551755,
  "summary_bg_stdv": 12.996784210205078,
  "summary_csf_k": 1.3256980279978743,
  "summary_csf_mad": 61.141868591308594,
  "summary_csf_mean": 537.0504150390625,
  "summary_csf_median": 532.176025390625,
  "summary_csf_n": 50465.0,
  "summary_csf_p05": 438.8245361328125,
  "summary_csf_p95": 653.0427856445312,
  "summary_csf_stdv": 66.72610473632812,
  "summary_gm_k": 1.316694013389606,
  "summary_gm_mad": 43.57021713256836,
  "summary_gm_mean": 325.30206298828125,
  "summary_gm_median": 321.2183532714844,
  "summary_gm_n": 442902.0,
  "summary_gm_p05": 256.0293502807617,
  "summary_gm_p95": 407.8527847290039,
  "summary_gm_stdv": 47.24802017211914,
  "summary_wm_k": 1.289820402125243,
  "summary_wm_mad": 215.42996215820312,
  "summary_wm_mean": 931.6018676757812,
  "summary_wm_median": 999.3507690429688,
  "summary_wm_n": 32504.0,
  "summary_wm_p05": 246.98554153442382,
  "summary_wm_p95": 1250.7442260742187,
  "summary_wm_stdv": 273.7633361816406,
  "tpm_overlap_csf": 0.1295279711484909,
  "tpm_overlap_gm": 0.3688785135746002,
  "tpm_overlap_wm": 0.07169866561889648,
  "wm2max": 0.90019807915129
}