{
  "aor": 0.001731844155844156,
  "aqi": 0.007146376285714286,
  "bids_meta": {
    "AcquisitionDateTime": "2018-07-16T12:55:44.483000",
    "AcquisitionMatrixPE": 84,
    "AcquisitionNumber": 1,
    "AcquisitionTime": "12:55:24.197500",
    "BandwidthPerPixelPhaseEncode": 23.81,
    "BaseResolution": 84,
    "BodyPartExamined": "HEAD",
    "ConsistencyInfo": "N4_VE11B_LATEST_20150530",
    "ConversionSoftware": "dcm2niix",
    "ConversionSoftwareVersion": "v1.0.20171215 GCC5.1.0",
    "DerivedVendorReportedEchoSpacing": 0.00049999,
    "DeviceSerialNumber": "66072",
    "DwellTime": 2.3e-06,
    "EchoTime": 0.03,
    "EchoTrainLength": 84,
    "EffectiveEchoSpacing": 0.00049999,
    "FlipAngle": 65,
    "ImageComments": "Unaliased_MB3_PE3_LB_SENSE1",
    "ImageOrientationPatientDICOM": [
      0.991246,
      -0.0669863,
      -0.113769,
      0.0675764,
      0.997713,
      0.00133435
    ],
    "ImageType": [
      "ORIGINAL",
      "PRIMARY",
      "M",
      "MB",
      "ND",
      "MOSAIC"
    ],
    "InPlanePhaseEncodingDirectionDICOM": "COL",
    "InstitutionAddress": "Boulevard_Jean_Moulin_27_Marseille_District_FR_13005",
    "InstitutionName": "Universite_d_aix_Marseille",
    "InstitutionalDepartmentName": "Department",
    "MRAcquisitionType": "2D",
    "MagneticFieldStrength": 3,
    "Manufacturer": "Siemens",
    "ManufacturersModelName": "Prisma",
    "Modality": "MR",
    "MultibandAccelerationFactor": 3,
    "PartialFourier": 1,
    "PatientPosition": "HFS",
    "PercentPhaseFOV": 100,
    "PhaseEncodingDirection": "j",
    "PhaseEncodingSteps": 84,
    "PhaseResolution": 1,
    "PixelBandwidth": 2590,
    "ProcedureStepDescription": "Projets_Convers",
    "ProtocolName": "task-convers_run4_bold",
    "PulseSequenceDetails": "%CustomerSeq%_cmrr_mbep2d_bold",
    "ReceiveCoilActiveElements": "HC1-6",
    "ReceiveCoilName": "HeadNeck_64",
    "ReconMatrixPE": 84,
    "RepetitionTime": 1.205,
    "SAR": 0.0639802,
    "ScanOptions": "FS_EXT",
    "ScanningSequence": "EP",
    "SequenceName": "epfid2d1_84",
    "SequenceVariant": "SK_SS",
    "SeriesDescription": "task-convers_run4_bold",
    "SeriesNumber": 17,
    "ShimSetting": [
      -638,
      -10792,
      -554,
      516,
      -39,
      -85,
      -20,
      17
    ],
    "SliceThickness": 2.5,
    "SliceTiming": [
      1.1375,
      1.07,
      1.0025,
      0.9375,
      0.87,
      0.8025,
      0.735,
      0.6675,
      0.6025,
      0.535,
      0.4675,
      0.4,
      0.335,
      0.2675,
      0.2,
      0.1325,
      0.065,
      0,
      1.1375,
      1.07,
      1.0025,
      0.9375,
      0.87,
      0.8025,
      0.735,
      0.6675,
      0.6025,
      0.535,
      0.4675,
      0.4,
      0.335,
      0.2675,
      0.2,
      0.1325,
      0.065,
      0,
      1.1375,
      1.07,
      1.0025,
      0.9375,
      0.87,
      0.8025,
      0.735,
      0.6675,
      0.6025,
      0.535,
      0.4675,
      0.4,
      0.335,
      0.2675,
      0.2,
      0.1325,
      0.065,
      0
    ],
    "SoftwareVersions": "syngo_MR_E11",
    "SpacingBetweenSlices": 2.5,
    "StationName": "AWP66072",
    "TaskName": "convers",
    "TotalReadoutTime": 0.04199916,
    "TxRefAmp": 220.561,
    "modality": "bold",
    "run_id": "04",
    "subject_id": "11",
    "task_id": "convers"
  },
  "dummy_trs": 0,
  "dvars_nstd": 42.376797939192706,
  "dvars_std": 1.1044003875781252,
  "dvars_vstd": 3.9714300725000022,
  "efc": 0.4897538561962893,
  "fber": 6122.935546875,
  "fd_mean": 0.23873551454976547,
  "fd_num": 197,
  "fd_perc": 51.16883116883117,
  "fwhm_avg": 2.8348600000000004,
  "fwhm_x": 2.614196,
  "fwhm_y": 3.114052,
  "fwhm_z": 2.776332,
  "gcor": 0.0295256,
  "gsr_x": 0.008568323217332363,
  "gsr_y": 0.04201246798038483,
  "provenance": {
    "md5sum": "15a0625e17bd9acb90ea907d1329ccec",
    "settings": {
      "fd_thres": 0.2,
      "hmc_fsl": false
    },
    "software": "mriqc",
    "version": "0.11.0",
    "webapi_port": null,
    "webapi_url": null
  },
  "size_t": 385,
  "size_x": 84,
  "size_y": 84,
  "size_z": 54,
  "snr": 2.1059429320886323,
  "spacing_tr": 1.2050000429153442,
  "spacing_x": 2.5,
  "spacing_y": 2.5,
  "spacing_z": 2.5,
  "summary_bg_k": 29.132721353802232,
  "summary_bg_mad": 114.75917053222656,
  "summary_bg_mean": 619.664794921875,
  "summary_bg_median": 119.61381530761719,
  "summary_bg_n": 235741.0,
  "summary_bg_p05": 37.798702239990234,
  "summary_bg_p95": 2969.80126953125,
  "summary_bg_stdv": 1377.613525390625,
  "summary_fg_k": 1.3336106903335292,
  "summary_fg_mad": 4164.87158203125,
  "summary_fg_mean": 10693.529296875,
  "summary_fg_median": 9877.60546875,
  "summary_fg_n": 85849.0,
  "summary_fg_p05": 4663.93994140625,
  "summary_fg_p95": 19778.047265624984,
  "summary_fg_stdv": 4690.32080078125,
  "tsnr": 33.48322677612305
}