{
  "bids_meta": {
    "AcquisitionDateTime": "2018-07-17T10:47:31.749000",
    "AcquisitionMatrixPE": 320,
    "AcquisitionNumber": 1,
    "AcquisitionTime": "10:39:27.510000",
    "BaseResolution": 320,
    "BodyPartExamined": "HEAD",
    "ConsistencyInfo": "N4_VE11B_LATEST_20150530",
    "ConversionSoftware": "dcm2niix",
    "ConversionSoftwareVersion": "v1.0.20171215 GCC5.1.0",
    "DeviceSerialNumber": "66072",
    "DwellTime": 2.2e-06,
    "EchoTime": 0.562,
    "EchoTrainLength": 305,
    "FlipAngle": 120,
    "ImageOrientationPatientDICOM": [
      -0.0556547,
      0.995912,
      0.0711417,
      0.0106583,
      0.0718407,
      -0.997359
    ],
    "ImageType": [
      "ORIGINAL",
      "PRIMARY",
      "M",
      "ND",
      "NORM"
    ],
    "InPlanePhaseEncodingDirectionDICOM": "ROW",
    "InstitutionAddress": "Boulevard_Jean_Moulin_27_Marseille_District_FR_13005",
    "InstitutionName": "Universite_d_aix_Marseille",
    "InstitutionalDepartmentName": "Department",
    "MRAcquisitionType": "3D",
    "MagneticFieldStrength": 3,
    "Manufacturer": "Siemens",
    "ManufacturersModelName": "Prisma",
    "Modality": "MR",
    "ParallelReductionFactorInPlane": 2,
    "PartialFourier": 1,
    "PatientPosition": "HFS",
    "PercentPhaseFOV": 100,
    "PhaseEncodingSteps": 315,
    "PhaseResolution": 1,
    "PixelBandwidth": 710,
    "ProcedureStepDescription": "Projets_Convers",
    "ProtocolName": "T2w",
    "PulseSequenceDetails": "%SiemensSeq%_tse_vfl",
    "ReceiveCoilActiveElements": "HC1-7;NC1,2",
    "ReceiveCoilName": "HeadNeck_64",
    "ReconMatrixPE": 320,
    "RepetitionTime": 3.2,
    "SAR": 0.187171,
    "ScanOptions": "PFP",
    "ScanningSequence": "SE",
    "SequenceName": "_spc_305ns",
    "SequenceVariant": "SK_SP",
    "SeriesDescription": "T2w",
    "SeriesNumber": 17,
    "ShimSetting": [
      -589,
      -10813,
      -660,
      46,
      3,
      -144,
      112,
      11
    ],
    "SliceThickness": 0.8,
    "SoftwareVersions": "syngo_MR_E11",
    "StationName": "AWP66072",
    "TxRefAmp": 241.558,
    "modality": "T2w",
    "subject_id": "15"
  },
  "cjv": 0.47389636722043416,
  "cnr": 2.528730605678014,
  "efc": 0.5037223208474174,
  "fber": 1000.1210327148438,
  "fwhm_avg": 2.5306679551498585,
  "fwhm_x": 2.4272539424103456,
  "fwhm_y": 2.8173374580184003,
  "fwhm_z": 2.347412465020829,
  "icvs_csf": 0.3928340379435557,
  "icvs_gm": 0.12414223997752818,
  "icvs_wm": 0.4830237220789161,
  "inu_med": 1.3172935247421265,
  "inu_range": 0.5189114093780516,
  "provenance": {
    "md5sum": "7374efef575b43e1db511ee9a3a7e059",
    "settings": {
      "testing": false
    },
    "software": "mriqc",
    "version": "0.11.0",
    "warnings": {
      "large_rot_frame": true,
      "small_air_mask": false
    },
    "webapi_port": null,
    "webapi_url": "https://mriqc.nimh.nih.gov/api/v1"
  },
  "qi_1": 0.0,
  "qi_2": 0.03497374198399968,
  "rpve_csf": 16.77390039797339,
  "rpve_gm": 58.947322647656556,
  "rpve_wm": 15.169234903720321,
  "size_x": 256,
  "size_y": 320,
  "size_z": 320,
  "snr_csf": 8.855556206462214,
  "snr_gm": 3.802964124395351,
  "snr_total": 7.130706514202835,
  "snr_wm": 8.73359921175094,
  "snrd_csf": 51.74105289692247,
  "snrd_gm": 94.6920914888647,
  "snrd_total": 59.16326036464193,
  "snrd_wm": 31.0566367081386,
  "spacing_x": 0.7999987006187439,
  "spacing_y": 0.800000011920929,
  "spacing_z": 0.800000011920929,
  "summary_bg_k": 4.375350356940289,
  "summary_bg_mad": 21.0947265625,
  "summary_bg_mean": 30.156030654907227,
  "summary_bg_median": 23.467002868652344,
  "summary_bg_n": 4739324.0,
  "summary_bg_p05": 0.0,
  "summary_bg_p95": 82.95492630004881,
  "summary_bg_stdv": 26.177032470703125,
  "summary_csf_k": 0.8874189722023296,
  "summary_csf_mad": 176.024169921875,
  "summary_csf_mean": 1677.370849609375,
  "summary_csf_median": 1666.0093994140625,
  "summary_csf_n": 88824.0,
  "summary_csf_p05": 1396.0103942871094,
  "summary_csf_p95": 2005.1140441894531,
  "summary_csf_stdv": 188.13047790527344,
  "summary_gm_k": 0.6081049100254674,
  "summary_gm_mad": 862.7970581054688,
  "summary_gm_mean": 2929.354248046875,
  "summary_gm_median": 3048.9892578125,
  "summary_gm_n": 35771.0,
  "summary_gm_p05": 1450.5548706054688,
  "summary_gm_p95": 3974.4747314453125,
  "summary_gm_stdv": 801.72900390625,
  "summary_wm_k": 0.7114500483876744,
  "summary_wm_mad": 108.2152099609375,
  "summary_wm_mean": 999.7464599609375,
  "summary_wm_median": 999.9921875,
  "summary_wm_n": 438104.0,
  "summary_wm_p05": 811.7656097412109,
  "summary_wm_p95": 1185.6283569335935,
  "summary_wm_stdv": 114.49930572509766,
  "tpm_overlap_csf": 0.11560922116041183,
  "tpm_overlap_gm": 0.11325698345899582,
  "tpm_overlap_wm": 0.4961637556552887,
  "wm2max": 0.2694560350480284
}