{
  "aor": 0.0020302077922077924,
  "aqi": 0.014362810987012989,
  "bids_meta": {
    "AcquisitionDateTime": "2018-05-30T16:39:28.554000",
    "AcquisitionMatrixPE": 84,
    "AcquisitionNumber": 1,
    "AcquisitionTime": "16:38:59.295000",
    "BandwidthPerPixelPhaseEncode": 23.81,
    "BaseResolution": 84,
    "BodyPartExamined": "HEAD",
    "ConsistencyInfo": "N4_VE11B_LATEST_20150530",
    "ConversionSoftware": "dcm2niix",
    "ConversionSoftwareVersion": "v1.0.20171215 GCC5.1.0",
    "DerivedVendorReportedEchoSpacing": 0.00049999,
    "DeviceSerialNumber": "66072",
    "DwellTime": 2.3e-06,
    "EchoTime": 0.03,
    "EchoTrainLength": 84,
    "EffectiveEchoSpacing": 0.00049999,
    "FlipAngle": 65,
    "ImageComments": "Unaliased_MB3_PE3_LB_SENSE1",
    "ImageOrientationPatientDICOM": [
      0.998478,
      0.0427931,
      0.0348027,
      -0.0428961,
      0.999077,
      0.00221942
    ],
    "ImageType": [
      "ORIGINAL",
      "PRIMARY",
      "M",
      "MB",
      "ND",
      "MOSAIC"
    ],
    "InPlanePhaseEncodingDirectionDICOM": "COL",
    "InstitutionAddress": "Boulevard_Jean_Moulin_27_Marseille_District_FR_13005",
    "InstitutionName": "Universite_d_aix_Marseille",
    "InstitutionalDepartmentName": "Department",
    "MRAcquisitionType": "2D",
    "MagneticFieldStrength": 3,
    "Manufacturer": "Siemens",
    "ManufacturersModelName": "Prisma",
    "Modality": "MR",
    "MultibandAccelerationFactor": 3,
    "PartialFourier": 1,
    "PatientPosition": "HFS",
    "PercentPhaseFOV": 100,
    "PhaseEncodingDirection": "j",
    "PhaseEncodingSteps": 84,
    "PhaseResolution": 1,
    "PixelBandwidth": 2590,
    "ProcedureStepDescription": "Projets_Convers",
    "ProtocolName": "task-convers_run1_bold",
    "PulseSequenceDetails": "%CustomerSeq%_cmrr_mbep2d_bold",
    "ReceiveCoilActiveElements": "HC1-7",
    "ReceiveCoilName": "HeadNeck_64",
    "ReconMatrixPE": 84,
    "RepetitionTime": 1.205,
    "SAR": 0.0695866,
    "ScanOptions": "FS_EXT",
    "ScanningSequence": "EP",
    "SequenceName": "epfid2d1_84",
    "SequenceVariant": "SK_SS",
    "SeriesDescription": "task-convers_run1_bold",
    "SeriesNumber": 10,
    "ShimSetting": [
      -598,
      -10767,
      -540,
      579,
      36,
      29,
      25,
      -8
    ],
    "SliceThickness": 2.5,
    "SliceTiming": [
      1.1375,
      1.0725,
      1.005,
      0.9375,
      0.87,
      0.8025,
      0.7375,
      0.67,
      0.6025,
      0.535,
      0.47,
      0.4025,
      0.335,
      0.2675,
      0.2,
      0.135,
      0.0675,
      0,
      1.1375,
      1.0725,
      1.005,
      0.9375,
      0.87,
      0.8025,
      0.7375,
      0.67,
      0.6025,
      0.535,
      0.47,
      0.4025,
      0.335,
      0.2675,
      0.2,
      0.135,
      0.0675,
      0,
      1.1375,
      1.0725,
      1.005,
      0.9375,
      0.87,
      0.8025,
      0.7375,
      0.67,
      0.6025,
      0.535,
      0.47,
      0.4025,
      0.335,
      0.2675,
      0.2,
      0.135,
      0.0675,
      0
    ],
    "SoftwareVersions": "syngo_MR_E11",
    "SpacingBetweenSlices": 2.5,
    "StationName": "AWP66072",
    "TaskName": "convers",
    "TotalReadoutTime": 0.04199916,
    "TxRefAmp": 234.264,
    "modality": "bold",
    "run_id": "01",
    "subject_id": "09",
    "task_id": "convers"
  },
  "dummy_trs": 0,
  "dvars_nstd": 57.269911512942706,
  "dvars_std": 1.0802873276822922,
  "dvars_vstd": 1.0621202416406248,
  "efc": 0.46141489215635595,
  "fber": 13576.7626953125,
  "fd_mean": 0.5405842661012162,
  "fd_num": 313,
  "fd_perc": 81.2987012987013,
  "fwhm_avg": 2.8207799999999996,
  "fwhm_x": 2.576572,
  "fwhm_y": 3.0924679999999998,
  "fwhm_z": 2.7933,
  "gcor": 0.0175822,
  "gsr_x": -0.01663597859442234,
  "gsr_y": 0.038005925714969635,
  "provenance": {
    "md5sum": "9ba811f7203cee99eadf7bae24c1cd5c",
    "settings": {
      "fd_thres": 0.2,
      "hmc_fsl": false
    },
    "software": "mriqc",
    "version": "0.10.4"
  },
  "size_t": 385,
  "size_x": 84,
  "size_y": 84,
  "size_z": 54,
  "snr": 2.6408731030465047,
  "spacing_tr": 1.2050000429153442,
  "spacing_x": 2.5,
  "spacing_y": 2.5,
  "spacing_z": 2.5,
  "summary_bg_k": 35.2992057845246,
  "summary_bg_mad": 57.34108352661133,
  "summary_bg_mean": 320.24761962890625,
  "summary_bg_median": 73.47334289550781,
  "summary_bg_n": 242294.0,
  "summary_bg_p05": 25.637766456604005,
  "summary_bg_p95": 1531.0062622070295,
  "summary_bg_stdv": 736.042236328125,
  "summary_fg_k": 0.4294439541132644,
  "summary_fg_mad": 3434.827392578125,
  "summary_fg_mean": 9547.25390625,
  "summary_fg_median": 9191.2177734375,
  "summary_fg_n": 79187.0,
  "summary_fg_p05": 4588.099560546875,
  "summary_fg_p95": 15703.211816406249,
  "summary_fg_stdv": 3480.348876953125,
  "tsnr": 24.712295532226562
}