{
  "bids_meta": {
    "AcquisitionDateTime": "2018-07-16T11:11:37.218000",
    "AcquisitionMatrixPE": 320,
    "AcquisitionNumber": 1,
    "AcquisitionTime": "11:03:32.512500",
    "BaseResolution": 320,
    "BodyPartExamined": "HEAD",
    "ConsistencyInfo": "N4_VE11B_LATEST_20150530",
    "ConversionSoftware": "dcm2niix",
    "ConversionSoftwareVersion": "v1.0.20171215 GCC5.1.0",
    "DeviceSerialNumber": "66072",
    "DwellTime": 2.2e-06,
    "EchoTime": 0.562,
    "EchoTrainLength": 305,
    "FlipAngle": 120,
    "ImageOrientationPatientDICOM": [
      0.0177812,
      0.991725,
      0.127147,
      0.113664,
      0.124337,
      -0.985708
    ],
    "ImageType": [
      "ORIGINAL",
      "PRIMARY",
      "M",
      "ND",
      "NORM"
    ],
    "InPlanePhaseEncodingDirectionDICOM": "ROW",
    "InstitutionAddress": "Boulevard_Jean_Moulin_27_Marseille_District_FR_13005",
    "InstitutionName": "Universite_d_aix_Marseille",
    "InstitutionalDepartmentName": "Department",
    "MRAcquisitionType": "3D",
    "MagneticFieldStrength": 3,
    "Manufacturer": "Siemens",
    "ManufacturersModelName": "Prisma",
    "Modality": "MR",
    "ParallelReductionFactorInPlane": 2,
    "PartialFourier": 1,
    "PatientPosition": "HFS",
    "PercentPhaseFOV": 100,
    "PhaseEncodingSteps": 315,
    "PhaseResolution": 1,
    "PixelBandwidth": 710,
    "ProcedureStepDescription": "Projets_Convers",
    "ProtocolName": "T2w",
    "PulseSequenceDetails": "%SiemensSeq%_tse_vfl",
    "ReceiveCoilActiveElements": "HC1-7;NC1,2",
    "ReceiveCoilName": "HeadNeck_64",
    "ReconMatrixPE": 320,
    "RepetitionTime": 3.2,
    "SAR": 0.172963,
    "ScanOptions": "PFP",
    "ScanningSequence": "SE",
    "SequenceName": "_spc_305ns",
    "SequenceVariant": "SK_SP",
    "SeriesDescription": "T2w",
    "SeriesNumber": 24,
    "ShimSetting": [
      -577,
      -10811,
      -616,
      43,
      -26,
      -307,
      106,
      -10
    ],
    "SliceThickness": 0.8,
    "SoftwareVersions": "syngo_MR_E11",
    "StationName": "AWP66072",
    "TxRefAmp": 258.095,
    "modality": "T2w",
    "subject_id": "10"
  },
  "cjv": 0.36372463315883324,
  "cnr": 3.4357666167992242,
  "efc": 0.5120418267403942,
  "fber": 2855.182373046875,
  "fwhm_avg": 2.505385936534291,
  "fwhm_x": 2.4164078855950675,
  "fwhm_y": 2.793024958380685,
  "fwhm_z": 2.3067249656271196,
  "icvs_csf": 0.13246921248261223,
  "icvs_gm": 0.40108647986963664,
  "icvs_wm": 0.46644430764775113,
  "inu_med": 1.3592075109481812,
  "inu_range": 0.4311063289642334,
  "provenance": {
    "md5sum": "99ec97b011adff37eb87d005c572a9d5",
    "settings": {
      "testing": false
    },
    "software": "mriqc",
    "version": "0.11.0",
    "warnings": {
      "large_rot_frame": true,
      "small_air_mask": false
    },
    "webapi_port": null,
    "webapi_url": "https://mriqc.nimh.nih.gov/api/v1"
  },
  "qi_1": 0.0,
  "qi_2": 0.012081870221942136,
  "rpve_csf": 49.070889452977696,
  "rpve_gm": 14.051655014996232,
  "rpve_wm": 13.675537858521812,
  "size_x": 256,
  "size_y": 320,
  "size_z": 320,
  "snr_csf": 4.39334584316143,
  "snr_gm": 9.590129426528692,
  "snr_total": 7.891549529784474,
  "snr_wm": 9.691173319663303,
  "snrd_csf": 194.44279421111585,
  "snrd_gm": 110.81150588985783,
  "snrd_total": 123.35871040136554,
  "snrd_wm": 64.82183110312295,
  "spacing_x": 0.7999973893165588,
  "spacing_y": 0.800000011920929,
  "spacing_z": 0.800000011920929,
  "summary_bg_k": 14.79622528428796,
  "summary_bg_mad": 10.106203079223633,
  "summary_bg_mean": 16.707998275756836,
  "summary_bg_median": 14.826504707336426,
  "summary_bg_n": 4392107.0,
  "summary_bg_p05": 0.0,
  "summary_bg_p95": 45.17903022766112,
  "summary_bg_stdv": 14.820374488830566,
  "summary_csf_k": 2.6072051824534324,
  "summary_csf_mad": 531.92333984375,
  "summary_csf_mean": 2930.111572265625,
  "summary_csf_median": 2999.4951171875,
  "summary_csf_n": 51936.0,
  "summary_csf_p05": 1557.9600219726562,
  "summary_csf_p95": 3826.7850952148438,
  "summary_csf_stdv": 682.7293701171875,
  "summary_gm_k": 1.0414067582417195,
  "summary_gm_mad": 163.54901123046875,
  "summary_gm_mean": 1718.5218505859375,
  "summary_gm_median": 1709.3900146484375,
  "summary_gm_n": 120382.0,
  "summary_gm_p05": 1445.71904296875,
  "summary_gm_p95": 2023.6975646972655,
  "summary_gm_stdv": 178.24398803710938,
  "summary_wm_k": 1.1551423529730966,
  "summary_wm_mad": 94.49237060546875,
  "summary_wm_mean": 1003.386962890625,
  "summary_wm_median": 999.9484252929688,
  "summary_wm_n": 521090.0,
  "summary_wm_p05": 841.7639221191407,
  "summary_wm_p95": 1175.0825927734375,
  "summary_wm_stdv": 103.18125915527344,
  "tpm_overlap_csf": 0.17512819170951843,
  "tpm_overlap_gm": 0.4579167068004608,
  "tpm_overlap_wm": 0.5164838433265686,
  "wm2max": 0.2698146985304268
}