{
  "bids_meta": {
    "AcquisitionDateTime": "2018-05-29T10:59:30.072000",
    "AcquisitionMatrixPE": 320,
    "AcquisitionNumber": 1,
    "AcquisitionTime": "10:52:23.735000",
    "BaseResolution": 320,
    "BodyPartExamined": "HEAD",
    "ConsistencyInfo": "N4_VE11B_LATEST_20150530",
    "ConversionSoftware": "dcm2niix",
    "ConversionSoftwareVersion": "v1.0.20171215 GCC5.1.0",
    "DeviceSerialNumber": "66072",
    "DwellTime": 7.4e-06,
    "EchoTime": 0.00228,
    "FlipAngle": 8,
    "ImageOrientationPatientDICOM": [
      -0.0700382,
      0.949389,
      0.306195,
      -0.0821355,
      0.300418,
      -0.950265
    ],
    "ImageType": [
      "ORIGINAL",
      "PRIMARY",
      "M",
      "ND",
      "NORM"
    ],
    "InPlanePhaseEncodingDirectionDICOM": "ROW",
    "InstitutionAddress": "Boulevard_Jean_Moulin_27_Marseille_District_FR_13005",
    "InstitutionName": "Universite_d_aix_Marseille",
    "InstitutionalDepartmentName": "Department",
    "InversionTime": 1.01,
    "MRAcquisitionType": "3D",
    "MagneticFieldStrength": 3,
    "Manufacturer": "Siemens",
    "ManufacturersModelName": "Prisma",
    "Modality": "MR",
    "ParallelReductionFactorInPlane": 2,
    "PartialFourier": 1,
    "PatientPosition": "HFS",
    "PercentPhaseFOV": 100,
    "PhaseEncodingSteps": 319,
    "PhaseResolution": 1,
    "PixelBandwidth": 210,
    "ProcedureStepDescription": "Projets_Convers",
    "ProtocolName": "T1w",
    "PulseSequenceDetails": "%SiemensSeq%_tfl",
    "ReceiveCoilActiveElements": "HC1-7;NC1,2",
    "ReceiveCoilName": "HeadNeck_64",
    "ReconMatrixPE": 320,
    "RepetitionTime": 2.4,
    "SAR": 0.0380181,
    "ScanOptions": "IR_WE",
    "ScanningSequence": "GR_IR",
    "SequenceName": "_tfl3d1_16ns",
    "SequenceVariant": "SK_SP_MP",
    "SeriesDescription": "T1w",
    "SeriesNumber": 20,
    "ShimSetting": [
      -634,
      -10819,
      -645,
      89,
      67,
      -320,
      183,
      47
    ],
    "SliceThickness": 0.8,
    "SoftwareVersions": "syngo_MR_E11",
    "StationName": "AWP66072",
    "TxRefAmp": 235.042,
    "modality": "T1w",
    "subject_id": "01"
  },
  "cjv": 0.6341760864897369,
  "cnr": 2.1209518315519365,
  "efc": 0.5434750030500625,
  "fber": 4563.03076171875,
  "fwhm_avg": 4.267878374552322,
  "fwhm_x": 4.190572752001597,
  "fwhm_y": 4.2657249364357455,
  "fwhm_z": 4.3473374352196235,
  "icvs_csf": 0.18295421901681908,
  "icvs_gm": 0.42992798892362494,
  "icvs_wm": 0.387117792059556,
  "inu_med": 1.092538595199585,
  "inu_range": 0.5644710212945938,
  "provenance": {
    "md5sum": "49746c712afade3b3aedfe7a5f599bd8",
    "settings": {
      "testing": false
    },
    "software": "mriqc",
    "version": "0.10.4",
    "warnings": {
      "large_rot_frame": false,
      "small_air_mask": false
    }
  },
  "qi_1": 0.0,
  "qi_2": 0.05922172868662105,
  "rpve_csf": 29.72130123953122,
  "rpve_gm": 13.802307330927416,
  "rpve_wm": 17.729356885760918,
  "size_x": 256,
  "size_y": 320,
  "size_z": 320,
  "snr_csf": 3.0945109633462087,
  "snr_gm": 9.927349389087627,
  "snr_total": 9.442518853859529,
  "snr_wm": 15.305696209144749,
  "snrd_csf": 45.28608371275758,
  "snrd_gm": 94.1595182964761,
  "snrd_total": 86.61867033151957,
  "snrd_wm": 120.41040898532503,
  "spacing_x": 0.8000004291534424,
  "spacing_y": 0.800000011920929,
  "spacing_z": 0.800000011920929,
  "summary_bg_k": 14383.816030041764,
  "summary_bg_mad": 5.441123008728027,
  "summary_bg_mean": 9.184237480163574,
  "summary_bg_median": 7.744435787200928,
  "summary_bg_n": 4606269.0,
  "summary_bg_p05": 1.3045083522796643,
  "summary_bg_p95": 22.20421905517578,
  "summary_bg_stdv": 9.604140281677246,
  "summary_csf_k": 1.0314804530679833,
  "summary_csf_mad": 109.63926696777344,
  "summary_csf_mean": 394.35235595703125,
  "summary_csf_median": 376.1158142089844,
  "summary_csf_n": 50722.0,
  "summary_csf_p05": 228.38319931030276,
  "summary_csf_p95": 624.0454315185546,
  "summary_csf_stdv": 121.54169464111328,
  "summary_gm_k": 0.7336356994880942,
  "summary_gm_mad": 75.60873413085938,
  "summary_gm_mean": 783.701416015625,
  "summary_gm_median": 782.0257568359375,
  "summary_gm_n": 71632.0,
  "summary_gm_p05": 662.060614013672,
  "summary_gm_p95": 916.6405029296875,
  "summary_gm_stdv": 78.77433013916016,
  "summary_wm_k": 0.24434898510703906,
  "summary_wm_mad": 62.65578079223633,
  "summary_wm_mean": 1003.4824829101562,
  "summary_wm_median": 1000.0480346679688,
  "summary_wm_n": 504161.0,
  "summary_wm_p05": 901.363525390625,
  "summary_wm_p95": 1116.9510498046875,
  "summary_wm_stdv": 65.33822631835938,
  "tpm_overlap_csf": 0.23018424212932587,
  "tpm_overlap_gm": 0.49520620703697205,
  "tpm_overlap_wm": 0.5327680706977844,
  "wm2max": 0.5554812669890843
}