{
  "bids_meta": {
    "AcquisitionDateTime": "2018-05-29T12:38:43.888000",
    "AcquisitionMatrixPE": 320,
    "AcquisitionNumber": 1,
    "AcquisitionTime": "12:30:40.525000",
    "BaseResolution": 320,
    "BodyPartExamined": "HEAD",
    "ConsistencyInfo": "N4_VE11B_LATEST_20150530",
    "ConversionSoftware": "dcm2niix",
    "ConversionSoftwareVersion": "v1.0.20171215 GCC5.1.0",
    "DeviceSerialNumber": "66072",
    "DwellTime": 2.2e-06,
    "EchoTime": 0.562,
    "EchoTrainLength": 305,
    "FlipAngle": 120,
    "ImageOrientationPatientDICOM": [
      0.00586889,
      0.997055,
      0.0764688,
      0.0813862,
      0.0757402,
      -0.993801
    ],
    "ImageType": [
      "ORIGINAL",
      "PRIMARY",
      "M",
      "ND",
      "NORM"
    ],
    "InPlanePhaseEncodingDirectionDICOM": "ROW",
    "InstitutionAddress": "Boulevard_Jean_Moulin_27_Marseille_District_FR_13005",
    "InstitutionName": "Universite_d_aix_Marseille",
    "InstitutionalDepartmentName": "Department",
    "MRAcquisitionType": "3D",
    "MagneticFieldStrength": 3,
    "Manufacturer": "Siemens",
    "ManufacturersModelName": "Prisma",
    "Modality": "MR",
    "ParallelReductionFactorInPlane": 2,
    "PartialFourier": 1,
    "PatientPosition": "HFS",
    "PercentPhaseFOV": 100,
    "PhaseEncodingSteps": 315,
    "PhaseResolution": 1,
    "PixelBandwidth": 710,
    "ProcedureStepDescription": "Projets_Convers",
    "ProtocolName": "T2w",
    "PulseSequenceDetails": "%SiemensSeq%_tse_vfl",
    "ReceiveCoilActiveElements": "HC1-7;NC1,2",
    "ReceiveCoilName": "HeadNeck_64",
    "ReconMatrixPE": 320,
    "RepetitionTime": 3.2,
    "SAR": 0.107549,
    "ScanOptions": "PFP",
    "ScanningSequence": "SE",
    "SequenceName": "_spc_305ns",
    "SequenceVariant": "SK_SP",
    "SeriesDescription": "T2w",
    "SeriesNumber": 17,
    "ShimSetting": [
      -595,
      -10772,
      -682,
      -263,
      34,
      -116,
      63,
      31
    ],
    "SliceThickness": 0.8,
    "SoftwareVersions": "syngo_MR_E11",
    "StationName": "AWP66072",
    "TxRefAmp": 216.133,
    "modality": "T2w",
    "subject_id": "02"
  },
  "cjv": 0.4010366177624002,
  "cnr": 3.0720534635854264,
  "efc": 0.43175141905044817,
  "fber": 3285.653564453125,
  "fwhm_avg": 2.53013299137776,
  "fwhm_x": 2.4501740507285996,
  "fwhm_y": 2.7905124584181236,
  "fwhm_z": 2.3497124649865557,
  "icvs_csf": 0.1532969050386087,
  "icvs_gm": 0.32380562178476774,
  "icvs_wm": 0.5228974731766236,
  "inu_med": 1.3057200908660889,
  "inu_range": 0.39488258957862854,
  "provenance": {
    "md5sum": "5436b77d0871701875595554c96a2e8f",
    "settings": {
      "testing": false
    },
    "software": "mriqc",
    "version": "0.10.4",
    "warnings": {
      "large_rot_frame": true,
      "small_air_mask": false
    }
  },
  "qi_1": 0.0,
  "qi_2": 0.03983360538870542,
  "rpve_csf": 69.34227587156644,
  "rpve_gm": 24.309629856877493,
  "rpve_wm": 18.89050753517772,
  "size_x": 256,
  "size_y": 320,
  "size_z": 320,
  "snr_csf": 5.449978409438427,
  "snr_gm": 8.831796370290467,
  "snr_total": 7.3759290303799645,
  "snr_wm": 7.846012311411001,
  "snrd_csf": 167.13985898420276,
  "snrd_gm": 92.5720185699904,
  "snrd_total": 104.56386666792667,
  "snrd_wm": 53.979722449586845,
  "spacing_x": 0.8000003099441528,
  "spacing_y": 0.800000011920929,
  "spacing_z": 0.800000011920929,
  "summary_bg_k": 9.850274181008023,
  "summary_bg_mad": 12.137749671936035,
  "summary_bg_mean": 16.380542755126953,
  "summary_bg_median": 9.645808219909668,
  "summary_bg_n": 6130786.0,
  "summary_bg_p05": 0.0,
  "summary_bg_p95": 45.428093910217285,
  "summary_bg_stdv": 14.559654235839844,
  "summary_csf_k": 4.517692730980154,
  "summary_csf_mad": 451.31683349609375,
  "summary_csf_mean": 3038.54833984375,
  "summary_csf_median": 3096.60986328125,
  "summary_csf_n": 59092.0,
  "summary_csf_p05": 2003.2592834472657,
  "summary_csf_p95": 3767.28125,
  "summary_csf_stdv": 568.1827392578125,
  "summary_gm_k": 1.0168750345093551,
  "summary_gm_mad": 181.74961853027344,
  "summary_gm_mean": 1726.1837158203125,
  "summary_gm_median": 1715.087158203125,
  "summary_gm_n": 43210.0,
  "summary_gm_p05": 1430.417401123047,
  "summary_gm_p95": 2058.731188964843,
  "summary_gm_stdv": 194.19235229492188,
  "summary_wm_k": 2.13790960140816,
  "summary_wm_mad": 104.99224853515625,
  "summary_wm_mean": 1014.8904418945312,
  "summary_wm_median": 1000.08544921875,
  "summary_wm_n": 367576.0,
  "summary_wm_p05": 836.7986145019531,
  "summary_wm_p95": 1252.0941162109375,
  "summary_wm_stdv": 127.46399688720703,
  "tpm_overlap_csf": 0.16804198920726776,
  "tpm_overlap_gm": 0.4004698097705841,
  "tpm_overlap_wm": 0.5053678154945374,
  "wm2max": 0.2695765369717815
}