{
  "bids_meta": {
    "AcquisitionDateTime": "2018-05-29T14:11:46.875000",
    "AcquisitionMatrixPE": 320,
    "AcquisitionNumber": 1,
    "AcquisitionTime": "14:03:42.507500",
    "BaseResolution": 320,
    "BodyPartExamined": "HEAD",
    "ConsistencyInfo": "N4_VE11B_LATEST_20150530",
    "ConversionSoftware": "dcm2niix",
    "ConversionSoftwareVersion": "v1.0.20171215 GCC5.1.0",
    "DeviceSerialNumber": "66072",
    "DwellTime": 2.2e-06,
    "EchoTime": 0.562,
    "EchoTrainLength": 305,
    "FlipAngle": 120,
    "ImageOrientationPatientDICOM": [
      -0.0861496,
      0.983691,
      0.157894,
      -0.0720064,
      0.151921,
      -0.985766
    ],
    "ImageType": [
      "ORIGINAL",
      "PRIMARY",
      "M",
      "ND",
      "NORM"
    ],
    "InPlanePhaseEncodingDirectionDICOM": "ROW",
    "InstitutionAddress": "Boulevard_Jean_Moulin_27_Marseille_District_FR_13005",
    "InstitutionName": "Universite_d_aix_Marseille",
    "InstitutionalDepartmentName": "Department",
    "MRAcquisitionType": "3D",
    "MagneticFieldStrength": 3,
    "Manufacturer": "Siemens",
    "ManufacturersModelName": "Prisma",
    "Modality": "MR",
    "ParallelReductionFactorInPlane": 2,
    "PartialFourier": 1,
    "PatientPosition": "HFS",
    "PercentPhaseFOV": 100,
    "PhaseEncodingSteps": 315,
    "PhaseResolution": 1,
    "PixelBandwidth": 710,
    "ProcedureStepDescription": "Projets_Convers",
    "ProtocolName": "T2w",
    "PulseSequenceDetails": "%SiemensSeq%_tse_vfl",
    "ReceiveCoilActiveElements": "HC1-7;NC1,2",
    "ReceiveCoilName": "HeadNeck_64",
    "ReconMatrixPE": 320,
    "RepetitionTime": 3.2,
    "SAR": 0.114624,
    "ScanOptions": "PFP",
    "ScanningSequence": "SE",
    "SequenceName": "_spc_305ns",
    "SequenceVariant": "SK_SP",
    "SeriesDescription": "T2w",
    "SeriesNumber": 17,
    "ShimSetting": [
      -616,
      -10735,
      -702,
      -181,
      126,
      -248,
      -6,
      23
    ],
    "SliceThickness": 0.8,
    "SoftwareVersions": "syngo_MR_E11",
    "StationName": "AWP66072",
    "TxRefAmp": 217.908,
    "modality": "T2w",
    "subject_id": "03"
  },
  "cjv": 0.35540111956908166,
  "cnr": 3.5215708698179182,
  "efc": 0.4638471588102281,
  "fber": 2083.791015625,
  "fwhm_avg": 2.6936454248720856,
  "fwhm_x": 2.608611356160253,
  "fwhm_y": 2.947537456078269,
  "fwhm_z": 2.5247874623777347,
  "icvs_csf": 0.13032502475129598,
  "icvs_gm": 0.3755747787789961,
  "icvs_wm": 0.4941001964697079,
  "inu_med": 1.2803542613983154,
  "inu_range": 0.3855774998664856,
  "provenance": {
    "md5sum": "edc05667e027416e474a68ecbfe1eb46",
    "settings": {
      "testing": false
    },
    "software": "mriqc",
    "version": "0.10.4",
    "warnings": {
      "large_rot_frame": true,
      "small_air_mask": false
    }
  },
  "qi_1": 0.0002868506524858307,
  "qi_2": 0.0476223883366004,
  "rpve_csf": 61.74849412158862,
  "rpve_gm": 17.56759393504153,
  "rpve_wm": 15.59608750730559,
  "size_x": 256,
  "size_y": 320,
  "size_z": 320,
  "snr_csf": 4.611556489944391,
  "snr_gm": 9.77607402063864,
  "snr_total": 8.07934119221069,
  "snr_wm": 9.850393066049035,
  "snrd_csf": 217.61484475343784,
  "snrd_gm": 118.57294135835838,
  "snrd_total": 135.089585079265,
  "snrd_wm": 69.08096912599878,
  "spacing_x": 0.8000041842460632,
  "spacing_y": 0.800000011920929,
  "spacing_z": 0.800000011920929,
  "summary_bg_k": 10.085866667240643,
  "summary_bg_mad": 9.483480453491211,
  "summary_bg_mean": 16.30098533630371,
  "summary_bg_median": 13.503218650817871,
  "summary_bg_n": 4889872.0,
  "summary_bg_p05": 0.0,
  "summary_bg_p95": 47.1911367416382,
  "summary_bg_stdv": 16.00826644897461,
  "summary_csf_k": 2.5726405701048733,
  "summary_csf_mad": 654.42138671875,
  "summary_csf_mean": 3110.023681640625,
  "summary_csf_median": 3150.1015625,
  "summary_csf_n": 54196.0,
  "summary_csf_p05": 1875.343017578125,
  "summary_csf_p95": 3982.1744384765625,
  "summary_csf_stdv": 683.082275390625,
  "summary_gm_k": 1.2134533343614038,
  "summary_gm_mad": 162.20169067382812,
  "summary_gm_mean": 1727.8846435546875,
  "summary_gm_median": 1716.412353515625,
  "summary_gm_n": 80158.0,
  "summary_gm_p05": 1466.5885925292969,
  "summary_gm_p95": 2032.5685546874997,
  "summary_gm_stdv": 175.57167053222656,
  "summary_wm_k": 1.170594672403526,
  "summary_wm_mad": 92.41659545898438,
  "summary_wm_mean": 1005.1961669921875,
  "summary_wm_median": 999.9872436523438,
  "summary_wm_n": 465188.0,
  "summary_wm_p05": 849.2804016113282,
  "summary_wm_p95": 1178.112872314453,
  "summary_wm_stdv": 101.51738739013672,
  "tpm_overlap_csf": 0.17962957918643951,
  "tpm_overlap_gm": 0.44328922033309937,
  "tpm_overlap_wm": 0.5216255784034729,
  "wm2max": 0.26081756137831036
}