{
  "bids_meta": {
    "AcquisitionDateTime": "2018-07-18T13:59:40.267000",
    "AcquisitionMatrixPE": 320,
    "AcquisitionNumber": 1,
    "AcquisitionTime": "13:52:33.030000",
    "BaseResolution": 320,
    "BodyPartExamined": "HEAD",
    "ConsistencyInfo": "N4_VE11B_LATEST_20150530",
    "ConversionSoftware": "dcm2niix",
    "ConversionSoftwareVersion": "v1.0.20171215 GCC5.1.0",
    "DeviceSerialNumber": "66072",
    "DwellTime": 7.4e-06,
    "EchoTime": 0.00228,
    "FlipAngle": 8,
    "ImageOrientationPatientDICOM": [
      -0.0672863,
      0.993371,
      0.0931978,
      -0.0362538,
      0.0909136,
      -0.995199
    ],
    "ImageType": [
      "ORIGINAL",
      "PRIMARY",
      "M",
      "ND",
      "NORM"
    ],
    "InPlanePhaseEncodingDirectionDICOM": "ROW",
    "InstitutionAddress": "Boulevard_Jean_Moulin_27_Marseille_District_FR_13005",
    "InstitutionName": "Universite_d_aix_Marseille",
    "InstitutionalDepartmentName": "Department",
    "InversionTime": 1.01,
    "MRAcquisitionType": "3D",
    "MagneticFieldStrength": 3,
    "Manufacturer": "Siemens",
    "ManufacturersModelName": "Prisma",
    "Modality": "MR",
    "ParallelReductionFactorInPlane": 2,
    "PartialFourier": 1,
    "PatientPosition": "HFS",
    "PercentPhaseFOV": 100,
    "PhaseEncodingSteps": 319,
    "PhaseResolution": 1,
    "PixelBandwidth": 210,
    "ProcedureStepDescription": "Projets_Convers",
    "ProtocolName": "T1w",
    "PulseSequenceDetails": "%SiemensSeq%_tfl",
    "ReceiveCoilActiveElements": "HC1-7;NC1,2",
    "ReceiveCoilName": "HeadNeck_64",
    "ReconMatrixPE": 320,
    "RepetitionTime": 2.4,
    "SAR": 0.0441389,
    "ScanOptions": "IR_WE",
    "ScanningSequence": "GR_IR",
    "SequenceName": "_tfl3d1_16ns",
    "SequenceVariant": "SK_SP_MP",
    "SeriesDescription": "T1w",
    "SeriesNumber": 18,
    "ShimSetting": [
      -626,
      -10806,
      -653,
      -69,
      90,
      -161,
      98,
      18
    ],
    "SliceThickness": 0.8,
    "SoftwareVersions": "syngo_MR_E11",
    "StationName": "AWP66072",
    "TxRefAmp": 220.918,
    "modality": "T1w",
    "subject_id": "21"
  },
  "cjv": 0.4551763937791488,
  "cnr": 2.8851969928154797,
  "efc": 0.49590378267347807,
  "fber": 4681.76025390625,
  "fwhm_avg": 4.360185616770013,
  "fwhm_x": 4.306631981051708,
  "fwhm_y": 4.414174934223668,
  "fwhm_z": 4.359749935034664,
  "icvs_csf": 0.18208576906183246,
  "icvs_gm": 0.4211770347674784,
  "icvs_wm": 0.39673719617068914,
  "inu_med": 0.9508589506149292,
  "inu_range": 0.459868586063385,
  "provenance": {
    "md5sum": "86274009750f296ae826ad14e4ce242c",
    "settings": {
      "testing": false
    },
    "software": "mriqc",
    "version": "0.11.0",
    "warnings": {
      "large_rot_frame": false,
      "small_air_mask": false
    },
    "webapi_port": null,
    "webapi_url": "https://mriqc.nimh.nih.gov/api/v1"
  },
  "qi_1": 2.9776050073674456e-06,
  "qi_2": 0.025178931275349287,
  "rpve_csf": 33.277014781257066,
  "rpve_gm": 15.628890536187722,
  "rpve_wm": 19.495207323398457,
  "size_x": 256,
  "size_y": 320,
  "size_z": 320,
  "snr_csf": 3.0963924532114895,
  "snr_gm": 11.500062126833347,
  "snr_total": 11.5643224590018,
  "snr_wm": 20.096512796960564,
  "snrd_csf": 40.87810262578026,
  "snrd_gm": 89.24187099582622,
  "snrd_total": 82.52039733686591,
  "snrd_wm": 117.44121838899123,
  "spacing_x": 0.8000010251998901,
  "spacing_y": 0.800000011920929,
  "spacing_z": 0.800000011920929,
  "summary_bg_k": 4912.652074898143,
  "summary_bg_mad": 5.578542709350586,
  "summary_bg_mean": 8.858485221862793,
  "summary_bg_median": 7.075648307800293,
  "summary_bg_n": 6665234.0,
  "summary_bg_p05": 0.0,
  "summary_bg_p95": 22.319365310668942,
  "summary_bg_stdv": 9.163825035095215,
  "summary_csf_k": 7.451699291941079,
  "summary_csf_mad": 104.12932586669922,
  "summary_csf_mean": 367.6231384277344,
  "summary_csf_median": 348.08056640625,
  "summary_csf_n": 41548.0,
  "summary_csf_p05": 220.36671676635743,
  "summary_csf_p95": 578.3498413085938,
  "summary_csf_stdv": 112.41352081298828,
  "summary_gm_k": 0.26192604397770447,
  "summary_gm_mad": 65.16323852539062,
  "summary_gm_mean": 760.24658203125,
  "summary_gm_median": 759.9022216796875,
  "summary_gm_n": 56726.0,
  "summary_gm_p05": 653.4144287109375,
  "summary_gm_p95": 868.4379425048828,
  "summary_gm_stdv": 66.0775146484375,
  "summary_wm_k": 0.8861147605818958,
  "summary_wm_mad": 44.13365936279297,
  "summary_wm_mean": 999.6755981445312,
  "summary_wm_median": 1000.0220947265625,
  "summary_wm_n": 488871.0,
  "summary_wm_p05": 915.8949279785156,
  "summary_wm_p95": 1080.3291015625,
  "summary_wm_stdv": 49.76092529296875,
  "tpm_overlap_csf": 0.2399388700723648,
  "tpm_overlap_gm": 0.5071271657943726,
  "tpm_overlap_wm": 0.5570684671401978,
  "wm2max": 0.599266744509813
}