{
  "bids_meta": {
    "AcquisitionDateTime": "2018-07-16T18:46:14.199000",
    "AcquisitionMatrixPE": 320,
    "AcquisitionNumber": 1,
    "AcquisitionTime": "18:39:8.037500",
    "BaseResolution": 320,
    "BodyPartExamined": "HEAD",
    "ConsistencyInfo": "N4_VE11B_LATEST_20150530",
    "ConversionSoftware": "dcm2niix",
    "ConversionSoftwareVersion": "v1.0.20171215 GCC5.1.0",
    "DeviceSerialNumber": "66072",
    "DwellTime": 7.4e-06,
    "EchoTime": 0.00228,
    "FlipAngle": 8,
    "ImageOrientationPatientDICOM": [
      -0.0219573,
      0.964696,
      0.262449,
      0.0192002,
      0.26287,
      -0.96464
    ],
    "ImageType": [
      "ORIGINAL",
      "PRIMARY",
      "M",
      "ND",
      "NORM"
    ],
    "InPlanePhaseEncodingDirectionDICOM": "ROW",
    "InstitutionAddress": "Boulevard_Jean_Moulin_27_Marseille_District_FR_13005",
    "InstitutionName": "Universite_d_aix_Marseille",
    "InstitutionalDepartmentName": "Department",
    "InversionTime": 1.01,
    "MRAcquisitionType": "3D",
    "MagneticFieldStrength": 3,
    "Manufacturer": "Siemens",
    "ManufacturersModelName": "Prisma",
    "Modality": "MR",
    "ParallelReductionFactorInPlane": 2,
    "PartialFourier": 1,
    "PatientPosition": "HFS",
    "PercentPhaseFOV": 100,
    "PhaseEncodingSteps": 319,
    "PhaseResolution": 1,
    "PixelBandwidth": 210,
    "ProcedureStepDescription": "Projets_Convers",
    "ProtocolName": "T1w",
    "PulseSequenceDetails": "%SiemensSeq%_tfl",
    "ReceiveCoilActiveElements": "HC1-7;NC1,2",
    "ReceiveCoilName": "HeadNeck_64",
    "ReconMatrixPE": 320,
    "RepetitionTime": 2.4,
    "SAR": 0.0491452,
    "ScanOptions": "IR_WE",
    "ScanningSequence": "GR_IR",
    "SequenceName": "_tfl3d1_16ns",
    "SequenceVariant": "SK_SP_MP",
    "SeriesDescription": "T1w",
    "SeriesNumber": 22,
    "ShimSetting": [
      -613,
      -10797,
      -747,
      -294,
      43,
      -156,
      -34,
      -58
    ],
    "SliceThickness": 0.8,
    "SoftwareVersions": "syngo_MR_E11",
    "StationName": "AWP66072",
    "TxRefAmp": 248.206,
    "modality": "T1w",
    "subject_id": "14"
  },
  "cjv": 0.6679733984215072,
  "cnr": 1.995900094055544,
  "efc": 0.5267174472576197,
  "fber": 3290.5439453125,
  "fwhm_avg": 4.110095159425321,
  "fwhm_x": 4.111510600745252,
  "fwhm_y": 4.1156249386724095,
  "fwhm_z": 4.1031499388583015,
  "icvs_csf": 0.1949742203126179,
  "icvs_gm": 0.42159614144402857,
  "icvs_wm": 0.3834296382433535,
  "inu_med": 1.2328681945800781,
  "inu_range": 0.5752106219530104,
  "provenance": {
    "md5sum": "dd59f5c9cc38fe453946575ee7f4d01f",
    "settings": {
      "testing": false
    },
    "software": "mriqc",
    "version": "0.11.0",
    "warnings": {
      "large_rot_frame": false,
      "small_air_mask": false
    },
    "webapi_port": null,
    "webapi_url": "https://mriqc.nimh.nih.gov/api/v1"
  },
  "qi_1": 0.00040224296943393843,
  "qi_2": 0.003241872806312716,
  "rpve_csf": 41.784139163405555,
  "rpve_gm": 20.30359751158041,
  "rpve_wm": 25.802369281449863,
  "size_x": 256,
  "size_y": 320,
  "size_z": 320,
  "snr_csf": 3.156256437323115,
  "snr_gm": 10.260939973852267,
  "snr_total": 9.66320237183682,
  "snr_wm": 15.572410704335079,
  "snrd_csf": 32.065559761377905,
  "snrd_gm": 70.41090099503587,
  "snrd_total": 63.65258576748729,
  "snrd_wm": 88.48129654604806,
  "spacing_x": 0.8000003695487976,
  "spacing_y": 0.800000011920929,
  "spacing_z": 0.800000011920929,
  "summary_bg_k": 1953.0405357192599,
  "summary_bg_mad": 7.404571056365967,
  "summary_bg_mean": 12.993159294128418,
  "summary_bg_median": 9.87454891204834,
  "summary_bg_n": 5726321.0,
  "summary_bg_p05": 2.236438751220703,
  "summary_bg_p95": 33.3464241027832,
  "summary_bg_stdv": 18.224166870117188,
  "summary_csf_k": 1.4831018486165037,
  "summary_csf_mad": 98.2117919921875,
  "summary_csf_mean": 384.5278625488281,
  "summary_csf_median": 362.41571044921875,
  "summary_csf_n": 35032.0,
  "summary_csf_p05": 234.46037063598632,
  "summary_csf_p95": 612.22333984375,
  "summary_csf_stdv": 114.82290649414062,
  "summary_gm_k": 0.1829147286040298,
  "summary_gm_mad": 76.50110626220703,
  "summary_gm_mean": 796.0003662109375,
  "summary_gm_median": 795.8076171875,
  "summary_gm_n": 43904.0,
  "summary_gm_p05": 670.7425872802735,
  "summary_gm_p95": 924.0593536376953,
  "summary_gm_stdv": 77.55610656738281,
  "summary_wm_k": 0.4230335317896201,
  "summary_wm_mad": 59.924224853515625,
  "summary_wm_mean": 1005.9656372070312,
  "summary_wm_median": 1000.0452880859375,
  "summary_wm_n": 345044.0,
  "summary_wm_p05": 909.6234466552734,
  "summary_wm_p95": 1120.7240905761719,
  "summary_wm_stdv": 64.21894836425781,
  "tpm_overlap_csf": 0.2114606350660324,
  "tpm_overlap_gm": 0.4833773374557495,
  "tpm_overlap_wm": 0.5218994617462158,
  "wm2max": 0.4978907752062116
}