{
  "aor": 0.0025710909090909087,
  "aqi": 0.004929433506493506,
  "bids_meta": {
    "AcquisitionDateTime": "2018-07-16T14:19:50.333000",
    "AcquisitionMatrixPE": 84,
    "AcquisitionNumber": 1,
    "AcquisitionTime": "14:19:48.190000",
    "BandwidthPerPixelPhaseEncode": 23.81,
    "BaseResolution": 84,
    "BodyPartExamined": "HEAD",
    "ConsistencyInfo": "N4_VE11B_LATEST_20150530",
    "ConversionSoftware": "dcm2niix",
    "ConversionSoftwareVersion": "v1.0.20171215 GCC5.1.0",
    "DerivedVendorReportedEchoSpacing": 0.00049999,
    "DeviceSerialNumber": "66072",
    "DwellTime": 2.3e-06,
    "EchoTime": 0.03,
    "EchoTrainLength": 84,
    "EffectiveEchoSpacing": 0.00049999,
    "FlipAngle": 65,
    "ImageComments": "Unaliased_MB3_PE3_LB_SENSE1",
    "ImageOrientationPatientDICOM": [
      0.999925,
      -0.00837601,
      -0.0088853,
      0.00785352,
      0.998327,
      -0.0572921
    ],
    "ImageType": [
      "ORIGINAL",
      "PRIMARY",
      "M",
      "MB",
      "ND",
      "MOSAIC"
    ],
    "InPlanePhaseEncodingDirectionDICOM": "COL",
    "InstitutionAddress": "Boulevard_Jean_Moulin_27_Marseille_District_FR_13005",
    "InstitutionName": "Universite_d_aix_Marseille",
    "InstitutionalDepartmentName": "Department",
    "MRAcquisitionType": "2D",
    "MagneticFieldStrength": 3,
    "Manufacturer": "Siemens",
    "ManufacturersModelName": "Prisma",
    "Modality": "MR",
    "MultibandAccelerationFactor": 3,
    "PartialFourier": 1,
    "PatientPosition": "HFS",
    "PercentPhaseFOV": 100,
    "PhaseEncodingDirection": "j",
    "PhaseEncodingSteps": 84,
    "PhaseResolution": 1,
    "PixelBandwidth": 2590,
    "ProcedureStepDescription": "Projets_Convers",
    "ProtocolName": "task-convers_run3_bold",
    "PulseSequenceDetails": "%CustomerSeq%_cmrr_mbep2d_bold",
    "ReceiveCoilActiveElements": "HC1-7",
    "ReceiveCoilName": "HeadNeck_64",
    "ReconMatrixPE": 84,
    "RepetitionTime": 1.205,
    "SAR": 0.0666736,
    "ScanOptions": "FS_EXT",
    "ScanningSequence": "EP",
    "SequenceName": "epfid2d1_84",
    "SequenceVariant": "SK_SS",
    "SeriesDescription": "task-convers_run3_bold",
    "SeriesNumber": 15,
    "ShimSetting": [
      -618,
      -10756,
      -609,
      721,
      52,
      145,
      132,
      -14
    ],
    "SliceThickness": 2.5,
    "SliceTiming": [
      1.14,
      1.0725,
      1.005,
      0.9375,
      0.8725,
      0.805,
      0.7375,
      0.67,
      0.6025,
      0.5375,
      0.47,
      0.4025,
      0.335,
      0.27,
      0.2025,
      0.135,
      0.0675,
      0,
      1.14,
      1.0725,
      1.005,
      0.9375,
      0.8725,
      0.805,
      0.7375,
      0.67,
      0.6025,
      0.5375,
      0.47,
      0.4025,
      0.335,
      0.27,
      0.2025,
      0.135,
      0.0675,
      0,
      1.14,
      1.0725,
      1.005,
      0.9375,
      0.8725,
      0.805,
      0.7375,
      0.67,
      0.6025,
      0.5375,
      0.47,
      0.4025,
      0.335,
      0.27,
      0.2025,
      0.135,
      0.0675,
      0
    ],
    "SoftwareVersions": "syngo_MR_E11",
    "SpacingBetweenSlices": 2.5,
    "StationName": "AWP66072",
    "TaskName": "convers",
    "TotalReadoutTime": 0.04199916,
    "TxRefAmp": 239.049,
    "modality": "bold",
    "run_id": "03",
    "subject_id": "12",
    "task_id": "convers"
  },
  "dummy_trs": 0,
  "dvars_nstd": 36.87455399807292,
  "dvars_std": 1.168154172005208,
  "dvars_vstd": 1.3671383040104166,
  "efc": 0.4758366457564425,
  "fber": 15603.8955078125,
  "fd_mean": 0.22143996064949248,
  "fd_num": 180,
  "fd_perc": 46.753246753246756,
  "fwhm_avg": 2.8253,
  "fwhm_x": 2.648396,
  "fwhm_y": 3.064376,
  "fwhm_z": 2.763128,
  "gcor": 0.0119681,
  "gsr_x": -0.005251716822385788,
  "gsr_y": 0.030132126063108444,
  "provenance": {
    "md5sum": "54abe88dd85b8b5f04a9cf469854f391",
    "settings": {
      "fd_thres": 0.2,
      "hmc_fsl": false
    },
    "software": "mriqc",
    "version": "0.11.0",
    "webapi_port": null,
    "webapi_url": null
  },
  "size_t": 385,
  "size_x": 84,
  "size_y": 84,
  "size_z": 54,
  "snr": 2.437278398018858,
  "spacing_tr": 1.2050000429153442,
  "spacing_x": 2.5,
  "spacing_y": 2.5,
  "spacing_z": 2.5,
  "summary_bg_k": 37.93960198658415,
  "summary_bg_mad": 50.778175354003906,
  "summary_bg_mean": 365.17791748046875,
  "summary_bg_median": 73.06483459472656,
  "summary_bg_n": 233270.0,
  "summary_bg_p05": 31.360531997680667,
  "summary_bg_p95": 1899.2128540039007,
  "summary_bg_stdv": 922.9259033203125,
  "summary_fg_k": 0.44445129741698075,
  "summary_fg_mad": 3971.9716796875,
  "summary_fg_mean": 10323.1982421875,
  "summary_fg_median": 9890.4248046875,
  "summary_fg_n": 86210.0,
  "summary_fg_p05": 4565.82216796875,
  "summary_fg_p95": 17680.119824218753,
  "summary_fg_stdv": 4057.95556640625,
  "tsnr": 42.62934494018555
}