{
  "bids_meta": {
    "AcquisitionDateTime": "2018-07-16T17:07:52.172000",
    "AcquisitionMatrixPE": 320,
    "AcquisitionNumber": 1,
    "AcquisitionTime": "16:59:48.500000",
    "BaseResolution": 320,
    "BodyPartExamined": "HEAD",
    "ConsistencyInfo": "N4_VE11B_LATEST_20150530",
    "ConversionSoftware": "dcm2niix",
    "ConversionSoftwareVersion": "v1.0.20171215 GCC5.1.0",
    "DeviceSerialNumber": "66072",
    "DwellTime": 2.2e-06,
    "EchoTime": 0.562,
    "EchoTrainLength": 305,
    "FlipAngle": 120,
    "ImageOrientationPatientDICOM": [
      0.0700708,
      0.986002,
      0.151296,
      0.0910545,
      0.144714,
      -0.985275
    ],
    "ImageType": [
      "ORIGINAL",
      "PRIMARY",
      "M",
      "ND",
      "NORM"
    ],
    "InPlanePhaseEncodingDirectionDICOM": "ROW",
    "InstitutionAddress": "Boulevard_Jean_Moulin_27_Marseille_District_FR_13005",
    "InstitutionName": "Universite_d_aix_Marseille",
    "InstitutionalDepartmentName": "Department",
    "MRAcquisitionType": "3D",
    "MagneticFieldStrength": 3,
    "Manufacturer": "Siemens",
    "ManufacturersModelName": "Prisma",
    "Modality": "MR",
    "ParallelReductionFactorInPlane": 2,
    "PartialFourier": 1,
    "PatientPosition": "HFS",
    "PercentPhaseFOV": 100,
    "PhaseEncodingSteps": 315,
    "PhaseResolution": 1,
    "PixelBandwidth": 710,
    "ProcedureStepDescription": "Projets_Convers",
    "ProtocolName": "T2w",
    "PulseSequenceDetails": "%SiemensSeq%_tse_vfl",
    "ReceiveCoilActiveElements": "HC1-7;NC1,2",
    "ReceiveCoilName": "HeadNeck_64",
    "ReconMatrixPE": 320,
    "RepetitionTime": 3.2,
    "SAR": 0.16002,
    "ScanOptions": "PFP",
    "ScanningSequence": "SE",
    "SequenceName": "_spc_305ns",
    "SequenceVariant": "SK_SP",
    "SeriesDescription": "T2w",
    "SeriesNumber": 17,
    "ShimSetting": [
      -578,
      -10776,
      -651,
      -61,
      46,
      -146,
      25,
      -5
    ],
    "SliceThickness": 0.8,
    "SoftwareVersions": "syngo_MR_E11",
    "StationName": "AWP66072",
    "TxRefAmp": 220.974,
    "modality": "T2w",
    "subject_id": "13"
  },
  "cjv": 0.33441413653797086,
  "cnr": 3.5873218945583907,
  "efc": 0.4639536604339711,
  "fber": 3365.507568359375,
  "fwhm_avg": 2.604522092254962,
  "fwhm_x": 2.488266356118039,
  "fwhm_y": 2.9295249563466763,
  "fwhm_z": 2.395774964300171,
  "icvs_csf": 0.15675666204462518,
  "icvs_gm": 0.3877613886519722,
  "icvs_wm": 0.45548194930340263,
  "inu_med": 1.2950352430343628,
  "inu_range": 0.32869009971618657,
  "provenance": {
    "md5sum": "236a8df2e3034d75d94d919547427f99",
    "settings": {
      "testing": false
    },
    "software": "mriqc",
    "version": "0.11.0",
    "warnings": {
      "large_rot_frame": true,
      "small_air_mask": false
    },
    "webapi_port": null,
    "webapi_url": "https://mriqc.nimh.nih.gov/api/v1"
  },
  "qi_1": 0.0,
  "qi_2": 0.05797856573337332,
  "rpve_csf": 48.837089763967775,
  "rpve_gm": 16.0276386307686,
  "rpve_wm": 14.842824742552029,
  "size_x": 256,
  "size_y": 320,
  "size_z": 320,
  "snr_csf": 3.3224635970088374,
  "snr_gm": 11.095271094267776,
  "snr_total": 8.631492815452638,
  "snr_wm": 11.476743755081301,
  "snrd_csf": 168.9325355893729,
  "snrd_gm": 88.32734365618577,
  "snrd_total": 104.0546660446559,
  "snrd_wm": 54.904118888409045,
  "spacing_x": 0.7999987602233887,
  "spacing_y": 0.800000011920929,
  "spacing_z": 0.800000011920929,
  "summary_bg_k": 8.372541142859127,
  "summary_bg_mad": 11.932889938354492,
  "summary_bg_mean": 14.068857192993164,
  "summary_bg_median": 8.545027732849121,
  "summary_bg_n": 4535349.0,
  "summary_bg_p05": 0.0,
  "summary_bg_p95": 41.01526184082027,
  "summary_bg_stdv": 13.488065719604492,
  "summary_csf_k": 0.09001819385978305,
  "summary_csf_mad": 655.44775390625,
  "summary_csf_mean": 2745.174560546875,
  "summary_csf_median": 3076.998046875,
  "summary_csf_n": 66835.0,
  "summary_csf_p05": 777.8743103027344,
  "summary_csf_p95": 3718.38896484375,
  "summary_csf_stdv": 926.1124877929688,
  "summary_gm_k": 1.7156891652578725,
  "summary_gm_mad": 128.6950225830078,
  "summary_gm_mean": 1615.2374267578125,
  "summary_gm_median": 1608.8260498046875,
  "summary_gm_n": 37905.0,
  "summary_gm_p05": 1393.6263671875001,
  "summary_gm_p95": 1858.814111328125,
  "summary_gm_stdv": 144.9991455078125,
  "summary_wm_k": 3.0869058543513956,
  "summary_wm_mad": 74.8905029296875,
  "summary_wm_mean": 1004.6212768554688,
  "summary_wm_median": 1000.0433959960938,
  "summary_wm_n": 306568.0,
  "summary_wm_p05": 873.696987915039,
  "summary_wm_p95": 1149.5340393066406,
  "summary_wm_stdv": 87.13636779785156,
  "tpm_overlap_csf": 0.1747986078262329,
  "tpm_overlap_gm": 0.46795639395713806,
  "tpm_overlap_wm": 0.5085462331771851,
  "wm2max": 0.2797185193352423
}