{
  "aor": 0.002665272727272727,
  "aqi": 0.02119454961038961,
  "bids_meta": {
    "AcquisitionDateTime": "2018-07-17T17:52:31.050000",
    "AcquisitionMatrixPE": 84,
    "AcquisitionNumber": 1,
    "AcquisitionTime": "17:52:27.532500",
    "BandwidthPerPixelPhaseEncode": 23.81,
    "BaseResolution": 84,
    "BodyPartExamined": "HEAD",
    "ConsistencyInfo": "N4_VE11B_LATEST_20150530",
    "ConversionSoftware": "dcm2niix",
    "ConversionSoftwareVersion": "v1.0.20171215 GCC5.1.0",
    "DerivedVendorReportedEchoSpacing": 0.00049999,
    "DeviceSerialNumber": "66072",
    "DwellTime": 2.3e-06,
    "EchoTime": 0.03,
    "EchoTrainLength": 84,
    "EffectiveEchoSpacing": 0.00049999,
    "FlipAngle": 65,
    "ImageComments": "Unaliased_MB3_PE3_LB_SENSE1",
    "ImageOrientationPatientDICOM": [
      0.999327,
      0.0348114,
      0.0115943,
      -0.0296593,
      0.952438,
      -0.303286
    ],
    "ImageType": [
      "ORIGINAL",
      "PRIMARY",
      "M",
      "MB",
      "ND",
      "MOSAIC"
    ],
    "InPlanePhaseEncodingDirectionDICOM": "COL",
    "InstitutionAddress": "Boulevard_Jean_Moulin_27_Marseille_District_FR_13005",
    "InstitutionName": "Universite_d_aix_Marseille",
    "InstitutionalDepartmentName": "Department",
    "MRAcquisitionType": "2D",
    "MagneticFieldStrength": 3,
    "Manufacturer": "Siemens",
    "ManufacturersModelName": "Prisma",
    "Modality": "MR",
    "MultibandAccelerationFactor": 3,
    "PartialFourier": 1,
    "PatientPosition": "HFS",
    "PercentPhaseFOV": 100,
    "PhaseEncodingDirection": "j",
    "PhaseEncodingSteps": 84,
    "PhaseResolution": 1,
    "PixelBandwidth": 2590,
    "ProcedureStepDescription": "Projets_Convers",
    "ProtocolName": "task-convers_run1_bold",
    "PulseSequenceDetails": "%CustomerSeq%_cmrr_mbep2d_bold",
    "ReceiveCoilActiveElements": "HC1-7;NC1",
    "ReceiveCoilName": "HeadNeck_64",
    "ReconMatrixPE": 84,
    "RepetitionTime": 1.205,
    "SAR": 0.0777887,
    "ScanOptions": "FS_EXT",
    "ScanningSequence": "EP",
    "SequenceName": "epfid2d1_84",
    "SequenceVariant": "SK_SS",
    "SeriesDescription": "task-convers_run1_bold",
    "SeriesNumber": 10,
    "ShimSetting": [
      -610,
      -10787,
      -551,
      301,
      86,
      -319,
      95,
      16
    ],
    "SliceThickness": 2.5,
    "SliceTiming": [
      1.14,
      1.0725,
      1.005,
      0.9375,
      0.8725,
      0.805,
      0.7375,
      0.67,
      0.6025,
      0.5375,
      0.47,
      0.4025,
      0.335,
      0.27,
      0.2025,
      0.135,
      0.0675,
      0,
      1.14,
      1.0725,
      1.005,
      0.9375,
      0.8725,
      0.805,
      0.7375,
      0.67,
      0.6025,
      0.5375,
      0.47,
      0.4025,
      0.335,
      0.27,
      0.2025,
      0.135,
      0.0675,
      0,
      1.14,
      1.0725,
      1.005,
      0.9375,
      0.8725,
      0.805,
      0.7375,
      0.67,
      0.6025,
      0.5375,
      0.47,
      0.4025,
      0.335,
      0.27,
      0.2025,
      0.135,
      0.0675,
      0
    ],
    "SoftwareVersions": "syngo_MR_E11",
    "SpacingBetweenSlices": 2.5,
    "StationName": "AWP66072",
    "TaskName": "convers",
    "TotalReadoutTime": 0.04199916,
    "TxRefAmp": 263.328,
    "modality": "bold",
    "run_id": "01",
    "subject_id": "19",
    "task_id": "convers"
  },
  "dummy_trs": 0,
  "dvars_nstd": 78.60679734755203,
  "dvars_std": 1.1212600822135415,
  "dvars_vstd": 1.3302693988802077,
  "efc": 0.49023251508899046,
  "fber": 4292.12841796875,
  "fd_mean": 0.7773341280298163,
  "fd_num": 363,
  "fd_perc": 94.28571428571429,
  "fwhm_avg": 3.02008,
  "fwhm_x": 2.71966,
  "fwhm_y": 3.3188160000000004,
  "fwhm_z": 3.021764,
  "gcor": 0.0143861,
  "gsr_x": 0.016889352351427078,
  "gsr_y": 0.03547809273004532,
  "provenance": {
    "md5sum": "657b173369a335f856f534aab3b5e2a3",
    "settings": {
      "fd_thres": 0.2,
      "hmc_fsl": false
    },
    "software": "mriqc",
    "version": "0.11.0",
    "webapi_port": null,
    "webapi_url": null
  },
  "size_t": 385,
  "size_x": 84,
  "size_y": 84,
  "size_z": 54,
  "snr": 2.156625892083719,
  "spacing_tr": 1.2050000429153442,
  "spacing_x": 2.5,
  "spacing_y": 2.5,
  "spacing_z": 2.5,
  "summary_bg_k": 23.054507668708656,
  "summary_bg_mad": 121.22298431396484,
  "summary_bg_mean": 551.0042114257812,
  "summary_bg_median": 121.95571899414062,
  "summary_bg_n": 236469.0,
  "summary_bg_p05": 30.916567230224608,
  "summary_bg_p95": 2611.684716796875,
  "summary_bg_stdv": 1129.0936279296875,
  "summary_fg_k": 1.5763391153388113,
  "summary_fg_mad": 3386.779052734375,
  "summary_fg_mean": 9177.353515625,
  "summary_fg_median": 8445.2109375,
  "summary_fg_n": 83895.0,
  "summary_fg_p05": 4139.121337890625,
  "summary_fg_p95": 16645.0251953125,
  "summary_fg_stdv": 3915.91357421875,
  "tsnr": 21.186431884765625
}