{
  "aor": 0.003720835509138381,
  "aqi": 0.008028625613577024,
  "bids_meta": {
    "AcquisitionDateTime": "2018-07-17T12:22:55.723000",
    "AcquisitionMatrixPE": 84,
    "AcquisitionNumber": 1,
    "AcquisitionTime": "12:22:53.460000",
    "BandwidthPerPixelPhaseEncode": 23.81,
    "BaseResolution": 84,
    "BodyPartExamined": "HEAD",
    "ConsistencyInfo": "N4_VE11B_LATEST_20150530",
    "ConversionSoftware": "dcm2niix",
    "ConversionSoftwareVersion": "v1.0.20171215 GCC5.1.0",
    "DerivedVendorReportedEchoSpacing": 0.00049999,
    "DeviceSerialNumber": "66072",
    "DwellTime": 2.3e-06,
    "EchoTime": 0.03,
    "EchoTrainLength": 84,
    "EffectiveEchoSpacing": 0.00049999,
    "FlipAngle": 65,
    "ImageComments": "Unaliased_MB3_PE3_LB_SENSE1",
    "ImageOrientationPatientDICOM": [
      0.997554,
      0.0407917,
      0.0567559,
      -0.045822,
      0.994855,
      0.0903538
    ],
    "ImageType": [
      "ORIGINAL",
      "PRIMARY",
      "M",
      "MB",
      "ND",
      "MOSAIC"
    ],
    "InPlanePhaseEncodingDirectionDICOM": "COL",
    "InstitutionAddress": "Boulevard_Jean_Moulin_27_Marseille_District_FR_13005",
    "InstitutionName": "Universite_d_aix_Marseille",
    "InstitutionalDepartmentName": "Department",
    "MRAcquisitionType": "2D",
    "MagneticFieldStrength": 3,
    "Manufacturer": "Siemens",
    "ManufacturersModelName": "Prisma",
    "Modality": "MR",
    "MultibandAccelerationFactor": 3,
    "PartialFourier": 1,
    "PatientPosition": "HFS",
    "PercentPhaseFOV": 100,
    "PhaseEncodingDirection": "j",
    "PhaseEncodingSteps": 84,
    "PhaseResolution": 1,
    "PixelBandwidth": 2590,
    "ProcedureStepDescription": "Projets_Convers",
    "ProtocolName": "task-convers_run4_bold",
    "PulseSequenceDetails": "%CustomerSeq%_cmrr_mbep2d_bold",
    "ReceiveCoilActiveElements": "HC1-6",
    "ReceiveCoilName": "HeadNeck_64",
    "ReconMatrixPE": 84,
    "RepetitionTime": 1.205,
    "SAR": 0.067716,
    "ScanOptions": "FS_EXT",
    "ScanningSequence": "EP",
    "SequenceName": "epfid2d1_84",
    "SequenceVariant": "SK_SS",
    "SeriesDescription": "task-convers_run4_bold",
    "SeriesNumber": 24,
    "ShimSetting": [
      -585,
      -10810,
      -493,
      341,
      37,
      -70,
      40,
      18
    ],
    "SliceThickness": 2.5,
    "SliceTiming": [
      1.1375,
      1.07,
      1.0025,
      0.9375,
      0.87,
      0.8025,
      0.735,
      0.67,
      0.6025,
      0.535,
      0.4675,
      0.4,
      0.335,
      0.2675,
      0.2,
      0.1325,
      0.0675,
      0,
      1.1375,
      1.07,
      1.0025,
      0.9375,
      0.87,
      0.8025,
      0.735,
      0.67,
      0.6025,
      0.535,
      0.4675,
      0.4,
      0.335,
      0.2675,
      0.2,
      0.1325,
      0.0675,
      0,
      1.1375,
      1.07,
      1.0025,
      0.9375,
      0.87,
      0.8025,
      0.735,
      0.67,
      0.6025,
      0.535,
      0.4675,
      0.4,
      0.335,
      0.2675,
      0.2,
      0.1325,
      0.0675,
      0
    ],
    "SoftwareVersions": "syngo_MR_E11",
    "SpacingBetweenSlices": 2.5,
    "StationName": "AWP66072",
    "TaskName": "convers",
    "TotalReadoutTime": 0.04199916,
    "TxRefAmp": 230.068,
    "modality": "bold",
    "run_id": "04",
    "subject_id": "16",
    "task_id": "convers"
  },
  "dummy_trs": 2,
  "dvars_nstd": 55.63270985780106,
  "dvars_std": 1.223802876361257,
  "dvars_vstd": 1.0260020760209423,
  "efc": 0.46678047613799023,
  "fber": 12879.5234375,
  "fd_mean": 0.36188599045131253,
  "fd_num": 243,
  "fd_perc": 63.44647519582245,
  "fwhm_avg": 2.86204,
  "fwhm_x": 2.66596,
  "fwhm_y": 3.2207999999999997,
  "fwhm_z": 2.69936,
  "gcor": 0.0237117,
  "gsr_x": -0.01576627604663372,
  "gsr_y": 0.04886092245578766,
  "provenance": {
    "md5sum": "8ef95a9a49472b85215dcdaace5df9d9",
    "settings": {
      "fd_thres": 0.2,
      "hmc_fsl": false
    },
    "software": "mriqc",
    "version": "0.11.0",
    "webapi_port": null,
    "webapi_url": null
  },
  "size_t": 383,
  "size_x": 84,
  "size_y": 84,
  "size_z": 54,
  "snr": 1.9946402346313232,
  "spacing_tr": 1.2050000429153442,
  "spacing_x": 2.5,
  "spacing_y": 2.5,
  "spacing_z": 2.5,
  "summary_bg_k": 27.229549482741394,
  "summary_bg_mad": 64.4835205078125,
  "summary_bg_mean": 495.5013732910156,
  "summary_bg_median": 86.05493927001953,
  "summary_bg_n": 236962.0,
  "summary_bg_p05": 39.10331554412842,
  "summary_bg_p95": 2464.873583984373,
  "summary_bg_stdv": 1140.4813232421875,
  "summary_fg_k": 1.027276999719633,
  "summary_fg_mad": 4862.4345703125,
  "summary_fg_mean": 11695.1318359375,
  "summary_fg_median": 10661.10546875,
  "summary_fg_n": 83156.0,
  "summary_fg_p05": 4910.79296875,
  "summary_fg_p95": 22190.109375,
  "summary_fg_stdv": 5344.84423828125,
  "tsnr": 32.492488861083984
}