{
  "bids_meta": {
    "AcquisitionDateTime": "2018-05-30T14:36:37.373000",
    "AcquisitionMatrixPE": 320,
    "AcquisitionNumber": 1,
    "AcquisitionTime": "14:28:33.535000",
    "BaseResolution": 320,
    "BodyPartExamined": "HEAD",
    "ConsistencyInfo": "N4_VE11B_LATEST_20150530",
    "ConversionSoftware": "dcm2niix",
    "ConversionSoftwareVersion": "v1.0.20171215 GCC5.1.0",
    "DeviceSerialNumber": "66072",
    "DwellTime": 2.2e-06,
    "EchoTime": 0.562,
    "EchoTrainLength": 305,
    "FlipAngle": 120,
    "ImageOrientationPatientDICOM": [
      0.0101989,
      0.999765,
      -0.0191519,
      0.150114,
      -0.0204667,
      -0.988457
    ],
    "ImageType": [
      "ORIGINAL",
      "PRIMARY",
      "M",
      "ND",
      "NORM"
    ],
    "InPlanePhaseEncodingDirectionDICOM": "ROW",
    "InstitutionAddress": "Boulevard_Jean_Moulin_27_Marseille_District_FR_13005",
    "InstitutionName": "Universite_d_aix_Marseille",
    "InstitutionalDepartmentName": "Department",
    "MRAcquisitionType": "3D",
    "MagneticFieldStrength": 3,
    "Manufacturer": "Siemens",
    "ManufacturersModelName": "Prisma",
    "Modality": "MR",
    "ParallelReductionFactorInPlane": 2,
    "PartialFourier": 1,
    "PatientPosition": "HFS",
    "PercentPhaseFOV": 100,
    "PhaseEncodingSteps": 315,
    "PhaseResolution": 1,
    "PixelBandwidth": 710,
    "ProcedureStepDescription": "Projets_Convers",
    "ProtocolName": "T2w",
    "PulseSequenceDetails": "%SiemensSeq%_tse_vfl",
    "ReceiveCoilActiveElements": "HC1-7;NC1,2",
    "ReceiveCoilName": "HeadNeck_64",
    "ReconMatrixPE": 320,
    "RepetitionTime": 3.2,
    "SAR": 0.171006,
    "ScanOptions": "PFP",
    "ScanningSequence": "SE",
    "SequenceName": "_spc_305ns",
    "SequenceVariant": "SK_SP",
    "SeriesDescription": "T2w",
    "SeriesNumber": 18,
    "ShimSetting": [
      -548,
      -10764,
      -571,
      -209,
      -151,
      -247,
      57,
      -36
    ],
    "SliceThickness": 0.8,
    "SoftwareVersions": "syngo_MR_E11",
    "StationName": "AWP66072",
    "TxRefAmp": 249.955,
    "modality": "T2w",
    "subject_id": "07"
  },
  "cjv": 0.49606431974663573,
  "cnr": 2.5795732114060215,
  "efc": 0.5056434004272182,
  "fber": 3526.30126953125,
  "fwhm_avg": 2.7015990458352985,
  "fwhm_x": 2.628484719109311,
  "fwhm_y": 2.9426999561503533,
  "fwhm_z": 2.533612462246232,
  "icvs_csf": 0.16821389743934495,
  "icvs_gm": 0.4185024399640281,
  "icvs_wm": 0.41328366259662697,
  "inu_med": 1.2340872287750244,
  "inu_range": 0.32351378202438363,
  "provenance": {
    "md5sum": "f747d9e60ee3e799a95a26703fd4a119",
    "settings": {
      "testing": false
    },
    "software": "mriqc",
    "version": "0.10.4",
    "warnings": {
      "large_rot_frame": false,
      "small_air_mask": false
    }
  },
  "qi_1": 0.00019144678697217727,
  "qi_2": 0.0043649165615591646,
  "rpve_csf": 39.36913081417693,
  "rpve_gm": 16.33124871021809,
  "rpve_wm": 18.67788901152571,
  "size_x": 256,
  "size_y": 320,
  "size_z": 320,
  "snr_csf": 5.430260098566727,
  "snr_gm": 7.969891357917742,
  "snr_total": 7.860594339825336,
  "snr_wm": 10.181631562991539,
  "snrd_csf": 217.59709667984214,
  "snrd_gm": 104.21105654982499,
  "snrd_total": 129.4109474489945,
  "snrd_wm": 66.4246891173164,
  "spacing_x": 0.8000008463859558,
  "spacing_y": 0.800000011920929,
  "spacing_z": 0.800000011920929,
  "summary_bg_k": 16.94957578862412,
  "summary_bg_mad": 9.862312316894531,
  "summary_bg_mean": 16.73248863220215,
  "summary_bg_median": 13.068511962890625,
  "summary_bg_n": 5348659.0,
  "summary_bg_p05": 0.0,
  "summary_bg_p95": 46.76905136108397,
  "summary_bg_stdv": 15.362698554992676,
  "summary_csf_k": 5.141280742071093,
  "summary_csf_mad": 413.9831848144531,
  "summary_csf_mean": 3201.676025390625,
  "summary_csf_median": 3275.669921875,
  "summary_csf_n": 70350.0,
  "summary_csf_p05": 2050.3394165039062,
  "summary_csf_p95": 3950.3231689453123,
  "summary_csf_stdv": 603.220947265625,
  "summary_gm_k": 0.6620093947638503,
  "summary_gm_mad": 186.98904418945312,
  "summary_gm_mean": 1588.5089111328125,
  "summary_gm_median": 1568.775634765625,
  "summary_gm_n": 87121.0,
  "summary_gm_p05": 1302.1883544921875,
  "summary_gm_p95": 1941.3367919921875,
  "summary_gm_stdv": 196.83663940429688,
  "summary_wm_k": 0.37705827471148323,
  "summary_wm_mad": 95.18701934814453,
  "summary_wm_mean": 999.3113403320312,
  "summary_wm_median": 999.946044921875,
  "summary_wm_n": 422764.0,
  "summary_wm_p05": 836.920004272461,
  "summary_wm_p95": 1157.6170043945312,
  "summary_wm_stdv": 98.2106704711914,
  "tpm_overlap_csf": 0.18952453136444092,
  "tpm_overlap_gm": 0.46611863374710083,
  "tpm_overlap_wm": 0.538030743598938,
  "wm2max": 0.2578457218553312
}