{
  "bids_meta": {
    "AcquisitionDateTime": "2018-05-29T10:52:32.150000",
    "AcquisitionMatrixPE": 320,
    "AcquisitionNumber": 1,
    "AcquisitionTime": "10:44:27.522500",
    "BaseResolution": 320,
    "BodyPartExamined": "HEAD",
    "ConsistencyInfo": "N4_VE11B_LATEST_20150530",
    "ConversionSoftware": "dcm2niix",
    "ConversionSoftwareVersion": "v1.0.20171215 GCC5.1.0",
    "DeviceSerialNumber": "66072",
    "DwellTime": 2.2e-06,
    "EchoTime": 0.562,
    "EchoTrainLength": 305,
    "FlipAngle": 120,
    "ImageOrientationPatientDICOM": [
      -0.0700382,
      0.949389,
      0.306195,
      -0.0821355,
      0.300418,
      -0.950265
    ],
    "ImageType": [
      "ORIGINAL",
      "PRIMARY",
      "M",
      "ND",
      "NORM"
    ],
    "InPlanePhaseEncodingDirectionDICOM": "ROW",
    "InstitutionAddress": "Boulevard_Jean_Moulin_27_Marseille_District_FR_13005",
    "InstitutionName": "Universite_d_aix_Marseille",
    "InstitutionalDepartmentName": "Department",
    "MRAcquisitionType": "3D",
    "MagneticFieldStrength": 3,
    "Manufacturer": "Siemens",
    "ManufacturersModelName": "Prisma",
    "Modality": "MR",
    "ParallelReductionFactorInPlane": 2,
    "PartialFourier": 1,
    "PatientPosition": "HFS",
    "PercentPhaseFOV": 100,
    "PhaseEncodingSteps": 315,
    "PhaseResolution": 1,
    "PixelBandwidth": 710,
    "ProcedureStepDescription": "Projets_Convers",
    "ProtocolName": "T2w",
    "PulseSequenceDetails": "%SiemensSeq%_tse_vfl",
    "ReceiveCoilActiveElements": "HC1-7;NC1,2",
    "ReceiveCoilName": "HeadNeck_64",
    "ReconMatrixPE": 320,
    "RepetitionTime": 3.2,
    "SAR": 0.126187,
    "ScanOptions": "PFP",
    "ScanningSequence": "SE",
    "SequenceName": "_spc_305ns",
    "SequenceVariant": "SK_SP",
    "SeriesDescription": "T2w",
    "SeriesNumber": 19,
    "ShimSetting": [
      -634,
      -10819,
      -645,
      89,
      67,
      -320,
      183,
      47
    ],
    "SliceThickness": 0.8,
    "SoftwareVersions": "syngo_MR_E11",
    "StationName": "AWP66072",
    "TxRefAmp": 235.042,
    "modality": "T2w",
    "subject_id": "01"
  },
  "cjv": 0.36636952046089294,
  "cnr": 3.374925822182992,
  "efc": 0.5080101775696857,
  "fber": 3069.1884765625,
  "fwhm_avg": 2.675649512269968,
  "fwhm_x": 2.5761736180327794,
  "fwhm_y": 2.9820999555632475,
  "fwhm_z": 2.4686749632138763,
  "icvs_csf": 0.1216482135476767,
  "icvs_gm": 0.4173706468309271,
  "icvs_wm": 0.46098113962139614,
  "inu_med": 1.233542799949646,
  "inu_range": 0.4331919252872465,
  "provenance": {
    "md5sum": "4f6bf3dc6b7f3611310297acd433030b",
    "settings": {
      "testing": false
    },
    "software": "mriqc",
    "version": "0.10.4",
    "warnings": {
      "large_rot_frame": true,
      "small_air_mask": false
    }
  },
  "qi_1": 0.0,
  "qi_2": 0.11084268074017695,
  "rpve_csf": 52.736165115115924,
  "rpve_gm": 14.285957264693295,
  "rpve_wm": 14.435239861836735,
  "size_x": 256,
  "size_y": 320,
  "size_z": 320,
  "snr_csf": 4.884665136815037,
  "snr_gm": 9.417177769448454,
  "snr_total": 8.343894612572365,
  "snr_wm": 10.729840931453602,
  "snrd_csf": 173.09718766254528,
  "snrd_gm": 92.19447407939089,
  "snrd_total": 106.70736916680437,
  "snrd_wm": 54.83044575847696,
  "spacing_x": 0.8000004291534424,
  "spacing_y": 0.800000011920929,
  "spacing_z": 0.800000011920929,
  "summary_bg_k": 10.723757495147922,
  "summary_bg_mad": 11.948339462280273,
  "summary_bg_mean": 14.903407096862793,
  "summary_bg_median": 8.993328094482422,
  "summary_bg_n": 4479118.0,
  "summary_bg_p05": 0.0,
  "summary_bg_p95": 43.171075057983394,
  "summary_bg_stdv": 14.262433052062988,
  "summary_csf_k": 2.7986163821420442,
  "summary_csf_mad": 502.1502380371094,
  "summary_csf_mean": 2946.87353515625,
  "summary_csf_median": 3156.9365234375,
  "summary_csf_n": 52656.0,
  "summary_csf_p05": 1739.1390075683594,
  "summary_csf_p95": 3652.9745483398438,
  "summary_csf_stdv": 646.2892456054688,
  "summary_gm_k": 1.173802812482978,
  "summary_gm_mad": 163.565673828125,
  "summary_gm_mean": 1689.792724609375,
  "summary_gm_median": 1681.4375,
  "summary_gm_n": 131041.0,
  "summary_gm_p05": 1413.968505859375,
  "summary_gm_p95": 1991.749267578125,
  "summary_gm_stdv": 178.5493621826172,
  "summary_wm_k": 1.3226375510373671,
  "summary_wm_mad": 86.09426879882812,
  "summary_wm_mean": 1001.3516845703125,
  "summary_wm_median": 999.9945068359375,
  "summary_wm_n": 483468.0,
  "summary_wm_p05": 853.3491821289062,
  "summary_wm_p95": 1152.2651916503905,
  "summary_wm_stdv": 93.19741821289062,
  "tpm_overlap_csf": 0.19121022522449493,
  "tpm_overlap_gm": 0.4625905156135559,
  "tpm_overlap_wm": 0.5139744877815247,
  "wm2max": 0.2809257921213516
}