{
  "bids_meta": {
    "AcquisitionDateTime": "2018-07-18T19:00:02.640000",
    "AcquisitionMatrixPE": 320,
    "AcquisitionNumber": 1,
    "AcquisitionTime": "18:52:40.017500",
    "BaseResolution": 320,
    "BodyPartExamined": "HEAD",
    "ConsistencyInfo": "N4_VE11B_LATEST_20150530",
    "ConversionSoftware": "dcm2niix",
    "ConversionSoftwareVersion": "v1.0.20171215 GCC5.1.0",
    "DeviceSerialNumber": "66072",
    "DwellTime": 7.4e-06,
    "EchoTime": 0.00228,
    "FlipAngle": 8,
    "ImageOrientationPatientDICOM": [
      -0.0744663,
      0.95919,
      0.272781,
      -0.0260689,
      0.271575,
      -0.962064
    ],
    "ImageType": [
      "ORIGINAL",
      "PRIMARY",
      "M",
      "ND",
      "NORM"
    ],
    "InPlanePhaseEncodingDirectionDICOM": "ROW",
    "InstitutionAddress": "Boulevard_Jean_Moulin_27_Marseille_District_FR_13005",
    "InstitutionName": "Universite_d_aix_Marseille",
    "InstitutionalDepartmentName": "Department",
    "InversionTime": 1.01,
    "MRAcquisitionType": "3D",
    "MagneticFieldStrength": 3,
    "Manufacturer": "Siemens",
    "ManufacturersModelName": "Prisma",
    "Modality": "MR",
    "ParallelReductionFactorInPlane": 2,
    "PartialFourier": 1,
    "PatientPosition": "HFS",
    "PercentPhaseFOV": 100,
    "PhaseEncodingSteps": 319,
    "PhaseResolution": 1,
    "PixelBandwidth": 210,
    "ProcedureStepDescription": "Projets_Convers",
    "ProtocolName": "T1w",
    "PulseSequenceDetails": "%SiemensSeq%_tfl",
    "ReceiveCoilActiveElements": "HC1-7;NC1,2",
    "ReceiveCoilName": "HeadNeck_64",
    "ReconMatrixPE": 320,
    "RepetitionTime": 2.4,
    "SAR": 0.0459283,
    "ScanOptions": "IR_WE",
    "ScanningSequence": "GR_IR",
    "SequenceName": "_tfl3d1_16ns",
    "SequenceVariant": "SK_SP_MP",
    "SeriesDescription": "T1w",
    "SeriesNumber": 18,
    "ShimSetting": [
      -618,
      -10819,
      -643,
      -119,
      56,
      -195,
      186,
      13
    ],
    "SliceThickness": 0.8,
    "SoftwareVersions": "syngo_MR_E11",
    "StationName": "AWP66072",
    "TxRefAmp": 215.347,
    "modality": "T1w",
    "subject_id": "24"
  },
  "cjv": 0.5364852990468438,
  "cnr": 2.4063365806854518,
  "efc": 0.49022750137796944,
  "fber": 3753.4306640625,
  "fwhm_avg": 4.1666967997813495,
  "fwhm_x": 4.142403023883295,
  "fwhm_y": 4.210699937255682,
  "fwhm_z": 4.1469874382050715,
  "icvs_csf": 0.18940040472902833,
  "icvs_gm": 0.42386322277123495,
  "icvs_wm": 0.3867363724997367,
  "inu_med": 1.0367071628570557,
  "inu_range": 0.47165488302707637,
  "provenance": {
    "md5sum": "a553e98d28369ece489aaa237ca4eba6",
    "settings": {
      "testing": false
    },
    "software": "mriqc",
    "version": "0.11.0",
    "warnings": {
      "large_rot_frame": false,
      "small_air_mask": false
    },
    "webapi_port": null,
    "webapi_url": "https://mriqc.nimh.nih.gov/api/v1"
  },
  "qi_1": 0.0,
  "qi_2": 0.009404965236661959,
  "rpve_csf": 38.92128498238013,
  "rpve_gm": 18.68564899444973,
  "rpve_wm": 23.640906387577335,
  "size_x": 256,
  "size_y": 320,
  "size_z": 320,
  "snr_csf": 3.129212124534385,
  "snr_gm": 10.649190910594006,
  "snr_total": 10.55787254959319,
  "snr_wm": 17.89521461365118,
  "snrd_csf": 37.411002686262044,
  "snrd_gm": 85.87909813827741,
  "snrd_total": 78.0020312271886,
  "snrd_wm": 110.71599285702635,
  "spacing_x": 0.7999945878982544,
  "spacing_y": 0.800000011920929,
  "spacing_z": 0.800000011920929,
  "summary_bg_k": 3376.54524904937,
  "summary_bg_mad": 5.917525291442871,
  "summary_bg_mean": 10.246891021728516,
  "summary_bg_median": 7.8658857345581055,
  "summary_bg_n": 4847959.0,
  "summary_bg_p05": 0.0,
  "summary_bg_p95": 26.059658241271944,
  "summary_bg_stdv": 16.212881088256836,
  "summary_csf_k": 1.0942888620282112,
  "summary_csf_mad": 91.1921615600586,
  "summary_csf_mean": 361.2335510253906,
  "summary_csf_median": 337.91522216796875,
  "summary_csf_n": 40525.0,
  "summary_csf_p05": 226.6939697265625,
  "summary_csf_p95": 576.985693359375,
  "summary_csf_stdv": 107.9859848022461,
  "summary_gm_k": 0.6930030912454543,
  "summary_gm_mad": 67.58291625976562,
  "summary_gm_mean": 776.734375,
  "summary_gm_median": 775.7037353515625,
  "summary_gm_n": 50436.0,
  "summary_gm_p05": 661.5115356445312,
  "summary_gm_p95": 900.7660522460938,
  "summary_gm_stdv": 72.8408432006836,
  "summary_wm_k": 0.41083025878532986,
  "summary_wm_mad": 52.771915435791016,
  "summary_wm_mean": 1001.9112548828125,
  "summary_wm_median": 1000.043212890625,
  "summary_wm_n": 397249.0,
  "summary_wm_p05": 912.9880249023437,
  "summary_wm_p95": 1096.9641845703125,
  "summary_wm_stdv": 55.88320541381836,
  "tpm_overlap_csf": 0.23688025772571564,
  "tpm_overlap_gm": 0.4967178702354431,
  "tpm_overlap_wm": 0.5480576157569885,
  "wm2max": 0.5823626125104511
}