{
  "bids_meta": {
    "AcquisitionDateTime": "2018-07-17T10:54:30.397000",
    "AcquisitionMatrixPE": 320,
    "AcquisitionNumber": 1,
    "AcquisitionTime": "10:47:23.802500",
    "BaseResolution": 320,
    "BodyPartExamined": "HEAD",
    "ConsistencyInfo": "N4_VE11B_LATEST_20150530",
    "ConversionSoftware": "dcm2niix",
    "ConversionSoftwareVersion": "v1.0.20171215 GCC5.1.0",
    "DeviceSerialNumber": "66072",
    "DwellTime": 7.4e-06,
    "EchoTime": 0.00228,
    "FlipAngle": 8,
    "ImageOrientationPatientDICOM": [
      -0.0556547,
      0.995912,
      0.0711417,
      0.0106583,
      0.0718407,
      -0.997359
    ],
    "ImageType": [
      "ORIGINAL",
      "PRIMARY",
      "M",
      "ND",
      "NORM"
    ],
    "InPlanePhaseEncodingDirectionDICOM": "ROW",
    "InstitutionAddress": "Boulevard_Jean_Moulin_27_Marseille_District_FR_13005",
    "InstitutionName": "Universite_d_aix_Marseille",
    "InstitutionalDepartmentName": "Department",
    "InversionTime": 1.01,
    "MRAcquisitionType": "3D",
    "MagneticFieldStrength": 3,
    "Manufacturer": "Siemens",
    "ManufacturersModelName": "Prisma",
    "Modality": "MR",
    "ParallelReductionFactorInPlane": 2,
    "PartialFourier": 1,
    "PatientPosition": "HFS",
    "PercentPhaseFOV": 100,
    "PhaseEncodingSteps": 319,
    "PhaseResolution": 1,
    "PixelBandwidth": 210,
    "ProcedureStepDescription": "Projets_Convers",
    "ProtocolName": "T1w",
    "PulseSequenceDetails": "%SiemensSeq%_tfl",
    "ReceiveCoilActiveElements": "HC1-7;NC1,2",
    "ReceiveCoilName": "HeadNeck_64",
    "ReconMatrixPE": 320,
    "RepetitionTime": 2.4,
    "SAR": 0.0563914,
    "ScanOptions": "IR_WE",
    "ScanningSequence": "GR_IR",
    "SequenceName": "_tfl3d1_16ns",
    "SequenceVariant": "SK_SP_MP",
    "SeriesDescription": "T1w",
    "SeriesNumber": 18,
    "ShimSetting": [
      -589,
      -10813,
      -660,
      46,
      3,
      -144,
      112,
      11
    ],
    "SliceThickness": 0.8,
    "SoftwareVersions": "syngo_MR_E11",
    "StationName": "AWP66072",
    "TxRefAmp": 241.558,
    "modality": "T1w",
    "subject_id": "15"
  },
  "cjv": 0.5994250922924175,
  "cnr": 2.2639393613397387,
  "efc": 0.5295300625274075,
  "fber": 4083.364990234375,
  "fwhm_avg": 4.354377300857959,
  "fwhm_x": 4.329882032709444,
  "fwhm_y": 4.316449935679883,
  "fwhm_z": 4.416799934184552,
  "icvs_csf": 0.1994054784037453,
  "icvs_gm": 0.4183066915753224,
  "icvs_wm": 0.38228783002093225,
  "inu_med": 1.048762559890747,
  "inu_range": 0.5546640992164611,
  "provenance": {
    "md5sum": "bc22a4349bcf8002b19e6d4dce6f45e5",
    "settings": {
      "testing": false
    },
    "software": "mriqc",
    "version": "0.11.0",
    "warnings": {
      "large_rot_frame": false,
      "small_air_mask": false
    },
    "webapi_port": null,
    "webapi_url": "https://mriqc.nimh.nih.gov/api/v1"
  },
  "qi_1": 0.0,
  "qi_2": 0.00414714816410903,
  "rpve_csf": 31.31741890494626,
  "rpve_gm": 15.695594661312459,
  "rpve_wm": 20.244116806106337,
  "size_x": 256,
  "size_y": 320,
  "size_z": 320,
  "snr_csf": 2.855177041647269,
  "snr_gm": 10.319380979807494,
  "snr_total": 9.730968240243724,
  "snr_wm": 16.01834669927641,
  "snrd_csf": 45.56055478841649,
  "snrd_gm": 89.4171755499261,
  "snrd_total": 83.32916792002486,
  "snrd_wm": 115.00977342173198,
  "spacing_x": 0.7999987006187439,
  "spacing_y": 0.800000011920929,
  "spacing_z": 0.800000011920929,
  "summary_bg_k": 1659.0976974185844,
  "summary_bg_mad": 5.6966094970703125,
  "summary_bg_mean": 9.482349395751953,
  "summary_bg_median": 7.714887619018555,
  "summary_bg_n": 4759350.0,
  "summary_bg_p05": 0.0,
  "summary_bg_p95": 23.453265666961663,
  "summary_bg_stdv": 9.363709449768066,
  "summary_csf_k": -0.5962602241850679,
  "summary_csf_mad": 136.18544006347656,
  "summary_csf_mean": 427.3331604003906,
  "summary_csf_median": 396.162841796875,
  "summary_csf_n": 54582.0,
  "summary_csf_p05": 241.8433868408203,
  "summary_csf_p95": 682.055844116211,
  "summary_csf_stdv": 138.75119018554688,
  "summary_gm_k": 0.41234513490793523,
  "summary_gm_mad": 72.40101623535156,
  "summary_gm_mean": 778.1464233398438,
  "summary_gm_median": 777.5094604492188,
  "summary_gm_n": 57935.0,
  "summary_gm_p05": 659.3243408203125,
  "summary_gm_p95": 906.2659423828125,
  "summary_gm_stdv": 75.34393310546875,
  "summary_wm_k": 0.26691482683683176,
  "summary_wm_mad": 60.992286682128906,
  "summary_wm_mean": 1000.9179077148438,
  "summary_wm_median": 1000.0448608398438,
  "summary_wm_n": 463470.0,
  "summary_wm_p05": 900.1797027587891,
  "summary_wm_p95": 1104.1894104003907,
  "summary_wm_stdv": 62.431148529052734,
  "tpm_overlap_csf": 0.217079296708107,
  "tpm_overlap_gm": 0.49198269844055176,
  "tpm_overlap_wm": 0.5341225266456604,
  "wm2max": 0.5939329670001371
}