{
  "bids_meta": {
    "AcquisitionDateTime": "2018-07-16T11:18:36.561000",
    "AcquisitionMatrixPE": 320,
    "AcquisitionNumber": 1,
    "AcquisitionTime": "11:11:28.757500",
    "BaseResolution": 320,
    "BodyPartExamined": "HEAD",
    "ConsistencyInfo": "N4_VE11B_LATEST_20150530",
    "ConversionSoftware": "dcm2niix",
    "ConversionSoftwareVersion": "v1.0.20171215 GCC5.1.0",
    "DeviceSerialNumber": "66072",
    "DwellTime": 7.4e-06,
    "EchoTime": 0.00228,
    "FlipAngle": 8,
    "ImageOrientationPatientDICOM": [
      0.0177812,
      0.991725,
      0.127147,
      0.113664,
      0.124337,
      -0.985708
    ],
    "ImageType": [
      "ORIGINAL",
      "PRIMARY",
      "M",
      "ND",
      "NORM"
    ],
    "InPlanePhaseEncodingDirectionDICOM": "ROW",
    "InstitutionAddress": "Boulevard_Jean_Moulin_27_Marseille_District_FR_13005",
    "InstitutionName": "Universite_d_aix_Marseille",
    "InstitutionalDepartmentName": "Department",
    "InversionTime": 1.01,
    "MRAcquisitionType": "3D",
    "MagneticFieldStrength": 3,
    "Manufacturer": "Siemens",
    "ManufacturersModelName": "Prisma",
    "Modality": "MR",
    "ParallelReductionFactorInPlane": 2,
    "PartialFourier": 1,
    "PatientPosition": "HFS",
    "PercentPhaseFOV": 100,
    "PhaseEncodingSteps": 319,
    "PhaseResolution": 1,
    "PixelBandwidth": 210,
    "ProcedureStepDescription": "Projets_Convers",
    "ProtocolName": "T1w",
    "PulseSequenceDetails": "%SiemensSeq%_tfl",
    "ReceiveCoilActiveElements": "HC1-7;NC1,2",
    "ReceiveCoilName": "HeadNeck_64",
    "ReconMatrixPE": 320,
    "RepetitionTime": 2.4,
    "SAR": 0.0521108,
    "ScanOptions": "IR_WE",
    "ScanningSequence": "GR_IR",
    "SequenceName": "_tfl3d1_16ns",
    "SequenceVariant": "SK_SP_MP",
    "SeriesDescription": "T1w",
    "SeriesNumber": 25,
    "ShimSetting": [
      -577,
      -10811,
      -616,
      43,
      -26,
      -307,
      106,
      -10
    ],
    "SliceThickness": 0.8,
    "SoftwareVersions": "syngo_MR_E11",
    "StationName": "AWP66072",
    "TxRefAmp": 258.095,
    "modality": "T1w",
    "subject_id": "10"
  },
  "cjv": 0.5436620122053905,
  "cnr": 2.392746192861531,
  "efc": 0.563579040853909,
  "fber": 4306.68505859375,
  "fwhm_avg": 4.256700407024698,
  "fwhm_x": 4.243526348129961,
  "fwhm_y": 4.246724936718867,
  "fwhm_z": 4.279849936225267,
  "icvs_csf": 0.18281886384032392,
  "icvs_gm": 0.43965683290565305,
  "icvs_wm": 0.37752430325402303,
  "inu_med": 1.062657356262207,
  "inu_range": 0.5258538901805878,
  "provenance": {
    "md5sum": "05363c9428b2f3cb2db5529d007177b1",
    "settings": {
      "testing": false
    },
    "software": "mriqc",
    "version": "0.11.0",
    "warnings": {
      "large_rot_frame": false,
      "small_air_mask": false
    },
    "webapi_port": null,
    "webapi_url": "https://mriqc.nimh.nih.gov/api/v1"
  },
  "qi_1": 0.0,
  "qi_2": 0.006625703593036632,
  "rpve_csf": 28.787875571359386,
  "rpve_gm": 13.381278795137712,
  "rpve_wm": 17.844309473212444,
  "size_x": 256,
  "size_y": 320,
  "size_z": 320,
  "snr_csf": 3.0451322640797454,
  "snr_gm": 10.37952664489568,
  "snr_total": 10.08523948059776,
  "snr_wm": 16.831059532817854,
  "snrd_csf": 37.41778846882581,
  "snrd_gm": 79.26875436694351,
  "snrd_total": 73.18471195083909,
  "snrd_wm": 102.86759301674792,
  "spacing_x": 0.7999973893165588,
  "spacing_y": 0.800000011920929,
  "spacing_z": 0.800000011920929,
  "summary_bg_k": 2831.1162745397564,
  "summary_bg_mad": 6.369039535522461,
  "summary_bg_mean": 10.674531936645508,
  "summary_bg_median": 8.774516105651855,
  "summary_bg_n": 4465076.0,
  "summary_bg_p05": 1.908826231956482,
  "summary_bg_p95": 26.605838775634766,
  "summary_bg_stdv": 12.277107238769531,
  "summary_csf_k": 1.5463380358207761,
  "summary_csf_mad": 112.03700256347656,
  "summary_csf_mean": 384.4698791503906,
  "summary_csf_median": 363.7645263671875,
  "summary_csf_n": 48948.0,
  "summary_csf_p05": 225.8841667175293,
  "summary_csf_p95": 607.4328186035157,
  "summary_csf_stdv": 119.45648956298828,
  "summary_gm_k": 0.5732088579769621,
  "summary_gm_mad": 68.36669921875,
  "summary_gm_mean": 775.32666015625,
  "summary_gm_median": 770.6270751953125,
  "summary_gm_n": 86088.0,
  "summary_gm_p05": 662.9545928955079,
  "summary_gm_p95": 910.0904968261718,
  "summary_gm_stdv": 74.2444839477539,
  "summary_wm_k": 0.48464112557366956,
  "summary_wm_mad": 56.360694885253906,
  "summary_wm_mean": 1001.3777465820312,
  "summary_wm_median": 1000.0479125976562,
  "summary_wm_n": 520553.0,
  "summary_wm_p05": 906.110888671875,
  "summary_wm_p95": 1101.100390625,
  "summary_wm_stdv": 59.41675567626953,
  "tpm_overlap_csf": 0.22573812305927277,
  "tpm_overlap_gm": 0.5007300972938538,
  "tpm_overlap_wm": 0.54099041223526,
  "wm2max": 0.5860638167161003
}