{
  "bids_meta": {
    "AcquisitionDateTime": "2018-05-29T16:08:59.829000",
    "AcquisitionMatrixPE": 320,
    "AcquisitionNumber": 1,
    "AcquisitionTime": "16:01:52.952500",
    "BaseResolution": 320,
    "BodyPartExamined": "HEAD",
    "ConsistencyInfo": "N4_VE11B_LATEST_20150530",
    "ConversionSoftware": "dcm2niix",
    "ConversionSoftwareVersion": "v1.0.20171215 GCC5.1.0",
    "DeviceSerialNumber": "66072",
    "DwellTime": 7.4e-06,
    "EchoTime": 0.00228,
    "FlipAngle": 8,
    "ImageOrientationPatientDICOM": [
      -0.0933431,
      0.988565,
      0.118434,
      0.038205,
      0.122422,
      -0.991743
    ],
    "ImageType": [
      "ORIGINAL",
      "PRIMARY",
      "M",
      "ND",
      "NORM"
    ],
    "InPlanePhaseEncodingDirectionDICOM": "ROW",
    "InstitutionAddress": "Boulevard_Jean_Moulin_27_Marseille_District_FR_13005",
    "InstitutionName": "Universite_d_aix_Marseille",
    "InstitutionalDepartmentName": "Department",
    "InversionTime": 1.01,
    "MRAcquisitionType": "3D",
    "MagneticFieldStrength": 3,
    "Manufacturer": "Siemens",
    "ManufacturersModelName": "Prisma",
    "Modality": "MR",
    "ParallelReductionFactorInPlane": 2,
    "PartialFourier": 1,
    "PatientPosition": "HFS",
    "PercentPhaseFOV": 100,
    "PhaseEncodingSteps": 319,
    "PhaseResolution": 1,
    "PixelBandwidth": 210,
    "ProcedureStepDescription": "Projets_Convers",
    "ProtocolName": "T1w",
    "PulseSequenceDetails": "%SiemensSeq%_tfl",
    "ReceiveCoilActiveElements": "HC1-7;NC1,2",
    "ReceiveCoilName": "HeadNeck_64",
    "ReconMatrixPE": 320,
    "RepetitionTime": 2.4,
    "SAR": 0.0555014,
    "ScanOptions": "IR_WE",
    "ScanningSequence": "GR_IR",
    "SequenceName": "_tfl3d1_16ns",
    "SequenceVariant": "SK_SP_MP",
    "SeriesDescription": "T1w",
    "SeriesNumber": 25,
    "ShimSetting": [
      -607,
      -10789,
      -648,
      -220,
      29,
      -93,
      33,
      -80
    ],
    "SliceThickness": 0.8,
    "SoftwareVersions": "syngo_MR_E11",
    "StationName": "AWP66072",
    "TxRefAmp": 271.439,
    "modality": "T1w",
    "subject_id": "04"
  },
  "cjv": 0.4862064628475412,
  "cnr": 2.7286904384245254,
  "efc": 0.5958511580926749,
  "fber": 3393.696044921875,
  "fwhm_avg": 4.421936675451495,
  "fwhm_x": 4.3639351590027555,
  "fwhm_y": 4.402449934398384,
  "fwhm_z": 4.499424932953344,
  "icvs_csf": 0.18061018921284644,
  "icvs_gm": 0.42892211922876167,
  "icvs_wm": 0.3904676915583919,
  "inu_med": 1.1094168424606323,
  "inu_range": 0.5244238376617432,
  "provenance": {
    "md5sum": "c8f77b87b2fb5a2f5976153299070d37",
    "settings": {
      "testing": false
    },
    "software": "mriqc",
    "version": "0.10.4",
    "warnings": {
      "large_rot_frame": false,
      "small_air_mask": false
    }
  },
  "qi_1": 5.2821165893926546e-06,
  "qi_2": 0.009912155495904436,
  "rpve_csf": 27.342438671847507,
  "rpve_gm": 12.82211563743666,
  "rpve_wm": 16.24967973129893,
  "size_x": 256,
  "size_y": 320,
  "size_z": 320,
  "snr_csf": 3.3148368282907725,
  "snr_gm": 11.936804360210177,
  "snr_total": 10.982656844783037,
  "snr_wm": 17.69632934584816,
  "snrd_csf": 40.1355896778313,
  "snrd_gm": 80.14509715974035,
  "snrd_total": 74.98413537497908,
  "snrd_wm": 104.67171928736558,
  "spacing_x": 0.8000004291534424,
  "spacing_y": 0.800000011920929,
  "spacing_z": 0.800000011920929,
  "summary_bg_k": 8.617579395937698,
  "summary_bg_mad": 6.259175777435303,
  "summary_bg_mean": 10.269336700439453,
  "summary_bg_median": 8.409947395324707,
  "summary_bg_n": 3650601.0,
  "summary_bg_p05": 1.857877254486084,
  "summary_bg_p95": 25.445798873901367,
  "summary_bg_stdv": 8.146084785461426,
  "summary_csf_k": 0.5225457779562332,
  "summary_csf_mad": 110.0017318725586,
  "summary_csf_mean": 399.1409606933594,
  "summary_csf_median": 383.4555969238281,
  "summary_csf_n": 65335.0,
  "summary_csf_p05": 237.79358673095703,
  "summary_csf_p95": 612.8655517578122,
  "summary_csf_stdv": 115.67768859863281,
  "summary_gm_k": 0.6194657084228417,
  "summary_gm_mad": 61.31253433227539,
  "summary_gm_mean": 766.7809448242188,
  "summary_gm_median": 765.7066040039062,
  "summary_gm_n": 112961.0,
  "summary_gm_p05": 665.189697265625,
  "summary_gm_p95": 873.8076171875,
  "summary_gm_stdv": 64.14641571044922,
  "summary_wm_k": 0.6263818356711264,
  "summary_wm_mad": 52.618988037109375,
  "summary_wm_mean": 1000.855224609375,
  "summary_wm_median": 1000.0340576171875,
  "summary_wm_n": 615603.0,
  "summary_wm_p05": 909.6465454101562,
  "summary_wm_p95": 1094.6584716796876,
  "summary_wm_stdv": 56.510772705078125,
  "tpm_overlap_csf": 0.23054608702659607,
  "tpm_overlap_gm": 0.5078262686729431,
  "tpm_overlap_wm": 0.5553182363510132,
  "wm2max": 0.43315928837157763
}