{
  "aor": 0.003075234375,
  "aqi": 0.015411791953124998,
  "bids_meta": {
    "AcquisitionDateTime": "2018-07-17T18:23:56.527000",
    "AcquisitionMatrixPE": 84,
    "AcquisitionNumber": 1,
    "AcquisitionTime": "18:23:53.065000",
    "BandwidthPerPixelPhaseEncode": 23.81,
    "BaseResolution": 84,
    "BodyPartExamined": "HEAD",
    "ConsistencyInfo": "N4_VE11B_LATEST_20150530",
    "ConversionSoftware": "dcm2niix",
    "ConversionSoftwareVersion": "v1.0.20171215 GCC5.1.0",
    "DerivedVendorReportedEchoSpacing": 0.00049999,
    "DeviceSerialNumber": "66072",
    "DwellTime": 2.3e-06,
    "EchoTime": 0.03,
    "EchoTrainLength": 84,
    "EffectiveEchoSpacing": 0.00049999,
    "FlipAngle": 65,
    "ImageComments": "Unaliased_MB3_PE3_LB_SENSE1",
    "ImageOrientationPatientDICOM": [
      0.999327,
      0.0348114,
      0.0115943,
      -0.0296593,
      0.952438,
      -0.303286
    ],
    "ImageType": [
      "ORIGINAL",
      "PRIMARY",
      "M",
      "MB",
      "ND",
      "MOSAIC"
    ],
    "InPlanePhaseEncodingDirectionDICOM": "COL",
    "InstitutionAddress": "Boulevard_Jean_Moulin_27_Marseille_District_FR_13005",
    "InstitutionName": "Universite_d_aix_Marseille",
    "InstitutionalDepartmentName": "Department",
    "MRAcquisitionType": "2D",
    "MagneticFieldStrength": 3,
    "Manufacturer": "Siemens",
    "ManufacturersModelName": "Prisma",
    "Modality": "MR",
    "MultibandAccelerationFactor": 3,
    "PartialFourier": 1,
    "PatientPosition": "HFS",
    "PercentPhaseFOV": 100,
    "PhaseEncodingDirection": "j",
    "PhaseEncodingSteps": 84,
    "PhaseResolution": 1,
    "PixelBandwidth": 2590,
    "ProcedureStepDescription": "Projets_Convers",
    "ProtocolName": "task-convers_run4_bold",
    "PulseSequenceDetails": "%CustomerSeq%_cmrr_mbep2d_bold",
    "ReceiveCoilActiveElements": "HC1-7;NC1",
    "ReceiveCoilName": "HeadNeck_64",
    "ReconMatrixPE": 84,
    "RepetitionTime": 1.205,
    "SAR": 0.0777887,
    "ScanOptions": "FS_EXT",
    "ScanningSequence": "EP",
    "SequenceName": "epfid2d1_84",
    "SequenceVariant": "SK_SS",
    "SeriesDescription": "task-convers_run4_bold",
    "SeriesNumber": 16,
    "ShimSetting": [
      -610,
      -10787,
      -551,
      301,
      86,
      -319,
      95,
      16
    ],
    "SliceThickness": 2.5,
    "SliceTiming": [
      1.1375,
      1.0725,
      1.005,
      0.9375,
      0.87,
      0.8025,
      0.7375,
      0.67,
      0.6025,
      0.535,
      0.47,
      0.4025,
      0.335,
      0.2675,
      0.2,
      0.135,
      0.0675,
      0,
      1.1375,
      1.0725,
      1.005,
      0.9375,
      0.87,
      0.8025,
      0.7375,
      0.67,
      0.6025,
      0.535,
      0.47,
      0.4025,
      0.335,
      0.2675,
      0.2,
      0.135,
      0.0675,
      0,
      1.1375,
      1.0725,
      1.005,
      0.9375,
      0.87,
      0.8025,
      0.7375,
      0.67,
      0.6025,
      0.535,
      0.47,
      0.4025,
      0.335,
      0.2675,
      0.2,
      0.135,
      0.0675,
      0
    ],
    "SoftwareVersions": "syngo_MR_E11",
    "SpacingBetweenSlices": 2.5,
    "StationName": "AWP66072",
    "TaskName": "convers",
    "TotalReadoutTime": 0.04199916,
    "TxRefAmp": 263.328,
    "modality": "bold",
    "run_id": "04",
    "subject_id": "19",
    "task_id": "convers"
  },
  "dummy_trs": 1,
  "dvars_nstd": 69.69169903577021,
  "dvars_std": 1.1405447596605744,
  "dvars_vstd": 1.0482303306005216,
  "efc": 0.4913335967432075,
  "fber": 5278.66259765625,
  "fd_mean": 0.6279512701552635,
  "fd_num": 350,
  "fd_perc": 91.14583333333333,
  "fwhm_avg": 2.9416466666666667,
  "fwhm_x": 2.65682,
  "fwhm_y": 3.236716,
  "fwhm_z": 2.9314039999999997,
  "gcor": 0.0116741,
  "gsr_x": 0.017644982784986496,
  "gsr_y": 0.038089849054813385,
  "provenance": {
    "md5sum": "566eb95a63730fb6c10b5a8c8c6975a5",
    "settings": {
      "fd_thres": 0.2,
      "hmc_fsl": false
    },
    "software": "mriqc",
    "version": "0.11.0",
    "webapi_port": null,
    "webapi_url": null
  },
  "size_t": 384,
  "size_x": 84,
  "size_y": 84,
  "size_z": 54,
  "snr": 2.2077602149642535,
  "spacing_tr": 1.2050000429153442,
  "spacing_x": 2.5,
  "spacing_y": 2.5,
  "spacing_z": 2.5,
  "summary_bg_k": 23.66754714080823,
  "summary_bg_mad": 101.97216796875,
  "summary_bg_mean": 543.8320922851562,
  "summary_bg_median": 108.3785171508789,
  "summary_bg_n": 236370.0,
  "summary_bg_p05": 31.957271766662597,
  "summary_bg_p95": 2657.033666992187,
  "summary_bg_stdv": 1157.432861328125,
  "summary_fg_k": 1.3802008429639585,
  "summary_fg_mad": 3323.984130859375,
  "summary_fg_mean": 9087.9384765625,
  "summary_fg_median": 8390.7138671875,
  "summary_fg_n": 83871.0,
  "summary_fg_p05": 4153.85693359375,
  "summary_fg_p95": 16293.5947265625,
  "summary_fg_stdv": 3800.5322265625,
  "tsnr": 24.810972213745117
}