{
  "bids_meta": {
    "AcquisitionDateTime": "2018-05-30T16:13:04.286000",
    "AcquisitionMatrixPE": 320,
    "AcquisitionNumber": 1,
    "AcquisitionTime": "16:05:58.057500",
    "BaseResolution": 320,
    "BodyPartExamined": "HEAD",
    "ConsistencyInfo": "N4_VE11B_LATEST_20150530",
    "ConversionSoftware": "dcm2niix",
    "ConversionSoftwareVersion": "v1.0.20171215 GCC5.1.0",
    "DeviceSerialNumber": "66072",
    "DwellTime": 7.4e-06,
    "EchoTime": 0.00228,
    "FlipAngle": 8,
    "ImageOrientationPatientDICOM": [
      -0.00722041,
      0.98169,
      0.190349,
      0.0343728,
      0.190485,
      -0.981088
    ],
    "ImageType": [
      "ORIGINAL",
      "PRIMARY",
      "M",
      "ND",
      "NORM"
    ],
    "InPlanePhaseEncodingDirectionDICOM": "ROW",
    "InstitutionAddress": "Boulevard_Jean_Moulin_27_Marseille_District_FR_13005",
    "InstitutionName": "Universite_d_aix_Marseille",
    "InstitutionalDepartmentName": "Department",
    "InversionTime": 1.01,
    "MRAcquisitionType": "3D",
    "MagneticFieldStrength": 3,
    "Manufacturer": "Siemens",
    "ManufacturersModelName": "Prisma",
    "Modality": "MR",
    "ParallelReductionFactorInPlane": 2,
    "PartialFourier": 1,
    "PatientPosition": "HFS",
    "PercentPhaseFOV": 100,
    "PhaseEncodingSteps": 319,
    "PhaseResolution": 1,
    "PixelBandwidth": 210,
    "ProcedureStepDescription": "Projets_Convers",
    "ProtocolName": "T1w",
    "PulseSequenceDetails": "%SiemensSeq%_tfl",
    "ReceiveCoilActiveElements": "HC1-7;NC1,2",
    "ReceiveCoilName": "HeadNeck_64",
    "ReconMatrixPE": 320,
    "RepetitionTime": 2.4,
    "SAR": 0.0469809,
    "ScanOptions": "IR_WE",
    "ScanningSequence": "GR_IR",
    "SequenceName": "_tfl3d1_16ns",
    "SequenceVariant": "SK_SP_MP",
    "SeriesDescription": "T1w",
    "SeriesNumber": 24,
    "ShimSetting": [
      -598,
      -10826,
      -685,
      -42,
      90,
      -232,
      17,
      -18
    ],
    "SliceThickness": 0.8,
    "SoftwareVersions": "syngo_MR_E11",
    "StationName": "AWP66072",
    "TxRefAmp": 231.604,
    "modality": "T1w",
    "subject_id": "08"
  },
  "cjv": 0.6554463045485382,
  "cnr": 2.023009527610071,
  "efc": 0.5145997486212063,
  "fber": 3836.76171875,
  "fwhm_avg": 4.591889907898273,
  "fwhm_x": 4.537482361354538,
  "fwhm_y": 4.5968249315019705,
  "fwhm_z": 4.64136243083831,
  "icvs_csf": 0.19306486207285412,
  "icvs_gm": 0.3936612661860358,
  "icvs_wm": 0.4132738717411101,
  "inu_med": 1.1255898475646973,
  "inu_range": 0.569206178188324,
  "provenance": {
    "md5sum": "6463f685114eda85feb533e92ca8fb19",
    "settings": {
      "testing": false
    },
    "software": "mriqc",
    "version": "0.10.4",
    "warnings": {
      "large_rot_frame": false,
      "small_air_mask": false
    }
  },
  "qi_1": 0.0,
  "qi_2": 0.014238792162457008,
  "rpve_csf": 32.780116575014496,
  "rpve_gm": 16.568779051126143,
  "rpve_wm": 19.070594747200225,
  "size_x": 256,
  "size_y": 320,
  "size_z": 320,
  "snr_csf": 2.9542416202648716,
  "snr_gm": 10.128013281115349,
  "snr_total": 10.315049881351264,
  "snr_wm": 17.86289474267357,
  "snrd_csf": 48.15088535661874,
  "snrd_gm": 90.79380131579893,
  "snrd_total": 84.09406975742739,
  "snrd_wm": 113.3375225998645,
  "spacing_x": 0.8000009059906006,
  "spacing_y": 0.800000011920929,
  "spacing_z": 0.800000011920929,
  "summary_bg_k": 7343.12195754425,
  "summary_bg_mad": 5.780651569366455,
  "summary_bg_mean": 9.615761756896973,
  "summary_bg_median": 7.66259765625,
  "summary_bg_n": 4433088.0,
  "summary_bg_p05": 0.0,
  "summary_bg_p95": 23.776431465148907,
  "summary_bg_stdv": 16.650800704956055,
  "summary_csf_k": 3.604744017581676,
  "summary_csf_mad": 151.5912322998047,
  "summary_csf_mean": 447.4364013671875,
  "summary_csf_median": 424.8634338378906,
  "summary_csf_n": 60773.0,
  "summary_csf_p05": 245.95061340332032,
  "summary_csf_p95": 685.6447021484374,
  "summary_csf_stdv": 143.81353759765625,
  "summary_gm_k": 0.10193373211978862,
  "summary_gm_mad": 80.16802215576172,
  "summary_gm_mean": 803.7454223632812,
  "summary_gm_median": 801.1268310546875,
  "summary_gm_n": 50878.0,
  "summary_gm_p05": 681.8264923095703,
  "summary_gm_p95": 940.5475524902341,
  "summary_gm_stdv": 79.09931945800781,
  "summary_wm_k": 0.8386657978868786,
  "summary_wm_mad": 50.21102523803711,
  "summary_wm_mean": 1004.89794921875,
  "summary_wm_median": 1000.0432739257812,
  "summary_wm_n": 522226.0,
  "summary_wm_p05": 921.1826782226562,
  "summary_wm_p95": 1105.2856140136719,
  "summary_wm_stdv": 55.984336853027344,
  "tpm_overlap_csf": 0.21982315182685852,
  "tpm_overlap_gm": 0.4815639555454254,
  "tpm_overlap_wm": 0.546781063079834,
  "wm2max": 0.46553658270474596
}