{
  "bids_meta": {
    "AcquisitionDateTime": "2018-07-16T15:27:55.852000",
    "AcquisitionMatrixPE": 320,
    "AcquisitionNumber": 1,
    "AcquisitionTime": "15:19:51.522500",
    "BaseResolution": 320,
    "BodyPartExamined": "HEAD",
    "ConsistencyInfo": "N4_VE11B_LATEST_20150530",
    "ConversionSoftware": "dcm2niix",
    "ConversionSoftwareVersion": "v1.0.20171215 GCC5.1.0",
    "DeviceSerialNumber": "66072",
    "DwellTime": 2.2e-06,
    "EchoTime": 0.562,
    "EchoTrainLength": 305,
    "FlipAngle": 120,
    "ImageOrientationPatientDICOM": [
      0.0380195,
      0.996629,
      0.0726998,
      0.0239131,
      0.0718242,
      -0.997131
    ],
    "ImageType": [
      "ORIGINAL",
      "PRIMARY",
      "M",
      "ND",
      "NORM"
    ],
    "InPlanePhaseEncodingDirectionDICOM": "ROW",
    "InstitutionAddress": "Boulevard_Jean_Moulin_27_Marseille_District_FR_13005",
    "InstitutionName": "Universite_d_aix_Marseille",
    "InstitutionalDepartmentName": "Department",
    "MRAcquisitionType": "3D",
    "MagneticFieldStrength": 3,
    "Manufacturer": "Siemens",
    "ManufacturersModelName": "Prisma",
    "Modality": "MR",
    "ParallelReductionFactorInPlane": 2,
    "PartialFourier": 1,
    "PatientPosition": "HFS",
    "PercentPhaseFOV": 100,
    "PhaseEncodingSteps": 315,
    "PhaseResolution": 1,
    "PixelBandwidth": 710,
    "ProcedureStepDescription": "Projets_Convers",
    "ProtocolName": "T2w",
    "PulseSequenceDetails": "%SiemensSeq%_tse_vfl",
    "ReceiveCoilActiveElements": "HC1-7;NC1,2",
    "ReceiveCoilName": "HeadNeck_64",
    "ReconMatrixPE": 320,
    "RepetitionTime": 3.2,
    "SAR": 0.138782,
    "ScanOptions": "PFP",
    "ScanningSequence": "SE",
    "SequenceName": "_spc_305ns",
    "SequenceVariant": "SK_SP",
    "SeriesDescription": "T2w",
    "SeriesNumber": 13,
    "ShimSetting": [
      -617,
      -10760,
      -704,
      -185,
      170,
      -135,
      -21,
      -7
    ],
    "SliceThickness": 0.8,
    "SoftwareVersions": "syngo_MR_E11",
    "StationName": "AWP66072",
    "TxRefAmp": 232.483,
    "modality": "T2w",
    "subject_id": "12"
  },
  "cjv": 0.4161210218684696,
  "cnr": 3.0254761537716472,
  "efc": 0.49066589800078203,
  "fber": 1734.03759765625,
  "fwhm_avg": 2.6085686151986565,
  "fwhm_x": 2.5545934241416646,
  "fwhm_y": 2.8730124571887785,
  "fwhm_z": 2.398099964265526,
  "icvs_csf": 0.14713179955481728,
  "icvs_gm": 0.3271562370879833,
  "icvs_wm": 0.5257119633571994,
  "inu_med": 1.2628319263458252,
  "inu_range": 0.43015815615653996,
  "provenance": {
    "md5sum": "58e49cf2f17d802ae051facdb9647d15",
    "settings": {
      "testing": false
    },
    "software": "mriqc",
    "version": "0.11.0",
    "warnings": {
      "large_rot_frame": true,
      "small_air_mask": false
    },
    "webapi_port": null,
    "webapi_url": "https://mriqc.nimh.nih.gov/api/v1"
  },
  "qi_1": 5.0972088307002945e-05,
  "qi_2": 0.05703097987412614,
  "rpve_csf": 51.04106339101237,
  "rpve_gm": 18.570526822034747,
  "rpve_wm": 14.636464491626505,
  "size_x": 256,
  "size_y": 320,
  "size_z": 320,
  "snr_csf": 4.625750735873444,
  "snr_gm": 8.628339136403609,
  "snr_total": 7.721932138833146,
  "snr_wm": 9.911706544222383,
  "snrd_csf": 168.50366320382076,
  "snrd_gm": 91.03185845068683,
  "snrd_total": 104.79941175996923,
  "snrd_wm": 54.86271362540012,
  "spacing_x": 0.7999942302703857,
  "spacing_y": 0.800000011920929,
  "spacing_z": 0.800000011920929,
  "summary_bg_k": 7.446572667537467,
  "summary_bg_mad": 11.941905975341797,
  "summary_bg_mean": 19.30493927001953,
  "summary_bg_median": 15.980081558227539,
  "summary_bg_n": 4772493.0,
  "summary_bg_p05": 0.0,
  "summary_bg_p95": 55.062557983398435,
  "summary_bg_stdv": 17.98223876953125,
  "summary_csf_k": 3.1677467429656634,
  "summary_csf_mad": 513.5606079101562,
  "summary_csf_mean": 3017.38671875,
  "summary_csf_median": 3071.50537109375,
  "summary_csf_n": 56440.0,
  "summary_csf_p05": 1748.866473388672,
  "summary_csf_p95": 3889.756457519531,
  "summary_csf_stdv": 663.99560546875,
  "summary_gm_k": 1.0133173489252565,
  "summary_gm_mad": 182.14833068847656,
  "summary_gm_mean": 1671.64306640625,
  "summary_gm_median": 1659.33984375,
  "summary_gm_n": 61165.0,
  "summary_gm_p05": 1385.236279296875,
  "summary_gm_p95": 2004.0443359375,
  "summary_gm_stdv": 192.3112030029297,
  "summary_wm_k": 1.1858861862078678,
  "summary_wm_mad": 92.19842529296875,
  "summary_wm_mean": 1005.742919921875,
  "summary_wm_median": 1000.0442504882812,
  "summary_wm_n": 597331.0,
  "summary_wm_p05": 851.72216796875,
  "summary_wm_p95": 1178.3827514648438,
  "summary_wm_stdv": 100.89517974853516,
  "tpm_overlap_csf": 0.17969021201133728,
  "tpm_overlap_gm": 0.4093095362186432,
  "tpm_overlap_wm": 0.5303997993469238,
  "wm2max": 0.2613053078873507
}