{
  "aor": 0.004863428571428571,
  "aqi": 0.02016013187012987,
  "bids_meta": {
    "AcquisitionDateTime": "2018-05-30T12:27:05.008000",
    "AcquisitionMatrixPE": 84,
    "AcquisitionNumber": 1,
    "AcquisitionTime": "12:27:2.665000",
    "BandwidthPerPixelPhaseEncode": 23.81,
    "BaseResolution": 84,
    "BodyPartExamined": "HEAD",
    "ConsistencyInfo": "N4_VE11B_LATEST_20150530",
    "ConversionSoftware": "dcm2niix",
    "ConversionSoftwareVersion": "v1.0.20171215 GCC5.1.0",
    "DerivedVendorReportedEchoSpacing": 0.00049999,
    "DeviceSerialNumber": "66072",
    "DwellTime": 2.3e-06,
    "EchoTime": 0.03,
    "EchoTrainLength": 84,
    "EffectiveEchoSpacing": 0.00049999,
    "FlipAngle": 65,
    "ImageComments": "Unaliased_MB3_PE3_LB_SENSE1",
    "ImageOrientationPatientDICOM": [
      0.9995,
      -0.0215451,
      0.0231612,
      0.0261728,
      0.97447,
      -0.222985
    ],
    "ImageType": [
      "ORIGINAL",
      "PRIMARY",
      "M",
      "MB",
      "ND",
      "MOSAIC"
    ],
    "InPlanePhaseEncodingDirectionDICOM": "COL",
    "InstitutionAddress": "Boulevard_Jean_Moulin_27_Marseille_District_FR_13005",
    "InstitutionName": "Universite_d_aix_Marseille",
    "InstitutionalDepartmentName": "Department",
    "MRAcquisitionType": "2D",
    "MagneticFieldStrength": 3,
    "Manufacturer": "Siemens",
    "ManufacturersModelName": "Prisma",
    "Modality": "MR",
    "MultibandAccelerationFactor": 3,
    "PartialFourier": 1,
    "PatientPosition": "HFS",
    "PercentPhaseFOV": 100,
    "PhaseEncodingDirection": "j",
    "PhaseEncodingSteps": 84,
    "PhaseResolution": 1,
    "PixelBandwidth": 2590,
    "ProcedureStepDescription": "Projets_Convers",
    "ProtocolName": "task-convers_run2_bold",
    "PulseSequenceDetails": "%CustomerSeq%_cmrr_mbep2d_bold",
    "ReceiveCoilActiveElements": "HC1-7",
    "ReceiveCoilName": "HeadNeck_64",
    "ReconMatrixPE": 84,
    "RepetitionTime": 1.205,
    "SAR": 0.0692157,
    "ScanOptions": "FS_EXT",
    "ScanningSequence": "EP",
    "SequenceName": "epfid2d1_84",
    "SequenceVariant": "SK_SS",
    "SeriesDescription": "task-convers_run2_bold",
    "SeriesNumber": 14,
    "ShimSetting": [
      -583,
      -10748,
      -592,
      323,
      15,
      36,
      -52,
      23
    ],
    "SliceThickness": 2.5,
    "SliceTiming": [
      1.1375,
      1.07,
      1.005,
      0.9375,
      0.87,
      0.8025,
      0.735,
      0.67,
      0.6025,
      0.535,
      0.4675,
      0.4025,
      0.335,
      0.2675,
      0.2,
      0.135,
      0.0675,
      0,
      1.1375,
      1.07,
      1.005,
      0.9375,
      0.87,
      0.8025,
      0.735,
      0.67,
      0.6025,
      0.535,
      0.4675,
      0.4025,
      0.335,
      0.2675,
      0.2,
      0.135,
      0.0675,
      0,
      1.1375,
      1.07,
      1.005,
      0.9375,
      0.87,
      0.8025,
      0.735,
      0.67,
      0.6025,
      0.535,
      0.4675,
      0.4025,
      0.335,
      0.2675,
      0.2,
      0.135,
      0.0675,
      0
    ],
    "SoftwareVersions": "syngo_MR_E11",
    "SpacingBetweenSlices": 2.5,
    "StationName": "AWP66072",
    "TaskName": "convers",
    "TotalReadoutTime": 0.04199916,
    "TxRefAmp": 251.399,
    "modality": "bold",
    "run_id": "02",
    "subject_id": "06",
    "task_id": "convers"
  },
  "dummy_trs": 0,
  "dvars_nstd": 65.5169764309115,
  "dvars_std": 1.2145346216406252,
  "dvars_vstd": 1.0341208325260418,
  "efc": 0.49702271868009346,
  "fber": 7077.537109375,
  "fd_mean": 0.4717739667296755,
  "fd_num": 307,
  "fd_perc": 79.74025974025975,
  "fwhm_avg": 2.985530758802677,
  "fwhm_x": 2.7694400000000003,
  "fwhm_y": 3.288804,
  "fwhm_z": 2.898348276408031,
  "gcor": 0.0190282,
  "gsr_x": 0.015766151249408722,
  "gsr_y": 0.03124169073998928,
  "provenance": {
    "md5sum": "4809ae6db73393db128a01b31f336426",
    "settings": {
      "fd_thres": 0.2,
      "hmc_fsl": false
    },
    "software": "mriqc",
    "version": "0.10.4"
  },
  "size_t": 385,
  "size_x": 84,
  "size_y": 84,
  "size_z": 54,
  "snr": 2.144984180039093,
  "spacing_tr": 1.2050000429153442,
  "spacing_x": 2.5,
  "spacing_y": 2.5,
  "spacing_z": 2.499999761581421,
  "summary_bg_k": 19.100520302323453,
  "summary_bg_mad": 96.98049926757812,
  "summary_bg_mean": 865.7517700195312,
  "summary_bg_median": 112.22251892089844,
  "summary_bg_n": 238963.0,
  "summary_bg_p05": 40.692176818847656,
  "summary_bg_p95": 5412.445117187499,
  "summary_bg_stdv": 2110.386474609375,
  "summary_fg_k": 0.45316314391149826,
  "summary_fg_mad": 4906.64013671875,
  "summary_fg_mean": 11087.1748046875,
  "summary_fg_median": 10397.3369140625,
  "summary_fg_n": 82005.0,
  "summary_fg_p05": 4518.28330078125,
  "summary_fg_p95": 19911.514843750003,
  "summary_fg_stdv": 4847.24951171875,
  "tsnr": 25.812137603759766
}