{
  "bids_meta": {
    "AcquisitionDateTime": "2018-07-17T12:39:25.908000",
    "AcquisitionMatrixPE": 320,
    "AcquisitionNumber": 1,
    "AcquisitionTime": "12:31:22.540000",
    "BaseResolution": 320,
    "BodyPartExamined": "HEAD",
    "ConsistencyInfo": "N4_VE11B_LATEST_20150530",
    "ConversionSoftware": "dcm2niix",
    "ConversionSoftwareVersion": "v1.0.20171215 GCC5.1.0",
    "DeviceSerialNumber": "66072",
    "DwellTime": 2.2e-06,
    "EchoTime": 0.562,
    "EchoTrainLength": 305,
    "FlipAngle": 120,
    "ImageOrientationPatientDICOM": [
      -0.0577237,
      0.938654,
      0.339995,
      0.0394061,
      0.342439,
      -0.938713
    ],
    "ImageType": [
      "ORIGINAL",
      "PRIMARY",
      "M",
      "ND",
      "NORM"
    ],
    "InPlanePhaseEncodingDirectionDICOM": "ROW",
    "InstitutionAddress": "Boulevard_Jean_Moulin_27_Marseille_District_FR_13005",
    "InstitutionName": "Universite_d_aix_Marseille",
    "InstitutionalDepartmentName": "Department",
    "MRAcquisitionType": "3D",
    "MagneticFieldStrength": 3,
    "Manufacturer": "Siemens",
    "ManufacturersModelName": "Prisma",
    "Modality": "MR",
    "ParallelReductionFactorInPlane": 2,
    "PartialFourier": 1,
    "PatientPosition": "HFS",
    "PercentPhaseFOV": 100,
    "PhaseEncodingSteps": 315,
    "PhaseResolution": 1,
    "PixelBandwidth": 710,
    "ProcedureStepDescription": "Projets_Convers",
    "ProtocolName": "T2w",
    "PulseSequenceDetails": "%SiemensSeq%_tse_vfl",
    "ReceiveCoilActiveElements": "HC1-7;NC1,2",
    "ReceiveCoilName": "HeadNeck_64",
    "ReconMatrixPE": 320,
    "RepetitionTime": 3.2,
    "SAR": 0.147025,
    "ScanOptions": "PFP",
    "ScanningSequence": "SE",
    "SequenceName": "_spc_305ns",
    "SequenceVariant": "SK_SP",
    "SeriesDescription": "T2w",
    "SeriesNumber": 25,
    "ShimSetting": [
      -594,
      -10865,
      -633,
      106,
      21,
      -287,
      75,
      10
    ],
    "SliceThickness": 0.8,
    "SoftwareVersions": "syngo_MR_E11",
    "StationName": "AWP66072",
    "TxRefAmp": 230.068,
    "modality": "T2w",
    "subject_id": "16"
  },
  "cjv": 0.24375149111264993,
  "cnr": 3.908091517395932,
  "efc": 0.47012663460677284,
  "fber": 3034.130615234375,
  "fwhm_avg": 2.6727470098829618,
  "fwhm_x": 2.5777786107180924,
  "fwhm_y": 2.9532624559929603,
  "fwhm_z": 2.4871999629378325,
  "icvs_csf": 0.2908720895164577,
  "icvs_gm": 0.10064583966061046,
  "icvs_wm": 0.6084820708229318,
  "inu_med": 1.286117434501648,
  "inu_range": 0.4116981625556946,
  "provenance": {
    "md5sum": "88ed9b2b7097e65a5def378c6108bea7",
    "settings": {
      "testing": false
    },
    "software": "mriqc",
    "version": "0.11.0",
    "warnings": {
      "large_rot_frame": true,
      "small_air_mask": false
    },
    "webapi_port": null,
    "webapi_url": "https://mriqc.nimh.nih.gov/api/v1"
  },
  "qi_1": 0.0,
  "qi_2": 0.059984320443626025,
  "rpve_csf": 19.84450770725225,
  "rpve_gm": 82.10752876932192,
  "rpve_wm": 12.9910275865766,
  "size_x": 256,
  "size_y": 320,
  "size_z": 320,
  "snr_csf": 6.635184614148387,
  "snr_gm": 5.750290372624994,
  "snr_total": 6.715565478123406,
  "snr_wm": 7.76122144759684,
  "snrd_csf": 95.95727347366164,
  "snrd_gm": 165.62797707008028,
  "snrd_total": 103.9379213846609,
  "snrd_wm": 50.22851361024077,
  "spacing_x": 0.7999988794326782,
  "spacing_y": 0.800000011920929,
  "spacing_z": 0.800000011920929,
  "summary_bg_k": 9.251354654240128,
  "summary_bg_mad": 13.048100471496582,
  "summary_bg_mean": 12.688076972961426,
  "summary_bg_median": 8.800809860229492,
  "summary_bg_n": 5084752.0,
  "summary_bg_p05": 0.0,
  "summary_bg_p95": 36.36807422637939,
  "summary_bg_stdv": 13.057401657104492,
  "summary_csf_k": 1.137563128294758,
  "summary_csf_mad": 280.1891174316406,
  "summary_csf_mean": 1933.82958984375,
  "summary_csf_median": 1911.144287109375,
  "summary_csf_n": 54486.0,
  "summary_csf_p05": 1531.3959655761719,
  "summary_csf_p95": 2439.0748291015625,
  "summary_csf_stdv": 288.0291748046875,
  "summary_gm_k": 5.4413828734390925,
  "summary_gm_mad": 448.6044616699219,
  "summary_gm_mean": 3215.890380859375,
  "summary_gm_median": 3298.7490234375,
  "summary_gm_n": 31301.0,
  "summary_gm_p05": 2241.62548828125,
  "summary_gm_p95": 3908.852783203125,
  "summary_gm_stdv": 573.6573486328125,
  "summary_wm_k": 1.9519729435744528,
  "summary_wm_mad": 111.62590789794922,
  "summary_wm_mean": 1015.5203247070312,
  "summary_wm_median": 1000.382080078125,
  "summary_wm_n": 602965.0,
  "summary_wm_p05": 834.3664916992187,
  "summary_wm_p95": 1249.834375,
  "summary_wm_stdv": 128.8948211669922,
  "tpm_overlap_csf": 0.13710899651050568,
  "tpm_overlap_gm": 0.08647055178880692,
  "tpm_overlap_wm": 0.49187472462654114,
  "wm2max": 0.2649839654416527
}