{
  "aor": 0.0023356363636363635,
  "aqi": 0.013539812233766236,
  "bids_meta": {
    "AcquisitionDateTime": "2018-05-30T17:10:57.363000",
    "AcquisitionMatrixPE": 84,
    "AcquisitionNumber": 1,
    "AcquisitionTime": "17:10:55.110000",
    "BandwidthPerPixelPhaseEncode": 23.81,
    "BaseResolution": 84,
    "BodyPartExamined": "HEAD",
    "ConsistencyInfo": "N4_VE11B_LATEST_20150530",
    "ConversionSoftware": "dcm2niix",
    "ConversionSoftwareVersion": "v1.0.20171215 GCC5.1.0",
    "DerivedVendorReportedEchoSpacing": 0.00049999,
    "DeviceSerialNumber": "66072",
    "DwellTime": 2.3e-06,
    "EchoTime": 0.03,
    "EchoTrainLength": 84,
    "EffectiveEchoSpacing": 0.00049999,
    "FlipAngle": 65,
    "ImageComments": "Unaliased_MB3_PE3_LB_SENSE1",
    "ImageOrientationPatientDICOM": [
      0.998478,
      0.0427931,
      0.0348027,
      -0.0428961,
      0.999077,
      0.00221942
    ],
    "ImageType": [
      "ORIGINAL",
      "PRIMARY",
      "M",
      "MB",
      "ND",
      "MOSAIC"
    ],
    "InPlanePhaseEncodingDirectionDICOM": "COL",
    "InstitutionAddress": "Boulevard_Jean_Moulin_27_Marseille_District_FR_13005",
    "InstitutionName": "Universite_d_aix_Marseille",
    "InstitutionalDepartmentName": "Department",
    "MRAcquisitionType": "2D",
    "MagneticFieldStrength": 3,
    "Manufacturer": "Siemens",
    "ManufacturersModelName": "Prisma",
    "Modality": "MR",
    "MultibandAccelerationFactor": 3,
    "PartialFourier": 1,
    "PatientPosition": "HFS",
    "PercentPhaseFOV": 100,
    "PhaseEncodingDirection": "j",
    "PhaseEncodingSteps": 84,
    "PhaseResolution": 1,
    "PixelBandwidth": 2590,
    "ProcedureStepDescription": "Projets_Convers",
    "ProtocolName": "task-convers_run4_bold",
    "PulseSequenceDetails": "%CustomerSeq%_cmrr_mbep2d_bold",
    "ReceiveCoilActiveElements": "HC1-7",
    "ReceiveCoilName": "HeadNeck_64",
    "ReconMatrixPE": 84,
    "RepetitionTime": 1.205,
    "SAR": 0.0695866,
    "ScanOptions": "FS_EXT",
    "ScanningSequence": "EP",
    "SequenceName": "epfid2d1_84",
    "SequenceVariant": "SK_SS",
    "SeriesDescription": "task-convers_run4_bold",
    "SeriesNumber": 20,
    "ShimSetting": [
      -598,
      -10767,
      -540,
      579,
      36,
      29,
      25,
      -8
    ],
    "SliceThickness": 2.5,
    "SliceTiming": [
      1.14,
      1.0725,
      1.005,
      0.9375,
      0.87,
      0.805,
      0.7375,
      0.67,
      0.6025,
      0.5375,
      0.47,
      0.4025,
      0.335,
      0.2675,
      0.2025,
      0.135,
      0.0675,
      0,
      1.14,
      1.0725,
      1.005,
      0.9375,
      0.87,
      0.805,
      0.7375,
      0.67,
      0.6025,
      0.5375,
      0.47,
      0.4025,
      0.335,
      0.2675,
      0.2025,
      0.135,
      0.0675,
      0,
      1.14,
      1.0725,
      1.005,
      0.9375,
      0.87,
      0.805,
      0.7375,
      0.67,
      0.6025,
      0.5375,
      0.47,
      0.4025,
      0.335,
      0.2675,
      0.2025,
      0.135,
      0.0675,
      0
    ],
    "SoftwareVersions": "syngo_MR_E11",
    "SpacingBetweenSlices": 2.5,
    "StationName": "AWP66072",
    "TaskName": "convers",
    "TotalReadoutTime": 0.04199916,
    "TxRefAmp": 234.264,
    "modality": "bold",
    "run_id": "04",
    "subject_id": "09",
    "task_id": "convers"
  },
  "dummy_trs": 0,
  "dvars_nstd": 55.712308883697965,
  "dvars_std": 1.089740081536458,
  "dvars_vstd": 1.1876955823958342,
  "efc": 0.4614797105480759,
  "fber": 15657.1396484375,
  "fd_mean": 0.5230804752677968,
  "fd_num": 296,
  "fd_perc": 76.88311688311688,
  "fwhm_avg": 2.8020906666666665,
  "fwhm_x": 2.55814,
  "fwhm_y": 3.062556,
  "fwhm_z": 2.785576,
  "gcor": 0.0230741,
  "gsr_x": -0.016657518222928047,
  "gsr_y": 0.039665866643190384,
  "provenance": {
    "md5sum": "8d1b93044dd31813af48fe53b05f0980",
    "settings": {
      "fd_thres": 0.2,
      "hmc_fsl": false
    },
    "software": "mriqc",
    "version": "0.10.4"
  },
  "size_t": 385,
  "size_x": 84,
  "size_y": 84,
  "size_z": 54,
  "snr": 2.634527868567642,
  "spacing_tr": 1.2050000429153442,
  "spacing_x": 2.5,
  "spacing_y": 2.5,
  "spacing_z": 2.5,
  "summary_bg_k": 31.734932525938994,
  "summary_bg_mad": 45.63323974609375,
  "summary_bg_mean": 330.45989990234375,
  "summary_bg_median": 67.6807861328125,
  "summary_bg_n": 243016.0,
  "summary_bg_p05": 31.930583000183105,
  "summary_bg_p95": 1605.8755187988281,
  "summary_bg_stdv": 751.8720092773438,
  "summary_fg_k": 0.5242979166140449,
  "summary_fg_mad": 3365.7900390625,
  "summary_fg_mean": 9462.3837890625,
  "summary_fg_median": 9075.92578125,
  "summary_fg_n": 78684.0,
  "summary_fg_p05": 4613.255834960937,
  "summary_fg_p95": 15598.901708984375,
  "summary_fg_stdv": 3444.969482421875,
  "tsnr": 25.22116470336914
}