{
  "bids_meta": {
    "AcquisitionDateTime": "2018-05-30T10:47:47.912000",
    "AcquisitionMatrixPE": 320,
    "AcquisitionNumber": 1,
    "AcquisitionTime": "10:40:41.745000",
    "BaseResolution": 320,
    "BodyPartExamined": "HEAD",
    "ConsistencyInfo": "N4_VE11B_LATEST_20150530",
    "ConversionSoftware": "dcm2niix",
    "ConversionSoftwareVersion": "v1.0.20171215 GCC5.1.0",
    "DeviceSerialNumber": "66072",
    "DwellTime": 7.4e-06,
    "EchoTime": 0.00228,
    "FlipAngle": 8,
    "ImageOrientationPatientDICOM": [
      0.0392512,
      0.996466,
      0.0742613,
      -0.0210324,
      0.075126,
      -0.996952
    ],
    "ImageType": [
      "ORIGINAL",
      "PRIMARY",
      "M",
      "ND",
      "NORM"
    ],
    "InPlanePhaseEncodingDirectionDICOM": "ROW",
    "InstitutionAddress": "Boulevard_Jean_Moulin_27_Marseille_District_FR_13005",
    "InstitutionName": "Universite_d_aix_Marseille",
    "InstitutionalDepartmentName": "Department",
    "InversionTime": 1.01,
    "MRAcquisitionType": "3D",
    "MagneticFieldStrength": 3,
    "Manufacturer": "Siemens",
    "ManufacturersModelName": "Prisma",
    "Modality": "MR",
    "ParallelReductionFactorInPlane": 2,
    "PartialFourier": 1,
    "PatientPosition": "HFS",
    "PercentPhaseFOV": 100,
    "PhaseEncodingSteps": 319,
    "PhaseResolution": 1,
    "PixelBandwidth": 210,
    "ProcedureStepDescription": "Projets_Convers",
    "ProtocolName": "T1w",
    "PulseSequenceDetails": "%SiemensSeq%_tfl",
    "ReceiveCoilActiveElements": "HC1-7;NC1,2",
    "ReceiveCoilName": "HeadNeck_64",
    "ReconMatrixPE": 320,
    "RepetitionTime": 2.4,
    "SAR": 0.034303,
    "ScanOptions": "IR_WE",
    "ScanningSequence": "GR_IR",
    "SequenceName": "_tfl3d1_16ns",
    "SequenceVariant": "SK_SP_MP",
    "SeriesDescription": "T1w",
    "SeriesNumber": 18,
    "ShimSetting": [
      -600,
      -10808,
      -655,
      152,
      60,
      -379,
      -1,
      44
    ],
    "SliceThickness": 0.8,
    "SoftwareVersions": "syngo_MR_E11",
    "StationName": "AWP66072",
    "TxRefAmp": 233.498,
    "modality": "T1w",
    "subject_id": "05"
  },
  "cjv": 0.7549836987767419,
  "cnr": 1.7676924265066987,
  "efc": 0.5194766367148878,
  "fber": 5478.6337890625,
  "fwhm_avg": 4.2317399926724555,
  "fwhm_x": 4.154232605287998,
  "fwhm_y": 4.202987437370607,
  "fwhm_z": 4.337999935358764,
  "icvs_csf": 0.179569919412084,
  "icvs_gm": 0.4079861863322305,
  "icvs_wm": 0.4124438942556855,
  "inu_med": 0.9949700832366943,
  "inu_range": 0.4411500394344332,
  "provenance": {
    "md5sum": "8b11fa90199e8247bfa26b9ad28df4aa",
    "settings": {
      "testing": false
    },
    "software": "mriqc",
    "version": "0.10.4",
    "warnings": {
      "large_rot_frame": false,
      "small_air_mask": false
    }
  },
  "qi_1": 0.0,
  "qi_2": 0.008166138131684342,
  "rpve_csf": 32.922884475179515,
  "rpve_gm": 15.76108301245698,
  "rpve_wm": 18.68157473089565,
  "size_x": 256,
  "size_y": 320,
  "size_z": 320,
  "snr_csf": 2.75179302497683,
  "snr_gm": 9.920709735718305,
  "snr_total": 9.890763087025531,
  "snr_wm": 16.999786500381457,
  "snrd_csf": 43.35988760837188,
  "snrd_gm": 93.45783206385684,
  "snrd_total": 83.63819543766304,
  "snrd_wm": 114.09686664076041,
  "spacing_x": 0.8000033497810364,
  "spacing_y": 0.800000011920929,
  "spacing_z": 0.800000011920929,
  "summary_bg_k": 6050.941706640923,
  "summary_bg_mad": 5.7422776222229,
  "summary_bg_mean": 9.66290283203125,
  "summary_bg_median": 7.847423076629639,
  "summary_bg_n": 5974414.0,
  "summary_bg_p05": 0.0,
  "summary_bg_p95": 23.844031715393065,
  "summary_bg_stdv": 13.94583797454834,
  "summary_csf_k": 2.995418243894962,
  "summary_csf_mad": 123.90557861328125,
  "summary_csf_mean": 415.6533508300781,
  "summary_csf_median": 380.0498962402344,
  "summary_csf_n": 40306.0,
  "summary_csf_p05": 243.56725692749023,
  "summary_csf_p95": 671.7231750488281,
  "summary_csf_stdv": 138.1082000732422,
  "summary_gm_k": 0.4081663395434765,
  "summary_gm_mad": 79.32374572753906,
  "summary_gm_mean": 822.77978515625,
  "summary_gm_median": 819.158935546875,
  "summary_gm_n": 59191.0,
  "summary_gm_p05": 696.5906372070312,
  "summary_gm_p95": 968.9515380859375,
  "summary_gm_stdv": 82.56990051269531,
  "summary_wm_k": 0.2528848363535037,
  "summary_wm_mad": 57.25383758544922,
  "summary_wm_mean": 1003.4555053710938,
  "summary_wm_median": 1000.060302734375,
  "summary_wm_n": 556718.0,
  "summary_wm_p05": 912.8208953857421,
  "summary_wm_p95": 1105.8790222167968,
  "summary_wm_stdv": 58.827762603759766,
  "tpm_overlap_csf": 0.23215599358081818,
  "tpm_overlap_gm": 0.4918508231639862,
  "tpm_overlap_wm": 0.5529773235321045,
  "wm2max": 0.5267840352286697
}