{
  "aor": 0.0019968831168831165,
  "aqi": 0.0067098905974025975,
  "bids_meta": {
    "AcquisitionDateTime": "2018-05-30T15:38:20.198000",
    "AcquisitionMatrixPE": 84,
    "AcquisitionNumber": 1,
    "AcquisitionTime": "15:38:18.052500",
    "BandwidthPerPixelPhaseEncode": 23.81,
    "BaseResolution": 84,
    "BodyPartExamined": "HEAD",
    "ConsistencyInfo": "N4_VE11B_LATEST_20150530",
    "ConversionSoftware": "dcm2niix",
    "ConversionSoftwareVersion": "v1.0.20171215 GCC5.1.0",
    "DerivedVendorReportedEchoSpacing": 0.00049999,
    "DeviceSerialNumber": "66072",
    "DwellTime": 2.3e-06,
    "EchoTime": 0.03,
    "EchoTrainLength": 84,
    "EffectiveEchoSpacing": 0.00049999,
    "FlipAngle": 65,
    "ImageComments": "Unaliased_MB3_PE3_LB_SENSE1",
    "ImageOrientationPatientDICOM": [
      0.999383,
      0.000465242,
      0.0351118,
      -0.00366291,
      0.995839,
      0.0910618
    ],
    "ImageType": [
      "ORIGINAL",
      "PRIMARY",
      "M",
      "MB",
      "ND",
      "MOSAIC"
    ],
    "InPlanePhaseEncodingDirectionDICOM": "COL",
    "InstitutionAddress": "Boulevard_Jean_Moulin_27_Marseille_District_FR_13005",
    "InstitutionName": "Universite_d_aix_Marseille",
    "InstitutionalDepartmentName": "Department",
    "MRAcquisitionType": "2D",
    "MagneticFieldStrength": 3,
    "Manufacturer": "Siemens",
    "ManufacturersModelName": "Prisma",
    "Modality": "MR",
    "MultibandAccelerationFactor": 3,
    "PartialFourier": 1,
    "PatientPosition": "HFS",
    "PercentPhaseFOV": 100,
    "PhaseEncodingDirection": "j",
    "PhaseEncodingSteps": 84,
    "PhaseResolution": 1,
    "PixelBandwidth": 2590,
    "ProcedureStepDescription": "Projets_Convers",
    "ProtocolName": "task-convers_run3_bold",
    "PulseSequenceDetails": "%CustomerSeq%_cmrr_mbep2d_bold",
    "ReceiveCoilActiveElements": "HC1-6",
    "ReceiveCoilName": "HeadNeck_64",
    "ReconMatrixPE": 84,
    "RepetitionTime": 1.205,
    "SAR": 0.0718201,
    "ScanOptions": "FS_EXT",
    "ScanningSequence": "EP",
    "SequenceName": "epfid2d1_84",
    "SequenceVariant": "SK_SS",
    "SeriesDescription": "task-convers_run3_bold",
    "SeriesNumber": 20,
    "ShimSetting": [
      -606,
      -10786,
      -490,
      407,
      34,
      -26,
      2,
      24
    ],
    "SliceThickness": 2.5,
    "SliceTiming": [
      1.1375,
      1.0725,
      1.005,
      0.9375,
      0.87,
      0.8025,
      0.7375,
      0.67,
      0.6025,
      0.535,
      0.47,
      0.4025,
      0.335,
      0.2675,
      0.2,
      0.135,
      0.0675,
      0,
      1.1375,
      1.0725,
      1.005,
      0.9375,
      0.87,
      0.8025,
      0.7375,
      0.67,
      0.6025,
      0.535,
      0.47,
      0.4025,
      0.335,
      0.2675,
      0.2,
      0.135,
      0.0675,
      0,
      1.1375,
      1.0725,
      1.005,
      0.9375,
      0.87,
      0.8025,
      0.7375,
      0.67,
      0.6025,
      0.535,
      0.47,
      0.4025,
      0.335,
      0.2675,
      0.2,
      0.135,
      0.0675,
      0
    ],
    "SoftwareVersions": "syngo_MR_E11",
    "SpacingBetweenSlices": 2.5,
    "StationName": "AWP66072",
    "TaskName": "convers",
    "TotalReadoutTime": 0.04199916,
    "TxRefAmp": 231.604,
    "modality": "bold",
    "run_id": "03",
    "subject_id": "08",
    "task_id": "convers"
  },
  "dummy_trs": 0,
  "dvars_nstd": 41.3912796675781,
  "dvars_std": 1.1420348725781253,
  "dvars_vstd": 1.004812473333333,
  "efc": 0.47023998082275065,
  "fber": 11557.0498046875,
  "fd_mean": 0.2713782910129094,
  "fd_num": 211,
  "fd_perc": 54.8051948051948,
  "fwhm_avg": 2.964169333333333,
  "fwhm_x": 2.752548,
  "fwhm_y": 3.283744,
  "fwhm_z": 2.856216,
  "gcor": 0.0118545,
  "gsr_x": -0.010595089755952358,
  "gsr_y": 0.02902412600815296,
  "provenance": {
    "md5sum": "b879da0819b09aa4bd2ab4bf00848870",
    "settings": {
      "fd_thres": 0.2,
      "hmc_fsl": false
    },
    "software": "mriqc",
    "version": "0.10.4"
  },
  "size_t": 385,
  "size_x": 84,
  "size_y": 84,
  "size_z": 54,
  "snr": 2.088815555813925,
  "spacing_tr": 1.2050000429153442,
  "spacing_x": 2.5,
  "spacing_y": 2.5,
  "spacing_z": 2.5,
  "summary_bg_k": 29.993693037120295,
  "summary_bg_mad": 80.39531707763672,
  "summary_bg_mean": 460.2927551269531,
  "summary_bg_median": 92.98899841308594,
  "summary_bg_n": 236454.0,
  "summary_bg_p05": 30.91187887191773,
  "summary_bg_p95": 2297.545141601561,
  "summary_bg_stdv": 1074.82373046875,
  "summary_fg_k": 0.8643621336451086,
  "summary_fg_mad": 4930.7412109375,
  "summary_fg_mean": 11800.4453125,
  "summary_fg_median": 10851.765625,
  "summary_fg_n": 84974.0,
  "summary_fg_p05": 5207.613598632813,
  "summary_fg_p95": 21791.172167968747,
  "summary_fg_stdv": 5195.14599609375,
  "tsnr": 37.143150329589844
}