{
  "aor": 0.0022134025974025976,
  "aqi": 0.006752091532467532,
  "bids_meta": {
    "AcquisitionDateTime": "2018-07-17T13:32:01.062000",
    "AcquisitionMatrixPE": 84,
    "AcquisitionNumber": 1,
    "AcquisitionTime": "13:31:58.830000",
    "BandwidthPerPixelPhaseEncode": 23.81,
    "BaseResolution": 84,
    "BodyPartExamined": "HEAD",
    "ConsistencyInfo": "N4_VE11B_LATEST_20150530",
    "ConversionSoftware": "dcm2niix",
    "ConversionSoftwareVersion": "v1.0.20171215 GCC5.1.0",
    "DerivedVendorReportedEchoSpacing": 0.00049999,
    "DeviceSerialNumber": "66072",
    "DwellTime": 2.3e-06,
    "EchoTime": 0.03,
    "EchoTrainLength": 84,
    "EffectiveEchoSpacing": 0.00049999,
    "FlipAngle": 65,
    "ImageComments": "Unaliased_MB3_PE3_LB_SENSE1",
    "ImageOrientationPatientDICOM": [
      0.997313,
      0.00856797,
      0.0727586,
      -0.0168858,
      0.993281,
      0.114489
    ],
    "ImageType": [
      "ORIGINAL",
      "PRIMARY",
      "M",
      "MB",
      "ND",
      "MOSAIC"
    ],
    "InPlanePhaseEncodingDirectionDICOM": "COL",
    "InstitutionAddress": "Boulevard_Jean_Moulin_27_Marseille_District_FR_13005",
    "InstitutionName": "Universite_d_aix_Marseille",
    "InstitutionalDepartmentName": "Department",
    "MRAcquisitionType": "2D",
    "MagneticFieldStrength": 3,
    "Manufacturer": "Siemens",
    "ManufacturersModelName": "Prisma",
    "Modality": "MR",
    "MultibandAccelerationFactor": 3,
    "PartialFourier": 1,
    "PatientPosition": "HFS",
    "PercentPhaseFOV": 100,
    "PhaseEncodingDirection": "j",
    "PhaseEncodingSteps": 84,
    "PhaseResolution": 1,
    "PixelBandwidth": 2590,
    "ProcedureStepDescription": "Projets_Convers",
    "ProtocolName": "task-convers_run2_bold",
    "PulseSequenceDetails": "%CustomerSeq%_cmrr_mbep2d_bold",
    "ReceiveCoilActiveElements": "HC1-7",
    "ReceiveCoilName": "HeadNeck_64",
    "ReconMatrixPE": 84,
    "RepetitionTime": 1.205,
    "SAR": 0.0665488,
    "ScanOptions": "FS_EXT",
    "ScanningSequence": "EP",
    "SequenceName": "epfid2d1_84",
    "SequenceVariant": "SK_SS",
    "SeriesDescription": "task-convers_run2_bold",
    "SeriesNumber": 14,
    "ShimSetting": [
      -600,
      -10804,
      -525,
      354,
      41,
      -94,
      39,
      -38
    ],
    "SliceThickness": 2.5,
    "SliceTiming": [
      1.1375,
      1.0725,
      1.005,
      0.9375,
      0.87,
      0.8025,
      0.7375,
      0.67,
      0.6025,
      0.535,
      0.47,
      0.4025,
      0.335,
      0.2675,
      0.2025,
      0.135,
      0.0675,
      0,
      1.1375,
      1.0725,
      1.005,
      0.9375,
      0.87,
      0.8025,
      0.7375,
      0.67,
      0.6025,
      0.535,
      0.47,
      0.4025,
      0.335,
      0.2675,
      0.2025,
      0.135,
      0.0675,
      0,
      1.1375,
      1.0725,
      1.005,
      0.9375,
      0.87,
      0.8025,
      0.7375,
      0.67,
      0.6025,
      0.535,
      0.47,
      0.4025,
      0.335,
      0.2675,
      0.2025,
      0.135,
      0.0675,
      0
    ],
    "SoftwareVersions": "syngo_MR_E11",
    "SpacingBetweenSlices": 2.5,
    "StationName": "AWP66072",
    "TaskName": "convers",
    "TotalReadoutTime": 0.04199916,
    "TxRefAmp": 245.48,
    "modality": "bold",
    "run_id": "02",
    "subject_id": "17",
    "task_id": "convers"
  },
  "dummy_trs": 0,
  "dvars_nstd": 36.94361592825521,
  "dvars_std": 1.1355799561979174,
  "dvars_vstd": 1.120461688046875,
  "efc": 0.4974296956951518,
  "fber": 3539.234619140625,
  "fd_mean": 0.19541859768602698,
  "fd_num": 145,
  "fd_perc": 37.66233766233766,
  "fwhm_avg": 2.8957453333333336,
  "fwhm_x": 2.6812519999999997,
  "fwhm_y": 3.236004,
  "fwhm_z": 2.76998,
  "gcor": 0.0187016,
  "gsr_x": 0.008741009049117565,
  "gsr_y": 0.028515545651316643,
  "provenance": {
    "md5sum": "179309768d31386e781fa35b2345e505",
    "settings": {
      "fd_thres": 0.2,
      "hmc_fsl": false
    },
    "software": "mriqc",
    "version": "0.11.0",
    "webapi_port": null,
    "webapi_url": null
  },
  "size_t": 385,
  "size_x": 84,
  "size_y": 84,
  "size_z": 54,
  "snr": 2.4291467853487814,
  "spacing_tr": 1.2050000429153442,
  "spacing_x": 2.5,
  "spacing_y": 2.5,
  "spacing_z": 2.5,
  "summary_bg_k": 28.132964944530205,
  "summary_bg_mad": 165.26235961914062,
  "summary_bg_mean": 716.5389404296875,
  "summary_bg_median": 154.81637573242188,
  "summary_bg_n": 240004.0,
  "summary_bg_p05": 37.91699924468995,
  "summary_bg_p95": 3353.4768676757767,
  "summary_bg_stdv": 1500.414794921875,
  "summary_fg_k": 0.3061476856173977,
  "summary_fg_mad": 4064.734375,
  "summary_fg_mean": 10180.2802734375,
  "summary_fg_median": 9724.0986328125,
  "summary_fg_n": 80540.0,
  "summary_fg_p05": 4639.664599609375,
  "summary_fg_p95": 17387.876953125,
  "summary_fg_stdv": 4003.0673828125,
  "tsnr": 38.6799430847168
}