{
  "aor": 0.0017727272727272728,
  "aqi": 0.007247011350649351,
  "bids_meta": {
    "AcquisitionDateTime": "2018-07-17T15:17:25.408000",
    "AcquisitionMatrixPE": 84,
    "AcquisitionNumber": 1,
    "AcquisitionTime": "15:17:24.022500",
    "BandwidthPerPixelPhaseEncode": 23.81,
    "BaseResolution": 84,
    "BodyPartExamined": "HEAD",
    "ConsistencyInfo": "N4_VE11B_LATEST_20150530",
    "ConversionSoftware": "dcm2niix",
    "ConversionSoftwareVersion": "v1.0.20171215 GCC5.1.0",
    "DerivedVendorReportedEchoSpacing": 0.00049999,
    "DeviceSerialNumber": "66072",
    "DwellTime": 2.3e-06,
    "EchoTime": 0.03,
    "EchoTrainLength": 84,
    "EffectiveEchoSpacing": 0.00049999,
    "FlipAngle": 65,
    "ImageComments": "Unaliased_MB3_PE3_LB_SENSE1",
    "ImageOrientationPatientDICOM": [
      0.995287,
      -0.0767024,
      0.0593287,
      0.0767579,
      0.997049,
      0.00134527
    ],
    "ImageType": [
      "ORIGINAL",
      "PRIMARY",
      "M",
      "MB",
      "ND",
      "MOSAIC"
    ],
    "InPlanePhaseEncodingDirectionDICOM": "COL",
    "InstitutionAddress": "Boulevard_Jean_Moulin_27_Marseille_District_FR_13005",
    "InstitutionName": "Universite_d_aix_Marseille",
    "InstitutionalDepartmentName": "Department",
    "MRAcquisitionType": "2D",
    "MagneticFieldStrength": 3,
    "Manufacturer": "Siemens",
    "ManufacturersModelName": "Prisma",
    "Modality": "MR",
    "MultibandAccelerationFactor": 3,
    "PartialFourier": 1,
    "PatientPosition": "HFS",
    "PercentPhaseFOV": 100,
    "PhaseEncodingDirection": "j",
    "PhaseEncodingSteps": 84,
    "PhaseResolution": 1,
    "PixelBandwidth": 2590,
    "ProcedureStepDescription": "Projets_Convers",
    "ProtocolName": "task-convers_run4_bold",
    "PulseSequenceDetails": "%CustomerSeq%_cmrr_mbep2d_bold",
    "ReceiveCoilActiveElements": "HC1-6",
    "ReceiveCoilName": "HeadNeck_64",
    "ReconMatrixPE": 84,
    "RepetitionTime": 1.205,
    "SAR": 0.0766711,
    "ScanOptions": "FS_EXT",
    "ScanningSequence": "EP",
    "SequenceName": "epfid2d1_84",
    "SequenceVariant": "SK_SS",
    "SeriesDescription": "task-convers_run4_bold",
    "SeriesNumber": 16,
    "ShimSetting": [
      -588,
      -10737,
      -577,
      348,
      43,
      30,
      -70,
      28
    ],
    "SliceThickness": 2.5,
    "SliceTiming": [
      1.1375,
      1.07,
      1.0025,
      0.9375,
      0.87,
      0.8025,
      0.735,
      0.6675,
      0.6025,
      0.535,
      0.4675,
      0.4,
      0.335,
      0.2675,
      0.2,
      0.1325,
      0.065,
      0,
      1.1375,
      1.07,
      1.0025,
      0.9375,
      0.87,
      0.8025,
      0.735,
      0.6675,
      0.6025,
      0.535,
      0.4675,
      0.4,
      0.335,
      0.2675,
      0.2,
      0.1325,
      0.065,
      0,
      1.1375,
      1.07,
      1.0025,
      0.9375,
      0.87,
      0.8025,
      0.735,
      0.6675,
      0.6025,
      0.535,
      0.4675,
      0.4,
      0.335,
      0.2675,
      0.2,
      0.1325,
      0.065,
      0
    ],
    "SoftwareVersions": "syngo_MR_E11",
    "SpacingBetweenSlices": 2.5,
    "StationName": "AWP66072",
    "TaskName": "convers",
    "TotalReadoutTime": 0.04199916,
    "TxRefAmp": 234.209,
    "modality": "bold",
    "run_id": "04",
    "subject_id": "18",
    "task_id": "convers"
  },
  "dummy_trs": 0,
  "dvars_nstd": 38.052494997499984,
  "dvars_std": 1.0798895213020836,
  "dvars_vstd": 1.222988758697917,
  "efc": 0.49260207974242204,
  "fber": 6371.38525390625,
  "fd_mean": 0.20792969502957045,
  "fd_num": 152,
  "fd_perc": 39.48051948051948,
  "fwhm_avg": 2.9822814247837157,
  "fwhm_x": 2.808616,
  "fwhm_y": 3.261448,
  "fwhm_z": 2.8767802743511464,
  "gcor": 0.0199253,
  "gsr_x": -0.015506535768508911,
  "gsr_y": 0.044473882764577866,
  "provenance": {
    "md5sum": "9166e695678a14a77d4f1593913d173c",
    "settings": {
      "fd_thres": 0.2,
      "hmc_fsl": false
    },
    "software": "mriqc",
    "version": "0.11.0",
    "webapi_port": null,
    "webapi_url": null
  },
  "size_t": 385,
  "size_x": 84,
  "size_y": 84,
  "size_z": 54,
  "snr": 2.1520039189435733,
  "spacing_tr": 1.2050000429153442,
  "spacing_x": 2.5,
  "spacing_y": 2.5,
  "spacing_z": 2.499999761581421,
  "summary_bg_k": 29.874884107125837,
  "summary_bg_mad": 123.31028747558594,
  "summary_bg_mean": 538.279541015625,
  "summary_bg_median": 119.93990325927734,
  "summary_bg_n": 230073.0,
  "summary_bg_p05": 25.93631019592285,
  "summary_bg_p95": 2602.836669921875,
  "summary_bg_stdv": 1145.6015625,
  "summary_fg_k": 0.42612658676297555,
  "summary_fg_mad": 4804.7080078125,
  "summary_fg_mean": 11171.0302734375,
  "summary_fg_median": 10380.80859375,
  "summary_fg_n": 90075.0,
  "summary_fg_p05": 4846.3078125,
  "summary_fg_p95": 20100.5349609375,
  "summary_fg_stdv": 4823.76025390625,
  "tsnr": 34.84187698364258
}