{
  "aor": 0.0018347012987012987,
  "aqi": 0.008404773298701299,
  "bids_meta": {
    "AcquisitionDateTime": "2018-05-30T09:53:03.157000",
    "AcquisitionMatrixPE": 84,
    "AcquisitionNumber": 1,
    "AcquisitionTime": "09:52:59.190000",
    "BandwidthPerPixelPhaseEncode": 23.81,
    "BaseResolution": 84,
    "BodyPartExamined": "HEAD",
    "ConsistencyInfo": "N4_VE11B_LATEST_20150530",
    "ConversionSoftware": "dcm2niix",
    "ConversionSoftwareVersion": "v1.0.20171215 GCC5.1.0",
    "DerivedVendorReportedEchoSpacing": 0.00049999,
    "DeviceSerialNumber": "66072",
    "DwellTime": 2.3e-06,
    "EchoTime": 0.03,
    "EchoTrainLength": 84,
    "EffectiveEchoSpacing": 0.00049999,
    "FlipAngle": 65,
    "ImageComments": "Unaliased_MB3_PE3_LB_SENSE1",
    "ImageOrientationPatientDICOM": [
      0.999005,
      -0.0376506,
      -0.023904,
      0.0368065,
      0.998716,
      -0.0348205
    ],
    "ImageType": [
      "ORIGINAL",
      "PRIMARY",
      "M",
      "MB",
      "ND",
      "MOSAIC"
    ],
    "InPlanePhaseEncodingDirectionDICOM": "COL",
    "InstitutionAddress": "Boulevard_Jean_Moulin_27_Marseille_District_FR_13005",
    "InstitutionName": "Universite_d_aix_Marseille",
    "InstitutionalDepartmentName": "Department",
    "MRAcquisitionType": "2D",
    "MagneticFieldStrength": 3,
    "Manufacturer": "Siemens",
    "ManufacturersModelName": "Prisma",
    "Modality": "MR",
    "MultibandAccelerationFactor": 3,
    "PartialFourier": 1,
    "PatientPosition": "HFS",
    "PercentPhaseFOV": 100,
    "PhaseEncodingDirection": "j",
    "PhaseEncodingSteps": 84,
    "PhaseResolution": 1,
    "PixelBandwidth": 2590,
    "ProcedureStepDescription": "Projets_Convers",
    "ProtocolName": "task-convers_run1_bold",
    "PulseSequenceDetails": "%CustomerSeq%_cmrr_mbep2d_bold",
    "ReceiveCoilActiveElements": "HC1-6",
    "ReceiveCoilName": "HeadNeck_64",
    "ReconMatrixPE": 84,
    "RepetitionTime": 1.205,
    "SAR": 0.0524392,
    "ScanOptions": "FS_EXT",
    "ScanningSequence": "EP",
    "SequenceName": "epfid2d1_84",
    "SequenceVariant": "SK_SS",
    "SeriesDescription": "task-convers_run1_bold",
    "SeriesNumber": 10,
    "ShimSetting": [
      -612,
      -10772,
      -608,
      325,
      0,
      -58,
      -3,
      21
    ],
    "SliceThickness": 2.5,
    "SliceTiming": [
      1.14,
      1.0725,
      1.005,
      0.9375,
      0.87,
      0.805,
      0.7375,
      0.67,
      0.6025,
      0.5375,
      0.47,
      0.4025,
      0.335,
      0.2675,
      0.2025,
      0.135,
      0.0675,
      0,
      1.14,
      1.0725,
      1.005,
      0.9375,
      0.87,
      0.805,
      0.7375,
      0.67,
      0.6025,
      0.5375,
      0.47,
      0.4025,
      0.335,
      0.2675,
      0.2025,
      0.135,
      0.0675,
      0,
      1.14,
      1.0725,
      1.005,
      0.9375,
      0.87,
      0.805,
      0.7375,
      0.67,
      0.6025,
      0.5375,
      0.47,
      0.4025,
      0.335,
      0.2675,
      0.2025,
      0.135,
      0.0675,
      0
    ],
    "SoftwareVersions": "syngo_MR_E11",
    "SpacingBetweenSlices": 2.5,
    "StationName": "AWP66072",
    "TaskName": "convers",
    "TotalReadoutTime": 0.04199916,
    "TxRefAmp": 233.498,
    "modality": "bold",
    "run_id": "01",
    "subject_id": "05",
    "task_id": "convers"
  },
  "dummy_trs": 0,
  "dvars_nstd": 35.936396434583344,
  "dvars_std": 1.0801015485156251,
  "dvars_vstd": 1.140028076770833,
  "efc": 0.49784218196572666,
  "fber": 7710.8173828125,
  "fd_mean": 0.1961183209205636,
  "fd_num": 142,
  "fd_perc": 36.883116883116884,
  "fwhm_avg": 2.908497333333333,
  "fwhm_x": 2.675576,
  "fwhm_y": 3.18638,
  "fwhm_z": 2.863536,
  "gcor": 0.0290129,
  "gsr_x": 0.004815434105694294,
  "gsr_y": 0.03407445549964905,
  "provenance": {
    "md5sum": "34d45de8074c4f3c38ad7214a5a1d6e3",
    "settings": {
      "fd_thres": 0.2,
      "hmc_fsl": false
    },
    "software": "mriqc",
    "version": "0.10.4"
  },
  "size_t": 385,
  "size_x": 84,
  "size_y": 84,
  "size_z": 54,
  "snr": 2.1491790721474926,
  "spacing_tr": 1.2050000429153442,
  "spacing_x": 2.5,
  "spacing_y": 2.5,
  "spacing_z": 2.5,
  "summary_bg_k": 27.203853101656833,
  "summary_bg_mad": 92.82960510253906,
  "summary_bg_mean": 657.320068359375,
  "summary_bg_median": 105.11709594726562,
  "summary_bg_n": 231289.0,
  "summary_bg_p05": 34.043364715576175,
  "summary_bg_p95": 3789.0992675781113,
  "summary_bg_stdv": 1644.9349365234375,
  "summary_fg_k": 0.5965560622480734,
  "summary_fg_mad": 4520.1357421875,
  "summary_fg_mean": 10660.359375,
  "summary_fg_median": 9960.6875,
  "summary_fg_n": 89272.0,
  "summary_fg_p05": 4438.01669921875,
  "summary_fg_p95": 19299.726171875,
  "summary_fg_stdv": 4634.62158203125,
  "tsnr": 34.94588088989258
}