{
  "bids_meta": {
    "AcquisitionDateTime": "2018-07-18T18:53:04.762000",
    "AcquisitionMatrixPE": 320,
    "AcquisitionNumber": 1,
    "AcquisitionTime": "18:44:44.495000",
    "BaseResolution": 320,
    "BodyPartExamined": "HEAD",
    "ConsistencyInfo": "N4_VE11B_LATEST_20150530",
    "ConversionSoftware": "dcm2niix",
    "ConversionSoftwareVersion": "v1.0.20171215 GCC5.1.0",
    "DeviceSerialNumber": "66072",
    "DwellTime": 2.2e-06,
    "EchoTime": 0.562,
    "EchoTrainLength": 305,
    "FlipAngle": 120,
    "ImageOrientationPatientDICOM": [
      -0.0744663,
      0.95919,
      0.272781,
      -0.0260689,
      0.271575,
      -0.962064
    ],
    "ImageType": [
      "ORIGINAL",
      "PRIMARY",
      "M",
      "ND",
      "NORM"
    ],
    "InPlanePhaseEncodingDirectionDICOM": "ROW",
    "InstitutionAddress": "Boulevard_Jean_Moulin_27_Marseille_District_FR_13005",
    "InstitutionName": "Universite_d_aix_Marseille",
    "InstitutionalDepartmentName": "Department",
    "MRAcquisitionType": "3D",
    "MagneticFieldStrength": 3,
    "Manufacturer": "Siemens",
    "ManufacturersModelName": "Prisma",
    "Modality": "MR",
    "ParallelReductionFactorInPlane": 2,
    "PartialFourier": 1,
    "PatientPosition": "HFS",
    "PercentPhaseFOV": 100,
    "PhaseEncodingSteps": 315,
    "PhaseResolution": 1,
    "PixelBandwidth": 710,
    "ProcedureStepDescription": "Projets_Convers",
    "ProtocolName": "T2w",
    "PulseSequenceDetails": "%SiemensSeq%_tse_vfl",
    "ReceiveCoilActiveElements": "HC1-7;NC1,2",
    "ReceiveCoilName": "HeadNeck_64",
    "ReconMatrixPE": 320,
    "RepetitionTime": 3.2,
    "SAR": 0.152442,
    "ScanOptions": "PFP",
    "ScanningSequence": "SE",
    "SequenceName": "_spc_305ns",
    "SequenceVariant": "SK_SP",
    "SeriesDescription": "T2w",
    "SeriesNumber": 17,
    "ShimSetting": [
      -618,
      -10819,
      -643,
      -119,
      56,
      -195,
      186,
      13
    ],
    "SliceThickness": 0.8,
    "SoftwareVersions": "syngo_MR_E11",
    "StationName": "AWP66072",
    "TxRefAmp": 215.347,
    "modality": "T2w",
    "subject_id": "24"
  },
  "cjv": 0.157806808463047,
  "cnr": 5.199344946196684,
  "efc": 0.44137225391068535,
  "fber": 2766.833251953125,
  "fwhm_avg": 2.6636433163152184,
  "fwhm_x": 2.591142529408758,
  "fwhm_y": 2.9947499553747483,
  "fwhm_z": 2.405037464162149,
  "icvs_csf": 0.28465349550164626,
  "icvs_gm": 0.08721537618560679,
  "icvs_wm": 0.628131128312747,
  "inu_med": 1.2883760929107666,
  "inu_range": 0.3274594247341156,
  "provenance": {
    "md5sum": "6675ab0c3507827bde10c2c912fca563",
    "settings": {
      "testing": false
    },
    "software": "mriqc",
    "version": "0.11.0",
    "warnings": {
      "large_rot_frame": true,
      "small_air_mask": false
    },
    "webapi_port": null,
    "webapi_url": "https://mriqc.nimh.nih.gov/api/v1"
  },
  "qi_1": 0.0,
  "qi_2": 0.0072982874800804325,
  "rpve_csf": 21.81421747237836,
  "rpve_gm": 104.57399232015838,
  "rpve_wm": 13.701990675293965,
  "size_x": 256,
  "size_y": 320,
  "size_z": 320,
  "snr_csf": 4.29138730604573,
  "snr_gm": 7.646081199914673,
  "snr_total": 6.269200361425614,
  "snr_wm": 6.870132578316439,
  "snrd_csf": 87.51064355851669,
  "snrd_gm": 166.50965478408244,
  "snrd_total": 100.55219310080389,
  "snrd_wm": 47.63628095981254,
  "spacing_x": 0.7999945878982544,
  "spacing_y": 0.800000011920929,
  "spacing_z": 0.800000011920929,
  "summary_bg_k": 23.709007164146456,
  "summary_bg_mad": 13.757139205932617,
  "summary_bg_mean": 13.831708908081055,
  "summary_bg_median": 9.305907249450684,
  "summary_bg_n": 4759792.0,
  "summary_bg_p05": 0.0,
  "summary_bg_p95": 38.90600299835205,
  "summary_bg_stdv": 13.544846534729004,
  "summary_csf_k": 1.0162927126522439,
  "summary_csf_mad": 237.667724609375,
  "summary_csf_mean": 1980.65771484375,
  "summary_csf_median": 1837.626708984375,
  "summary_csf_n": 42263.0,
  "summary_csf_p05": 1542.9226562499998,
  "summary_csf_p95": 2939.250244140625,
  "summary_csf_stdv": 428.2076721191406,
  "summary_gm_k": 9.736477982401365,
  "summary_gm_mad": 278.487060546875,
  "summary_gm_mean": 3396.278076171875,
  "summary_gm_median": 3496.5185546875,
  "summary_gm_n": 34837.0,
  "summary_gm_p05": 2616.39873046875,
  "summary_gm_p95": 3902.41015625,
  "summary_gm_stdv": 457.2889404296875,
  "summary_wm_k": 2.0861373570315944,
  "summary_wm_mad": 115.43177032470703,
  "summary_wm_mean": 1024.481201171875,
  "summary_wm_median": 1000.3092041015625,
  "summary_wm_n": 570743.0,
  "summary_wm_p05": 832.4609924316406,
  "summary_wm_p95": 1311.792822265625,
  "summary_wm_stdv": 145.60247802734375,
  "tpm_overlap_csf": 0.1443561315536499,
  "tpm_overlap_gm": 0.07344992458820343,
  "tpm_overlap_wm": 0.48629283905029297,
  "wm2max": 0.2641955055504
}