{
  "aor": 0.0016575584415584417,
  "aqi": 0.006478198935064936,
  "bids_meta": {
    "AcquisitionDateTime": "2018-07-16T16:50:53.897000",
    "AcquisitionMatrixPE": 84,
    "AcquisitionNumber": 1,
    "AcquisitionTime": "16:50:52.565000",
    "BandwidthPerPixelPhaseEncode": 23.81,
    "BaseResolution": 84,
    "BodyPartExamined": "HEAD",
    "ConsistencyInfo": "N4_VE11B_LATEST_20150530",
    "ConversionSoftware": "dcm2niix",
    "ConversionSoftwareVersion": "v1.0.20171215 GCC5.1.0",
    "DerivedVendorReportedEchoSpacing": 0.00049999,
    "DeviceSerialNumber": "66072",
    "DwellTime": 2.3e-06,
    "EchoTime": 0.03,
    "EchoTrainLength": 84,
    "EffectiveEchoSpacing": 0.00049999,
    "FlipAngle": 65,
    "ImageComments": "Unaliased_MB3_PE3_LB_SENSE1",
    "ImageOrientationPatientDICOM": [
      0.993378,
      -0.0828144,
      0.0796397,
      0.0800997,
      0.996111,
      0.0367039
    ],
    "ImageType": [
      "ORIGINAL",
      "PRIMARY",
      "M",
      "MB",
      "ND",
      "MOSAIC"
    ],
    "InPlanePhaseEncodingDirectionDICOM": "COL",
    "InstitutionAddress": "Boulevard_Jean_Moulin_27_Marseille_District_FR_13005",
    "InstitutionName": "Universite_d_aix_Marseille",
    "InstitutionalDepartmentName": "Department",
    "MRAcquisitionType": "2D",
    "MagneticFieldStrength": 3,
    "Manufacturer": "Siemens",
    "ManufacturersModelName": "Prisma",
    "Modality": "MR",
    "MultibandAccelerationFactor": 3,
    "PartialFourier": 1,
    "PatientPosition": "HFS",
    "PercentPhaseFOV": 100,
    "PhaseEncodingDirection": "j",
    "PhaseEncodingSteps": 84,
    "PhaseResolution": 1,
    "PixelBandwidth": 2590,
    "ProcedureStepDescription": "Projets_Convers",
    "ProtocolName": "task-convers_run4_bold",
    "PulseSequenceDetails": "%CustomerSeq%_cmrr_mbep2d_bold",
    "ReceiveCoilActiveElements": "HC1-6",
    "ReceiveCoilName": "HeadNeck_64",
    "ReconMatrixPE": 84,
    "RepetitionTime": 1.205,
    "SAR": 0.073701,
    "ScanOptions": "FS_EXT",
    "ScanningSequence": "EP",
    "SequenceName": "epfid2d1_84",
    "SequenceVariant": "SK_SS",
    "SeriesDescription": "task-convers_run4_bold",
    "SeriesNumber": 16,
    "ShimSetting": [
      -587,
      -10795,
      -596,
      533,
      53,
      37,
      29,
      2
    ],
    "SliceThickness": 2.5,
    "SliceTiming": [
      1.1375,
      1.0725,
      1.005,
      0.9375,
      0.87,
      0.8025,
      0.7375,
      0.67,
      0.6025,
      0.535,
      0.47,
      0.4025,
      0.335,
      0.2675,
      0.2,
      0.135,
      0.0675,
      0,
      1.1375,
      1.0725,
      1.005,
      0.9375,
      0.87,
      0.8025,
      0.7375,
      0.67,
      0.6025,
      0.535,
      0.47,
      0.4025,
      0.335,
      0.2675,
      0.2,
      0.135,
      0.0675,
      0,
      1.1375,
      1.0725,
      1.005,
      0.9375,
      0.87,
      0.8025,
      0.7375,
      0.67,
      0.6025,
      0.535,
      0.47,
      0.4025,
      0.335,
      0.2675,
      0.2,
      0.135,
      0.0675,
      0
    ],
    "SoftwareVersions": "syngo_MR_E11",
    "SpacingBetweenSlices": 2.5,
    "StationName": "AWP66072",
    "TaskName": "convers",
    "TotalReadoutTime": 0.04199916,
    "TxRefAmp": 220.974,
    "modality": "bold",
    "run_id": "04",
    "subject_id": "13",
    "task_id": "convers"
  },
  "dummy_trs": 0,
  "dvars_nstd": 37.717190985885416,
  "dvars_std": 1.1235215071354159,
  "dvars_vstd": 1.0226816290104161,
  "efc": 0.4761092154036751,
  "fber": 8641.2431640625,
  "fd_mean": 0.2003163999035528,
  "fd_num": 163,
  "fd_perc": 42.33766233766234,
  "fwhm_avg": 2.99168,
  "fwhm_x": 2.761896,
  "fwhm_y": 3.246456,
  "fwhm_z": 2.966688,
  "gcor": 0.0331942,
  "gsr_x": 0.012195550836622715,
  "gsr_y": 0.03948187455534935,
  "provenance": {
    "md5sum": "cfac7f84946494b763c8e1022a02f416",
    "settings": {
      "fd_thres": 0.2,
      "hmc_fsl": false
    },
    "software": "mriqc",
    "version": "0.11.0",
    "webapi_port": null,
    "webapi_url": null
  },
  "size_t": 385,
  "size_x": 84,
  "size_y": 84,
  "size_z": 54,
  "snr": 2.2017404513818786,
  "spacing_tr": 1.2050000429153442,
  "spacing_x": 2.5,
  "spacing_y": 2.5,
  "spacing_z": 2.5,
  "summary_bg_k": 37.024801175583185,
  "summary_bg_mad": 97.64500427246094,
  "summary_bg_mean": 590.9021606445312,
  "summary_bg_median": 106.06819152832031,
  "summary_bg_n": 239156.0,
  "summary_bg_p05": 35.02160930633545,
  "summary_bg_p95": 2907.6043701171875,
  "summary_bg_stdv": 1433.4302978515625,
  "summary_fg_k": 0.63054706767891,
  "summary_fg_mad": 4546.2470703125,
  "summary_fg_mean": 11114.5078125,
  "summary_fg_median": 10368.26953125,
  "summary_fg_n": 82246.0,
  "summary_fg_p05": 4872.962646484375,
  "summary_fg_p95": 19919.17041015625,
  "summary_fg_stdv": 4709.095703125,
  "tsnr": 37.12310028076172
}