{
  "bids_meta": {
    "AcquisitionDateTime": "2018-07-18T17:24:42.639000",
    "AcquisitionMatrixPE": 320,
    "AcquisitionNumber": 1,
    "AcquisitionTime": "17:17:25.110000",
    "BaseResolution": 320,
    "BodyPartExamined": "HEAD",
    "ConsistencyInfo": "N4_VE11B_LATEST_20150530",
    "ConversionSoftware": "dcm2niix",
    "ConversionSoftwareVersion": "v1.0.20171215 GCC5.1.0",
    "DeviceSerialNumber": "66072",
    "DwellTime": 7.4e-06,
    "EchoTime": 0.00228,
    "FlipAngle": 8,
    "ImageOrientationPatientDICOM": [
      -0.0120918,
      0.960072,
      0.279493,
      -0.00107361,
      0.279501,
      -0.960145
    ],
    "ImageType": [
      "ORIGINAL",
      "PRIMARY",
      "M",
      "ND",
      "NORM"
    ],
    "InPlanePhaseEncodingDirectionDICOM": "ROW",
    "InstitutionAddress": "Boulevard_Jean_Moulin_27_Marseille_District_FR_13005",
    "InstitutionName": "Universite_d_aix_Marseille",
    "InstitutionalDepartmentName": "Department",
    "InversionTime": 1.01,
    "MRAcquisitionType": "3D",
    "MagneticFieldStrength": 3,
    "Manufacturer": "Siemens",
    "ManufacturersModelName": "Prisma",
    "Modality": "MR",
    "ParallelReductionFactorInPlane": 2,
    "PartialFourier": 1,
    "PatientPosition": "HFS",
    "PercentPhaseFOV": 100,
    "PhaseEncodingSteps": 319,
    "PhaseResolution": 1,
    "PixelBandwidth": 210,
    "ProcedureStepDescription": "Projets_Convers",
    "ProtocolName": "T1w",
    "PulseSequenceDetails": "%SiemensSeq%_tfl",
    "ReceiveCoilActiveElements": "HC1-7;NC1,2",
    "ReceiveCoilName": "HeadNeck_64",
    "ReconMatrixPE": 320,
    "RepetitionTime": 2.4,
    "SAR": 0.0435584,
    "ScanOptions": "IR_WE",
    "ScanningSequence": "GR_IR",
    "SequenceName": "_tfl3d1_16ns",
    "SequenceVariant": "SK_SP_MP",
    "SeriesDescription": "T1w",
    "SeriesNumber": 18,
    "ShimSetting": [
      -607,
      -10794,
      -689,
      -84,
      87,
      -214,
      22,
      31
    ],
    "SliceThickness": 0.8,
    "SoftwareVersions": "syngo_MR_E11",
    "StationName": "AWP66072",
    "TxRefAmp": 215.628,
    "modality": "T1w",
    "subject_id": "23"
  },
  "cjv": 0.47240574705340804,
  "cnr": 2.7321854993959382,
  "efc": 0.49936889181327887,
  "fber": 4052.91845703125,
  "fwhm_avg": 4.457531279106185,
  "fwhm_x": 4.44664397032557,
  "fwhm_y": 4.412062434255147,
  "fwhm_z": 4.513887432737836,
  "icvs_csf": 0.1888382240319917,
  "icvs_gm": 0.4312125828433725,
  "icvs_wm": 0.37994919312463576,
  "inu_med": 0.9874638915061951,
  "inu_range": 0.4886193871498108,
  "provenance": {
    "md5sum": "a42a5277930b2e87f55e5fcdb47b33ad",
    "settings": {
      "testing": false
    },
    "software": "mriqc",
    "version": "0.11.0",
    "warnings": {
      "large_rot_frame": false,
      "small_air_mask": false
    },
    "webapi_port": null,
    "webapi_url": "https://mriqc.nimh.nih.gov/api/v1"
  },
  "qi_1": 0.0,
  "qi_2": 0.009366957380613366,
  "rpve_csf": 33.120525918335694,
  "rpve_gm": 15.72719288975698,
  "rpve_wm": 20.85753348777118,
  "size_x": 256,
  "size_y": 320,
  "size_z": 320,
  "snr_csf": 3.1452122002566534,
  "snr_gm": 10.78169029411652,
  "snr_total": 10.813000117830603,
  "snr_wm": 18.512097859118633,
  "snrd_csf": 48.85228532717254,
  "snrd_gm": 98.19634786543742,
  "snrd_total": 92.3676746583423,
  "snrd_wm": 130.05439078241693,
  "spacing_x": 0.8000010848045349,
  "spacing_y": 0.800000011920929,
  "spacing_z": 0.800000011920929,
  "summary_bg_k": 3950.5126125726897,
  "summary_bg_mad": 5.0375542640686035,
  "summary_bg_mean": 8.491231918334961,
  "summary_bg_median": 6.6696038246154785,
  "summary_bg_n": 4456159.0,
  "summary_bg_p05": 0.0,
  "summary_bg_p95": 20.595875549316382,
  "summary_bg_stdv": 14.70544719696045,
  "summary_csf_k": -0.13677723049337587,
  "summary_csf_mad": 117.57337188720703,
  "summary_csf_mean": 396.7127990722656,
  "summary_csf_median": 375.64093017578125,
  "summary_csf_n": 40931.0,
  "summary_csf_p05": 233.91959381103516,
  "summary_csf_p95": 615.5242919921875,
  "summary_csf_stdv": 119.43115997314453,
  "summary_gm_k": 0.4128946268458735,
  "summary_gm_mad": 67.04657745361328,
  "summary_gm_mean": 756.1795043945312,
  "summary_gm_median": 755.0632934570312,
  "summary_gm_n": 66707.0,
  "summary_gm_p05": 645.6794555664062,
  "summary_gm_p95": 876.3099853515625,
  "summary_gm_stdv": 70.0314712524414,
  "summary_wm_k": 0.7665231559091423,
  "summary_wm_mad": 48.67711639404297,
  "summary_wm_mean": 1000.4755249023438,
  "summary_wm_median": 1000.030029296875,
  "summary_wm_n": 443472.0,
  "summary_wm_p05": 911.7171417236328,
  "summary_wm_p95": 1089.7940307617187,
  "summary_wm_stdv": 54.02029037475586,
  "tpm_overlap_csf": 0.21579214930534363,
  "tpm_overlap_gm": 0.5138283967971802,
  "tpm_overlap_wm": 0.5475863814353943,
  "wm2max": 0.5908305865588971
}