{
  "bids_meta": {
    "AcquisitionDateTime": "2018-07-17T15:34:06.153000",
    "AcquisitionMatrixPE": 320,
    "AcquisitionNumber": 1,
    "AcquisitionTime": "15:26:3.517500",
    "BaseResolution": 320,
    "BodyPartExamined": "HEAD",
    "ConsistencyInfo": "N4_VE11B_LATEST_20150530",
    "ConversionSoftware": "dcm2niix",
    "ConversionSoftwareVersion": "v1.0.20171215 GCC5.1.0",
    "DeviceSerialNumber": "66072",
    "DwellTime": 2.2e-06,
    "EchoTime": 0.562,
    "EchoTrainLength": 305,
    "FlipAngle": 120,
    "ImageOrientationPatientDICOM": [
      0.0647133,
      0.980991,
      0.182942,
      0.0722363,
      0.17824,
      -0.981332
    ],
    "ImageType": [
      "ORIGINAL",
      "PRIMARY",
      "M",
      "ND",
      "NORM"
    ],
    "InPlanePhaseEncodingDirectionDICOM": "ROW",
    "InstitutionAddress": "Boulevard_Jean_Moulin_27_Marseille_District_FR_13005",
    "InstitutionName": "Universite_d_aix_Marseille",
    "InstitutionalDepartmentName": "Department",
    "MRAcquisitionType": "3D",
    "MagneticFieldStrength": 3,
    "Manufacturer": "Siemens",
    "ManufacturersModelName": "Prisma",
    "Modality": "MR",
    "ParallelReductionFactorInPlane": 2,
    "PartialFourier": 1,
    "PatientPosition": "HFS",
    "PercentPhaseFOV": 100,
    "PhaseEncodingSteps": 315,
    "PhaseResolution": 1,
    "PixelBandwidth": 710,
    "ProcedureStepDescription": "Projets_Convers",
    "ProtocolName": "T2w",
    "PulseSequenceDetails": "%SiemensSeq%_tse_vfl",
    "ReceiveCoilActiveElements": "HC1-7;NC1,2",
    "ReceiveCoilName": "HeadNeck_64",
    "ReconMatrixPE": 320,
    "RepetitionTime": 3.2,
    "SAR": 0.166468,
    "ScanOptions": "PFP",
    "ScanningSequence": "SE",
    "SequenceName": "_spc_305ns",
    "SequenceVariant": "SK_SP",
    "SeriesDescription": "T2w",
    "SeriesNumber": 17,
    "ShimSetting": [
      -580,
      -10726,
      -650,
      -60,
      175,
      41,
      -61,
      -88
    ],
    "SliceThickness": 0.8,
    "SoftwareVersions": "syngo_MR_E11",
    "StationName": "AWP66072",
    "TxRefAmp": 234.209,
    "modality": "T2w",
    "subject_id": "18"
  },
  "cjv": 0.32830867091291,
  "cnr": 2.8854867281355685,
  "efc": 0.512667177760775,
  "fber": 3607.255615234375,
  "fwhm_avg": 2.6582474429028524,
  "fwhm_x": 2.554029909483467,
  "fwhm_y": 2.9290999563530096,
  "fwhm_z": 2.491612462872081,
  "icvs_csf": 0.44063264439910776,
  "icvs_gm": 0.09541027765135034,
  "icvs_wm": 0.4639570779495419,
  "inu_med": 1.2665622234344482,
  "inu_range": 0.47059948444366473,
  "provenance": {
    "md5sum": "28302975c9274108647340931f25e304",
    "settings": {
      "testing": false
    },
    "software": "mriqc",
    "version": "0.11.0",
    "warnings": {
      "large_rot_frame": true,
      "small_air_mask": false
    },
    "webapi_port": null,
    "webapi_url": "https://mriqc.nimh.nih.gov/api/v1"
  },
  "qi_1": 0.0,
  "qi_2": 0.05056494892089982,
  "rpve_csf": 14.888082019666529,
  "rpve_gm": 66.58838055329971,
  "rpve_wm": 15.15337225745929,
  "size_x": 256,
  "size_y": 320,
  "size_z": 320,
  "snr_csf": 9.937535614731447,
  "snr_gm": 4.143697324181404,
  "snr_total": 8.397687796312047,
  "snr_wm": 11.111830450023291,
  "snrd_csf": 94.5562713696923,
  "snrd_gm": 189.60946107974317,
  "snrd_total": 113.63413194385278,
  "snrd_wm": 56.73666338212288,
  "spacing_x": 0.7999984622001648,
  "spacing_y": 0.800000011920929,
  "spacing_z": 0.800000011920929,
  "summary_bg_k": 35.89864191538652,
  "summary_bg_mad": 11.546930313110352,
  "summary_bg_mean": 13.839737892150879,
  "summary_bg_median": 8.727544784545898,
  "summary_bg_n": 4351679.0,
  "summary_bg_p05": 0.0,
  "summary_bg_p95": 40.30976753234861,
  "summary_bg_stdv": 14.189298629760742,
  "summary_csf_k": 0.8781968983392745,
  "summary_csf_mad": 156.90463256835938,
  "summary_csf_mean": 1675.9541015625,
  "summary_csf_median": 1666.576171875,
  "summary_csf_n": 159298.0,
  "summary_csf_p05": 1420.3347229003907,
  "summary_csf_p95": 1966.1483459472656,
  "summary_csf_stdv": 167.70465087890625,
  "summary_gm_k": 1.383934753369525,
  "summary_gm_mad": 687.9705200195312,
  "summary_gm_mean": 3177.679931640625,
  "summary_gm_median": 3341.91064453125,
  "summary_gm_n": 25495.0,
  "summary_gm_p05": 1551.3616943359377,
  "summary_gm_p95": 4180.4224609375,
  "summary_gm_stdv": 806.4887084960938,
  "summary_wm_k": 1.3982574807577812,
  "summary_wm_mad": 80.90009307861328,
  "summary_wm_mean": 1000.6661376953125,
  "summary_wm_median": 999.996826171875,
  "summary_wm_n": 495541.0,
  "summary_wm_p05": 855.4894409179688,
  "summary_wm_p95": 1146.9815673828125,
  "summary_wm_stdv": 89.9937973022461,
  "tpm_overlap_csf": 0.12217192351818085,
  "tpm_overlap_gm": 0.08432383835315704,
  "tpm_overlap_wm": 0.5402981042861938,
  "wm2max": 0.2642185849805039
}