{
  "aor": 0.0011347135416666667,
  "aqi": 0.004734461041666666,
  "bids_meta": {
    "AcquisitionDateTime": "2018-05-29T13:44:02.828000",
    "AcquisitionMatrixPE": 84,
    "AcquisitionNumber": 1,
    "AcquisitionTime": "13:44:1.210000",
    "BandwidthPerPixelPhaseEncode": 23.81,
    "BaseResolution": 84,
    "BodyPartExamined": "HEAD",
    "ConsistencyInfo": "N4_VE11B_LATEST_20150530",
    "ConversionSoftware": "dcm2niix",
    "ConversionSoftwareVersion": "v1.0.20171215 GCC5.1.0",
    "DerivedVendorReportedEchoSpacing": 0.00049999,
    "DeviceSerialNumber": "66072",
    "DwellTime": 2.3e-06,
    "EchoTime": 0.03,
    "EchoTrainLength": 84,
    "EffectiveEchoSpacing": 0.00049999,
    "FlipAngle": 65,
    "ImageComments": "Unaliased_MB3_PE3_LB_SENSE1",
    "ImageOrientationPatientDICOM": [
      0.993686,
      0.0962035,
      -0.0577312,
      -0.103564,
      0.984414,
      -0.142141
    ],
    "ImageType": [
      "ORIGINAL",
      "PRIMARY",
      "M",
      "MB",
      "ND",
      "MOSAIC"
    ],
    "InPlanePhaseEncodingDirectionDICOM": "COL",
    "InstitutionAddress": "Boulevard_Jean_Moulin_27_Marseille_District_FR_13005",
    "InstitutionName": "Universite_d_aix_Marseille",
    "InstitutionalDepartmentName": "Department",
    "MRAcquisitionType": "2D",
    "MagneticFieldStrength": 3,
    "Manufacturer": "Siemens",
    "ManufacturersModelName": "Prisma",
    "Modality": "MR",
    "MultibandAccelerationFactor": 3,
    "PartialFourier": 1,
    "PatientPosition": "HFS",
    "PercentPhaseFOV": 100,
    "PhaseEncodingDirection": "j",
    "PhaseEncodingSteps": 84,
    "PhaseResolution": 1,
    "PixelBandwidth": 2590,
    "ProcedureStepDescription": "Projets_Convers",
    "ProtocolName": "task-convers_run3_bold",
    "PulseSequenceDetails": "%CustomerSeq%_cmrr_mbep2d_bold",
    "ReceiveCoilActiveElements": "HC1-6",
    "ReceiveCoilName": "HeadNeck_64",
    "ReconMatrixPE": 84,
    "RepetitionTime": 1.205,
    "SAR": 0.0527927,
    "ScanOptions": "FS_EXT",
    "ScanningSequence": "EP",
    "SequenceName": "epfid2d1_84",
    "SequenceVariant": "SK_SS",
    "SeriesDescription": "task-convers_run3_bold",
    "SeriesNumber": 14,
    "ShimSetting": [
      -611,
      -10708,
      -605,
      491,
      27,
      -63,
      -105,
      25
    ],
    "SliceThickness": 2.5,
    "SliceTiming": [
      1.1375,
      1.07,
      1.0025,
      0.935,
      0.87,
      0.8025,
      0.735,
      0.6675,
      0.6025,
      0.535,
      0.4675,
      0.4,
      0.3325,
      0.2675,
      0.2,
      0.1325,
      0.065,
      0,
      1.1375,
      1.07,
      1.0025,
      0.935,
      0.87,
      0.8025,
      0.735,
      0.6675,
      0.6025,
      0.535,
      0.4675,
      0.4,
      0.3325,
      0.2675,
      0.2,
      0.1325,
      0.065,
      0,
      1.1375,
      1.07,
      1.0025,
      0.935,
      0.87,
      0.8025,
      0.735,
      0.6675,
      0.6025,
      0.535,
      0.4675,
      0.4,
      0.3325,
      0.2675,
      0.2,
      0.1325,
      0.065,
      0
    ],
    "SoftwareVersions": "syngo_MR_E11",
    "SpacingBetweenSlices": 2.5,
    "StationName": "AWP66072",
    "TaskName": "convers",
    "TotalReadoutTime": 0.04199916,
    "TxRefAmp": 217.908,
    "modality": "bold",
    "run_id": "03",
    "subject_id": "03",
    "task_id": "convers"
  },
  "dummy_trs": 1,
  "dvars_nstd": 41.02799502731073,
  "dvars_std": 1.1828859619582246,
  "dvars_vstd": 1.0079265236553532,
  "efc": 0.47246572005143994,
  "fber": 13234.49609375,
  "fd_mean": 0.1825716731705961,
  "fd_num": 129,
  "fd_perc": 33.59375,
  "fwhm_avg": 2.8528413333333336,
  "fwhm_x": 2.674612,
  "fwhm_y": 3.170808,
  "fwhm_z": 2.713104,
  "gcor": 0.021185,
  "gsr_x": -0.0030391898471862078,
  "gsr_y": 0.047069452702999115,
  "provenance": {
    "md5sum": "76c88abcf471805bacff7b06d9a199b7",
    "settings": {
      "fd_thres": 0.2,
      "hmc_fsl": false
    },
    "software": "mriqc",
    "version": "0.10.4"
  },
  "size_t": 384,
  "size_x": 84,
  "size_y": 84,
  "size_z": 54,
  "snr": 2.0965399605485238,
  "spacing_tr": 1.2050000429153442,
  "spacing_x": 2.5,
  "spacing_y": 2.5,
  "spacing_z": 2.5,
  "summary_bg_k": 36.354969882278866,
  "summary_bg_mad": 71.04322052001953,
  "summary_bg_mean": 534.3818969726562,
  "summary_bg_median": 88.55752563476562,
  "summary_bg_n": 237103.0,
  "summary_bg_p05": 36.750282287597656,
  "summary_bg_p95": 2568.138427734374,
  "summary_bg_stdv": 1332.38916015625,
  "summary_fg_k": 0.780814817811117,
  "summary_fg_mad": 5062.22509765625,
  "summary_fg_mean": 11938.91796875,
  "summary_fg_median": 11021.478515625,
  "summary_fg_n": 83221.0,
  "summary_fg_p05": 5130.0439453125,
  "summary_fg_p95": 21815.439453125,
  "summary_fg_stdv": 5256.953125,
  "tsnr": 41.36656188964844
}