{
  "aor": 0.0029403636363636364,
  "aqi": 0.006763137896103897,
  "bids_meta": {
    "AcquisitionDateTime": "2018-07-17T12:02:11.082000",
    "AcquisitionMatrixPE": 84,
    "AcquisitionNumber": 1,
    "AcquisitionTime": "12:02:9.022500",
    "BandwidthPerPixelPhaseEncode": 23.81,
    "BaseResolution": 84,
    "BodyPartExamined": "HEAD",
    "ConsistencyInfo": "N4_VE11B_LATEST_20150530",
    "ConversionSoftware": "dcm2niix",
    "ConversionSoftwareVersion": "v1.0.20171215 GCC5.1.0",
    "DerivedVendorReportedEchoSpacing": 0.00049999,
    "DeviceSerialNumber": "66072",
    "DwellTime": 2.3e-06,
    "EchoTime": 0.03,
    "EchoTrainLength": 84,
    "EffectiveEchoSpacing": 0.00049999,
    "FlipAngle": 65,
    "ImageComments": "Unaliased_MB3_PE3_LB_SENSE1",
    "ImageOrientationPatientDICOM": [
      0.997554,
      0.0407917,
      0.0567559,
      -0.045822,
      0.994855,
      0.0903538
    ],
    "ImageType": [
      "ORIGINAL",
      "PRIMARY",
      "M",
      "MB",
      "ND",
      "MOSAIC"
    ],
    "InPlanePhaseEncodingDirectionDICOM": "COL",
    "InstitutionAddress": "Boulevard_Jean_Moulin_27_Marseille_District_FR_13005",
    "InstitutionName": "Universite_d_aix_Marseille",
    "InstitutionalDepartmentName": "Department",
    "MRAcquisitionType": "2D",
    "MagneticFieldStrength": 3,
    "Manufacturer": "Siemens",
    "ManufacturersModelName": "Prisma",
    "Modality": "MR",
    "MultibandAccelerationFactor": 3,
    "PartialFourier": 1,
    "PatientPosition": "HFS",
    "PercentPhaseFOV": 100,
    "PhaseEncodingDirection": "j",
    "PhaseEncodingSteps": 84,
    "PhaseResolution": 1,
    "PixelBandwidth": 2590,
    "ProcedureStepDescription": "Projets_Convers",
    "ProtocolName": "task-convers_run2_bold",
    "PulseSequenceDetails": "%CustomerSeq%_cmrr_mbep2d_bold",
    "ReceiveCoilActiveElements": "HC1-6",
    "ReceiveCoilName": "HeadNeck_64",
    "ReconMatrixPE": 84,
    "RepetitionTime": 1.205,
    "SAR": 0.067716,
    "ScanOptions": "FS_EXT",
    "ScanningSequence": "EP",
    "SequenceName": "epfid2d1_84",
    "SequenceVariant": "SK_SS",
    "SeriesDescription": "task-convers_run2_bold",
    "SeriesNumber": 20,
    "ShimSetting": [
      -585,
      -10810,
      -493,
      341,
      37,
      -70,
      40,
      18
    ],
    "SliceThickness": 2.5,
    "SliceTiming": [
      1.1375,
      1.07,
      1.005,
      0.9375,
      0.87,
      0.8025,
      0.7375,
      0.67,
      0.6025,
      0.535,
      0.4675,
      0.4025,
      0.335,
      0.2675,
      0.2,
      0.135,
      0.0675,
      0,
      1.1375,
      1.07,
      1.005,
      0.9375,
      0.87,
      0.8025,
      0.7375,
      0.67,
      0.6025,
      0.535,
      0.4675,
      0.4025,
      0.335,
      0.2675,
      0.2,
      0.135,
      0.0675,
      0,
      1.1375,
      1.07,
      1.005,
      0.9375,
      0.87,
      0.8025,
      0.7375,
      0.67,
      0.6025,
      0.535,
      0.4675,
      0.4025,
      0.335,
      0.2675,
      0.2,
      0.135,
      0.0675,
      0
    ],
    "SoftwareVersions": "syngo_MR_E11",
    "SpacingBetweenSlices": 2.5,
    "StationName": "AWP66072",
    "TaskName": "convers",
    "TotalReadoutTime": 0.04199916,
    "TxRefAmp": 230.068,
    "modality": "bold",
    "run_id": "02",
    "subject_id": "16",
    "task_id": "convers"
  },
  "dummy_trs": 0,
  "dvars_nstd": 48.1360806625781,
  "dvars_std": 1.1923395906770837,
  "dvars_vstd": 1.0086562324218755,
  "efc": 0.4644656962600864,
  "fber": 12289.7001953125,
  "fd_mean": 0.2740185145047725,
  "fd_num": 201,
  "fd_perc": 52.20779220779221,
  "fwhm_avg": 2.8740773333333336,
  "fwhm_x": 2.6941960000000003,
  "fwhm_y": 3.2356000000000003,
  "fwhm_z": 2.692436,
  "gcor": 0.0258148,
  "gsr_x": -0.01630132645368576,
  "gsr_y": 0.04923109710216522,
  "provenance": {
    "md5sum": "c1b8e8245927c997e0e516e0bb901e1b",
    "settings": {
      "fd_thres": 0.2,
      "hmc_fsl": false
    },
    "software": "mriqc",
    "version": "0.11.0",
    "webapi_port": null,
    "webapi_url": null
  },
  "size_t": 385,
  "size_x": 84,
  "size_y": 84,
  "size_z": 54,
  "snr": 1.945919258189923,
  "spacing_tr": 1.2050000429153442,
  "spacing_x": 2.5,
  "spacing_y": 2.5,
  "spacing_z": 2.5,
  "summary_bg_k": 26.97629054422196,
  "summary_bg_mad": 69.8192367553711,
  "summary_bg_mean": 504.20947265625,
  "summary_bg_median": 89.71138000488281,
  "summary_bg_n": 237375.0,
  "summary_bg_p05": 38.32299537658692,
  "summary_bg_p95": 2518.818139648435,
  "summary_bg_stdv": 1154.4920654296875,
  "summary_fg_k": 1.1159826109943536,
  "summary_fg_mad": 5058.65625,
  "summary_fg_mean": 11958.408203125,
  "summary_fg_median": 10862.40625,
  "summary_fg_n": 82964.0,
  "summary_fg_p05": 4916.565942382813,
  "summary_fg_p95": 22934.360449218748,
  "summary_fg_stdv": 5582.11279296875,
  "tsnr": 33.7564811706543
}