{
  "aor": 0.001199142857142857,
  "aqi": 0.00649006361038961,
  "bids_meta": {
    "AcquisitionDateTime": "2018-05-29T10:00:16.367000",
    "AcquisitionMatrixPE": 84,
    "AcquisitionNumber": 1,
    "AcquisitionTime": "10:00:12.310000",
    "BandwidthPerPixelPhaseEncode": 23.81,
    "BaseResolution": 84,
    "BodyPartExamined": "HEAD",
    "ConsistencyInfo": "N4_VE11B_LATEST_20150530",
    "ConversionSoftware": "dcm2niix",
    "ConversionSoftwareVersion": "v1.0.20171215 GCC5.1.0",
    "DerivedVendorReportedEchoSpacing": 0.00049999,
    "DeviceSerialNumber": "66072",
    "DwellTime": 2.3e-06,
    "EchoTime": 0.03,
    "EchoTrainLength": 84,
    "EffectiveEchoSpacing": 0.00049999,
    "FlipAngle": 65,
    "ImageComments": "Unaliased_MB3_PE3_LB_SENSE1",
    "ImageOrientationPatientDICOM": [
      0.994154,
      0.0917362,
      -0.0569329,
      -0.0822584,
      0.985115,
      0.150935
    ],
    "ImageType": [
      "ORIGINAL",
      "PRIMARY",
      "M",
      "MB",
      "ND",
      "MOSAIC"
    ],
    "InPlanePhaseEncodingDirectionDICOM": "COL",
    "InstitutionAddress": "Boulevard_Jean_Moulin_27_Marseille_District_FR_13005",
    "InstitutionName": "Universite_d_aix_Marseille",
    "InstitutionalDepartmentName": "Department",
    "MRAcquisitionType": "2D",
    "MagneticFieldStrength": 3,
    "Manufacturer": "Siemens",
    "ManufacturersModelName": "Prisma",
    "Modality": "MR",
    "MultibandAccelerationFactor": 3,
    "PartialFourier": 1,
    "PatientPosition": "HFS",
    "PercentPhaseFOV": 100,
    "PhaseEncodingDirection": "j",
    "PhaseEncodingSteps": 84,
    "PhaseResolution": 1,
    "PixelBandwidth": 2590,
    "ProcedureStepDescription": "Projets_Convers",
    "ProtocolName": "task-convers_run1_bold",
    "PulseSequenceDetails": "%CustomerSeq%_cmrr_mbep2d_bold",
    "ReceiveCoilActiveElements": "HC1-7",
    "ReceiveCoilName": "HeadNeck_64",
    "ReconMatrixPE": 84,
    "RepetitionTime": 1.205,
    "SAR": 0.0581186,
    "ScanOptions": "FS_EXT",
    "ScanningSequence": "EP",
    "SequenceName": "epfid2d1_84",
    "SequenceVariant": "SK_SS",
    "SeriesDescription": "task-convers_run1_bold",
    "SeriesNumber": 10,
    "ShimSetting": [
      -631,
      -10757,
      -562,
      391,
      67,
      5,
      142,
      22
    ],
    "SliceThickness": 2.5,
    "SliceTiming": [
      1.1375,
      1.07,
      1.0025,
      0.935,
      0.87,
      0.8025,
      0.735,
      0.6675,
      0.6025,
      0.535,
      0.4675,
      0.4,
      0.3325,
      0.2675,
      0.2,
      0.1325,
      0.065,
      0,
      1.1375,
      1.07,
      1.0025,
      0.935,
      0.87,
      0.8025,
      0.735,
      0.6675,
      0.6025,
      0.535,
      0.4675,
      0.4,
      0.3325,
      0.2675,
      0.2,
      0.1325,
      0.065,
      0,
      1.1375,
      1.07,
      1.0025,
      0.935,
      0.87,
      0.8025,
      0.735,
      0.6675,
      0.6025,
      0.535,
      0.4675,
      0.4,
      0.3325,
      0.2675,
      0.2,
      0.1325,
      0.065,
      0
    ],
    "SoftwareVersions": "syngo_MR_E11",
    "SpacingBetweenSlices": 2.5,
    "StationName": "AWP66072",
    "TaskName": "convers",
    "TotalReadoutTime": 0.04199916,
    "TxRefAmp": 235.042,
    "modality": "bold",
    "run_id": "01",
    "subject_id": "01",
    "task_id": "convers"
  },
  "dummy_trs": 0,
  "dvars_nstd": 43.358766575859384,
  "dvars_std": 1.3149680378906248,
  "dvars_vstd": 1.0360211206770837,
  "efc": 0.5147086907847586,
  "fber": 7015.71142578125,
  "fd_mean": 0.12948809509782244,
  "fd_num": 53,
  "fd_perc": 13.766233766233766,
  "fwhm_avg": 2.887765333333333,
  "fwhm_x": 2.680916,
  "fwhm_y": 3.140608,
  "fwhm_z": 2.8417719999999997,
  "gcor": 0.0251608,
  "gsr_x": -0.010472689755260944,
  "gsr_y": 0.0645669624209404,
  "provenance": {
    "md5sum": "9fa6202d16aa0aa0613ee4d5420551ee",
    "settings": {
      "fd_thres": 0.2,
      "hmc_fsl": false
    },
    "software": "mriqc",
    "version": "0.10.4"
  },
  "size_t": 385,
  "size_x": 84,
  "size_y": 84,
  "size_z": 54,
  "snr": 1.998395463028147,
  "spacing_tr": 1.2050000429153442,
  "spacing_x": 2.5,
  "spacing_y": 2.5,
  "spacing_z": 2.5,
  "summary_bg_k": 22.419778354435064,
  "summary_bg_mad": 124.93396759033203,
  "summary_bg_mean": 716.5264282226562,
  "summary_bg_median": 120.97428894042969,
  "summary_bg_n": 221061.0,
  "summary_bg_p05": 27.033987045288086,
  "summary_bg_p95": 3936.835205078125,
  "summary_bg_stdv": 1658.33642578125,
  "summary_fg_k": 0.9881431267912011,
  "summary_fg_mad": 5136.8984375,
  "summary_fg_mean": 11969.609375,
  "summary_fg_median": 10965.0322265625,
  "summary_fg_n": 98128.0,
  "summary_fg_p05": 4865.457470703125,
  "summary_fg_p95": 22439.258105468747,
  "summary_fg_stdv": 5486.89013671875,
  "tsnr": 40.18463134765625
}