{
  "bids_meta": {
    "AcquisitionDateTime": "2018-07-16T15:34:53.605000",
    "AcquisitionMatrixPE": 320,
    "AcquisitionNumber": 1,
    "AcquisitionTime": "15:27:47.732500",
    "BaseResolution": 320,
    "BodyPartExamined": "HEAD",
    "ConsistencyInfo": "N4_VE11B_LATEST_20150530",
    "ConversionSoftware": "dcm2niix",
    "ConversionSoftwareVersion": "v1.0.20171215 GCC5.1.0",
    "DeviceSerialNumber": "66072",
    "DwellTime": 7.4e-06,
    "EchoTime": 0.00228,
    "FlipAngle": 8,
    "ImageOrientationPatientDICOM": [
      0.0380195,
      0.996629,
      0.0726998,
      0.0239131,
      0.0718242,
      -0.997131
    ],
    "ImageType": [
      "ORIGINAL",
      "PRIMARY",
      "M",
      "ND",
      "NORM"
    ],
    "InPlanePhaseEncodingDirectionDICOM": "ROW",
    "InstitutionAddress": "Boulevard_Jean_Moulin_27_Marseille_District_FR_13005",
    "InstitutionName": "Universite_d_aix_Marseille",
    "InstitutionalDepartmentName": "Department",
    "InversionTime": 1.01,
    "MRAcquisitionType": "3D",
    "MagneticFieldStrength": 3,
    "Manufacturer": "Siemens",
    "ManufacturersModelName": "Prisma",
    "Modality": "MR",
    "ParallelReductionFactorInPlane": 2,
    "PartialFourier": 1,
    "PatientPosition": "HFS",
    "PercentPhaseFOV": 100,
    "PhaseEncodingSteps": 319,
    "PhaseResolution": 1,
    "PixelBandwidth": 210,
    "ProcedureStepDescription": "Projets_Convers",
    "ProtocolName": "T1w",
    "PulseSequenceDetails": "%SiemensSeq%_tfl",
    "ReceiveCoilActiveElements": "HC1-7;NC1,2",
    "ReceiveCoilName": "HeadNeck_64",
    "ReconMatrixPE": 320,
    "RepetitionTime": 2.4,
    "SAR": 0.0418126,
    "ScanOptions": "IR_WE",
    "ScanningSequence": "GR_IR",
    "SequenceName": "_tfl3d1_16ns",
    "SequenceVariant": "SK_SP_MP",
    "SeriesDescription": "T1w",
    "SeriesNumber": 14,
    "ShimSetting": [
      -617,
      -10760,
      -704,
      -185,
      170,
      -135,
      -21,
      -7
    ],
    "SliceThickness": 0.8,
    "SoftwareVersions": "syngo_MR_E11",
    "StationName": "AWP66072",
    "TxRefAmp": 232.483,
    "modality": "T1w",
    "subject_id": "12"
  },
  "cjv": 0.6430546969664586,
  "cnr": 1.9838118608285187,
  "efc": 0.511596865442167,
  "fber": 3966.58056640625,
  "fwhm_avg": 4.184222630472516,
  "fwhm_x": 4.231105515418492,
  "fwhm_y": 4.144524938241766,
  "fwhm_z": 4.177037437757292,
  "icvs_csf": 0.19432007547100835,
  "icvs_gm": 0.39770300489123256,
  "icvs_wm": 0.4079769196377591,
  "inu_med": 1.1251842975616455,
  "inu_range": 0.4905793845653531,
  "provenance": {
    "md5sum": "9dd219708330c34531145f1eada95794",
    "settings": {
      "testing": false
    },
    "software": "mriqc",
    "version": "0.11.0",
    "warnings": {
      "large_rot_frame": false,
      "small_air_mask": false
    },
    "webapi_port": null,
    "webapi_url": "https://mriqc.nimh.nih.gov/api/v1"
  },
  "qi_1": 0.0,
  "qi_2": 0.0295506817770178,
  "rpve_csf": 32.97249828248693,
  "rpve_gm": 16.848792598488277,
  "rpve_wm": 19.83502607803547,
  "size_x": 256,
  "size_y": 320,
  "size_z": 320,
  "snr_csf": 2.9119563475530916,
  "snr_gm": 10.533039177055603,
  "snr_total": 10.872701370919472,
  "snr_wm": 19.173108588149724,
  "snrd_csf": 37.99801380717528,
  "snrd_gm": 82.01079232327152,
  "snrd_total": 73.57036529782958,
  "snrd_wm": 100.70228976304193,
  "spacing_x": 0.7999942302703857,
  "spacing_y": 0.800000011920929,
  "spacing_z": 0.800000011920929,
  "summary_bg_k": 19.488859125634054,
  "summary_bg_mad": 6.505904197692871,
  "summary_bg_mean": 10.311210632324219,
  "summary_bg_median": 8.868087768554688,
  "summary_bg_n": 4753944.0,
  "summary_bg_p05": 1.9725690603256225,
  "summary_bg_p95": 24.591121292114238,
  "summary_bg_stdv": 7.47592830657959,
  "summary_csf_k": 0.27559952024214907,
  "summary_csf_mad": 125.73234558105469,
  "summary_csf_mean": 403.4826965332031,
  "summary_csf_median": 377.3434753417969,
  "summary_csf_n": 43410.0,
  "summary_csf_p05": 233.93102493286133,
  "summary_csf_p95": 641.0891815185545,
  "summary_csf_stdv": 129.5826873779297,
  "summary_gm_k": 0.724216195496219,
  "summary_gm_mad": 72.36128997802734,
  "summary_gm_mean": 814.4432373046875,
  "summary_gm_median": 814.417236328125,
  "summary_gm_n": 46497.0,
  "summary_gm_p05": 691.2649658203125,
  "summary_gm_p95": 943.0519897460938,
  "summary_gm_stdv": 77.31941986083984,
  "summary_wm_k": 0.7372442772224135,
  "summary_wm_mad": 47.001224517822266,
  "summary_wm_mean": 1003.2135009765625,
  "summary_wm_median": 1000.0352172851562,
  "summary_wm_n": 508529.0,
  "summary_wm_p05": 922.8266723632812,
  "summary_wm_p95": 1095.1865966796875,
  "summary_wm_stdv": 52.15816879272461,
  "tpm_overlap_csf": 0.2262732982635498,
  "tpm_overlap_gm": 0.4804436266422272,
  "tpm_overlap_wm": 0.557500958442688,
  "wm2max": 0.44237080646840277
}