{
  "aor": 0.001206311688311688,
  "aqi": 0.003868831350649351,
  "bids_meta": {
    "AcquisitionDateTime": "2018-07-18T13:06:31.488000",
    "AcquisitionMatrixPE": 84,
    "AcquisitionNumber": 1,
    "AcquisitionTime": "13:05:58.847500",
    "BandwidthPerPixelPhaseEncode": 23.81,
    "BaseResolution": 84,
    "BodyPartExamined": "HEAD",
    "ConsistencyInfo": "N4_VE11B_LATEST_20150530",
    "ConversionSoftware": "dcm2niix",
    "ConversionSoftwareVersion": "v1.0.20171215 GCC5.1.0",
    "DerivedVendorReportedEchoSpacing": 0.00049999,
    "DeviceSerialNumber": "66072",
    "DwellTime": 2.3e-06,
    "EchoTime": 0.03,
    "EchoTrainLength": 84,
    "EffectiveEchoSpacing": 0.00049999,
    "FlipAngle": 65,
    "ImageComments": "Unaliased_MB3_PE3_LB_SENSE1",
    "ImageOrientationPatientDICOM": [
      0.997078,
      0.0702989,
      -0.0298971,
      -0.0697225,
      0.997368,
      0.019903
    ],
    "ImageType": [
      "ORIGINAL",
      "PRIMARY",
      "M",
      "MB",
      "ND",
      "MOSAIC"
    ],
    "InPlanePhaseEncodingDirectionDICOM": "COL",
    "InstitutionAddress": "Boulevard_Jean_Moulin_27_Marseille_District_FR_13005",
    "InstitutionName": "Universite_d_aix_Marseille",
    "InstitutionalDepartmentName": "Department",
    "MRAcquisitionType": "2D",
    "MagneticFieldStrength": 3,
    "Manufacturer": "Siemens",
    "ManufacturersModelName": "Prisma",
    "Modality": "MR",
    "MultibandAccelerationFactor": 3,
    "PartialFourier": 1,
    "PatientPosition": "HFS",
    "PercentPhaseFOV": 100,
    "PhaseEncodingDirection": "j",
    "PhaseEncodingSteps": 84,
    "PhaseResolution": 1,
    "PixelBandwidth": 2590,
    "ProcedureStepDescription": "Projets_Convers",
    "ProtocolName": "task-convers_run1_bold",
    "PulseSequenceDetails": "%CustomerSeq%_cmrr_mbep2d_bold",
    "ReceiveCoilActiveElements": "HC1-6",
    "ReceiveCoilName": "HeadNeck_64",
    "ReconMatrixPE": 84,
    "RepetitionTime": 1.205,
    "SAR": 0.0674756,
    "ScanOptions": "FS_EXT",
    "ScanningSequence": "EP",
    "SequenceName": "epfid2d1_84",
    "SequenceVariant": "SK_SS",
    "SeriesDescription": "task-convers_run1_bold",
    "SeriesNumber": 10,
    "ShimSetting": [
      -614,
      -10744,
      -510,
      458,
      114,
      189,
      -9,
      -5
    ],
    "SliceThickness": 2.5,
    "SliceTiming": [
      1.1375,
      1.07,
      1.0025,
      0.935,
      0.87,
      0.8025,
      0.735,
      0.6675,
      0.6,
      0.535,
      0.4675,
      0.4,
      0.3325,
      0.2675,
      0.2,
      0.1325,
      0.065,
      0,
      1.1375,
      1.07,
      1.0025,
      0.935,
      0.87,
      0.8025,
      0.735,
      0.6675,
      0.6,
      0.535,
      0.4675,
      0.4,
      0.3325,
      0.2675,
      0.2,
      0.1325,
      0.065,
      0,
      1.1375,
      1.07,
      1.0025,
      0.935,
      0.87,
      0.8025,
      0.735,
      0.6675,
      0.6,
      0.535,
      0.4675,
      0.4,
      0.3325,
      0.2675,
      0.2,
      0.1325,
      0.065,
      0
    ],
    "SoftwareVersions": "syngo_MR_E11",
    "SpacingBetweenSlices": 2.5,
    "StationName": "AWP66072",
    "TaskName": "convers",
    "TotalReadoutTime": 0.04199916,
    "TxRefAmp": 220.918,
    "modality": "bold",
    "run_id": "01",
    "subject_id": "21",
    "task_id": "convers"
  },
  "dummy_trs": 0,
  "dvars_nstd": 34.90973723419271,
  "dvars_std": 1.1246271844270843,
  "dvars_vstd": 1.1026906808854162,
  "efc": 0.472586677449094,
  "fber": 15398.8291015625,
  "fd_mean": 0.1462498378620655,
  "fd_num": 72,
  "fd_perc": 18.7012987012987,
  "fwhm_avg": 2.85426,
  "fwhm_x": 2.66472,
  "fwhm_y": 3.062108,
  "fwhm_z": 2.835952,
  "gcor": 0.0323259,
  "gsr_x": -0.017778217792510986,
  "gsr_y": 0.048142969608306885,
  "provenance": {
    "md5sum": "c7043b99378757187d6482a09a94a852",
    "settings": {
      "fd_thres": 0.2,
      "hmc_fsl": false
    },
    "software": "mriqc",
    "version": "0.11.0",
    "webapi_port": null,
    "webapi_url": null
  },
  "size_t": 385,
  "size_x": 84,
  "size_y": 84,
  "size_z": 54,
  "snr": 2.1025606363762677,
  "spacing_tr": 1.2050000429153442,
  "spacing_x": 2.5,
  "spacing_y": 2.5,
  "spacing_z": 2.5,
  "summary_bg_k": 40.96261502468059,
  "summary_bg_mad": 51.69013214111328,
  "summary_bg_mean": 405.37518310546875,
  "summary_bg_median": 75.59149932861328,
  "summary_bg_n": 232321.0,
  "summary_bg_p05": 37.14823532104492,
  "summary_bg_p95": 1960.4564208984375,
  "summary_bg_stdv": 1006.4305419921875,
  "summary_fg_k": 0.8691464814204624,
  "summary_fg_mad": 4547.9169921875,
  "summary_fg_mean": 10983.802734375,
  "summary_fg_median": 10138.619140625,
  "summary_fg_n": 88348.0,
  "summary_fg_p05": 4857.925952148438,
  "summary_fg_p95": 20275.779003906242,
  "summary_fg_stdv": 4822.0068359375,
  "tsnr": 41.97911071777344
}