{
  "bids_meta": {
    "AcquisitionDateTime": "2018-07-17T14:15:38.463000",
    "AcquisitionMatrixPE": 320,
    "AcquisitionNumber": 1,
    "AcquisitionTime": "14:08:31.915000",
    "BaseResolution": 320,
    "BodyPartExamined": "HEAD",
    "ConsistencyInfo": "N4_VE11B_LATEST_20150530",
    "ConversionSoftware": "dcm2niix",
    "ConversionSoftwareVersion": "v1.0.20171215 GCC5.1.0",
    "DeviceSerialNumber": "66072",
    "DwellTime": 7.4e-06,
    "EchoTime": 0.00228,
    "FlipAngle": 8,
    "ImageOrientationPatientDICOM": [
      -0.0256376,
      0.971446,
      0.235872,
      0.0686498,
      0.237103,
      -0.969056
    ],
    "ImageType": [
      "ORIGINAL",
      "PRIMARY",
      "M",
      "ND",
      "NORM"
    ],
    "InPlanePhaseEncodingDirectionDICOM": "ROW",
    "InstitutionAddress": "Boulevard_Jean_Moulin_27_Marseille_District_FR_13005",
    "InstitutionName": "Universite_d_aix_Marseille",
    "InstitutionalDepartmentName": "Department",
    "InversionTime": 1.01,
    "MRAcquisitionType": "3D",
    "MagneticFieldStrength": 3,
    "Manufacturer": "Siemens",
    "ManufacturersModelName": "Prisma",
    "Modality": "MR",
    "ParallelReductionFactorInPlane": 2,
    "PartialFourier": 1,
    "PatientPosition": "HFS",
    "PercentPhaseFOV": 100,
    "PhaseEncodingSteps": 319,
    "PhaseResolution": 1,
    "PixelBandwidth": 210,
    "ProcedureStepDescription": "Projets_Convers",
    "ProtocolName": "T1w",
    "PulseSequenceDetails": "%SiemensSeq%_tfl",
    "ReceiveCoilActiveElements": "HC1-7;NC1,2",
    "ReceiveCoilName": "HeadNeck_64",
    "ReconMatrixPE": 320,
    "RepetitionTime": 2.4,
    "SAR": 0.0435327,
    "ScanOptions": "IR_WE",
    "ScanningSequence": "GR_IR",
    "SequenceName": "_tfl3d1_16ns",
    "SequenceVariant": "SK_SP_MP",
    "SeriesDescription": "T1w",
    "SeriesNumber": 20,
    "ShimSetting": [
      -605,
      -10853,
      -668,
      -56,
      50,
      -221,
      57,
      -76
    ],
    "SliceThickness": 0.8,
    "SoftwareVersions": "syngo_MR_E11",
    "StationName": "AWP66072",
    "TxRefAmp": 245.48,
    "modality": "T1w",
    "subject_id": "17"
  },
  "cjv": 0.6612047473785032,
  "cnr": 1.9161974444004117,
  "efc": 0.567991201812435,
  "fber": 3875.841552734375,
  "fwhm_avg": 4.475213900526193,
  "fwhm_x": 4.484341834814332,
  "fwhm_y": 4.442687433798798,
  "fwhm_z": 4.498612432965451,
  "icvs_csf": 0.18740200609615829,
  "icvs_gm": 0.41762692551257047,
  "icvs_wm": 0.3949710683912712,
  "inu_med": 1.206321120262146,
  "inu_range": 0.6551251173019408,
  "provenance": {
    "md5sum": "ea2d28f5a4fe933f15deae0c15343b56",
    "settings": {
      "testing": false
    },
    "software": "mriqc",
    "version": "0.11.0",
    "warnings": {
      "large_rot_frame": false,
      "small_air_mask": false
    },
    "webapi_port": null,
    "webapi_url": "https://mriqc.nimh.nih.gov/api/v1"
  },
  "qi_1": 0.0,
  "qi_2": 0.0017104269842731475,
  "rpve_csf": 33.60256901420078,
  "rpve_gm": 16.218634173781062,
  "rpve_wm": 20.338854445903348,
  "size_x": 256,
  "size_y": 320,
  "size_z": 320,
  "snr_csf": 3.159770086196344,
  "snr_gm": 8.809421195132535,
  "snr_total": 9.06989111605914,
  "snr_wm": 15.240482066848541,
  "snrd_csf": 38.341984883939354,
  "snrd_gm": 75.70739603551394,
  "snrd_total": 70.37917092769966,
  "snrd_wm": 97.08813186364569,
  "spacing_x": 0.7999947667121887,
  "spacing_y": 0.800000011920929,
  "spacing_z": 0.800000011920929,
  "summary_bg_k": 1089.7947365797497,
  "summary_bg_mad": 6.748154640197754,
  "summary_bg_mean": 12.5424222946167,
  "summary_bg_median": 9.148205757141113,
  "summary_bg_n": 4867112.0,
  "summary_bg_p05": 2.0873958468437195,
  "summary_bg_p95": 30.362615013122564,
  "summary_bg_stdv": 32.674415588378906,
  "summary_csf_k": 0.000972918962002467,
  "summary_csf_mad": 121.61442565917969,
  "summary_csf_mean": 414.59033203125,
  "summary_csf_median": 394.93707275390625,
  "summary_csf_n": 39225.0,
  "summary_csf_p05": 239.4911315917969,
  "summary_csf_p95": 643.3838378906244,
  "summary_csf_stdv": 124.98758697509766,
  "summary_gm_k": 0.4086142016042178,
  "summary_gm_mad": 83.54745483398438,
  "summary_gm_mean": 787.9044189453125,
  "summary_gm_median": 779.8150634765625,
  "summary_gm_n": 58416.0,
  "summary_gm_p05": 657.9747924804688,
  "summary_gm_p95": 950.7429351806641,
  "summary_gm_stdv": 88.51982116699219,
  "summary_wm_k": 0.37996304496907074,
  "summary_wm_mad": 62.06949234008789,
  "summary_wm_mean": 1005.2059326171875,
  "summary_wm_median": 1000.0447998046875,
  "summary_wm_n": 468263.0,
  "summary_wm_p05": 905.6513244628907,
  "summary_wm_p95": 1121.7581787109375,
  "summary_wm_stdv": 65.61759185791016,
  "tpm_overlap_csf": 0.2070118486881256,
  "tpm_overlap_gm": 0.49655893445014954,
  "tpm_overlap_wm": 0.525994598865509,
  "wm2max": 0.5327098169001501
}