{
  "bids_meta": {
    "AcquisitionDateTime": "2018-05-30T14:43:36.549000",
    "AcquisitionMatrixPE": 320,
    "AcquisitionNumber": 1,
    "AcquisitionTime": "14:36:30.100000",
    "BaseResolution": 320,
    "BodyPartExamined": "HEAD",
    "ConsistencyInfo": "N4_VE11B_LATEST_20150530",
    "ConversionSoftware": "dcm2niix",
    "ConversionSoftwareVersion": "v1.0.20171215 GCC5.1.0",
    "DeviceSerialNumber": "66072",
    "DwellTime": 7.4e-06,
    "EchoTime": 0.00228,
    "FlipAngle": 8,
    "ImageOrientationPatientDICOM": [
      0.0101989,
      0.999765,
      -0.0191519,
      0.150114,
      -0.0204667,
      -0.988457
    ],
    "ImageType": [
      "ORIGINAL",
      "PRIMARY",
      "M",
      "ND",
      "NORM"
    ],
    "InPlanePhaseEncodingDirectionDICOM": "ROW",
    "InstitutionAddress": "Boulevard_Jean_Moulin_27_Marseille_District_FR_13005",
    "InstitutionName": "Universite_d_aix_Marseille",
    "InstitutionalDepartmentName": "Department",
    "InversionTime": 1.01,
    "MRAcquisitionType": "3D",
    "MagneticFieldStrength": 3,
    "Manufacturer": "Siemens",
    "ManufacturersModelName": "Prisma",
    "Modality": "MR",
    "ParallelReductionFactorInPlane": 2,
    "PartialFourier": 1,
    "PatientPosition": "HFS",
    "PercentPhaseFOV": 100,
    "PhaseEncodingSteps": 319,
    "PhaseResolution": 1,
    "PixelBandwidth": 210,
    "ProcedureStepDescription": "Projets_Convers",
    "ProtocolName": "T1w",
    "PulseSequenceDetails": "%SiemensSeq%_tfl",
    "ReceiveCoilActiveElements": "HC1-7;NC1,2",
    "ReceiveCoilName": "HeadNeck_64",
    "ReconMatrixPE": 320,
    "RepetitionTime": 2.4,
    "SAR": 0.0515212,
    "ScanOptions": "IR_WE",
    "ScanningSequence": "GR_IR",
    "SequenceName": "_tfl3d1_16ns",
    "SequenceVariant": "SK_SP_MP",
    "SeriesDescription": "T1w",
    "SeriesNumber": 19,
    "ShimSetting": [
      -548,
      -10764,
      -571,
      -209,
      -151,
      -247,
      57,
      -36
    ],
    "SliceThickness": 0.8,
    "SoftwareVersions": "syngo_MR_E11",
    "StationName": "AWP66072",
    "TxRefAmp": 249.955,
    "modality": "T1w",
    "subject_id": "07"
  },
  "cjv": 0.7903838493420424,
  "cnr": 1.6231555446190693,
  "efc": 0.5350768633842025,
  "fber": 3675.17724609375,
  "fwhm_avg": 4.150773505908298,
  "fwhm_x": 4.1192581418972,
  "fwhm_y": 4.126212438514643,
  "fwhm_z": 4.20684993731305,
  "icvs_csf": 0.18524080037816507,
  "icvs_gm": 0.4150286400557439,
  "icvs_wm": 0.39973055956609105,
  "inu_med": 1.1475777626037598,
  "inu_range": 0.4745039820671081,
  "provenance": {
    "md5sum": "fe6124a03edf099f7c85a5c92189dfd9",
    "settings": {
      "testing": false
    },
    "software": "mriqc",
    "version": "0.10.4",
    "warnings": {
      "large_rot_frame": false,
      "small_air_mask": false
    }
  },
  "qi_1": 0.0,
  "qi_2": 0.008090734373271681,
  "rpve_csf": 33.976833805753756,
  "rpve_gm": 16.53656246851032,
  "rpve_wm": 20.10048844049854,
  "size_x": 256,
  "size_y": 320,
  "size_z": 320,
  "snr_csf": 2.8087450801384177,
  "snr_gm": 9.982965372560379,
  "snr_total": 10.298179215258145,
  "snr_wm": 18.102827193075637,
  "snrd_csf": 30.60924163746104,
  "snrd_gm": 70.62913103314945,
  "snrd_total": 62.01966831709111,
  "snrd_wm": 84.82063228066284,
  "spacing_x": 0.8000008463859558,
  "spacing_y": 0.800000011920929,
  "spacing_z": 0.800000011920929,
  "summary_bg_k": 4396.55339134475,
  "summary_bg_mad": 7.72413444519043,
  "summary_bg_mean": 12.693282127380371,
  "summary_bg_median": 9.880977630615234,
  "summary_bg_n": 5424576.0,
  "summary_bg_p05": 2.0034650564193726,
  "summary_bg_p95": 31.439677715301514,
  "summary_bg_stdv": 24.828218460083008,
  "summary_csf_k": 0.7270632629453866,
  "summary_csf_mad": 107.6165771484375,
  "summary_csf_mean": 395.6649169921875,
  "summary_csf_median": 360.88653564453125,
  "summary_csf_n": 51438.0,
  "summary_csf_p05": 241.64077224731443,
  "summary_csf_p95": 645.7147186279293,
  "summary_csf_stdv": 128.48550415039062,
  "summary_gm_k": 0.22958427417935745,
  "summary_gm_mad": 79.676025390625,
  "summary_gm_mean": 836.8716430664062,
  "summary_gm_median": 832.7257080078125,
  "summary_gm_n": 66736.0,
  "summary_gm_p05": 706.8938446044922,
  "summary_gm_p95": 985.9417419433594,
  "summary_gm_stdv": 83.4140396118164,
  "summary_wm_k": 0.483618212445986,
  "summary_wm_mad": 52.57057189941406,
  "summary_wm_mean": 1003.08447265625,
  "summary_wm_median": 1000.045166015625,
  "summary_wm_n": 514268.0,
  "summary_wm_p05": 917.9426727294922,
  "summary_wm_p95": 1099.24365234375,
  "summary_wm_stdv": 55.242431640625,
  "tpm_overlap_csf": 0.24554887413978577,
  "tpm_overlap_gm": 0.5094520449638367,
  "tpm_overlap_wm": 0.5771752595901489,
  "wm2max": 0.5227396993840607
}