{
  "bids_meta": {
    "AcquisitionDateTime": "2018-07-18T13:52:40.525000",
    "AcquisitionMatrixPE": 320,
    "AcquisitionNumber": 1,
    "AcquisitionTime": "13:44:36.515000",
    "BaseResolution": 320,
    "BodyPartExamined": "HEAD",
    "ConsistencyInfo": "N4_VE11B_LATEST_20150530",
    "ConversionSoftware": "dcm2niix",
    "ConversionSoftwareVersion": "v1.0.20171215 GCC5.1.0",
    "DeviceSerialNumber": "66072",
    "DwellTime": 2.2e-06,
    "EchoTime": 0.562,
    "EchoTrainLength": 305,
    "FlipAngle": 120,
    "ImageOrientationPatientDICOM": [
      -0.0672863,
      0.993371,
      0.0931978,
      -0.0362538,
      0.0909136,
      -0.995199
    ],
    "ImageType": [
      "ORIGINAL",
      "PRIMARY",
      "M",
      "ND",
      "NORM"
    ],
    "InPlanePhaseEncodingDirectionDICOM": "ROW",
    "InstitutionAddress": "Boulevard_Jean_Moulin_27_Marseille_District_FR_13005",
    "InstitutionName": "Universite_d_aix_Marseille",
    "InstitutionalDepartmentName": "Department",
    "MRAcquisitionType": "3D",
    "MagneticFieldStrength": 3,
    "Manufacturer": "Siemens",
    "ManufacturersModelName": "Prisma",
    "Modality": "MR",
    "ParallelReductionFactorInPlane": 2,
    "PartialFourier": 1,
    "PatientPosition": "HFS",
    "PercentPhaseFOV": 100,
    "PhaseEncodingSteps": 315,
    "PhaseResolution": 1,
    "PixelBandwidth": 710,
    "ProcedureStepDescription": "Projets_Convers",
    "ProtocolName": "T2w",
    "PulseSequenceDetails": "%SiemensSeq%_tse_vfl",
    "ReceiveCoilActiveElements": "HC1-7;NC1,2",
    "ReceiveCoilName": "HeadNeck_64",
    "ReconMatrixPE": 320,
    "RepetitionTime": 3.2,
    "SAR": 0.146503,
    "ScanOptions": "PFP",
    "ScanningSequence": "SE",
    "SequenceName": "_spc_305ns",
    "SequenceVariant": "SK_SP",
    "SeriesDescription": "T2w",
    "SeriesNumber": 17,
    "ShimSetting": [
      -626,
      -10806,
      -653,
      -69,
      90,
      -161,
      98,
      18
    ],
    "SliceThickness": 0.8,
    "SoftwareVersions": "syngo_MR_E11",
    "StationName": "AWP66072",
    "TxRefAmp": 220.918,
    "modality": "T2w",
    "subject_id": "21"
  },
  "cjv": 0.34432443830023324,
  "cnr": 3.5483897212645035,
  "efc": 0.46471839023712347,
  "fber": 2945.0107421875,
  "fwhm_avg": 2.6633072153189854,
  "fwhm_x": 2.554071726957433,
  "fwhm_y": 3.0022999552622442,
  "fwhm_z": 2.4335499637372795,
  "icvs_csf": 0.12457115047470523,
  "icvs_gm": 0.38974656048273326,
  "icvs_wm": 0.4856822890425615,
  "inu_med": 1.2530286312103271,
  "inu_range": 0.40792685747146606,
  "provenance": {
    "md5sum": "2da7fde4285d25a9daef0dec547916c2",
    "settings": {
      "testing": false
    },
    "software": "mriqc",
    "version": "0.11.0",
    "warnings": {
      "large_rot_frame": true,
      "small_air_mask": false
    },
    "webapi_port": null,
    "webapi_url": "https://mriqc.nimh.nih.gov/api/v1"
  },
  "qi_1": 3.896904645341265e-06,
  "qi_2": 0.12768394319459617,
  "rpve_csf": 59.168761038132864,
  "rpve_gm": 16.218867159666516,
  "rpve_wm": 15.063074298515446,
  "size_x": 256,
  "size_y": 320,
  "size_z": 320,
  "snr_csf": 4.98038128361289,
  "snr_gm": 9.583516083956576,
  "snr_total": 8.197615902207849,
  "snr_wm": 10.028950339054077,
  "snrd_csf": 155.88437387595332,
  "snrd_gm": 86.34849130717997,
  "snrd_total": 97.33509997238565,
  "snrd_wm": 49.77243473402366,
  "spacing_x": 0.8000010251998901,
  "spacing_y": 0.800000011920929,
  "spacing_z": 0.800000011920929,
  "summary_bg_k": 8.068787450440757,
  "summary_bg_mad": 13.162853240966797,
  "summary_bg_mean": 13.409629821777344,
  "summary_bg_median": 9.237853050231934,
  "summary_bg_n": 6536261.0,
  "summary_bg_p05": 0.0,
  "summary_bg_p95": 38.51782989501953,
  "summary_bg_stdv": 13.315032958984375,
  "summary_csf_k": 1.6594558206055794,
  "summary_csf_mad": 668.5805053710938,
  "summary_csf_mean": 3118.601806640625,
  "summary_csf_median": 3131.993896484375,
  "summary_csf_n": 50865.0,
  "summary_csf_p05": 2162.157470703125,
  "summary_csf_p95": 3996.4739746093737,
  "summary_csf_stdv": 628.860107421875,
  "summary_gm_k": 1.2082569246277952,
  "summary_gm_mad": 164.25204467773438,
  "summary_gm_mean": 1748.812255859375,
  "summary_gm_median": 1734.89453125,
  "summary_gm_n": 110058.0,
  "summary_gm_p05": 1480.5120422363282,
  "summary_gm_p95": 2068.0403442382812,
  "summary_gm_stdv": 181.0281982421875,
  "summary_wm_k": 1.2449197356228288,
  "summary_wm_mad": 88.78438568115234,
  "summary_wm_mean": 1002.0910034179688,
  "summary_wm_median": 1000.0166015625,
  "summary_wm_n": 513714.0,
  "summary_wm_p05": 843.0945343017578,
  "summary_wm_p95": 1166.8492858886716,
  "summary_wm_stdv": 99.712890625,
  "tpm_overlap_csf": 0.18065576255321503,
  "tpm_overlap_gm": 0.45610517263412476,
  "tpm_overlap_wm": 0.5267009139060974,
  "wm2max": 0.260300757753985
}