{
  "aor": 0.0017036363636363636,
  "aqi": 0.013534870129870131,
  "bids_meta": {
    "AcquisitionDateTime": "2018-05-30T14:09:05.981000",
    "AcquisitionMatrixPE": 84,
    "AcquisitionNumber": 1,
    "AcquisitionTime": "14:09:3.927500",
    "BandwidthPerPixelPhaseEncode": 23.81,
    "BaseResolution": 84,
    "BodyPartExamined": "HEAD",
    "ConsistencyInfo": "N4_VE11B_LATEST_20150530",
    "ConversionSoftware": "dcm2niix",
    "ConversionSoftwareVersion": "v1.0.20171215 GCC5.1.0",
    "DerivedVendorReportedEchoSpacing": 0.00049999,
    "DeviceSerialNumber": "66072",
    "DwellTime": 2.3e-06,
    "EchoTime": 0.03,
    "EchoTrainLength": 84,
    "EffectiveEchoSpacing": 0.00049999,
    "FlipAngle": 65,
    "ImageComments": "Unaliased_MB3_PE3_LB_SENSE1",
    "ImageOrientationPatientDICOM": [
      0.988615,
      -0.00727373,
      0.150294,
      0.0219169,
      0.99514,
      -0.0960047
    ],
    "ImageType": [
      "ORIGINAL",
      "PRIMARY",
      "M",
      "MB",
      "ND",
      "MOSAIC"
    ],
    "InPlanePhaseEncodingDirectionDICOM": "COL",
    "InstitutionAddress": "Boulevard_Jean_Moulin_27_Marseille_District_FR_13005",
    "InstitutionName": "Universite_d_aix_Marseille",
    "InstitutionalDepartmentName": "Department",
    "MRAcquisitionType": "2D",
    "MagneticFieldStrength": 3,
    "Manufacturer": "Siemens",
    "ManufacturersModelName": "Prisma",
    "Modality": "MR",
    "MultibandAccelerationFactor": 3,
    "PartialFourier": 1,
    "PatientPosition": "HFS",
    "PercentPhaseFOV": 100,
    "PhaseEncodingDirection": "j",
    "PhaseEncodingSteps": 84,
    "PhaseResolution": 1,
    "PixelBandwidth": 2590,
    "ProcedureStepDescription": "Projets_Convers",
    "ProtocolName": "task-convers_run3_bold",
    "PulseSequenceDetails": "%CustomerSeq%_cmrr_mbep2d_bold",
    "ReceiveCoilActiveElements": "HC1-7;NC1",
    "ReceiveCoilName": "HeadNeck_64",
    "ReconMatrixPE": 84,
    "RepetitionTime": 1.205,
    "SAR": 0.0787609,
    "ScanOptions": "FS_EXT",
    "ScanningSequence": "EP",
    "SequenceName": "epfid2d1_84",
    "SequenceVariant": "SK_SS",
    "SeriesDescription": "task-convers_run3_bold",
    "SeriesNumber": 15,
    "ShimSetting": [
      -555,
      -10759,
      -602,
      554,
      28,
      -69,
      50,
      -36
    ],
    "SliceThickness": 2.5,
    "SliceTiming": [
      1.1375,
      1.07,
      1.0025,
      0.9375,
      0.87,
      0.8025,
      0.735,
      0.6675,
      0.6025,
      0.535,
      0.4675,
      0.4,
      0.335,
      0.2675,
      0.2,
      0.1325,
      0.065,
      0,
      1.1375,
      1.07,
      1.0025,
      0.9375,
      0.87,
      0.8025,
      0.735,
      0.6675,
      0.6025,
      0.535,
      0.4675,
      0.4,
      0.335,
      0.2675,
      0.2,
      0.1325,
      0.065,
      0,
      1.1375,
      1.07,
      1.0025,
      0.9375,
      0.87,
      0.8025,
      0.735,
      0.6675,
      0.6025,
      0.535,
      0.4675,
      0.4,
      0.335,
      0.2675,
      0.2,
      0.1325,
      0.065,
      0
    ],
    "SoftwareVersions": "syngo_MR_E11",
    "SpacingBetweenSlices": 2.5,
    "StationName": "AWP66072",
    "TaskName": "convers",
    "TotalReadoutTime": 0.04199916,
    "TxRefAmp": 249.955,
    "modality": "bold",
    "run_id": "03",
    "subject_id": "07",
    "task_id": "convers"
  },
  "dummy_trs": 0,
  "dvars_nstd": 39.679850692395824,
  "dvars_std": 1.0320318712239582,
  "dvars_vstd": 0.9706873956510423,
  "efc": 0.4962902646980653,
  "fber": 4575.69677734375,
  "fd_mean": 0.26448324985163674,
  "fd_num": 225,
  "fd_perc": 58.44155844155844,
  "fwhm_avg": 2.9236254332478935,
  "fwhm_x": 2.6757079999999998,
  "fwhm_y": 3.1430402997436806,
  "fwhm_z": 2.952128,
  "gcor": 0.00880926,
  "gsr_x": -0.0027549839578568935,
  "gsr_y": 0.052677929401397705,
  "provenance": {
    "md5sum": "a01c353a0db799fa757ed95885744891",
    "settings": {
      "fd_thres": 0.2,
      "hmc_fsl": false
    },
    "software": "mriqc",
    "version": "0.10.4"
  },
  "size_t": 385,
  "size_x": 84,
  "size_y": 84,
  "size_z": 54,
  "snr": 2.357644614389507,
  "spacing_tr": 1.2050000429153442,
  "spacing_x": 2.5,
  "spacing_y": 2.499999761581421,
  "spacing_z": 2.5,
  "summary_bg_k": 26.87271832841566,
  "summary_bg_mad": 132.71372985839844,
  "summary_bg_mean": 548.0140380859375,
  "summary_bg_median": 127.0242691040039,
  "summary_bg_n": 234727.0,
  "summary_bg_p05": 31.498807907104492,
  "summary_bg_p95": 2376.8477294921845,
  "summary_bg_stdv": 1079.6270751953125,
  "summary_fg_k": 0.9735313382567474,
  "summary_fg_mad": 3536.00146484375,
  "summary_fg_mean": 9754.4638671875,
  "summary_fg_median": 9139.7109375,
  "summary_fg_n": 85406.0,
  "summary_fg_p05": 4590.442626953125,
  "summary_fg_p95": 17058.845703125,
  "summary_fg_stdv": 3876.605224609375,
  "tsnr": 26.9504337310791
}