{
  "bids_meta": {
    "AcquisitionDateTime": "2018-05-30T13:12:28.753000",
    "AcquisitionMatrixPE": 320,
    "AcquisitionNumber": 1,
    "AcquisitionTime": "13:05:21.055000",
    "BaseResolution": 320,
    "BodyPartExamined": "HEAD",
    "ConsistencyInfo": "N4_VE11B_LATEST_20150530",
    "ConversionSoftware": "dcm2niix",
    "ConversionSoftwareVersion": "v1.0.20171215 GCC5.1.0",
    "DeviceSerialNumber": "66072",
    "DwellTime": 7.4e-06,
    "EchoTime": 0.00228,
    "FlipAngle": 8,
    "ImageOrientationPatientDICOM": [
      0.0199733,
      0.997438,
      0.0686934,
      0.0246013,
      0.068196,
      -0.997369
    ],
    "ImageType": [
      "ORIGINAL",
      "PRIMARY",
      "M",
      "ND",
      "NORM"
    ],
    "InPlanePhaseEncodingDirectionDICOM": "ROW",
    "InstitutionAddress": "Boulevard_Jean_Moulin_27_Marseille_District_FR_13005",
    "InstitutionName": "Universite_d_aix_Marseille",
    "InstitutionalDepartmentName": "Department",
    "InversionTime": 1.01,
    "MRAcquisitionType": "3D",
    "MagneticFieldStrength": 3,
    "Manufacturer": "Siemens",
    "ManufacturersModelName": "Prisma",
    "Modality": "MR",
    "ParallelReductionFactorInPlane": 2,
    "PartialFourier": 1,
    "PatientPosition": "HFS",
    "PercentPhaseFOV": 100,
    "PhaseEncodingSteps": 319,
    "PhaseResolution": 1,
    "PixelBandwidth": 210,
    "ProcedureStepDescription": "Projets_Convers",
    "ProtocolName": "T1w",
    "PulseSequenceDetails": "%SiemensSeq%_tfl",
    "ReceiveCoilActiveElements": "HC1-7;NC1,2",
    "ReceiveCoilName": "HeadNeck_64",
    "ReconMatrixPE": 320,
    "RepetitionTime": 2.4,
    "SAR": 0.0452772,
    "ScanOptions": "IR_WE",
    "ScanningSequence": "GR_IR",
    "SequenceName": "_tfl3d1_16ns",
    "SequenceVariant": "SK_SP_MP",
    "SeriesDescription": "T1w",
    "SeriesNumber": 20,
    "ShimSetting": [
      -581,
      -10799,
      -673,
      61,
      32,
      -389,
      59,
      33
    ],
    "SliceThickness": 0.8,
    "SoftwareVersions": "syngo_MR_E11",
    "StationName": "AWP66072",
    "TxRefAmp": 251.399,
    "modality": "T1w",
    "subject_id": "06"
  },
  "cjv": 0.7117650522579279,
  "cnr": 1.9141980768132993,
  "efc": 0.5498758209708946,
  "fber": 4833.76123046875,
  "fwhm_avg": 4.355258758294204,
  "fwhm_x": 4.322651405165325,
  "fwhm_y": 4.3124499357394885,
  "fwhm_z": 4.430674933977799,
  "icvs_csf": 0.18592831519650285,
  "icvs_gm": 0.43056508737067617,
  "icvs_wm": 0.383506597432821,
  "inu_med": 1.119950771331787,
  "inu_range": 0.6107845246791836,
  "provenance": {
    "md5sum": "0d85c98e76bd2ee7809efe24b48c3880",
    "settings": {
      "testing": false
    },
    "software": "mriqc",
    "version": "0.10.4",
    "warnings": {
      "large_rot_frame": false,
      "small_air_mask": false
    }
  },
  "qi_1": 0.0,
  "qi_2": 0.005849091025793047,
  "rpve_csf": 33.02254716706144,
  "rpve_gm": 15.697473736262138,
  "rpve_wm": 20.327312382212348,
  "size_x": 256,
  "size_y": 320,
  "size_z": 320,
  "snr_csf": 2.877159328024293,
  "snr_gm": 10.938735840994308,
  "snr_total": 8.856782690643966,
  "snr_wm": 12.754452902913297,
  "snrd_csf": 42.32879759440241,
  "snrd_gm": 82.34670542855525,
  "snrd_total": 76.09499983008352,
  "snrd_wm": 103.60949646729289,
  "spacing_x": 0.7999927997589111,
  "spacing_y": 0.800000011920929,
  "spacing_z": 0.800000011920929,
  "summary_bg_k": 9.301372263481984,
  "summary_bg_mad": 6.323543548583984,
  "summary_bg_mean": 10.35400104522705,
  "summary_bg_median": 8.423519134521484,
  "summary_bg_n": 4773751.0,
  "summary_bg_p05": 1.8706358671188354,
  "summary_bg_p95": 25.522655487060547,
  "summary_bg_stdv": 8.229561805725098,
  "summary_csf_k": -0.29987706492218225,
  "summary_csf_mad": 152.38824462890625,
  "summary_csf_mean": 430.07073974609375,
  "summary_csf_median": 408.568359375,
  "summary_csf_n": 44192.0,
  "summary_csf_p05": 232.90785217285156,
  "summary_csf_p95": 679.3602233886718,
  "summary_csf_stdv": 142.00247192382812,
  "summary_gm_k": 0.5226430511510047,
  "summary_gm_mad": 69.013671875,
  "summary_gm_mean": 794.6499633789062,
  "summary_gm_median": 794.8314208984375,
  "summary_gm_n": 72577.0,
  "summary_gm_p05": 676.7955078125,
  "summary_gm_p95": 914.8516479492187,
  "summary_gm_stdv": 72.66159057617188,
  "summary_wm_k": 0.17177460818936297,
  "summary_wm_mad": 77.06463623046875,
  "summary_wm_mean": 1003.4739379882812,
  "summary_wm_median": 1000.0653076171875,
  "summary_wm_n": 469818.0,
  "summary_wm_p05": 880.5210968017578,
  "summary_wm_p95": 1138.1823669433593,
  "summary_wm_stdv": 78.40902709960938,
  "tpm_overlap_csf": 0.2203110009431839,
  "tpm_overlap_gm": 0.5008588433265686,
  "tpm_overlap_wm": 0.5437556505203247,
  "wm2max": 0.5099874539746886
}