{
  "aor": 0.0017495064935064935,
  "aqi": 0.005185579974025974,
  "bids_meta": {
    "AcquisitionDateTime": "2018-07-17T13:42:24.293000",
    "AcquisitionMatrixPE": 84,
    "AcquisitionNumber": 1,
    "AcquisitionTime": "13:42:21.345000",
    "BandwidthPerPixelPhaseEncode": 23.81,
    "BaseResolution": 84,
    "BodyPartExamined": "HEAD",
    "ConsistencyInfo": "N4_VE11B_LATEST_20150530",
    "ConversionSoftware": "dcm2niix",
    "ConversionSoftwareVersion": "v1.0.20171215 GCC5.1.0",
    "DerivedVendorReportedEchoSpacing": 0.00049999,
    "DeviceSerialNumber": "66072",
    "DwellTime": 2.3e-06,
    "EchoTime": 0.03,
    "EchoTrainLength": 84,
    "EffectiveEchoSpacing": 0.00049999,
    "FlipAngle": 65,
    "ImageComments": "Unaliased_MB3_PE3_LB_SENSE1",
    "ImageOrientationPatientDICOM": [
      0.997313,
      0.00856797,
      0.0727586,
      -0.0168858,
      0.993281,
      0.114489
    ],
    "ImageType": [
      "ORIGINAL",
      "PRIMARY",
      "M",
      "MB",
      "ND",
      "MOSAIC"
    ],
    "InPlanePhaseEncodingDirectionDICOM": "COL",
    "InstitutionAddress": "Boulevard_Jean_Moulin_27_Marseille_District_FR_13005",
    "InstitutionName": "Universite_d_aix_Marseille",
    "InstitutionalDepartmentName": "Department",
    "MRAcquisitionType": "2D",
    "MagneticFieldStrength": 3,
    "Manufacturer": "Siemens",
    "ManufacturersModelName": "Prisma",
    "Modality": "MR",
    "MultibandAccelerationFactor": 3,
    "PartialFourier": 1,
    "PatientPosition": "HFS",
    "PercentPhaseFOV": 100,
    "PhaseEncodingDirection": "j",
    "PhaseEncodingSteps": 84,
    "PhaseResolution": 1,
    "PixelBandwidth": 2590,
    "ProcedureStepDescription": "Projets_Convers",
    "ProtocolName": "task-convers_run3_bold",
    "PulseSequenceDetails": "%CustomerSeq%_cmrr_mbep2d_bold",
    "ReceiveCoilActiveElements": "HC1-7",
    "ReceiveCoilName": "HeadNeck_64",
    "ReconMatrixPE": 84,
    "RepetitionTime": 1.205,
    "SAR": 0.0665488,
    "ScanOptions": "FS_EXT",
    "ScanningSequence": "EP",
    "SequenceName": "epfid2d1_84",
    "SequenceVariant": "SK_SS",
    "SeriesDescription": "task-convers_run3_bold",
    "SeriesNumber": 16,
    "ShimSetting": [
      -600,
      -10804,
      -525,
      354,
      41,
      -94,
      39,
      -38
    ],
    "SliceThickness": 2.5,
    "SliceTiming": [
      1.1375,
      1.07,
      1.0025,
      0.935,
      0.87,
      0.8025,
      0.735,
      0.6675,
      0.6025,
      0.535,
      0.4675,
      0.4,
      0.3325,
      0.2675,
      0.2,
      0.1325,
      0.065,
      0,
      1.1375,
      1.07,
      1.0025,
      0.935,
      0.87,
      0.8025,
      0.735,
      0.6675,
      0.6025,
      0.535,
      0.4675,
      0.4,
      0.3325,
      0.2675,
      0.2,
      0.1325,
      0.065,
      0,
      1.1375,
      1.07,
      1.0025,
      0.935,
      0.87,
      0.8025,
      0.735,
      0.6675,
      0.6025,
      0.535,
      0.4675,
      0.4,
      0.3325,
      0.2675,
      0.2,
      0.1325,
      0.065,
      0
    ],
    "SoftwareVersions": "syngo_MR_E11",
    "SpacingBetweenSlices": 2.5,
    "StationName": "AWP66072",
    "TaskName": "convers",
    "TotalReadoutTime": 0.04199916,
    "TxRefAmp": 245.48,
    "modality": "bold",
    "run_id": "03",
    "subject_id": "17",
    "task_id": "convers"
  },
  "dummy_trs": 0,
  "dvars_nstd": 33.804075464635424,
  "dvars_std": 1.1237712869791667,
  "dvars_vstd": 1.6228650624739587,
  "efc": 0.4988038702219857,
  "fber": 3591.643798828125,
  "fd_mean": 0.14025067853713977,
  "fd_num": 68,
  "fd_perc": 17.662337662337663,
  "fwhm_avg": 2.8761319999999997,
  "fwhm_x": 2.66506,
  "fwhm_y": 3.219444,
  "fwhm_z": 2.7438919999999998,
  "gcor": 0.0159036,
  "gsr_x": 0.010499689728021622,
  "gsr_y": 0.027004245668649673,
  "provenance": {
    "md5sum": "34ec9fa3ec7289ee7fbbdad71b2b7b59",
    "settings": {
      "fd_thres": 0.2,
      "hmc_fsl": false
    },
    "software": "mriqc",
    "version": "0.11.0",
    "webapi_port": null,
    "webapi_url": null
  },
  "size_t": 385,
  "size_x": 84,
  "size_y": 84,
  "size_z": 54,
  "snr": 2.4218038255052,
  "spacing_tr": 1.2050000429153442,
  "spacing_x": 2.5,
  "spacing_y": 2.5,
  "spacing_z": 2.5,
  "summary_bg_k": 27.229800259126318,
  "summary_bg_mad": 163.36509704589844,
  "summary_bg_mean": 720.541748046875,
  "summary_bg_median": 153.19821166992188,
  "summary_bg_n": 239782.0,
  "summary_bg_p05": 37.687710762023926,
  "summary_bg_p95": 3395.2042236328098,
  "summary_bg_stdv": 1509.18798828125,
  "summary_fg_k": 0.37153548066634823,
  "summary_fg_mad": 4019.678466796875,
  "summary_fg_mean": 10085.8173828125,
  "summary_fg_median": 9633.826171875,
  "summary_fg_n": 80747.0,
  "summary_fg_p05": 4586.456347656251,
  "summary_fg_p95": 17239.919140625,
  "summary_fg_stdv": 3977.93017578125,
  "tsnr": 41.644683837890625
}