{
  "aor": 0.0022325714285714284,
  "aqi": 0.008073116909090908,
  "bids_meta": {
    "AcquisitionDateTime": "2018-07-17T10:09:29.145000",
    "AcquisitionMatrixPE": 84,
    "AcquisitionNumber": 1,
    "AcquisitionTime": "10:09:26.737500",
    "BandwidthPerPixelPhaseEncode": 23.81,
    "BaseResolution": 84,
    "BodyPartExamined": "HEAD",
    "ConsistencyInfo": "N4_VE11B_LATEST_20150530",
    "ConversionSoftware": "dcm2niix",
    "ConversionSoftwareVersion": "v1.0.20171215 GCC5.1.0",
    "DerivedVendorReportedEchoSpacing": 0.00049999,
    "DeviceSerialNumber": "66072",
    "DwellTime": 2.3e-06,
    "EchoTime": 0.03,
    "EchoTrainLength": 84,
    "EffectiveEchoSpacing": 0.00049999,
    "FlipAngle": 65,
    "ImageComments": "Unaliased_MB3_PE3_LB_SENSE1",
    "ImageOrientationPatientDICOM": [
      0.998396,
      0.0547013,
      0.0146205,
      -0.0517996,
      0.986669,
      -0.154276
    ],
    "ImageType": [
      "ORIGINAL",
      "PRIMARY",
      "M",
      "MB",
      "ND",
      "MOSAIC"
    ],
    "InPlanePhaseEncodingDirectionDICOM": "COL",
    "InstitutionAddress": "Boulevard_Jean_Moulin_27_Marseille_District_FR_13005",
    "InstitutionName": "Universite_d_aix_Marseille",
    "InstitutionalDepartmentName": "Department",
    "MRAcquisitionType": "2D",
    "MagneticFieldStrength": 3,
    "Manufacturer": "Siemens",
    "ManufacturersModelName": "Prisma",
    "Modality": "MR",
    "MultibandAccelerationFactor": 3,
    "PartialFourier": 1,
    "PatientPosition": "HFS",
    "PercentPhaseFOV": 100,
    "PhaseEncodingDirection": "j",
    "PhaseEncodingSteps": 84,
    "PhaseResolution": 1,
    "PixelBandwidth": 2590,
    "ProcedureStepDescription": "Projets_Convers",
    "ProtocolName": "task-convers_run2_bold",
    "PulseSequenceDetails": "%CustomerSeq%_cmrr_mbep2d_bold",
    "ReceiveCoilActiveElements": "HC1-7",
    "ReceiveCoilName": "HeadNeck_64",
    "ReconMatrixPE": 84,
    "RepetitionTime": 1.205,
    "SAR": 0.086206,
    "ScanOptions": "FS_EXT",
    "ScanningSequence": "EP",
    "SequenceName": "epfid2d1_84",
    "SequenceVariant": "SK_SS",
    "SeriesDescription": "task-convers_run2_bold",
    "SeriesNumber": 12,
    "ShimSetting": [
      -579,
      -10730,
      -517,
      419,
      67,
      160,
      23,
      38
    ],
    "SliceThickness": 2.5,
    "SliceTiming": [
      1.1375,
      1.0725,
      1.005,
      0.9375,
      0.87,
      0.805,
      0.7375,
      0.67,
      0.6025,
      0.535,
      0.47,
      0.4025,
      0.335,
      0.2675,
      0.2025,
      0.135,
      0.0675,
      0,
      1.1375,
      1.0725,
      1.005,
      0.9375,
      0.87,
      0.805,
      0.7375,
      0.67,
      0.6025,
      0.535,
      0.47,
      0.4025,
      0.335,
      0.2675,
      0.2025,
      0.135,
      0.0675,
      0,
      1.1375,
      1.0725,
      1.005,
      0.9375,
      0.87,
      0.805,
      0.7375,
      0.67,
      0.6025,
      0.535,
      0.47,
      0.4025,
      0.335,
      0.2675,
      0.2025,
      0.135,
      0.0675,
      0
    ],
    "SoftwareVersions": "syngo_MR_E11",
    "SpacingBetweenSlices": 2.5,
    "StationName": "AWP66072",
    "TaskName": "convers",
    "TotalReadoutTime": 0.04199916,
    "TxRefAmp": 241.558,
    "modality": "bold",
    "run_id": "02",
    "subject_id": "15",
    "task_id": "convers"
  },
  "dummy_trs": 0,
  "dvars_nstd": 40.966614986171884,
  "dvars_std": 1.1609812826562498,
  "dvars_vstd": 2.878790821953127,
  "efc": 0.5036427816874225,
  "fber": 8047.8203125,
  "fd_mean": 0.24068427434524708,
  "fd_num": 200,
  "fd_perc": 51.94805194805195,
  "fwhm_avg": 2.910528,
  "fwhm_x": 2.704424,
  "fwhm_y": 3.158352,
  "fwhm_z": 2.868808,
  "gcor": 0.0175331,
  "gsr_x": 0.011970411986112595,
  "gsr_y": 0.04130375012755394,
  "provenance": {
    "md5sum": "fe4da09fa2a7ec589935f332b8741b29",
    "settings": {
      "fd_thres": 0.2,
      "hmc_fsl": false
    },
    "software": "mriqc",
    "version": "0.11.0",
    "webapi_port": null,
    "webapi_url": null
  },
  "size_t": 385,
  "size_x": 84,
  "size_y": 84,
  "size_z": 54,
  "snr": 2.250959341333944,
  "spacing_tr": 1.2050000429153442,
  "spacing_x": 2.5,
  "spacing_y": 2.5,
  "spacing_z": 2.5,
  "summary_bg_k": 19.165758408525257,
  "summary_bg_mad": 96.18888854980469,
  "summary_bg_mean": 891.7177124023438,
  "summary_bg_median": 106.91366577148438,
  "summary_bg_n": 234858.0,
  "summary_bg_p05": 34.843749046325684,
  "summary_bg_p95": 5564.427514648435,
  "summary_bg_stdv": 2219.7939453125,
  "summary_fg_k": 0.4243247390337075,
  "summary_fg_mad": 4634.34375,
  "summary_fg_mean": 10980.626953125,
  "summary_fg_median": 10340.34765625,
  "summary_fg_n": 85691.0,
  "summary_fg_p05": 4670.17919921875,
  "summary_fg_p95": 19241.697265625,
  "summary_fg_stdv": 4593.724609375,
  "tsnr": 37.59756851196289
}