{
  "aor": 0.003324727272727273,
  "aqi": 0.007318691974025974,
  "bids_meta": {
    "AcquisitionDateTime": "2018-05-30T15:49:07.004000",
    "AcquisitionMatrixPE": 84,
    "AcquisitionNumber": 1,
    "AcquisitionTime": "15:49:5.545000",
    "BandwidthPerPixelPhaseEncode": 23.81,
    "BaseResolution": 84,
    "BodyPartExamined": "HEAD",
    "ConsistencyInfo": "N4_VE11B_LATEST_20150530",
    "ConversionSoftware": "dcm2niix",
    "ConversionSoftwareVersion": "v1.0.20171215 GCC5.1.0",
    "DerivedVendorReportedEchoSpacing": 0.00049999,
    "DeviceSerialNumber": "66072",
    "DwellTime": 2.3e-06,
    "EchoTime": 0.03,
    "EchoTrainLength": 84,
    "EffectiveEchoSpacing": 0.00049999,
    "FlipAngle": 65,
    "ImageComments": "Unaliased_MB3_PE3_LB_SENSE1",
    "ImageOrientationPatientDICOM": [
      0.999383,
      0.000465242,
      0.0351118,
      -0.00366291,
      0.995839,
      0.0910618
    ],
    "ImageType": [
      "ORIGINAL",
      "PRIMARY",
      "M",
      "MB",
      "ND",
      "MOSAIC"
    ],
    "InPlanePhaseEncodingDirectionDICOM": "COL",
    "InstitutionAddress": "Boulevard_Jean_Moulin_27_Marseille_District_FR_13005",
    "InstitutionName": "Universite_d_aix_Marseille",
    "InstitutionalDepartmentName": "Department",
    "MRAcquisitionType": "2D",
    "MagneticFieldStrength": 3,
    "Manufacturer": "Siemens",
    "ManufacturersModelName": "Prisma",
    "Modality": "MR",
    "MultibandAccelerationFactor": 3,
    "PartialFourier": 1,
    "PatientPosition": "HFS",
    "PercentPhaseFOV": 100,
    "PhaseEncodingDirection": "j",
    "PhaseEncodingSteps": 84,
    "PhaseResolution": 1,
    "PixelBandwidth": 2590,
    "ProcedureStepDescription": "Projets_Convers",
    "ProtocolName": "task-convers_run4_bold",
    "PulseSequenceDetails": "%CustomerSeq%_cmrr_mbep2d_bold",
    "ReceiveCoilActiveElements": "HC1-6",
    "ReceiveCoilName": "HeadNeck_64",
    "ReconMatrixPE": 84,
    "RepetitionTime": 1.205,
    "SAR": 0.0718201,
    "ScanOptions": "FS_EXT",
    "ScanningSequence": "EP",
    "SequenceName": "epfid2d1_84",
    "SequenceVariant": "SK_SS",
    "SeriesDescription": "task-convers_run4_bold",
    "SeriesNumber": 22,
    "ShimSetting": [
      -606,
      -10786,
      -490,
      407,
      34,
      -26,
      2,
      24
    ],
    "SliceThickness": 2.5,
    "SliceTiming": [
      1.1375,
      1.07,
      1.005,
      0.9375,
      0.87,
      0.8025,
      0.735,
      0.67,
      0.6025,
      0.535,
      0.4675,
      0.4025,
      0.335,
      0.2675,
      0.2,
      0.1325,
      0.0675,
      0,
      1.1375,
      1.07,
      1.005,
      0.9375,
      0.87,
      0.8025,
      0.735,
      0.67,
      0.6025,
      0.535,
      0.4675,
      0.4025,
      0.335,
      0.2675,
      0.2,
      0.1325,
      0.0675,
      0,
      1.1375,
      1.07,
      1.005,
      0.9375,
      0.87,
      0.8025,
      0.735,
      0.67,
      0.6025,
      0.535,
      0.4675,
      0.4025,
      0.335,
      0.2675,
      0.2,
      0.1325,
      0.0675,
      0
    ],
    "SoftwareVersions": "syngo_MR_E11",
    "SpacingBetweenSlices": 2.5,
    "StationName": "AWP66072",
    "TaskName": "convers",
    "TotalReadoutTime": 0.04199916,
    "TxRefAmp": 231.604,
    "modality": "bold",
    "run_id": "04",
    "subject_id": "08",
    "task_id": "convers"
  },
  "dummy_trs": 0,
  "dvars_nstd": 48.47774085421873,
  "dvars_std": 1.170768830364583,
  "dvars_vstd": 1.558302396380209,
  "efc": 0.4707103912211589,
  "fber": 11572.1142578125,
  "fd_mean": 0.36232791540251713,
  "fd_num": 248,
  "fd_perc": 64.41558441558442,
  "fwhm_avg": 2.9703226666666667,
  "fwhm_x": 2.76168,
  "fwhm_y": 3.2817160000000003,
  "fwhm_z": 2.867572,
  "gcor": 0.00835548,
  "gsr_x": -0.011556126177310944,
  "gsr_y": 0.029419200494885445,
  "provenance": {
    "md5sum": "4ec34a01412171bcb4e3739700687ab4",
    "settings": {
      "fd_thres": 0.2,
      "hmc_fsl": false
    },
    "software": "mriqc",
    "version": "0.10.4"
  },
  "size_t": 385,
  "size_x": 84,
  "size_y": 84,
  "size_z": 54,
  "snr": 2.0859783899821016,
  "spacing_tr": 1.2050000429153442,
  "spacing_x": 2.5,
  "spacing_y": 2.5,
  "spacing_z": 2.5,
  "summary_bg_k": 28.161547696962486,
  "summary_bg_mad": 82.07511901855469,
  "summary_bg_mean": 465.1930236816406,
  "summary_bg_median": 93.10310363769531,
  "summary_bg_n": 236281.0,
  "summary_bg_p05": 30.03094482421875,
  "summary_bg_p95": 2342.344970703125,
  "summary_bg_stdv": 1080.0244140625,
  "summary_fg_k": 0.9407458307261791,
  "summary_fg_mad": 4909.18359375,
  "summary_fg_mean": 11793.380859375,
  "summary_fg_median": 10840.470703125,
  "summary_fg_n": 85082.0,
  "summary_fg_p05": 5220.94365234375,
  "summary_fg_p95": 21770.55068359375,
  "summary_fg_stdv": 5196.79736328125,
  "tsnr": 35.15843200683594
}