{
  "aor": 0.0019428645833333331,
  "aqi": 0.008440480078125,
  "bids_meta": {
    "AcquisitionDateTime": "2018-07-18T18:03:01.623000",
    "AcquisitionMatrixPE": 84,
    "AcquisitionNumber": 1,
    "AcquisitionTime": "18:02:48.587500",
    "BandwidthPerPixelPhaseEncode": 23.81,
    "BaseResolution": 84,
    "BodyPartExamined": "HEAD",
    "ConsistencyInfo": "N4_VE11B_LATEST_20150530",
    "ConversionSoftware": "dcm2niix",
    "ConversionSoftwareVersion": "v1.0.20171215 GCC5.1.0",
    "DerivedVendorReportedEchoSpacing": 0.00049999,
    "DeviceSerialNumber": "66072",
    "DwellTime": 2.3e-06,
    "EchoTime": 0.03,
    "EchoTrainLength": 84,
    "EffectiveEchoSpacing": 0.00049999,
    "FlipAngle": 65,
    "ImageComments": "Unaliased_MB3_PE3_LB_SENSE1",
    "ImageOrientationPatientDICOM": [
      0.996885,
      0.0787227,
      -0.00478243,
      -0.0786316,
      0.99676,
      0.0169327
    ],
    "ImageType": [
      "ORIGINAL",
      "PRIMARY",
      "M",
      "MB",
      "ND",
      "MOSAIC"
    ],
    "InPlanePhaseEncodingDirectionDICOM": "COL",
    "InstitutionAddress": "Boulevard_Jean_Moulin_27_Marseille_District_FR_13005",
    "InstitutionName": "Universite_d_aix_Marseille",
    "InstitutionalDepartmentName": "Department",
    "MRAcquisitionType": "2D",
    "MagneticFieldStrength": 3,
    "Manufacturer": "Siemens",
    "ManufacturersModelName": "Prisma",
    "Modality": "MR",
    "MultibandAccelerationFactor": 3,
    "PartialFourier": 1,
    "PatientPosition": "HFS",
    "PercentPhaseFOV": 100,
    "PhaseEncodingDirection": "j",
    "PhaseEncodingSteps": 84,
    "PhaseResolution": 1,
    "PixelBandwidth": 2590,
    "ProcedureStepDescription": "Projets_Convers",
    "ProtocolName": "task-convers_run1_bold",
    "PulseSequenceDetails": "%CustomerSeq%_cmrr_mbep2d_bold",
    "ReceiveCoilActiveElements": "HC1-6",
    "ReceiveCoilName": "HeadNeck_64",
    "ReconMatrixPE": 84,
    "RepetitionTime": 1.205,
    "SAR": 0.070211,
    "ScanOptions": "FS_EXT",
    "ScanningSequence": "EP",
    "SequenceName": "epfid2d1_84",
    "SequenceVariant": "SK_SS",
    "SeriesDescription": "task-convers_run1_bold",
    "SeriesNumber": 10,
    "ShimSetting": [
      -609,
      -10762,
      -495,
      491,
      73,
      104,
      125,
      8
    ],
    "SliceThickness": 2.5,
    "SliceTiming": [
      1.14,
      1.0725,
      1.005,
      0.9375,
      0.87,
      0.805,
      0.7375,
      0.67,
      0.6025,
      0.5375,
      0.47,
      0.4025,
      0.335,
      0.2675,
      0.2025,
      0.135,
      0.0675,
      0,
      1.14,
      1.0725,
      1.005,
      0.9375,
      0.87,
      0.805,
      0.7375,
      0.67,
      0.6025,
      0.5375,
      0.47,
      0.4025,
      0.335,
      0.2675,
      0.2025,
      0.135,
      0.0675,
      0,
      1.14,
      1.0725,
      1.005,
      0.9375,
      0.87,
      0.805,
      0.7375,
      0.67,
      0.6025,
      0.5375,
      0.47,
      0.4025,
      0.335,
      0.2675,
      0.2025,
      0.135,
      0.0675,
      0
    ],
    "SoftwareVersions": "syngo_MR_E11",
    "SpacingBetweenSlices": 2.5,
    "StationName": "AWP66072",
    "TaskName": "convers",
    "TotalReadoutTime": 0.04199916,
    "TxRefAmp": 215.347,
    "modality": "bold",
    "run_id": "01",
    "subject_id": "24",
    "task_id": "convers"
  },
  "dummy_trs": 1,
  "dvars_nstd": 37.375418899530025,
  "dvars_std": 1.042896202689294,
  "dvars_vstd": 2.089381500156658,
  "efc": 0.44407895783375684,
  "fber": 16964.326171875,
  "fd_mean": 0.21037132732591543,
  "fd_num": 150,
  "fd_perc": 39.0625,
  "fwhm_avg": 2.9421239999999997,
  "fwhm_x": 2.75474,
  "fwhm_y": 3.257228,
  "fwhm_z": 2.814404,
  "gcor": 0.026553,
  "gsr_x": -0.012092486955225468,
  "gsr_y": 0.056432005017995834,
  "provenance": {
    "md5sum": "332503744d7e9c0bdab32346e3841ee2",
    "settings": {
      "fd_thres": 0.2,
      "hmc_fsl": false
    },
    "software": "mriqc",
    "version": "0.11.0",
    "webapi_port": null,
    "webapi_url": null
  },
  "size_t": 384,
  "size_x": 84,
  "size_y": 84,
  "size_z": 54,
  "snr": 2.1412279893352077,
  "spacing_tr": 1.2050000429153442,
  "spacing_x": 2.5,
  "spacing_y": 2.5,
  "spacing_z": 2.5,
  "summary_bg_k": 25.94463824183771,
  "summary_bg_mad": 53.3465461730957,
  "summary_bg_mean": 475.1390380859375,
  "summary_bg_median": 74.05430603027344,
  "summary_bg_n": 247193.0,
  "summary_bg_p05": 31.43711624145508,
  "summary_bg_p95": 2616.948779296874,
  "summary_bg_stdv": 1207.9571533203125,
  "summary_fg_k": 0.8094724845760108,
  "summary_fg_mad": 4516.6884765625,
  "summary_fg_mean": 11206.6630859375,
  "summary_fg_median": 10374.6953125,
  "summary_fg_n": 74836.0,
  "summary_fg_p05": 4901.954345703125,
  "summary_fg_p95": 20450.0146484375,
  "summary_fg_stdv": 4845.17578125,
  "tsnr": 30.79178237915039
}