{
  "aor": 0.0026745194805194803,
  "aqi": 0.006669834311688312,
  "bids_meta": {
    "AcquisitionDateTime": "2018-05-30T15:18:46.631000",
    "AcquisitionMatrixPE": 84,
    "AcquisitionNumber": 1,
    "AcquisitionTime": "15:18:45.047500",
    "BandwidthPerPixelPhaseEncode": 23.81,
    "BaseResolution": 84,
    "BodyPartExamined": "HEAD",
    "ConsistencyInfo": "N4_VE11B_LATEST_20150530",
    "ConversionSoftware": "dcm2niix",
    "ConversionSoftwareVersion": "v1.0.20171215 GCC5.1.0",
    "DerivedVendorReportedEchoSpacing": 0.00049999,
    "DeviceSerialNumber": "66072",
    "DwellTime": 2.3e-06,
    "EchoTime": 0.03,
    "EchoTrainLength": 84,
    "EffectiveEchoSpacing": 0.00049999,
    "FlipAngle": 65,
    "ImageComments": "Unaliased_MB3_PE3_LB_SENSE1",
    "ImageOrientationPatientDICOM": [
      0.999383,
      0.000465242,
      0.0351118,
      -0.00366291,
      0.995839,
      0.0910618
    ],
    "ImageType": [
      "ORIGINAL",
      "PRIMARY",
      "M",
      "MB",
      "ND",
      "MOSAIC"
    ],
    "InPlanePhaseEncodingDirectionDICOM": "COL",
    "InstitutionAddress": "Boulevard_Jean_Moulin_27_Marseille_District_FR_13005",
    "InstitutionName": "Universite_d_aix_Marseille",
    "InstitutionalDepartmentName": "Department",
    "MRAcquisitionType": "2D",
    "MagneticFieldStrength": 3,
    "Manufacturer": "Siemens",
    "ManufacturersModelName": "Prisma",
    "Modality": "MR",
    "MultibandAccelerationFactor": 3,
    "PartialFourier": 1,
    "PatientPosition": "HFS",
    "PercentPhaseFOV": 100,
    "PhaseEncodingDirection": "j",
    "PhaseEncodingSteps": 84,
    "PhaseResolution": 1,
    "PixelBandwidth": 2590,
    "ProcedureStepDescription": "Projets_Convers",
    "ProtocolName": "task-convers_run1_bold",
    "PulseSequenceDetails": "%CustomerSeq%_cmrr_mbep2d_bold",
    "ReceiveCoilActiveElements": "HC1-6",
    "ReceiveCoilName": "HeadNeck_64",
    "ReconMatrixPE": 84,
    "RepetitionTime": 1.205,
    "SAR": 0.0718201,
    "ScanOptions": "FS_EXT",
    "ScanningSequence": "EP",
    "SequenceName": "epfid2d1_84",
    "SequenceVariant": "SK_SS",
    "SeriesDescription": "task-convers_run1_bold",
    "SeriesNumber": 16,
    "ShimSetting": [
      -606,
      -10786,
      -490,
      407,
      34,
      -26,
      2,
      24
    ],
    "SliceThickness": 2.5,
    "SliceTiming": [
      1.1375,
      1.07,
      1.005,
      0.9375,
      0.87,
      0.8025,
      0.735,
      0.67,
      0.6025,
      0.535,
      0.4675,
      0.4025,
      0.335,
      0.2675,
      0.2,
      0.1325,
      0.0675,
      0,
      1.1375,
      1.07,
      1.005,
      0.9375,
      0.87,
      0.8025,
      0.735,
      0.67,
      0.6025,
      0.535,
      0.4675,
      0.4025,
      0.335,
      0.2675,
      0.2,
      0.1325,
      0.0675,
      0,
      1.1375,
      1.07,
      1.005,
      0.9375,
      0.87,
      0.8025,
      0.735,
      0.67,
      0.6025,
      0.535,
      0.4675,
      0.4025,
      0.335,
      0.2675,
      0.2,
      0.1325,
      0.0675,
      0
    ],
    "SoftwareVersions": "syngo_MR_E11",
    "SpacingBetweenSlices": 2.5,
    "StationName": "AWP66072",
    "TaskName": "convers",
    "TotalReadoutTime": 0.04199916,
    "TxRefAmp": 231.604,
    "modality": "bold",
    "run_id": "01",
    "subject_id": "08",
    "task_id": "convers"
  },
  "dummy_trs": 0,
  "dvars_nstd": 38.18418899171875,
  "dvars_std": 1.1413912723177086,
  "dvars_vstd": 2.4379028352083325,
  "efc": 0.46926413470315304,
  "fber": 13348.3251953125,
  "fd_mean": 0.219833127822201,
  "fd_num": 169,
  "fd_perc": 43.896103896103895,
  "fwhm_avg": 2.991164,
  "fwhm_x": 2.764684,
  "fwhm_y": 3.3196199999999996,
  "fwhm_z": 2.889188,
  "gcor": 0.0127334,
  "gsr_x": -0.010292480699717999,
  "gsr_y": 0.02814340777695179,
  "provenance": {
    "md5sum": "02b25a2b9aa73372219002deabd11310",
    "settings": {
      "fd_thres": 0.2,
      "hmc_fsl": false
    },
    "software": "mriqc",
    "version": "0.10.4"
  },
  "size_t": 385,
  "size_x": 84,
  "size_y": 84,
  "size_z": 54,
  "snr": 2.0925552366838356,
  "spacing_tr": 1.2050000429153442,
  "spacing_x": 2.5,
  "spacing_y": 2.5,
  "spacing_z": 2.5,
  "summary_bg_k": 30.887727573832926,
  "summary_bg_mad": 71.62855529785156,
  "summary_bg_mean": 451.32086181640625,
  "summary_bg_median": 87.11566162109375,
  "summary_bg_n": 236100.0,
  "summary_bg_p05": 33.44816989898682,
  "summary_bg_p95": 2231.579187011718,
  "summary_bg_stdv": 1060.614013671875,
  "summary_fg_k": 0.8724176877609113,
  "summary_fg_mad": 4947.01953125,
  "summary_fg_mean": 11846.34765625,
  "summary_fg_median": 10897.763671875,
  "summary_fg_n": 85162.0,
  "summary_fg_p05": 5233.63994140625,
  "summary_fg_p95": 21876.21064453125,
  "summary_fg_stdv": 5207.84326171875,
  "tsnr": 36.519989013671875
}