{
  "bids_meta": {
    "AcquisitionDateTime": "2018-05-30T17:34:52.413000",
    "AcquisitionMatrixPE": 320,
    "AcquisitionNumber": 1,
    "AcquisitionTime": "17:27:45.170000",
    "BaseResolution": 320,
    "BodyPartExamined": "HEAD",
    "ConsistencyInfo": "N4_VE11B_LATEST_20150530",
    "ConversionSoftware": "dcm2niix",
    "ConversionSoftwareVersion": "v1.0.20171215 GCC5.1.0",
    "DeviceSerialNumber": "66072",
    "DwellTime": 7.4e-06,
    "EchoTime": 0.00228,
    "FlipAngle": 8,
    "ImageOrientationPatientDICOM": [
      -0.0372725,
      0.990779,
      0.130262,
      0.0326912,
      0.131492,
      -0.990778
    ],
    "ImageType": [
      "ORIGINAL",
      "PRIMARY",
      "M",
      "ND",
      "NORM"
    ],
    "InPlanePhaseEncodingDirectionDICOM": "ROW",
    "InstitutionAddress": "Boulevard_Jean_Moulin_27_Marseille_District_FR_13005",
    "InstitutionName": "Universite_d_aix_Marseille",
    "InstitutionalDepartmentName": "Department",
    "InversionTime": 1.01,
    "MRAcquisitionType": "3D",
    "MagneticFieldStrength": 3,
    "Manufacturer": "Siemens",
    "ManufacturersModelName": "Prisma",
    "Modality": "MR",
    "ParallelReductionFactorInPlane": 2,
    "PartialFourier": 1,
    "PatientPosition": "HFS",
    "PercentPhaseFOV": 100,
    "PhaseEncodingSteps": 319,
    "PhaseResolution": 1,
    "PixelBandwidth": 210,
    "ProcedureStepDescription": "Projets_Convers",
    "ProtocolName": "T1w",
    "PulseSequenceDetails": "%SiemensSeq%_tfl",
    "ReceiveCoilActiveElements": "HC1-7;NC1,2",
    "ReceiveCoilName": "HeadNeck_64",
    "ReconMatrixPE": 320,
    "RepetitionTime": 2.4,
    "SAR": 0.0455198,
    "ScanOptions": "IR_WE",
    "ScanningSequence": "GR_IR",
    "SequenceName": "_tfl3d1_16ns",
    "SequenceVariant": "SK_SP_MP",
    "SeriesDescription": "T1w",
    "SeriesNumber": 22,
    "ShimSetting": [
      -607,
      -10794,
      -642,
      -207,
      102,
      -187,
      56,
      -18
    ],
    "SliceThickness": 0.8,
    "SoftwareVersions": "syngo_MR_E11",
    "StationName": "AWP66072",
    "TxRefAmp": 234.264,
    "modality": "T1w",
    "subject_id": "09"
  },
  "cjv": 0.5582446235783461,
  "cnr": 2.3905106601034753,
  "efc": 0.520012468664956,
  "fber": 3195.078125,
  "fwhm_avg": 4.3071665008847555,
  "fwhm_x": 4.195612132680122,
  "fwhm_y": 4.3787124347521,
  "fwhm_z": 4.3471749352220455,
  "icvs_csf": 0.18467957710456687,
  "icvs_gm": 0.4313012327268403,
  "icvs_wm": 0.3840191901685928,
  "inu_med": 1.141993761062622,
  "inu_range": 0.5038866281509398,
  "provenance": {
    "md5sum": "56f7637d7fc7d98a7b60830004dd7c89",
    "settings": {
      "testing": false
    },
    "software": "mriqc",
    "version": "0.10.4",
    "warnings": {
      "large_rot_frame": false,
      "small_air_mask": false
    }
  },
  "qi_1": 0.0,
  "qi_2": 0.016259395048712717,
  "rpve_csf": 35.94078091225903,
  "rpve_gm": 16.927160315718492,
  "rpve_wm": 21.99107875679574,
  "size_x": 256,
  "size_y": 320,
  "size_z": 320,
  "snr_csf": 2.9545226960188957,
  "snr_gm": 9.90856858242646,
  "snr_total": 10.39628771199484,
  "snr_wm": 18.325771857539163,
  "snrd_csf": 28.053628310692858,
  "snrd_gm": 60.81331997352302,
  "snrd_total": 55.895070827152296,
  "snrd_wm": 78.818264197241,
  "spacing_x": 0.7999953031539917,
  "spacing_y": 0.800000011920929,
  "spacing_z": 0.800000011920929,
  "summary_bg_k": 3.0280584415072154,
  "summary_bg_mad": 8.312265396118164,
  "summary_bg_mean": 13.253374099731445,
  "summary_bg_median": 11.108089447021484,
  "summary_bg_n": 5184564.0,
  "summary_bg_p05": 2.523380661010742,
  "summary_bg_p95": 31.651165676116936,
  "summary_bg_stdv": 9.518689155578613,
  "summary_csf_k": 0.397371122691657,
  "summary_csf_mad": 109.86088562011719,
  "summary_csf_mean": 381.394287109375,
  "summary_csf_median": 355.93994140625,
  "summary_csf_n": 44602.0,
  "summary_csf_p05": 226.12682418823243,
  "summary_csf_p95": 607.3988677978516,
  "summary_csf_stdv": 120.4715576171875,
  "summary_gm_k": 0.0691519166407426,
  "summary_gm_mad": 76.88841247558594,
  "summary_gm_mean": 774.28369140625,
  "summary_gm_median": 771.5896606445312,
  "summary_gm_n": 60526.0,
  "summary_gm_p05": 653.3186492919922,
  "summary_gm_p95": 910.4960174560547,
  "summary_gm_stdv": 77.87030792236328,
  "summary_wm_k": 0.5405762754819157,
  "summary_wm_mad": 50.639137268066406,
  "summary_wm_mean": 1003.6783447265625,
  "summary_wm_median": 1000.0335083007812,
  "summary_wm_n": 424841.0,
  "summary_wm_p05": 920.4254150390625,
  "summary_wm_p95": 1100.0687255859375,
  "summary_wm_stdv": 54.569725036621094,
  "tpm_overlap_csf": 0.2347952425479889,
  "tpm_overlap_gm": 0.5099952816963196,
  "tpm_overlap_wm": 0.5472442507743835,
  "wm2max": 0.5196965024018291
}