{
  "aor": 0.0021691666666666665,
  "aqi": 0.00459968734375,
  "bids_meta": {
    "AcquisitionDateTime": "2018-05-29T12:01:35.614000",
    "AcquisitionMatrixPE": 84,
    "AcquisitionNumber": 1,
    "AcquisitionTime": "12:01:8.227500",
    "BandwidthPerPixelPhaseEncode": 23.81,
    "BaseResolution": 84,
    "BodyPartExamined": "HEAD",
    "ConsistencyInfo": "N4_VE11B_LATEST_20150530",
    "ConversionSoftware": "dcm2niix",
    "ConversionSoftwareVersion": "v1.0.20171215 GCC5.1.0",
    "DerivedVendorReportedEchoSpacing": 0.00049999,
    "DeviceSerialNumber": "66072",
    "DwellTime": 2.3e-06,
    "EchoTime": 0.03,
    "EchoTrainLength": 84,
    "EffectiveEchoSpacing": 0.00049999,
    "FlipAngle": 65,
    "ImageComments": "Unaliased_MB3_PE3_LB_SENSE1",
    "ImageOrientationPatientDICOM": [
      0.996665,
      -0.0120731,
      0.0807029,
      0.0167008,
      0.998239,
      -0.0569162
    ],
    "ImageType": [
      "ORIGINAL",
      "PRIMARY",
      "M",
      "MB",
      "ND",
      "MOSAIC"
    ],
    "InPlanePhaseEncodingDirectionDICOM": "COL",
    "InstitutionAddress": "Boulevard_Jean_Moulin_27_Marseille_District_FR_13005",
    "InstitutionName": "Universite_d_aix_Marseille",
    "InstitutionalDepartmentName": "Department",
    "MRAcquisitionType": "2D",
    "MagneticFieldStrength": 3,
    "Manufacturer": "Siemens",
    "ManufacturersModelName": "Prisma",
    "Modality": "MR",
    "MultibandAccelerationFactor": 3,
    "PartialFourier": 1,
    "PatientPosition": "HFS",
    "PercentPhaseFOV": 100,
    "PhaseEncodingDirection": "j",
    "PhaseEncodingSteps": 84,
    "PhaseResolution": 1,
    "PixelBandwidth": 2590,
    "ProcedureStepDescription": "Projets_Convers",
    "ProtocolName": "task-convers_run2_bold",
    "PulseSequenceDetails": "%CustomerSeq%_cmrr_mbep2d_bold",
    "ReceiveCoilActiveElements": "HC1-7",
    "ReceiveCoilName": "HeadNeck_64",
    "ReconMatrixPE": 84,
    "RepetitionTime": 1.205,
    "SAR": 0.0495346,
    "ScanOptions": "FS_EXT",
    "ScanningSequence": "EP",
    "SequenceName": "epfid2d1_84",
    "SequenceVariant": "SK_SS",
    "SeriesDescription": "task-convers_run2_bold",
    "SeriesNumber": 12,
    "ShimSetting": [
      -590,
      -10745,
      -556,
      562,
      13,
      147,
      -113,
      -12
    ],
    "SliceThickness": 2.5,
    "SliceTiming": [
      1.14,
      1.0725,
      1.005,
      0.9375,
      0.87,
      0.805,
      0.7375,
      0.67,
      0.6025,
      0.5375,
      0.47,
      0.4025,
      0.335,
      0.2675,
      0.2025,
      0.135,
      0.0675,
      0,
      1.14,
      1.0725,
      1.005,
      0.9375,
      0.87,
      0.805,
      0.7375,
      0.67,
      0.6025,
      0.5375,
      0.47,
      0.4025,
      0.335,
      0.2675,
      0.2025,
      0.135,
      0.0675,
      0,
      1.14,
      1.0725,
      1.005,
      0.9375,
      0.87,
      0.805,
      0.7375,
      0.67,
      0.6025,
      0.5375,
      0.47,
      0.4025,
      0.335,
      0.2675,
      0.2025,
      0.135,
      0.0675,
      0
    ],
    "SoftwareVersions": "syngo_MR_E11",
    "SpacingBetweenSlices": 2.5,
    "StationName": "AWP66072",
    "TaskName": "convers",
    "TotalReadoutTime": 0.04199916,
    "TxRefAmp": 216.133,
    "modality": "bold",
    "run_id": "02",
    "subject_id": "02",
    "task_id": "convers"
  },
  "dummy_trs": 1,
  "dvars_nstd": 36.18455637822452,
  "dvars_std": 1.1819581917754571,
  "dvars_vstd": 1.0979705632637073,
  "efc": 0.4237616237157504,
  "fber": 18935.916015625,
  "fd_mean": 0.16022949607593068,
  "fd_num": 87,
  "fd_perc": 22.65625,
  "fwhm_avg": 2.761658666666667,
  "fwhm_x": 2.5634,
  "fwhm_y": 3.103348,
  "fwhm_z": 2.6182279999999998,
  "gcor": 0.0207139,
  "gsr_x": -0.0016615272033959627,
  "gsr_y": 0.02666052244603634,
  "provenance": {
    "md5sum": "af999a6375e861a14b5c81f4378dfd65",
    "settings": {
      "fd_thres": 0.2,
      "hmc_fsl": false
    },
    "software": "mriqc",
    "version": "0.10.4"
  },
  "size_t": 384,
  "size_x": 84,
  "size_y": 84,
  "size_z": 54,
  "snr": 2.3720289472904588,
  "spacing_tr": 1.2050000429153442,
  "spacing_x": 2.5,
  "spacing_y": 2.5,
  "spacing_z": 2.5,
  "summary_bg_k": 46.58635606173766,
  "summary_bg_mad": 48.078765869140625,
  "summary_bg_mean": 400.4729919433594,
  "summary_bg_median": 70.62847137451172,
  "summary_bg_n": 259585.0,
  "summary_bg_p05": 34.476358795166014,
  "summary_bg_p95": 1828.2420410156228,
  "summary_bg_stdv": 988.8989868164062,
  "summary_fg_k": 0.6369530381766157,
  "summary_fg_mad": 4072.514404296875,
  "summary_fg_mean": 11023.43359375,
  "summary_fg_median": 10368.82421875,
  "summary_fg_n": 64852.0,
  "summary_fg_p05": 5024.22373046875,
  "summary_fg_p95": 19219.55078125,
  "summary_fg_stdv": 4371.25537109375,
  "tsnr": 40.93193435668945
}