{
  "aor": 0.0023484155844155845,
  "aqi": 0.0058579272987012996,
  "bids_meta": {
    "AcquisitionDateTime": "2018-07-18T14:50:04.793000",
    "AcquisitionMatrixPE": 84,
    "AcquisitionNumber": 1,
    "AcquisitionTime": "14:50:2.517500",
    "BandwidthPerPixelPhaseEncode": 23.81,
    "BaseResolution": 84,
    "BodyPartExamined": "HEAD",
    "ConsistencyInfo": "N4_VE11B_LATEST_20150530",
    "ConversionSoftware": "dcm2niix",
    "ConversionSoftwareVersion": "v1.0.20171215 GCC5.1.0",
    "DerivedVendorReportedEchoSpacing": 0.00049999,
    "DeviceSerialNumber": "66072",
    "DwellTime": 2.3e-06,
    "EchoTime": 0.03,
    "EchoTrainLength": 84,
    "EffectiveEchoSpacing": 0.00049999,
    "FlipAngle": 65,
    "ImageComments": "Unaliased_MB3_PE3_LB_SENSE1",
    "ImageOrientationPatientDICOM": [
      0.998766,
      -0.0481814,
      0.0120089,
      0.0467513,
      0.993934,
      0.0995488
    ],
    "ImageType": [
      "ORIGINAL",
      "PRIMARY",
      "M",
      "MB",
      "ND",
      "MOSAIC"
    ],
    "InPlanePhaseEncodingDirectionDICOM": "COL",
    "InstitutionAddress": "Boulevard_Jean_Moulin_27_Marseille_District_FR_13005",
    "InstitutionName": "Universite_d_aix_Marseille",
    "InstitutionalDepartmentName": "Department",
    "MRAcquisitionType": "2D",
    "MagneticFieldStrength": 3,
    "Manufacturer": "Siemens",
    "ManufacturersModelName": "Prisma",
    "Modality": "MR",
    "MultibandAccelerationFactor": 3,
    "PartialFourier": 1,
    "PatientPosition": "HFS",
    "PercentPhaseFOV": 100,
    "PhaseEncodingDirection": "j",
    "PhaseEncodingSteps": 84,
    "PhaseResolution": 1,
    "PixelBandwidth": 2590,
    "ProcedureStepDescription": "Projets_Convers",
    "ProtocolName": "task-convers_run2_bold",
    "PulseSequenceDetails": "%CustomerSeq%_cmrr_mbep2d_bold",
    "ReceiveCoilActiveElements": "HC1-6",
    "ReceiveCoilName": "HeadNeck_64",
    "ReconMatrixPE": 84,
    "RepetitionTime": 1.205,
    "SAR": 0.073952,
    "ScanOptions": "FS_EXT",
    "ScanningSequence": "EP",
    "SequenceName": "epfid2d1_84",
    "SequenceVariant": "SK_SS",
    "SeriesDescription": "task-convers_run2_bold",
    "SeriesNumber": 12,
    "ShimSetting": [
      -617,
      -10774,
      -516,
      397,
      24,
      178,
      24,
      34
    ],
    "SliceThickness": 2.5,
    "SliceTiming": [
      1.1375,
      1.07,
      1.0025,
      0.9375,
      0.87,
      0.8025,
      0.735,
      0.67,
      0.6025,
      0.535,
      0.4675,
      0.4,
      0.335,
      0.2675,
      0.2,
      0.1325,
      0.0675,
      0,
      1.1375,
      1.07,
      1.0025,
      0.9375,
      0.87,
      0.8025,
      0.735,
      0.67,
      0.6025,
      0.535,
      0.4675,
      0.4,
      0.335,
      0.2675,
      0.2,
      0.1325,
      0.0675,
      0,
      1.1375,
      1.07,
      1.0025,
      0.9375,
      0.87,
      0.8025,
      0.735,
      0.67,
      0.6025,
      0.535,
      0.4675,
      0.4,
      0.335,
      0.2675,
      0.2,
      0.1325,
      0.0675,
      0
    ],
    "SoftwareVersions": "syngo_MR_E11",
    "SpacingBetweenSlices": 2.5,
    "StationName": "AWP66072",
    "TaskName": "convers",
    "TotalReadoutTime": 0.04199916,
    "TxRefAmp": 264.25,
    "modality": "bold",
    "run_id": "02",
    "subject_id": "22",
    "task_id": "convers"
  },
  "dummy_trs": 0,
  "dvars_nstd": 39.30455200364584,
  "dvars_std": 1.1470722358333332,
  "dvars_vstd": 1.1095526771874997,
  "efc": 0.5169971555036308,
  "fber": 4307.18896484375,
  "fd_mean": 0.20301744211568343,
  "fd_num": 156,
  "fd_perc": 40.51948051948052,
  "fwhm_avg": 2.9115226666666665,
  "fwhm_x": 2.723648,
  "fwhm_y": 3.181488,
  "fwhm_z": 2.8294319999999997,
  "gcor": 0.0152803,
  "gsr_x": 0.035991959273815155,
  "gsr_y": 0.025078997015953064,
  "provenance": {
    "md5sum": "d51166cd2f10d13e09c90ddd380fd572",
    "settings": {
      "fd_thres": 0.2,
      "hmc_fsl": false
    },
    "software": "mriqc",
    "version": "0.11.0",
    "webapi_port": null,
    "webapi_url": null
  },
  "size_t": 385,
  "size_x": 84,
  "size_y": 84,
  "size_z": 54,
  "snr": 1.9020111728969324,
  "spacing_tr": 1.2050000429153442,
  "spacing_x": 2.5,
  "spacing_y": 2.5,
  "spacing_z": 2.5,
  "summary_bg_k": 26.121161452232577,
  "summary_bg_mad": 137.96189880371094,
  "summary_bg_mean": 763.7970581054688,
  "summary_bg_median": 140.09988403320312,
  "summary_bg_n": 221182.0,
  "summary_bg_p05": 39.772053527832036,
  "summary_bg_p95": 4006.441394042962,
  "summary_bg_stdv": 1755.5528564453125,
  "summary_fg_k": 1.278138646072783,
  "summary_fg_mad": 4938.4814453125,
  "summary_fg_mean": 10924.8974609375,
  "summary_fg_median": 10012.828125,
  "summary_fg_n": 97069.0,
  "summary_fg_p05": 4069.41943359375,
  "summary_fg_p95": 20821.084765624997,
  "summary_fg_stdv": 5264.31005859375,
  "tsnr": 39.51133728027344
}