{
  "aor": 0.0021406753246753247,
  "aqi": 0.011906147116883117,
  "bids_meta": {
    "AcquisitionDateTime": "2018-05-30T13:48:15.777000",
    "AcquisitionMatrixPE": 84,
    "AcquisitionNumber": 1,
    "AcquisitionTime": "13:48:12.570000",
    "BandwidthPerPixelPhaseEncode": 23.81,
    "BaseResolution": 84,
    "BodyPartExamined": "HEAD",
    "ConsistencyInfo": "N4_VE11B_LATEST_20150530",
    "ConversionSoftware": "dcm2niix",
    "ConversionSoftwareVersion": "v1.0.20171215 GCC5.1.0",
    "DerivedVendorReportedEchoSpacing": 0.00049999,
    "DeviceSerialNumber": "66072",
    "DwellTime": 2.3e-06,
    "EchoTime": 0.03,
    "EchoTrainLength": 84,
    "EffectiveEchoSpacing": 0.00049999,
    "FlipAngle": 65,
    "ImageComments": "Unaliased_MB3_PE3_LB_SENSE1",
    "ImageOrientationPatientDICOM": [
      0.988615,
      -0.00727373,
      0.150294,
      0.0219169,
      0.99514,
      -0.0960047
    ],
    "ImageType": [
      "ORIGINAL",
      "PRIMARY",
      "M",
      "MB",
      "ND",
      "MOSAIC"
    ],
    "InPlanePhaseEncodingDirectionDICOM": "COL",
    "InstitutionAddress": "Boulevard_Jean_Moulin_27_Marseille_District_FR_13005",
    "InstitutionName": "Universite_d_aix_Marseille",
    "InstitutionalDepartmentName": "Department",
    "MRAcquisitionType": "2D",
    "MagneticFieldStrength": 3,
    "Manufacturer": "Siemens",
    "ManufacturersModelName": "Prisma",
    "Modality": "MR",
    "MultibandAccelerationFactor": 3,
    "PartialFourier": 1,
    "PatientPosition": "HFS",
    "PercentPhaseFOV": 100,
    "PhaseEncodingDirection": "j",
    "PhaseEncodingSteps": 84,
    "PhaseResolution": 1,
    "PixelBandwidth": 2590,
    "ProcedureStepDescription": "Projets_Convers",
    "ProtocolName": "task-convers_run1_bold",
    "PulseSequenceDetails": "%CustomerSeq%_cmrr_mbep2d_bold",
    "ReceiveCoilActiveElements": "HC1-7;NC1",
    "ReceiveCoilName": "HeadNeck_64",
    "ReconMatrixPE": 84,
    "RepetitionTime": 1.205,
    "SAR": 0.0787609,
    "ScanOptions": "FS_EXT",
    "ScanningSequence": "EP",
    "SequenceName": "epfid2d1_84",
    "SequenceVariant": "SK_SS",
    "SeriesDescription": "task-convers_run1_bold",
    "SeriesNumber": 11,
    "ShimSetting": [
      -555,
      -10759,
      -602,
      554,
      28,
      -69,
      50,
      -36
    ],
    "SliceThickness": 2.5,
    "SliceTiming": [
      1.1375,
      1.0725,
      1.005,
      0.9375,
      0.87,
      0.8025,
      0.7375,
      0.67,
      0.6025,
      0.535,
      0.47,
      0.4025,
      0.335,
      0.2675,
      0.2,
      0.135,
      0.0675,
      0,
      1.1375,
      1.0725,
      1.005,
      0.9375,
      0.87,
      0.8025,
      0.7375,
      0.67,
      0.6025,
      0.535,
      0.47,
      0.4025,
      0.335,
      0.2675,
      0.2,
      0.135,
      0.0675,
      0,
      1.1375,
      1.0725,
      1.005,
      0.9375,
      0.87,
      0.8025,
      0.7375,
      0.67,
      0.6025,
      0.535,
      0.47,
      0.4025,
      0.335,
      0.2675,
      0.2,
      0.135,
      0.0675,
      0
    ],
    "SoftwareVersions": "syngo_MR_E11",
    "SpacingBetweenSlices": 2.5,
    "StationName": "AWP66072",
    "TaskName": "convers",
    "TotalReadoutTime": 0.04199916,
    "TxRefAmp": 249.955,
    "modality": "bold",
    "run_id": "01",
    "subject_id": "07",
    "task_id": "convers"
  },
  "dummy_trs": 0,
  "dvars_nstd": 43.25402864802086,
  "dvars_std": 1.0726476089062498,
  "dvars_vstd": 1.0909744336458345,
  "efc": 0.49308550921950905,
  "fber": 5103.94970703125,
  "fd_mean": 0.33209042672399325,
  "fd_num": 265,
  "fd_perc": 68.83116883116882,
  "fwhm_avg": 2.927916100018193,
  "fwhm_x": 2.6576560000000002,
  "fwhm_y": 3.146300300054579,
  "fwhm_z": 2.979792,
  "gcor": 0.0177215,
  "gsr_x": -0.003146536648273468,
  "gsr_y": 0.05200112238526344,
  "provenance": {
    "md5sum": "898751515fc277d1a507f5eec926f7a9",
    "settings": {
      "fd_thres": 0.2,
      "hmc_fsl": false
    },
    "software": "mriqc",
    "version": "0.10.4"
  },
  "size_t": 385,
  "size_x": 84,
  "size_y": 84,
  "size_z": 54,
  "snr": 2.3354294759416865,
  "spacing_tr": 1.2050000429153442,
  "spacing_x": 2.5,
  "spacing_y": 2.499999761581421,
  "spacing_z": 2.5,
  "summary_bg_k": 32.32906027018703,
  "summary_bg_mad": 127.54840087890625,
  "summary_bg_mean": 546.06689453125,
  "summary_bg_median": 123.16677856445312,
  "summary_bg_n": 235474.0,
  "summary_bg_p05": 31.992441272735597,
  "summary_bg_p95": 2331.1657592773395,
  "summary_bg_stdv": 1102.0556640625,
  "summary_fg_k": 0.9886649960967282,
  "summary_fg_mad": 3641.662109375,
  "summary_fg_mean": 9927.671875,
  "summary_fg_median": 9291.599609375,
  "summary_fg_n": 84983.0,
  "summary_fg_p05": 4652.986962890625,
  "summary_fg_p95": 17433.931445312497,
  "summary_fg_stdv": 3978.5166015625,
  "tsnr": 27.423458099365234
}