{
  "aor": 0.0014912727272727272,
  "aqi": 0.0041317964935064936,
  "bids_meta": {
    "AcquisitionDateTime": "2018-05-29T15:35:09.616000",
    "AcquisitionMatrixPE": 84,
    "AcquisitionNumber": 1,
    "AcquisitionTime": "15:35:7.152500",
    "BandwidthPerPixelPhaseEncode": 23.81,
    "BaseResolution": 84,
    "BodyPartExamined": "HEAD",
    "ConsistencyInfo": "N4_VE11B_LATEST_20150530",
    "ConversionSoftware": "dcm2niix",
    "ConversionSoftwareVersion": "v1.0.20171215 GCC5.1.0",
    "DerivedVendorReportedEchoSpacing": 0.00049999,
    "DeviceSerialNumber": "66072",
    "DwellTime": 2.3e-06,
    "EchoTime": 0.03,
    "EchoTrainLength": 84,
    "EffectiveEchoSpacing": 0.00049999,
    "FlipAngle": 65,
    "ImageComments": "Unaliased_MB3_PE3_LB_SENSE1",
    "ImageOrientationPatientDICOM": [
      0.994485,
      0.0928305,
      0.0488111,
      -0.0887554,
      0.992843,
      -0.079905
    ],
    "ImageType": [
      "ORIGINAL",
      "PRIMARY",
      "M",
      "MB",
      "ND",
      "MOSAIC"
    ],
    "InPlanePhaseEncodingDirectionDICOM": "COL",
    "InstitutionAddress": "Boulevard_Jean_Moulin_27_Marseille_District_FR_13005",
    "InstitutionName": "Universite_d_aix_Marseille",
    "InstitutionalDepartmentName": "Department",
    "MRAcquisitionType": "2D",
    "MagneticFieldStrength": 3,
    "Manufacturer": "Siemens",
    "ManufacturersModelName": "Prisma",
    "Modality": "MR",
    "MultibandAccelerationFactor": 3,
    "PartialFourier": 1,
    "PatientPosition": "HFS",
    "PercentPhaseFOV": 100,
    "PhaseEncodingDirection": "j",
    "PhaseEncodingSteps": 84,
    "PhaseResolution": 1,
    "PixelBandwidth": 2590,
    "ProcedureStepDescription": "Projets_Convers",
    "ProtocolName": "task-convers_run3_bold",
    "PulseSequenceDetails": "%CustomerSeq%_cmrr_mbep2d_bold",
    "ReceiveCoilActiveElements": "HC1-7",
    "ReceiveCoilName": "HeadNeck_64",
    "ReconMatrixPE": 84,
    "RepetitionTime": 1.205,
    "SAR": 0.0848454,
    "ScanOptions": "FS_EXT",
    "ScanningSequence": "EP",
    "SequenceName": "epfid2d1_84",
    "SequenceVariant": "SK_SS",
    "SeriesDescription": "task-convers_run3_bold",
    "SeriesNumber": 21,
    "ShimSetting": [
      -600,
      -10784,
      -530,
      410,
      0,
      -104,
      141,
      -16
    ],
    "SliceThickness": 2.5,
    "SliceTiming": [
      1.1375,
      1.07,
      1.005,
      0.9375,
      0.87,
      0.8025,
      0.7375,
      0.67,
      0.6025,
      0.535,
      0.4675,
      0.4025,
      0.335,
      0.2675,
      0.2,
      0.135,
      0.0675,
      0,
      1.1375,
      1.07,
      1.005,
      0.9375,
      0.87,
      0.8025,
      0.7375,
      0.67,
      0.6025,
      0.535,
      0.4675,
      0.4025,
      0.335,
      0.2675,
      0.2,
      0.135,
      0.0675,
      0,
      1.1375,
      1.07,
      1.005,
      0.9375,
      0.87,
      0.8025,
      0.7375,
      0.67,
      0.6025,
      0.535,
      0.4675,
      0.4025,
      0.335,
      0.2675,
      0.2,
      0.135,
      0.0675,
      0
    ],
    "SoftwareVersions": "syngo_MR_E11",
    "SpacingBetweenSlices": 2.5,
    "StationName": "AWP66072",
    "TaskName": "convers",
    "TotalReadoutTime": 0.04199916,
    "TxRefAmp": 271.439,
    "modality": "bold",
    "run_id": "03",
    "subject_id": "04",
    "task_id": "convers"
  },
  "dummy_trs": 0,
  "dvars_nstd": 39.141853744661454,
  "dvars_std": 1.1787558505468745,
  "dvars_vstd": 1.0232958406250006,
  "efc": 0.5279393371865726,
  "fber": 6563.9189453125,
  "fd_mean": 0.17428391914170493,
  "fd_num": 119,
  "fd_perc": 30.90909090909091,
  "fwhm_avg": 2.8704520000000002,
  "fwhm_x": 2.675044,
  "fwhm_y": 3.0792919999999997,
  "fwhm_z": 2.85702,
  "gcor": 0.0215062,
  "gsr_x": 0.005067927297204733,
  "gsr_y": 0.04736810177564621,
  "provenance": {
    "md5sum": "84cecf69468df9438dab799efab12175",
    "settings": {
      "fd_thres": 0.2,
      "hmc_fsl": false
    },
    "software": "mriqc",
    "version": "0.10.4"
  },
  "size_t": 385,
  "size_x": 84,
  "size_y": 84,
  "size_z": 54,
  "snr": 2.011795239198078,
  "spacing_tr": 1.2050000429153442,
  "spacing_x": 2.5,
  "spacing_y": 2.5,
  "spacing_z": 2.5,
  "summary_bg_k": 22.361486331931623,
  "summary_bg_mad": 100.22052001953125,
  "summary_bg_mean": 655.3839111328125,
  "summary_bg_median": 111.95266723632812,
  "summary_bg_n": 212790.0,
  "summary_bg_p05": 39.302385330200195,
  "summary_bg_p95": 3593.5734985351564,
  "summary_bg_stdv": 1451.7208251953125,
  "summary_fg_k": 0.5192058139954736,
  "summary_fg_mad": 4903.287109375,
  "summary_fg_mean": 10946.3857421875,
  "summary_fg_median": 10023.5341796875,
  "summary_fg_n": 103782.0,
  "summary_fg_p05": 4538.553686523437,
  "summary_fg_p95": 20241.42939453125,
  "summary_fg_stdv": 4982.35888671875,
  "tsnr": 42.41520690917969
}