{
  "bids_meta": {
    "AcquisitionDateTime": "2018-07-18T15:28:24.761000",
    "AcquisitionMatrixPE": 320,
    "AcquisitionNumber": 1,
    "AcquisitionTime": "15:20:10.527500",
    "BaseResolution": 320,
    "BodyPartExamined": "HEAD",
    "ConsistencyInfo": "N4_VE11B_LATEST_20150530",
    "ConversionSoftware": "dcm2niix",
    "ConversionSoftwareVersion": "v1.0.20171215 GCC5.1.0",
    "DeviceSerialNumber": "66072",
    "DwellTime": 2.2e-06,
    "EchoTime": 0.562,
    "EchoTrainLength": 305,
    "FlipAngle": 120,
    "ImageOrientationPatientDICOM": [
      0.0454313,
      0.984093,
      0.171745,
      0.0200944,
      0.170987,
      -0.985068
    ],
    "ImageType": [
      "ORIGINAL",
      "PRIMARY",
      "M",
      "ND",
      "NORM"
    ],
    "InPlanePhaseEncodingDirectionDICOM": "ROW",
    "InstitutionAddress": "Boulevard_Jean_Moulin_27_Marseille_District_FR_13005",
    "InstitutionName": "Universite_d_aix_Marseille",
    "InstitutionalDepartmentName": "Department",
    "MRAcquisitionType": "3D",
    "MagneticFieldStrength": 3,
    "Manufacturer": "Siemens",
    "ManufacturersModelName": "Prisma",
    "Modality": "MR",
    "ParallelReductionFactorInPlane": 2,
    "PartialFourier": 1,
    "PatientPosition": "HFS",
    "PercentPhaseFOV": 100,
    "PhaseEncodingSteps": 315,
    "PhaseResolution": 1,
    "PixelBandwidth": 710,
    "ProcedureStepDescription": "Projets_Convers",
    "ProtocolName": "T2w",
    "PulseSequenceDetails": "%SiemensSeq%_tse_vfl",
    "ReceiveCoilActiveElements": "HC1-7;NC1,2",
    "ReceiveCoilName": "HeadNeck_64",
    "ReconMatrixPE": 320,
    "RepetitionTime": 3.2,
    "SAR": 0.160565,
    "ScanOptions": "PFP",
    "ScanningSequence": "SE",
    "SequenceName": "_spc_305ns",
    "SequenceVariant": "SK_SP",
    "SeriesDescription": "T2w",
    "SeriesNumber": 17,
    "ShimSetting": [
      -599,
      -10845,
      -624,
      129,
      42,
      -174,
      108,
      46
    ],
    "SliceThickness": 0.8,
    "SoftwareVersions": "syngo_MR_E11",
    "StationName": "AWP66072",
    "TxRefAmp": 264.25,
    "modality": "T2w",
    "subject_id": "22"
  },
  "cjv": 0.1715193798310474,
  "cnr": 3.206215178362066,
  "efc": 0.5594278499054341,
  "fber": 225.46994018554688,
  "fwhm_avg": 2.6757138058556413,
  "fwhm_x": 2.580291498731313,
  "fwhm_y": 2.969999955743552,
  "fwhm_z": 2.4768499630920595,
  "icvs_csf": 0.28910870675537736,
  "icvs_gm": 0.03823976196008624,
  "icvs_wm": 0.6726515312845364,
  "inu_med": 1.3542921543121338,
  "inu_range": 0.3427410244941711,
  "provenance": {
    "md5sum": "5aacdc788810c1378fe7d368099b98ed",
    "settings": {
      "testing": false
    },
    "software": "mriqc",
    "version": "0.11.0",
    "warnings": {
      "large_rot_frame": true,
      "small_air_mask": false
    },
    "webapi_port": null,
    "webapi_url": "https://mriqc.nimh.nih.gov/api/v1"
  },
  "qi_1": 0.0,
  "qi_2": 0.0018388665885056624,
  "rpve_csf": 17.225652543538907,
  "rpve_gm": 156.49850248390393,
  "rpve_wm": 10.09641439888842,
  "size_x": 256,
  "size_y": 320,
  "size_z": 320,
  "snr_csf": 3.5243233308401893,
  "snr_gm": 4.480922553641607,
  "snr_total": 4.661563828571457,
  "snr_wm": 5.979445601232576,
  "snrd_csf": 32.498327570393066,
  "snrd_gm": 55.27499734864037,
  "snrd_total": 34.21292498013503,
  "snrd_wm": 14.865450021371645,
  "spacing_x": 0.7999987602233887,
  "spacing_y": 0.800000011920929,
  "spacing_z": 0.800000011920929,
  "summary_bg_k": 1.608635395992283,
  "summary_bg_mad": 44.10430145263672,
  "summary_bg_mean": 59.365509033203125,
  "summary_bg_median": 47.2364616394043,
  "summary_bg_n": 4367586.0,
  "summary_bg_p05": 7.19405210018158,
  "summary_bg_p95": 155.68427658081055,
  "summary_bg_stdv": 48.19598388671875,
  "summary_csf_k": -0.19290840250716235,
  "summary_csf_mad": 697.1873779296875,
  "summary_csf_mean": 2244.238037109375,
  "summary_csf_median": 2187.813232421875,
  "summary_csf_n": 87399.0,
  "summary_csf_p05": 1401.22587890625,
  "summary_csf_p95": 3311.2197509765624,
  "summary_csf_stdv": 620.7718505859375,
  "summary_gm_k": 8.170485156660794,
  "summary_gm_mad": 312.18115234375,
  "summary_gm_mean": 3517.98095703125,
  "summary_gm_median": 3721.15673828125,
  "summary_gm_n": 12085.0,
  "summary_gm_p05": 676.3340209960938,
  "summary_gm_p95": 4168.8068359375,
  "summary_gm_stdv": 830.4099731445312,
  "summary_wm_k": 0.7931496736508308,
  "summary_wm_mad": 154.420654296875,
  "summary_wm_mean": 1011.1520385742188,
  "summary_wm_median": 1000.75390625,
  "summary_wm_n": 740481.0,
  "summary_wm_p05": 752.5656127929688,
  "summary_wm_p95": 1300.882080078125,
  "summary_wm_stdv": 167.3655548095703,
  "tpm_overlap_csf": 0.1697254776954651,
  "tpm_overlap_gm": 0.026383012533187866,
  "tpm_overlap_wm": 0.4687606990337372,
  "wm2max": 0.2588374344316558
}