{
  "bids_meta": {
    "AcquisitionDateTime": "2018-07-16T13:19:26.110000",
    "AcquisitionMatrixPE": 320,
    "AcquisitionNumber": 1,
    "AcquisitionTime": "13:12:14.010000",
    "BaseResolution": 320,
    "BodyPartExamined": "HEAD",
    "ConsistencyInfo": "N4_VE11B_LATEST_20150530",
    "ConversionSoftware": "dcm2niix",
    "ConversionSoftwareVersion": "v1.0.20171215 GCC5.1.0",
    "DeviceSerialNumber": "66072",
    "DwellTime": 7.4e-06,
    "EchoTime": 0.00228,
    "FlipAngle": 8,
    "ImageOrientationPatientDICOM": [
      0.0837253,
      0.98517,
      0.149764,
      -0.102055,
      0.157979,
      -0.982154
    ],
    "ImageType": [
      "ORIGINAL",
      "PRIMARY",
      "M",
      "ND",
      "NORM"
    ],
    "InPlanePhaseEncodingDirectionDICOM": "ROW",
    "InstitutionAddress": "Boulevard_Jean_Moulin_27_Marseille_District_FR_13005",
    "InstitutionName": "Universite_d_aix_Marseille",
    "InstitutionalDepartmentName": "Department",
    "InversionTime": 1.01,
    "MRAcquisitionType": "3D",
    "MagneticFieldStrength": 3,
    "Manufacturer": "Siemens",
    "ManufacturersModelName": "Prisma",
    "Modality": "MR",
    "ParallelReductionFactorInPlane": 2,
    "PartialFourier": 1,
    "PatientPosition": "HFS",
    "PercentPhaseFOV": 100,
    "PhaseEncodingSteps": 319,
    "PhaseResolution": 1,
    "PixelBandwidth": 210,
    "ProcedureStepDescription": "Projets_Convers",
    "ProtocolName": "T1w",
    "PulseSequenceDetails": "%SiemensSeq%_tfl",
    "ReceiveCoilActiveElements": "HC1-7;NC1,2",
    "ReceiveCoilName": "HeadNeck_64",
    "ReconMatrixPE": 320,
    "RepetitionTime": 2.4,
    "SAR": 0.0418525,
    "ScanOptions": "IR_WE",
    "ScanningSequence": "GR_IR",
    "SequenceName": "_tfl3d1_16ns",
    "SequenceVariant": "SK_SP_MP",
    "SeriesDescription": "T1w",
    "SeriesNumber": 19,
    "ShimSetting": [
      -633,
      -10810,
      -672,
      -11,
      121,
      -293,
      6,
      67
    ],
    "SliceThickness": 0.8,
    "SoftwareVersions": "syngo_MR_E11",
    "StationName": "AWP66072",
    "TxRefAmp": 220.561,
    "modality": "T1w",
    "subject_id": "11"
  },
  "cjv": 0.5947661466451564,
  "cnr": 2.245316987938592,
  "efc": 0.5163947878871262,
  "fber": 3090.171875,
  "fwhm_avg": 4.272063167821976,
  "fwhm_x": 4.2076146317436915,
  "fwhm_y": 4.332912435434573,
  "fwhm_z": 4.275662436287664,
  "icvs_csf": 0.19638106628966742,
  "icvs_gm": 0.4153539086249871,
  "icvs_wm": 0.3882650250853455,
  "inu_med": 1.1307218074798584,
  "inu_range": 0.5159481436014173,
  "provenance": {
    "md5sum": "85f8a189195f91c9bb0323c08377bb8f",
    "settings": {
      "testing": false
    },
    "software": "mriqc",
    "version": "0.11.0",
    "warnings": {
      "large_rot_frame": false,
      "small_air_mask": false
    },
    "webapi_port": null,
    "webapi_url": "https://mriqc.nimh.nih.gov/api/v1"
  },
  "qi_1": 1.568720343832125e-05,
  "qi_2": 0.005416103836003617,
  "rpve_csf": 33.8402418029275,
  "rpve_gm": 16.96460689638921,
  "rpve_wm": 21.204515648237642,
  "size_x": 256,
  "size_y": 320,
  "size_z": 320,
  "snr_csf": 3.1410974840171795,
  "snr_gm": 10.336412781885372,
  "snr_total": 10.370116100202365,
  "snr_wm": 17.63283803470454,
  "snrd_csf": 28.861036508660504,
  "snrd_gm": 67.86201589303222,
  "snrd_total": 61.04724778358622,
  "snrd_wm": 86.41869094906595,
  "spacing_x": 0.7999995946884155,
  "spacing_y": 0.800000011920929,
  "spacing_z": 0.800000011920929,
  "summary_bg_k": 652.8926247108825,
  "summary_bg_mad": 7.581348419189453,
  "summary_bg_mean": 12.36998462677002,
  "summary_bg_median": 9.72519302368164,
  "summary_bg_n": 4734644.0,
  "summary_bg_p05": 2.064747941493988,
  "summary_bg_p95": 32.13840694427487,
  "summary_bg_stdv": 12.577031135559082,
  "summary_csf_k": 1.4886410203837093,
  "summary_csf_mad": 85.81619262695312,
  "summary_csf_mean": 356.6363830566406,
  "summary_csf_median": 333.9847717285156,
  "summary_csf_n": 46839.0,
  "summary_csf_p05": 224.48568420410157,
  "summary_csf_p95": 574.207208251953,
  "summary_csf_stdv": 106.32627868652344,
  "summary_gm_k": 0.25828226397687937,
  "summary_gm_mad": 74.50469970703125,
  "summary_gm_mean": 787.1224365234375,
  "summary_gm_median": 785.3106689453125,
  "summary_gm_n": 50882.0,
  "summary_gm_p05": 668.5380187988281,
  "summary_gm_p95": 918.9084411621094,
  "summary_gm_stdv": 75.97441864013672,
  "summary_wm_k": 0.6602776618221644,
  "summary_wm_mad": 53.21595764160156,
  "summary_wm_mean": 1003.260498046875,
  "summary_wm_median": 1000.0516357421875,
  "summary_wm_n": 446128.0,
  "summary_wm_p05": 916.0739868164062,
  "summary_wm_p95": 1101.3525268554688,
  "summary_wm_stdv": 56.715232849121094,
  "tpm_overlap_csf": 0.22766047716140747,
  "tpm_overlap_gm": 0.4873729944229126,
  "tpm_overlap_wm": 0.5418481826782227,
  "wm2max": 0.4995223455519678
}