{
  "aor": 0.002461692708333333,
  "aqi": 0.004919628541666667,
  "bids_meta": {
    "AcquisitionDateTime": "2018-07-18T18:25:22.668000",
    "AcquisitionMatrixPE": 84,
    "AcquisitionNumber": 1,
    "AcquisitionTime": "18:24:40.592500",
    "BandwidthPerPixelPhaseEncode": 23.81,
    "BaseResolution": 84,
    "BodyPartExamined": "HEAD",
    "ConsistencyInfo": "N4_VE11B_LATEST_20150530",
    "ConversionSoftware": "dcm2niix",
    "ConversionSoftwareVersion": "v1.0.20171215 GCC5.1.0",
    "DerivedVendorReportedEchoSpacing": 0.00049999,
    "DeviceSerialNumber": "66072",
    "DwellTime": 2.3e-06,
    "EchoTime": 0.03,
    "EchoTrainLength": 84,
    "EffectiveEchoSpacing": 0.00049999,
    "FlipAngle": 65,
    "ImageComments": "Unaliased_MB3_PE3_LB_SENSE1",
    "ImageOrientationPatientDICOM": [
      0.996885,
      0.0787227,
      -0.00478243,
      -0.0786316,
      0.99676,
      0.0169327
    ],
    "ImageType": [
      "ORIGINAL",
      "PRIMARY",
      "M",
      "MB",
      "ND",
      "MOSAIC"
    ],
    "InPlanePhaseEncodingDirectionDICOM": "COL",
    "InstitutionAddress": "Boulevard_Jean_Moulin_27_Marseille_District_FR_13005",
    "InstitutionName": "Universite_d_aix_Marseille",
    "InstitutionalDepartmentName": "Department",
    "MRAcquisitionType": "2D",
    "MagneticFieldStrength": 3,
    "Manufacturer": "Siemens",
    "ManufacturersModelName": "Prisma",
    "Modality": "MR",
    "MultibandAccelerationFactor": 3,
    "PartialFourier": 1,
    "PatientPosition": "HFS",
    "PercentPhaseFOV": 100,
    "PhaseEncodingDirection": "j",
    "PhaseEncodingSteps": 84,
    "PhaseResolution": 1,
    "PixelBandwidth": 2590,
    "ProcedureStepDescription": "Projets_Convers",
    "ProtocolName": "task-convers_run3_bold",
    "PulseSequenceDetails": "%CustomerSeq%_cmrr_mbep2d_bold",
    "ReceiveCoilActiveElements": "HC1-6",
    "ReceiveCoilName": "HeadNeck_64",
    "ReconMatrixPE": 84,
    "RepetitionTime": 1.205,
    "SAR": 0.070211,
    "ScanOptions": "FS_EXT",
    "ScanningSequence": "EP",
    "SequenceName": "epfid2d1_84",
    "SequenceVariant": "SK_SS",
    "SeriesDescription": "task-convers_run3_bold",
    "SeriesNumber": 14,
    "ShimSetting": [
      -609,
      -10762,
      -495,
      491,
      73,
      104,
      125,
      8
    ],
    "SliceThickness": 2.5,
    "SliceTiming": [
      1.14,
      1.0725,
      1.005,
      0.9375,
      0.87,
      0.805,
      0.7375,
      0.67,
      0.6025,
      0.5375,
      0.47,
      0.4025,
      0.335,
      0.2675,
      0.2025,
      0.135,
      0.0675,
      0,
      1.14,
      1.0725,
      1.005,
      0.9375,
      0.87,
      0.805,
      0.7375,
      0.67,
      0.6025,
      0.5375,
      0.47,
      0.4025,
      0.335,
      0.2675,
      0.2025,
      0.135,
      0.0675,
      0,
      1.14,
      1.0725,
      1.005,
      0.9375,
      0.87,
      0.805,
      0.7375,
      0.67,
      0.6025,
      0.5375,
      0.47,
      0.4025,
      0.335,
      0.2675,
      0.2025,
      0.135,
      0.0675,
      0
    ],
    "SoftwareVersions": "syngo_MR_E11",
    "SpacingBetweenSlices": 2.5,
    "StationName": "AWP66072",
    "TaskName": "convers",
    "TotalReadoutTime": 0.04199916,
    "TxRefAmp": 215.347,
    "modality": "bold",
    "run_id": "03",
    "subject_id": "24",
    "task_id": "convers"
  },
  "dummy_trs": 1,
  "dvars_nstd": 36.24445827537859,
  "dvars_std": 1.1350109943864226,
  "dvars_vstd": 1.2414520234464748,
  "efc": 0.448241923658665,
  "fber": 17045.501953125,
  "fd_mean": 0.1980512948574069,
  "fd_num": 131,
  "fd_perc": 34.114583333333336,
  "fwhm_avg": 2.8742373333333333,
  "fwhm_x": 2.7028,
  "fwhm_y": 3.193476,
  "fwhm_z": 2.726436,
  "gcor": 0.0207127,
  "gsr_x": -0.01376869436353445,
  "gsr_y": 0.060289375483989716,
  "provenance": {
    "md5sum": "4f81ec1b714f26e5f3902c9bc83fad40",
    "settings": {
      "fd_thres": 0.2,
      "hmc_fsl": false
    },
    "software": "mriqc",
    "version": "0.11.0",
    "webapi_port": null,
    "webapi_url": null
  },
  "size_t": 384,
  "size_x": 84,
  "size_y": 84,
  "size_z": 54,
  "snr": 2.17210807707363,
  "spacing_tr": 1.2050000429153442,
  "spacing_x": 2.5,
  "spacing_y": 2.5,
  "spacing_z": 2.5,
  "summary_bg_k": 25.433414048912496,
  "summary_bg_mad": 54.02051544189453,
  "summary_bg_mean": 491.9720458984375,
  "summary_bg_median": 72.73113250732422,
  "summary_bg_n": 246758.0,
  "summary_bg_p05": 28.029708003997804,
  "summary_bg_p95": 2799.4910156249994,
  "summary_bg_stdv": 1250.9158935546875,
  "summary_fg_k": 0.8533539137701536,
  "summary_fg_mad": 4330.0107421875,
  "summary_fg_mean": 10943.2490234375,
  "summary_fg_median": 10168.96875,
  "summary_fg_n": 75140.0,
  "summary_fg_p05": 4804.49970703125,
  "summary_fg_p95": 19882.761914062503,
  "summary_fg_stdv": 4681.58154296875,
  "tsnr": 39.325077056884766
}