{
  "aor": 0.0034591168831168834,
  "aqi": 0.00813141644155844,
  "bids_meta": {
    "AcquisitionDateTime": "2018-07-17T14:45:01.483000",
    "AcquisitionMatrixPE": 84,
    "AcquisitionNumber": 1,
    "AcquisitionTime": "14:45:0.195000",
    "BandwidthPerPixelPhaseEncode": 23.81,
    "BaseResolution": 84,
    "BodyPartExamined": "HEAD",
    "ConsistencyInfo": "N4_VE11B_LATEST_20150530",
    "ConversionSoftware": "dcm2niix",
    "ConversionSoftwareVersion": "v1.0.20171215 GCC5.1.0",
    "DerivedVendorReportedEchoSpacing": 0.00049999,
    "DeviceSerialNumber": "66072",
    "DwellTime": 2.3e-06,
    "EchoTime": 0.03,
    "EchoTrainLength": 84,
    "EffectiveEchoSpacing": 0.00049999,
    "FlipAngle": 65,
    "ImageComments": "Unaliased_MB3_PE3_LB_SENSE1",
    "ImageOrientationPatientDICOM": [
      0.995287,
      -0.0767024,
      0.0593287,
      0.0767579,
      0.997049,
      0.00134527
    ],
    "ImageType": [
      "ORIGINAL",
      "PRIMARY",
      "M",
      "MB",
      "ND",
      "MOSAIC"
    ],
    "InPlanePhaseEncodingDirectionDICOM": "COL",
    "InstitutionAddress": "Boulevard_Jean_Moulin_27_Marseille_District_FR_13005",
    "InstitutionName": "Universite_d_aix_Marseille",
    "InstitutionalDepartmentName": "Department",
    "MRAcquisitionType": "2D",
    "MagneticFieldStrength": 3,
    "Manufacturer": "Siemens",
    "ManufacturersModelName": "Prisma",
    "Modality": "MR",
    "MultibandAccelerationFactor": 3,
    "PartialFourier": 1,
    "PatientPosition": "HFS",
    "PercentPhaseFOV": 100,
    "PhaseEncodingDirection": "j",
    "PhaseEncodingSteps": 84,
    "PhaseResolution": 1,
    "PixelBandwidth": 2590,
    "ProcedureStepDescription": "Projets_Convers",
    "ProtocolName": "task-convers_run1_bold",
    "PulseSequenceDetails": "%CustomerSeq%_cmrr_mbep2d_bold",
    "ReceiveCoilActiveElements": "HC1-6",
    "ReceiveCoilName": "HeadNeck_64",
    "ReconMatrixPE": 84,
    "RepetitionTime": 1.205,
    "SAR": 0.0766711,
    "ScanOptions": "FS_EXT",
    "ScanningSequence": "EP",
    "SequenceName": "epfid2d1_84",
    "SequenceVariant": "SK_SS",
    "SeriesDescription": "task-convers_run1_bold",
    "SeriesNumber": 10,
    "ShimSetting": [
      -588,
      -10737,
      -577,
      348,
      43,
      30,
      -70,
      28
    ],
    "SliceThickness": 2.5,
    "SliceTiming": [
      1.1375,
      1.0725,
      1.005,
      0.9375,
      0.87,
      0.805,
      0.7375,
      0.67,
      0.6025,
      0.535,
      0.47,
      0.4025,
      0.335,
      0.2675,
      0.2025,
      0.135,
      0.0675,
      0,
      1.1375,
      1.0725,
      1.005,
      0.9375,
      0.87,
      0.805,
      0.7375,
      0.67,
      0.6025,
      0.535,
      0.47,
      0.4025,
      0.335,
      0.2675,
      0.2025,
      0.135,
      0.0675,
      0,
      1.1375,
      1.0725,
      1.005,
      0.9375,
      0.87,
      0.805,
      0.7375,
      0.67,
      0.6025,
      0.535,
      0.47,
      0.4025,
      0.335,
      0.2675,
      0.2025,
      0.135,
      0.0675,
      0
    ],
    "SoftwareVersions": "syngo_MR_E11",
    "SpacingBetweenSlices": 2.5,
    "StationName": "AWP66072",
    "TaskName": "convers",
    "TotalReadoutTime": 0.04199916,
    "TxRefAmp": 234.209,
    "modality": "bold",
    "run_id": "01",
    "subject_id": "18",
    "task_id": "convers"
  },
  "dummy_trs": 0,
  "dvars_nstd": 41.160543859114576,
  "dvars_std": 1.1110023834635416,
  "dvars_vstd": 4.015041431770833,
  "efc": 0.4903706158124697,
  "fber": 6596.23193359375,
  "fd_mean": 0.2516539332678833,
  "fd_num": 181,
  "fd_perc": 47.01298701298701,
  "fwhm_avg": 3.006169425521478,
  "fwhm_x": 2.827488,
  "fwhm_y": 3.291032,
  "fwhm_z": 2.899988276564434,
  "gcor": 0.0204923,
  "gsr_x": -0.01605174131691456,
  "gsr_y": 0.04335233196616173,
  "provenance": {
    "md5sum": "50532f20ce28229ff8c2d274b749a38f",
    "settings": {
      "fd_thres": 0.2,
      "hmc_fsl": false
    },
    "software": "mriqc",
    "version": "0.11.0",
    "webapi_port": null,
    "webapi_url": null
  },
  "size_t": 385,
  "size_x": 84,
  "size_y": 84,
  "size_z": 54,
  "snr": 2.1620928709477387,
  "spacing_tr": 1.2050000429153442,
  "spacing_x": 2.5,
  "spacing_y": 2.5,
  "spacing_z": 2.499999761581421,
  "summary_bg_k": 28.478955164090046,
  "summary_bg_mad": 120.31228637695312,
  "summary_bg_mean": 518.7542114257812,
  "summary_bg_median": 117.98526000976562,
  "summary_bg_n": 230410.0,
  "summary_bg_p05": 26.99279947280884,
  "summary_bg_p95": 2486.2514770507796,
  "summary_bg_stdv": 1091.5601806640625,
  "summary_fg_k": 0.42173377045109506,
  "summary_fg_mad": 4807.65234375,
  "summary_fg_mean": 11190.4873046875,
  "summary_fg_median": 10409.24609375,
  "summary_fg_n": 89826.0,
  "summary_fg_p05": 4881.19921875,
  "summary_fg_p95": 20084.97314453125,
  "summary_fg_stdv": 4814.40380859375,
  "tsnr": 32.15050506591797
}