{
  "bids_meta": {
    "AcquisitionDateTime": "2018-05-29T16:02:00.791000",
    "AcquisitionMatrixPE": 320,
    "AcquisitionNumber": 1,
    "AcquisitionTime": "15:53:56.522500",
    "BaseResolution": 320,
    "BodyPartExamined": "HEAD",
    "ConsistencyInfo": "N4_VE11B_LATEST_20150530",
    "ConversionSoftware": "dcm2niix",
    "ConversionSoftwareVersion": "v1.0.20171215 GCC5.1.0",
    "DeviceSerialNumber": "66072",
    "DwellTime": 2.2e-06,
    "EchoTime": 0.562,
    "EchoTrainLength": 305,
    "FlipAngle": 120,
    "ImageOrientationPatientDICOM": [
      -0.0933431,
      0.988565,
      0.118434,
      0.038205,
      0.122422,
      -0.991743
    ],
    "ImageType": [
      "ORIGINAL",
      "PRIMARY",
      "M",
      "ND",
      "NORM"
    ],
    "InPlanePhaseEncodingDirectionDICOM": "ROW",
    "InstitutionAddress": "Boulevard_Jean_Moulin_27_Marseille_District_FR_13005",
    "InstitutionName": "Universite_d_aix_Marseille",
    "InstitutionalDepartmentName": "Department",
    "MRAcquisitionType": "3D",
    "MagneticFieldStrength": 3,
    "Manufacturer": "Siemens",
    "ManufacturersModelName": "Prisma",
    "Modality": "MR",
    "ParallelReductionFactorInPlane": 2,
    "PartialFourier": 1,
    "PatientPosition": "HFS",
    "PercentPhaseFOV": 100,
    "PhaseEncodingSteps": 315,
    "PhaseResolution": 1,
    "PixelBandwidth": 710,
    "ProcedureStepDescription": "Projets_Convers",
    "ProtocolName": "T2w",
    "PulseSequenceDetails": "%SiemensSeq%_tse_vfl",
    "ReceiveCoilActiveElements": "HC1-7;NC1,2",
    "ReceiveCoilName": "HeadNeck_64",
    "ReconMatrixPE": 320,
    "RepetitionTime": 3.2,
    "SAR": 0.184216,
    "ScanOptions": "PFP",
    "ScanningSequence": "SE",
    "SequenceName": "_spc_305ns",
    "SequenceVariant": "SK_SP",
    "SeriesDescription": "T2w",
    "SeriesNumber": 24,
    "ShimSetting": [
      -607,
      -10789,
      -648,
      -220,
      29,
      -93,
      33,
      -80
    ],
    "SliceThickness": 0.8,
    "SoftwareVersions": "syngo_MR_E11",
    "StationName": "AWP66072",
    "TxRefAmp": 271.439,
    "modality": "T2w",
    "subject_id": "04"
  },
  "cjv": 0.39438786941574283,
  "cnr": 3.276788705147002,
  "efc": 0.555034395581744,
  "fber": 674.7605590820312,
  "fwhm_avg": 2.7216578403716305,
  "fwhm_x": 2.602323604004834,
  "fwhm_y": 3.0262249549057345,
  "fwhm_z": 2.5364249622043227,
  "icvs_csf": 0.15176162657034598,
  "icvs_gm": 0.5197757551368508,
  "icvs_wm": 0.3284626182928032,
  "inu_med": 1.4481390714645386,
  "inu_range": 0.4130707502365112,
  "provenance": {
    "md5sum": "42d66c3e38ae40f9bc51ab81eef57893",
    "settings": {
      "testing": false
    },
    "software": "mriqc",
    "version": "0.10.4",
    "warnings": {
      "large_rot_frame": true,
      "small_air_mask": false
    }
  },
  "qi_1": 0.0,
  "qi_2": 0.006237746810794509,
  "rpve_csf": 31.584646304004732,
  "rpve_gm": 11.247187557685542,
  "rpve_wm": 17.851099010179848,
  "size_x": 256,
  "size_y": 320,
  "size_z": 320,
  "snr_csf": 4.571539947172486,
  "snr_gm": 8.952595006619465,
  "snr_total": 7.12379178984678,
  "snr_wm": 7.847240415748389,
  "snrd_csf": 103.97223993088278,
  "snrd_gm": 49.63315552653546,
  "snrd_total": 60.509603161465996,
  "snrd_wm": 27.923414026979756,
  "spacing_x": 0.8000004291534424,
  "spacing_y": 0.800000011920929,
  "spacing_z": 0.800000011920929,
  "summary_bg_k": 3.1171764479617092,
  "summary_bg_mad": 23.461551666259766,
  "summary_bg_mean": 31.9183349609375,
  "summary_bg_median": 25.89342498779297,
  "summary_bg_n": 3730142.0,
  "summary_bg_p05": 0.0,
  "summary_bg_p95": 82.15285415649414,
  "summary_bg_stdv": 25.246559143066406,
  "summary_csf_k": 1.1404419482379176,
  "summary_csf_mad": 771.1453857421875,
  "summary_csf_mean": 3568.0009765625,
  "summary_csf_median": 3723.42333984375,
  "summary_csf_n": 44740.0,
  "summary_csf_p05": 2062.793408203125,
  "summary_csf_p95": 4629.281811523438,
  "summary_csf_stdv": 814.4699096679688,
  "summary_gm_k": 0.2820995677653779,
  "summary_gm_mad": 193.59414672851562,
  "summary_gm_mean": 1777.3270263671875,
  "summary_gm_median": 1777.447998046875,
  "summary_gm_n": 210752.0,
  "summary_gm_p05": 1450.6571411132813,
  "summary_gm_p95": 2099.3835693359374,
  "summary_gm_stdv": 198.5395050048828,
  "summary_wm_k": 2.296436043093241,
  "summary_wm_mad": 113.02778625488281,
  "summary_wm_mean": 997.8582763671875,
  "summary_wm_median": 999.985107421875,
  "summary_wm_n": 333309.0,
  "summary_wm_p05": 793.4993774414063,
  "summary_wm_p95": 1196.5828613281246,
  "summary_wm_stdv": 127.43124389648438,
  "tpm_overlap_csf": 0.19799676537513733,
  "tpm_overlap_gm": 0.49454647302627563,
  "tpm_overlap_wm": 0.4720984101295471,
  "wm2max": 0.228997020351445
}