{
  "aor": 0.0009650129870129871,
  "aqi": 0.00918804503896104,
  "bids_meta": {
    "AcquisitionDateTime": "2018-07-16T10:54:11.288000",
    "AcquisitionMatrixPE": 84,
    "AcquisitionNumber": 1,
    "AcquisitionTime": "10:54:9.250000",
    "BandwidthPerPixelPhaseEncode": 23.81,
    "BaseResolution": 84,
    "BodyPartExamined": "HEAD",
    "ConsistencyInfo": "N4_VE11B_LATEST_20150530",
    "ConversionSoftware": "dcm2niix",
    "ConversionSoftwareVersion": "v1.0.20171215 GCC5.1.0",
    "DerivedVendorReportedEchoSpacing": 0.00049999,
    "DeviceSerialNumber": "66072",
    "DwellTime": 2.3e-06,
    "EchoTime": 0.03,
    "EchoTrainLength": 84,
    "EffectiveEchoSpacing": 0.00049999,
    "FlipAngle": 65,
    "ImageComments": "Unaliased_MB3_PE3_LB_SENSE1",
    "ImageOrientationPatientDICOM": [
      0.993362,
      -0.0319096,
      0.110512,
      0.033821,
      0.999308,
      -0.0154642
    ],
    "ImageType": [
      "ORIGINAL",
      "PRIMARY",
      "M",
      "MB",
      "ND",
      "MOSAIC"
    ],
    "InPlanePhaseEncodingDirectionDICOM": "COL",
    "InstitutionAddress": "Boulevard_Jean_Moulin_27_Marseille_District_FR_13005",
    "InstitutionName": "Universite_d_aix_Marseille",
    "InstitutionalDepartmentName": "Department",
    "MRAcquisitionType": "2D",
    "MagneticFieldStrength": 3,
    "Manufacturer": "Siemens",
    "ManufacturersModelName": "Prisma",
    "Modality": "MR",
    "MultibandAccelerationFactor": 3,
    "PartialFourier": 1,
    "PatientPosition": "HFS",
    "PercentPhaseFOV": 100,
    "PhaseEncodingDirection": "j",
    "PhaseEncodingSteps": 84,
    "PhaseResolution": 1,
    "PixelBandwidth": 2590,
    "ProcedureStepDescription": "Projets_Convers",
    "ProtocolName": "task-convers_run4_bold",
    "PulseSequenceDetails": "%CustomerSeq%_cmrr_mbep2d_bold",
    "ReceiveCoilActiveElements": "HC1-7",
    "ReceiveCoilName": "HeadNeck_64",
    "ReconMatrixPE": 84,
    "RepetitionTime": 1.205,
    "SAR": 0.0796623,
    "ScanOptions": "FS_EXT",
    "ScanningSequence": "EP",
    "SequenceName": "epfid2d1_84",
    "SequenceVariant": "SK_SS",
    "SeriesDescription": "task-convers_run4_bold",
    "SeriesNumber": 23,
    "ShimSetting": [
      -566,
      -10748,
      -515,
      437,
      18,
      5,
      33,
      15
    ],
    "SliceThickness": 2.5,
    "SliceTiming": [
      1.1375,
      1.07,
      1.0025,
      0.9375,
      0.87,
      0.8025,
      0.735,
      0.67,
      0.6025,
      0.535,
      0.4675,
      0.4,
      0.335,
      0.2675,
      0.2,
      0.1325,
      0.0675,
      0,
      1.1375,
      1.07,
      1.0025,
      0.9375,
      0.87,
      0.8025,
      0.735,
      0.67,
      0.6025,
      0.535,
      0.4675,
      0.4,
      0.335,
      0.2675,
      0.2,
      0.1325,
      0.0675,
      0,
      1.1375,
      1.07,
      1.0025,
      0.9375,
      0.87,
      0.8025,
      0.735,
      0.67,
      0.6025,
      0.535,
      0.4675,
      0.4,
      0.335,
      0.2675,
      0.2,
      0.1325,
      0.0675,
      0
    ],
    "SoftwareVersions": "syngo_MR_E11",
    "SpacingBetweenSlices": 2.5,
    "StationName": "AWP66072",
    "TaskName": "convers",
    "TotalReadoutTime": 0.04199916,
    "TxRefAmp": 258.095,
    "modality": "bold",
    "run_id": "04",
    "subject_id": "10",
    "task_id": "convers"
  },
  "dummy_trs": 0,
  "dvars_nstd": 36.58017524075523,
  "dvars_std": 1.0411017131510414,
  "dvars_vstd": 0.9658140758854169,
  "efc": 0.5409411802056487,
  "fber": 3199.8955078125,
  "fd_mean": 0.1259697163433288,
  "fd_num": 53,
  "fd_perc": 13.766233766233766,
  "fwhm_avg": 2.9048146666666668,
  "fwhm_x": 2.664096,
  "fwhm_y": 3.1477440000000003,
  "fwhm_z": 2.9026039999999997,
  "gcor": 0.0178153,
  "gsr_x": 0.010195804759860039,
  "gsr_y": 0.06678174436092377,
  "provenance": {
    "md5sum": "4d2330c4c73226d273156cee22950037",
    "settings": {
      "fd_thres": 0.2,
      "hmc_fsl": false
    },
    "software": "mriqc",
    "version": "0.11.0",
    "webapi_port": null,
    "webapi_url": null
  },
  "size_t": 385,
  "size_x": 84,
  "size_y": 84,
  "size_z": 54,
  "snr": 2.0970653395465937,
  "spacing_tr": 1.2050000429153442,
  "spacing_x": 2.5,
  "spacing_y": 2.5,
  "spacing_z": 2.5,
  "summary_bg_k": 17.396414226709098,
  "summary_bg_mad": 172.06570434570312,
  "summary_bg_mean": 868.0734252929688,
  "summary_bg_median": 157.049072265625,
  "summary_bg_n": 216812.0,
  "summary_bg_p05": 35.10069522857666,
  "summary_bg_p95": 4658.93854980468,
  "summary_bg_stdv": 1846.9793701171875,
  "summary_fg_k": 0.6989421149839505,
  "summary_fg_mad": 4411.8994140625,
  "summary_fg_mean": 10368.2197265625,
  "summary_fg_median": 9590.572265625,
  "summary_fg_n": 101221.0,
  "summary_fg_p05": 4449.5234375,
  "summary_fg_p95": 18991.330078125,
  "summary_fg_stdv": 4573.3076171875,
  "tsnr": 31.15617561340332
}