{
  "bids_meta": {
    "AcquisitionDateTime": "2018-05-30T17:27:53.304000",
    "AcquisitionMatrixPE": 320,
    "AcquisitionNumber": 1,
    "AcquisitionTime": "17:19:48.507500",
    "BaseResolution": 320,
    "BodyPartExamined": "HEAD",
    "ConsistencyInfo": "N4_VE11B_LATEST_20150530",
    "ConversionSoftware": "dcm2niix",
    "ConversionSoftwareVersion": "v1.0.20171215 GCC5.1.0",
    "DeviceSerialNumber": "66072",
    "DwellTime": 2.2e-06,
    "EchoTime": 0.562,
    "EchoTrainLength": 305,
    "FlipAngle": 120,
    "ImageOrientationPatientDICOM": [
      -0.0372725,
      0.990779,
      0.130262,
      0.0326912,
      0.131492,
      -0.990778
    ],
    "ImageType": [
      "ORIGINAL",
      "PRIMARY",
      "M",
      "ND",
      "NORM"
    ],
    "InPlanePhaseEncodingDirectionDICOM": "ROW",
    "InstitutionAddress": "Boulevard_Jean_Moulin_27_Marseille_District_FR_13005",
    "InstitutionName": "Universite_d_aix_Marseille",
    "InstitutionalDepartmentName": "Department",
    "MRAcquisitionType": "3D",
    "MagneticFieldStrength": 3,
    "Manufacturer": "Siemens",
    "ManufacturersModelName": "Prisma",
    "Modality": "MR",
    "ParallelReductionFactorInPlane": 2,
    "PartialFourier": 1,
    "PatientPosition": "HFS",
    "PercentPhaseFOV": 100,
    "PhaseEncodingSteps": 315,
    "PhaseResolution": 1,
    "PixelBandwidth": 710,
    "ProcedureStepDescription": "Projets_Convers",
    "ProtocolName": "T2w",
    "PulseSequenceDetails": "%SiemensSeq%_tse_vfl",
    "ReceiveCoilActiveElements": "HC1-7;NC1,2",
    "ReceiveCoilName": "HeadNeck_64",
    "ReconMatrixPE": 320,
    "RepetitionTime": 3.2,
    "SAR": 0.151086,
    "ScanOptions": "PFP",
    "ScanningSequence": "SE",
    "SequenceName": "_spc_305ns",
    "SequenceVariant": "SK_SP",
    "SeriesDescription": "T2w",
    "SeriesNumber": 21,
    "ShimSetting": [
      -607,
      -10794,
      -642,
      -207,
      102,
      -187,
      56,
      -18
    ],
    "SliceThickness": 0.8,
    "SoftwareVersions": "syngo_MR_E11",
    "StationName": "AWP66072",
    "TxRefAmp": 234.264,
    "modality": "T2w",
    "subject_id": "09"
  },
  "cjv": 0.5511773016690211,
  "cnr": 2.314423488100003,
  "efc": 0.4895842975842767,
  "fber": 3042.43310546875,
  "fwhm_avg": 2.7624927484060904,
  "fwhm_x": 2.6960283285373667,
  "fwhm_y": 3.0216249549742793,
  "fwhm_z": 2.5698249617066242,
  "icvs_csf": 0.20473336387848995,
  "icvs_gm": 0.5080067166338825,
  "icvs_wm": 0.2872599194876276,
  "inu_med": 1.298776626586914,
  "inu_range": 0.34525157213211055,
  "provenance": {
    "md5sum": "a00a35260f1a4170c69a712f4bcabed0",
    "settings": {
      "testing": false
    },
    "software": "mriqc",
    "version": "0.10.4",
    "warnings": {
      "large_rot_frame": false,
      "small_air_mask": false
    }
  },
  "qi_1": 0.0,
  "qi_2": 0.06582284785700253,
  "rpve_csf": 29.53822199979346,
  "rpve_gm": 14.302736292254826,
  "rpve_wm": 26.095153976562397,
  "size_x": 256,
  "size_y": 320,
  "size_z": 320,
  "snr_csf": 5.2265812513524486,
  "snr_gm": 6.072858098483673,
  "snr_total": 6.482486818455428,
  "snr_wm": 8.148021105530159,
  "snrd_csf": 208.22119133335525,
  "snrd_gm": 94.25664202662824,
  "snrd_total": 119.1679225660125,
  "snrd_wm": 55.02593433805403,
  "spacing_x": 0.7999953031539917,
  "spacing_y": 0.800000011920929,
  "spacing_z": 0.800000011920929,
  "summary_bg_k": 6.095715288278599,
  "summary_bg_mad": 11.906460762023926,
  "summary_bg_mean": 19.132104873657227,
  "summary_bg_median": 17.47789764404297,
  "summary_bg_n": 5130751.0,
  "summary_bg_p05": 0.0,
  "summary_bg_p95": 50.50626564025879,
  "summary_bg_stdv": 16.426937103271484,
  "summary_csf_k": 0.8086462329798136,
  "summary_csf_mad": 649.9920654296875,
  "summary_csf_mean": 3617.3115234375,
  "summary_csf_median": 3784.2158203125,
  "summary_csf_n": 47824.0,
  "summary_csf_p05": 2189.0638671875,
  "summary_csf_p95": 4553.381787109375,
  "summary_csf_stdv": 724.025146484375,
  "summary_gm_k": 0.16987912054478738,
  "summary_gm_mad": 290.7777099609375,
  "summary_gm_mean": 1737.063720703125,
  "summary_gm_median": 1713.02197265625,
  "summary_gm_n": 67620.0,
  "summary_gm_p05": 1325.6752014160156,
  "summary_gm_p95": 2232.1719116210934,
  "summary_gm_stdv": 282.0762939453125,
  "summary_wm_k": 2.7610935047907432,
  "summary_wm_mad": 102.20046997070312,
  "summary_wm_mean": 994.2769775390625,
  "summary_wm_median": 1000.0423583984375,
  "summary_wm_n": 159926.0,
  "summary_wm_p05": 788.9015502929688,
  "summary_wm_p95": 1181.6282348632812,
  "summary_wm_stdv": 122.73400115966797,
  "tpm_overlap_csf": 0.2046383172273636,
  "tpm_overlap_gm": 0.4868374466896057,
  "tpm_overlap_wm": 0.4451720416545868,
  "wm2max": 0.2310796695797174
}