{
  "bids_meta": {
    "AcquisitionDateTime": "2018-07-17T18:47:50.628000",
    "AcquisitionMatrixPE": 320,
    "AcquisitionNumber": 1,
    "AcquisitionTime": "18:40:44.117500",
    "BaseResolution": 320,
    "BodyPartExamined": "HEAD",
    "ConsistencyInfo": "N4_VE11B_LATEST_20150530",
    "ConversionSoftware": "dcm2niix",
    "ConversionSoftwareVersion": "v1.0.20171215 GCC5.1.0",
    "DeviceSerialNumber": "66072",
    "DwellTime": 7.4e-06,
    "EchoTime": 0.00228,
    "FlipAngle": 8,
    "ImageOrientationPatientDICOM": [
      -0.03397,
      0.997326,
      -0.0647021,
      0.0138208,
      -0.0642645,
      -0.997837
    ],
    "ImageType": [
      "ORIGINAL",
      "PRIMARY",
      "M",
      "ND",
      "NORM"
    ],
    "InPlanePhaseEncodingDirectionDICOM": "ROW",
    "InstitutionAddress": "Boulevard_Jean_Moulin_27_Marseille_District_FR_13005",
    "InstitutionName": "Universite_d_aix_Marseille",
    "InstitutionalDepartmentName": "Department",
    "InversionTime": 1.01,
    "MRAcquisitionType": "3D",
    "MagneticFieldStrength": 3,
    "Manufacturer": "Siemens",
    "ManufacturersModelName": "Prisma",
    "Modality": "MR",
    "ParallelReductionFactorInPlane": 2,
    "PartialFourier": 1,
    "PatientPosition": "HFS",
    "PercentPhaseFOV": 100,
    "PhaseEncodingSteps": 319,
    "PhaseResolution": 1,
    "PixelBandwidth": 210,
    "ProcedureStepDescription": "Projets_Convers",
    "ProtocolName": "T1w",
    "PulseSequenceDetails": "%SiemensSeq%_tfl",
    "ReceiveCoilActiveElements": "HC1-7;NC1,2",
    "ReceiveCoilName": "HeadNeck_64",
    "ReconMatrixPE": 320,
    "RepetitionTime": 2.4,
    "SAR": 0.0508852,
    "ScanOptions": "IR_WE",
    "ScanningSequence": "GR_IR",
    "SequenceName": "_tfl3d1_16ns",
    "SequenceVariant": "SK_SP_MP",
    "SeriesDescription": "T1w",
    "SeriesNumber": 18,
    "ShimSetting": [
      -592,
      -10882,
      -628,
      -291,
      46,
      -75,
      -105,
      -77
    ],
    "SliceThickness": 0.8,
    "SoftwareVersions": "syngo_MR_E11",
    "StationName": "AWP66072",
    "TxRefAmp": 263.328,
    "modality": "T1w",
    "subject_id": "19"
  },
  "cjv": 0.6585246926183801,
  "cnr": 2.0054170875996045,
  "efc": 0.5855477041684203,
  "fber": 1990.953857421875,
  "fwhm_avg": 4.174017334611018,
  "fwhm_x": 4.199914627842565,
  "fwhm_y": 4.1004124388990935,
  "fwhm_z": 4.2217249370913965,
  "icvs_csf": 0.2879138924446944,
  "icvs_gm": 0.3723727603703153,
  "icvs_wm": 0.3397133471849903,
  "inu_med": 1.2631876468658447,
  "inu_range": 0.4904910802841187,
  "provenance": {
    "md5sum": "5f19a7bf3a71ee04b57a5b009637b111",
    "settings": {
      "testing": false
    },
    "software": "mriqc",
    "version": "0.11.0",
    "warnings": {
      "large_rot_frame": false,
      "small_air_mask": false
    },
    "webapi_port": null,
    "webapi_url": "https://mriqc.nimh.nih.gov/api/v1"
  },
  "qi_1": 0.004328060945871354,
  "qi_2": 0.0008604754943591422,
  "rpve_csf": 27.34435141005107,
  "rpve_gm": 18.784288597003773,
  "rpve_wm": 23.832699452912436,
  "size_x": 256,
  "size_y": 320,
  "size_z": 320,
  "snr_csf": 3.921705172624664,
  "snr_gm": 11.318991130652714,
  "snr_total": 9.442508444253413,
  "snr_wm": 13.086829029482862,
  "snrd_csf": 19.840450562381122,
  "snrd_gm": 46.22605912051119,
  "snrd_total": 41.61177869305532,
  "snrd_wm": 58.76882639627364,
  "spacing_x": 0.7999995946884155,
  "spacing_y": 0.800000011920929,
  "spacing_z": 0.800000011920929,
  "summary_bg_k": 598.5283678253827,
  "summary_bg_mad": 11.148298263549805,
  "summary_bg_mean": 18.96599578857422,
  "summary_bg_median": 13.321310043334961,
  "summary_bg_n": 5036548.0,
  "summary_bg_p05": 2.2306039333343506,
  "summary_bg_p95": 52.91632404327387,
  "summary_bg_stdv": 25.66053581237793,
  "summary_csf_k": 1.0373616136071497,
  "summary_csf_mad": 76.79316711425781,
  "summary_csf_mean": 349.2137145996094,
  "summary_csf_median": 337.62017822265625,
  "summary_csf_n": 177077.0,
  "summary_csf_p05": 229.3511199951172,
  "summary_csf_p95": 510.3989562988281,
  "summary_csf_stdv": 86.08990478515625,
  "summary_gm_k": 0.45122844808987894,
  "summary_gm_mad": 65.63233947753906,
  "summary_gm_mean": 787.0775756835938,
  "summary_gm_median": 786.6177368164062,
  "summary_gm_n": 27086.0,
  "summary_gm_p05": 673.9144287109375,
  "summary_gm_p95": 903.1656799316406,
  "summary_gm_stdv": 69.49411010742188,
  "summary_wm_k": 0.28006507411641124,
  "summary_wm_mad": 74.9213638305664,
  "summary_wm_mean": 1005.8530883789062,
  "summary_wm_median": 1000.0549926757812,
  "summary_wm_n": 338559.0,
  "summary_wm_p05": 890.5281860351563,
  "summary_wm_p95": 1140.4007324218749,
  "summary_wm_stdv": 76.41679382324219,
  "tpm_overlap_csf": 0.2098676562309265,
  "tpm_overlap_gm": 0.42855921387672424,
  "tpm_overlap_wm": 0.5347006320953369,
  "wm2max": 0.46627508450217126
}