{
  "bids_meta": {
    "AcquisitionDateTime": "2018-05-29T14:18:45.630000",
    "AcquisitionMatrixPE": 320,
    "AcquisitionNumber": 1,
    "AcquisitionTime": "14:11:39.035000",
    "BaseResolution": 320,
    "BodyPartExamined": "HEAD",
    "ConsistencyInfo": "N4_VE11B_LATEST_20150530",
    "ConversionSoftware": "dcm2niix",
    "ConversionSoftwareVersion": "v1.0.20171215 GCC5.1.0",
    "DeviceSerialNumber": "66072",
    "DwellTime": 7.4e-06,
    "EchoTime": 0.00228,
    "FlipAngle": 8,
    "ImageOrientationPatientDICOM": [
      -0.0861496,
      0.983691,
      0.157894,
      -0.0720064,
      0.151921,
      -0.985766
    ],
    "ImageType": [
      "ORIGINAL",
      "PRIMARY",
      "M",
      "ND",
      "NORM"
    ],
    "InPlanePhaseEncodingDirectionDICOM": "ROW",
    "InstitutionAddress": "Boulevard_Jean_Moulin_27_Marseille_District_FR_13005",
    "InstitutionName": "Universite_d_aix_Marseille",
    "InstitutionalDepartmentName": "Department",
    "InversionTime": 1.01,
    "MRAcquisitionType": "3D",
    "MagneticFieldStrength": 3,
    "Manufacturer": "Siemens",
    "ManufacturersModelName": "Prisma",
    "Modality": "MR",
    "ParallelReductionFactorInPlane": 2,
    "PartialFourier": 1,
    "PatientPosition": "HFS",
    "PercentPhaseFOV": 100,
    "PhaseEncodingSteps": 319,
    "PhaseResolution": 1,
    "PixelBandwidth": 210,
    "ProcedureStepDescription": "Projets_Convers",
    "ProtocolName": "T1w",
    "PulseSequenceDetails": "%SiemensSeq%_tfl",
    "ReceiveCoilActiveElements": "HC1-7;NC1,2",
    "ReceiveCoilName": "HeadNeck_64",
    "ReconMatrixPE": 320,
    "RepetitionTime": 2.4,
    "SAR": 0.0345342,
    "ScanOptions": "IR_WE",
    "ScanningSequence": "GR_IR",
    "SequenceName": "_tfl3d1_16ns",
    "SequenceVariant": "SK_SP_MP",
    "SeriesDescription": "T1w",
    "SeriesNumber": 18,
    "ShimSetting": [
      -616,
      -10735,
      -702,
      -181,
      126,
      -248,
      -6,
      23
    ],
    "SliceThickness": 0.8,
    "SoftwareVersions": "syngo_MR_E11",
    "StationName": "AWP66072",
    "TxRefAmp": 217.908,
    "modality": "T1w",
    "subject_id": "03"
  },
  "cjv": 0.4854175738189777,
  "cnr": 2.6385570635832227,
  "efc": 0.4983135748743599,
  "fber": 4196.787109375,
  "fwhm_avg": 4.122813605120187,
  "fwhm_x": 4.122465938235159,
  "fwhm_y": 4.087012439098769,
  "fwhm_z": 4.158962438026631,
  "icvs_csf": 0.1889947821021609,
  "icvs_gm": 0.4319401441531224,
  "icvs_wm": 0.3790650737447167,
  "inu_med": 1.0972741842269897,
  "inu_range": 0.48735177516937256,
  "provenance": {
    "md5sum": "5f90df46c4b21c6961a6fc602c0a5980",
    "settings": {
      "testing": false
    },
    "software": "mriqc",
    "version": "0.10.4",
    "warnings": {
      "large_rot_frame": false,
      "small_air_mask": false
    }
  },
  "qi_1": 0.0,
  "qi_2": 0.022949958951839464,
  "rpve_csf": 34.62960832630397,
  "rpve_gm": 16.472073395708076,
  "rpve_wm": 21.56004652370939,
  "size_x": 256,
  "size_y": 320,
  "size_z": 320,
  "snr_csf": 3.1358728093937263,
  "snr_gm": 11.425784795657185,
  "snr_total": 11.010678850231935,
  "snr_wm": 18.470378945644892,
  "snrd_csf": 44.158276797409584,
  "snrd_gm": 94.37391484069542,
  "snrd_total": 86.97318232013903,
  "snrd_wm": 122.38735532231212,
  "spacing_x": 0.8000041842460632,
  "spacing_y": 0.800000011920929,
  "spacing_z": 0.800000011920929,
  "summary_bg_k": 3.170003300010924,
  "summary_bg_mad": 5.353157997131348,
  "summary_bg_mean": 8.739849090576172,
  "summary_bg_median": 7.500060081481934,
  "summary_bg_n": 4914465.0,
  "summary_bg_p05": 1.7930183410644531,
  "summary_bg_p95": 20.748080444335933,
  "summary_bg_stdv": 6.287528038024902,
  "summary_csf_k": 2.025707856111227,
  "summary_csf_mad": 110.66384887695312,
  "summary_csf_mean": 383.1817626953125,
  "summary_csf_median": 360.81988525390625,
  "summary_csf_n": 47986.0,
  "summary_csf_p05": 229.57581329345703,
  "summary_csf_p95": 585.6726684570312,
  "summary_csf_stdv": 115.06082916259766,
  "summary_gm_k": 0.6523726687151186,
  "summary_gm_mad": 63.63498306274414,
  "summary_gm_mean": 772.1854248046875,
  "summary_gm_median": 771.1348266601562,
  "summary_gm_n": 56663.0,
  "summary_gm_p05": 666.1529846191406,
  "summary_gm_p95": 887.0088745117188,
  "summary_gm_stdv": 67.49015808105469,
  "summary_wm_k": 1.1246494583801505,
  "summary_wm_mad": 47.476844787597656,
  "summary_wm_mean": 1002.0914306640625,
  "summary_wm_median": 1000.0343017578125,
  "summary_wm_n": 412487.0,
  "summary_wm_p05": 916.11689453125,
  "summary_wm_p95": 1093.897802734375,
  "summary_wm_stdv": 54.14253234863281,
  "tpm_overlap_csf": 0.22856228053569794,
  "tpm_overlap_gm": 0.4969364106655121,
  "tpm_overlap_wm": 0.5362197160720825,
  "wm2max": 0.5098384943254525
}