{
  "bids_meta": {
    "AcquisitionDateTime": "2018-07-17T12:46:24.742000",
    "AcquisitionMatrixPE": 320,
    "AcquisitionNumber": 1,
    "AcquisitionTime": "12:39:19.227500",
    "BaseResolution": 320,
    "BodyPartExamined": "HEAD",
    "ConsistencyInfo": "N4_VE11B_LATEST_20150530",
    "ConversionSoftware": "dcm2niix",
    "ConversionSoftwareVersion": "v1.0.20171215 GCC5.1.0",
    "DeviceSerialNumber": "66072",
    "DwellTime": 7.4e-06,
    "EchoTime": 0.00228,
    "FlipAngle": 8,
    "ImageOrientationPatientDICOM": [
      -0.0577237,
      0.938654,
      0.339995,
      0.0394061,
      0.342439,
      -0.938713
    ],
    "ImageType": [
      "ORIGINAL",
      "PRIMARY",
      "M",
      "ND",
      "NORM"
    ],
    "InPlanePhaseEncodingDirectionDICOM": "ROW",
    "InstitutionAddress": "Boulevard_Jean_Moulin_27_Marseille_District_FR_13005",
    "InstitutionName": "Universite_d_aix_Marseille",
    "InstitutionalDepartmentName": "Department",
    "InversionTime": 1.01,
    "MRAcquisitionType": "3D",
    "MagneticFieldStrength": 3,
    "Manufacturer": "Siemens",
    "ManufacturersModelName": "Prisma",
    "Modality": "MR",
    "ParallelReductionFactorInPlane": 2,
    "PartialFourier": 1,
    "PatientPosition": "HFS",
    "PercentPhaseFOV": 100,
    "PhaseEncodingSteps": 319,
    "PhaseResolution": 1,
    "PixelBandwidth": 210,
    "ProcedureStepDescription": "Projets_Convers",
    "ProtocolName": "T1w",
    "PulseSequenceDetails": "%SiemensSeq%_tfl",
    "ReceiveCoilActiveElements": "HC1-7;NC1,2",
    "ReceiveCoilName": "HeadNeck_64",
    "ReconMatrixPE": 320,
    "RepetitionTime": 2.4,
    "SAR": 0.0442962,
    "ScanOptions": "IR_WE",
    "ScanningSequence": "GR_IR",
    "SequenceName": "_tfl3d1_16ns",
    "SequenceVariant": "SK_SP_MP",
    "SeriesDescription": "T1w",
    "SeriesNumber": 26,
    "ShimSetting": [
      -594,
      -10865,
      -633,
      106,
      21,
      -287,
      75,
      10
    ],
    "SliceThickness": 0.8,
    "SoftwareVersions": "syngo_MR_E11",
    "StationName": "AWP66072",
    "TxRefAmp": 230.068,
    "modality": "T1w",
    "subject_id": "16"
  },
  "cjv": 0.525791457624383,
  "cnr": 2.5031556331196807,
  "efc": 0.5101964757645444,
  "fber": 3937.382568359375,
  "fwhm_avg": 4.28246862383411,
  "fwhm_x": 4.28291849912314,
  "fwhm_y": 4.26098743650634,
  "fwhm_z": 4.303499935872854,
  "icvs_csf": 0.2031094770563555,
  "icvs_gm": 0.42009229513406987,
  "icvs_wm": 0.3767982278095746,
  "inu_med": 1.0527957677841187,
  "inu_range": 0.5346712589263916,
  "provenance": {
    "md5sum": "1da581d9288ee35f1638bc5152b7c459",
    "settings": {
      "testing": false
    },
    "software": "mriqc",
    "version": "0.11.0",
    "warnings": {
      "large_rot_frame": false,
      "small_air_mask": false
    },
    "webapi_port": null,
    "webapi_url": "https://mriqc.nimh.nih.gov/api/v1"
  },
  "qi_1": 0.0,
  "qi_2": 0.005539008538590058,
  "rpve_csf": 34.27784176369737,
  "rpve_gm": 17.243200518423254,
  "rpve_wm": 22.18973499979988,
  "size_x": 256,
  "size_y": 320,
  "size_z": 320,
  "snr_csf": 3.233669213874321,
  "snr_gm": 11.487343678942736,
  "snr_total": 10.668231016607427,
  "snr_wm": 17.283680157005225,
  "snrd_csf": 35.595351479634076,
  "snrd_gm": 78.19507495384059,
  "snrd_total": 71.64433382339341,
  "snrd_wm": 101.14257503670555,
  "spacing_x": 0.7999988794326782,
  "spacing_y": 0.800000011920929,
  "spacing_z": 0.800000011920929,
  "summary_bg_k": 4358.060794318495,
  "summary_bg_mad": 6.477536201477051,
  "summary_bg_mean": 9.484129905700684,
  "summary_bg_median": 7.191572189331055,
  "summary_bg_n": 5518664.0,
  "summary_bg_p05": 0.0,
  "summary_bg_p95": 24.643874549865693,
  "summary_bg_stdv": 18.396020889282227,
  "summary_csf_k": 0.921464836961754,
  "summary_csf_mad": 91.05149841308594,
  "summary_csf_mean": 371.7043151855469,
  "summary_csf_median": 351.9422607421875,
  "summary_csf_n": 46887.0,
  "summary_csf_p05": 228.7293670654297,
  "summary_csf_p95": 596.2361206054687,
  "summary_csf_stdv": 108.83565521240234,
  "summary_gm_k": 0.17438219877895778,
  "summary_gm_mad": 67.00775909423828,
  "summary_gm_mean": 770.1810913085938,
  "summary_gm_median": 773.138916015625,
  "summary_gm_n": 53247.0,
  "summary_gm_p05": 657.0316711425781,
  "summary_gm_p95": 874.5063293457031,
  "summary_gm_stdv": 67.30290985107422,
  "summary_wm_k": 0.6459638722077661,
  "summary_wm_mad": 52.28855895996094,
  "summary_wm_mean": 1002.3678588867188,
  "summary_wm_median": 1000.0279541015625,
  "summary_wm_n": 395458.0,
  "summary_wm_p05": 910.6984313964844,
  "summary_wm_p95": 1102.025,
  "summary_wm_stdv": 57.85959243774414,
  "tpm_overlap_csf": 0.22310081124305725,
  "tpm_overlap_gm": 0.49500736594200134,
  "tpm_overlap_wm": 0.5497633218765259,
  "wm2max": 0.6735700305738085
}