{
  "bids_meta": {
    "AcquisitionDateTime": "2018-07-17T15:41:05.711000",
    "AcquisitionMatrixPE": 320,
    "AcquisitionNumber": 1,
    "AcquisitionTime": "15:34:0.035000",
    "BaseResolution": 320,
    "BodyPartExamined": "HEAD",
    "ConsistencyInfo": "N4_VE11B_LATEST_20150530",
    "ConversionSoftware": "dcm2niix",
    "ConversionSoftwareVersion": "v1.0.20171215 GCC5.1.0",
    "DeviceSerialNumber": "66072",
    "DwellTime": 7.4e-06,
    "EchoTime": 0.00228,
    "FlipAngle": 8,
    "ImageOrientationPatientDICOM": [
      0.0647133,
      0.980991,
      0.182942,
      0.0722363,
      0.17824,
      -0.981332
    ],
    "ImageType": [
      "ORIGINAL",
      "PRIMARY",
      "M",
      "ND",
      "NORM"
    ],
    "InPlanePhaseEncodingDirectionDICOM": "ROW",
    "InstitutionAddress": "Boulevard_Jean_Moulin_27_Marseille_District_FR_13005",
    "InstitutionName": "Universite_d_aix_Marseille",
    "InstitutionalDepartmentName": "Department",
    "InversionTime": 1.01,
    "MRAcquisitionType": "3D",
    "MagneticFieldStrength": 3,
    "Manufacturer": "Siemens",
    "ManufacturersModelName": "Prisma",
    "Modality": "MR",
    "ParallelReductionFactorInPlane": 2,
    "PartialFourier": 1,
    "PatientPosition": "HFS",
    "PercentPhaseFOV": 100,
    "PhaseEncodingSteps": 319,
    "PhaseResolution": 1,
    "PixelBandwidth": 210,
    "ProcedureStepDescription": "Projets_Convers",
    "ProtocolName": "T1w",
    "PulseSequenceDetails": "%SiemensSeq%_tfl",
    "ReceiveCoilActiveElements": "HC1-7;NC1,2",
    "ReceiveCoilName": "HeadNeck_64",
    "ReconMatrixPE": 320,
    "RepetitionTime": 2.4,
    "SAR": 0.0501542,
    "ScanOptions": "IR_WE",
    "ScanningSequence": "GR_IR",
    "SequenceName": "_tfl3d1_16ns",
    "SequenceVariant": "SK_SP_MP",
    "SeriesDescription": "T1w",
    "SeriesNumber": 18,
    "ShimSetting": [
      -580,
      -10726,
      -650,
      -60,
      175,
      41,
      -61,
      -88
    ],
    "SliceThickness": 0.8,
    "SoftwareVersions": "syngo_MR_E11",
    "StationName": "AWP66072",
    "TxRefAmp": 234.209,
    "modality": "T1w",
    "subject_id": "18"
  },
  "cjv": 0.6098391343701144,
  "cnr": 2.129371572207046,
  "efc": 0.5345170916220783,
  "fber": 4586.7578125,
  "fwhm_avg": 4.555632015749975,
  "fwhm_x": 4.517408683587911,
  "fwhm_y": 4.525537432564237,
  "fwhm_z": 4.623949931097776,
  "icvs_csf": 0.18058105519374965,
  "icvs_gm": 0.41211104450615504,
  "icvs_wm": 0.40730790030009534,
  "inu_med": 1.1324717998504639,
  "inu_range": 0.5606789290904999,
  "provenance": {
    "md5sum": "8b1450d7dfcb72da8653db915a33cce5",
    "settings": {
      "testing": false
    },
    "software": "mriqc",
    "version": "0.11.0",
    "warnings": {
      "large_rot_frame": false,
      "small_air_mask": false
    },
    "webapi_port": null,
    "webapi_url": "https://mriqc.nimh.nih.gov/api/v1"
  },
  "qi_1": 0.0,
  "qi_2": 0.006940398498405125,
  "rpve_csf": 31.58693125711194,
  "rpve_gm": 14.893072352461221,
  "rpve_wm": 18.001229138179188,
  "size_x": 256,
  "size_y": 320,
  "size_z": 320,
  "snr_csf": 3.088775251197637,
  "snr_gm": 9.692191984416194,
  "snr_total": 10.8180537688034,
  "snr_wm": 19.67319407079637,
  "snrd_csf": 53.7843896042871,
  "snrd_gm": 99.08746670688308,
  "snrd_total": 92.6442093102058,
  "snrd_wm": 125.06077161944724,
  "spacing_x": 0.7999984622001648,
  "spacing_y": 0.800000011920929,
  "spacing_z": 0.800000011920929,
  "summary_bg_k": 7856.464156499109,
  "summary_bg_mad": 5.2387309074401855,
  "summary_bg_mean": 9.126426696777344,
  "summary_bg_median": 7.471001625061035,
  "summary_bg_n": 4425083.0,
  "summary_bg_p05": 0.0,
  "summary_bg_p95": 22.200522994995115,
  "summary_bg_stdv": 15.700510025024414,
  "summary_csf_k": 0.1606118798029943,
  "summary_csf_mad": 163.47988891601562,
  "summary_csf_mean": 445.2247314453125,
  "summary_csf_median": 430.08135986328125,
  "summary_csf_n": 47098.0,
  "summary_csf_p05": 243.79042053222656,
  "summary_csf_p95": 667.1028564453126,
  "summary_csf_stdv": 139.23861694335938,
  "summary_gm_k": 0.486886307302389,
  "summary_gm_mad": 80.13119506835938,
  "summary_gm_mean": 798.5560302734375,
  "summary_gm_median": 792.3427734375,
  "summary_gm_n": 66799.0,
  "summary_gm_p05": 677.9050781249999,
  "summary_gm_p95": 943.735302734375,
  "summary_gm_stdv": 81.75001525878906,
  "summary_wm_k": 0.7055617351286925,
  "summary_wm_mad": 46.528045654296875,
  "summary_wm_mean": 1003.09765625,
  "summary_wm_median": 1000.03564453125,
  "summary_wm_n": 540697.0,
  "summary_wm_p05": 925.145068359375,
  "summary_wm_p95": 1092.0487548828123,
  "summary_wm_stdv": 50.83235168457031,
  "tpm_overlap_csf": 0.23092587292194366,
  "tpm_overlap_gm": 0.5082505941390991,
  "tpm_overlap_wm": 0.5611682534217834,
  "wm2max": 0.4985255605932094
}