{
  "bids_meta": {
    "AcquisitionDateTime": "2018-07-16T17:14:51.511000",
    "AcquisitionMatrixPE": 320,
    "AcquisitionNumber": 1,
    "AcquisitionTime": "17:07:43.985000",
    "BaseResolution": 320,
    "BodyPartExamined": "HEAD",
    "ConsistencyInfo": "N4_VE11B_LATEST_20150530",
    "ConversionSoftware": "dcm2niix",
    "ConversionSoftwareVersion": "v1.0.20171215 GCC5.1.0",
    "DeviceSerialNumber": "66072",
    "DwellTime": 7.4e-06,
    "EchoTime": 0.00228,
    "FlipAngle": 8,
    "ImageOrientationPatientDICOM": [
      0.0700708,
      0.986002,
      0.151296,
      0.0910545,
      0.144714,
      -0.985275
    ],
    "ImageType": [
      "ORIGINAL",
      "PRIMARY",
      "M",
      "ND",
      "NORM"
    ],
    "InPlanePhaseEncodingDirectionDICOM": "ROW",
    "InstitutionAddress": "Boulevard_Jean_Moulin_27_Marseille_District_FR_13005",
    "InstitutionName": "Universite_d_aix_Marseille",
    "InstitutionalDepartmentName": "Department",
    "InversionTime": 1.01,
    "MRAcquisitionType": "3D",
    "MagneticFieldStrength": 3,
    "Manufacturer": "Siemens",
    "ManufacturersModelName": "Prisma",
    "Modality": "MR",
    "ParallelReductionFactorInPlane": 2,
    "PartialFourier": 1,
    "PatientPosition": "HFS",
    "PercentPhaseFOV": 100,
    "PhaseEncodingSteps": 319,
    "PhaseResolution": 1,
    "PixelBandwidth": 210,
    "ProcedureStepDescription": "Projets_Convers",
    "ProtocolName": "T1w",
    "PulseSequenceDetails": "%SiemensSeq%_tfl",
    "ReceiveCoilActiveElements": "HC1-7;NC1,2",
    "ReceiveCoilName": "HeadNeck_64",
    "ReconMatrixPE": 320,
    "RepetitionTime": 2.4,
    "SAR": 0.0482113,
    "ScanOptions": "IR_WE",
    "ScanningSequence": "GR_IR",
    "SequenceName": "_tfl3d1_16ns",
    "SequenceVariant": "SK_SP_MP",
    "SeriesDescription": "T1w",
    "SeriesNumber": 18,
    "ShimSetting": [
      -578,
      -10776,
      -651,
      -61,
      46,
      -146,
      25,
      -5
    ],
    "SliceThickness": 0.8,
    "SoftwareVersions": "syngo_MR_E11",
    "StationName": "AWP66072",
    "TxRefAmp": 220.974,
    "modality": "T1w",
    "subject_id": "13"
  },
  "cjv": 0.4845708976124734,
  "cnr": 2.6937985570132312,
  "efc": 0.49835680946031186,
  "fber": 3993.789306640625,
  "fwhm_avg": 4.26369381255828,
  "fwhm_x": 4.236344065150361,
  "fwhm_y": 4.240999936804176,
  "fwhm_z": 4.313737435720303,
  "icvs_csf": 0.17480269608943044,
  "icvs_gm": 0.4581391848225321,
  "icvs_wm": 0.3670581190880375,
  "inu_med": 1.0377432107925415,
  "inu_range": 0.49340590536594364,
  "provenance": {
    "md5sum": "97c04eb1707e3098c523c1649c5b3ab7",
    "settings": {
      "testing": false
    },
    "software": "mriqc",
    "version": "0.11.0",
    "warnings": {
      "large_rot_frame": false,
      "small_air_mask": false
    },
    "webapi_port": null,
    "webapi_url": "https://mriqc.nimh.nih.gov/api/v1"
  },
  "qi_1": 0.0,
  "qi_2": 0.0032072329555826533,
  "rpve_csf": 35.22045602834676,
  "rpve_gm": 15.246998546122512,
  "rpve_wm": 20.98672720359355,
  "size_x": 256,
  "size_y": 320,
  "size_z": 320,
  "snr_csf": 2.5936672429351644,
  "snr_gm": 12.136651057293497,
  "snr_total": 10.698105169728803,
  "snr_wm": 17.363997208957745,
  "snrd_csf": 41.10951612029146,
  "snrd_gm": 89.77801887938988,
  "snrd_total": 82.57215260039193,
  "snrd_wm": 116.82892280149444,
  "spacing_x": 0.7999987602233887,
  "spacing_y": 0.800000011920929,
  "spacing_z": 0.800000011920929,
  "summary_bg_k": 1673.2551479708484,
  "summary_bg_mad": 5.607769012451172,
  "summary_bg_mean": 9.350839614868164,
  "summary_bg_median": 7.503273963928223,
  "summary_bg_n": 4563895.0,
  "summary_bg_p05": 1.6919593930244448,
  "summary_bg_p95": 23.810248565673817,
  "summary_bg_stdv": 7.901833534240723,
  "summary_csf_k": 29.50479456012838,
  "summary_csf_mad": 101.51744079589844,
  "summary_csf_mean": 384.209716796875,
  "summary_csf_median": 351.885009765625,
  "summary_csf_n": 53514.0,
  "summary_csf_p05": 236.88205337524414,
  "summary_csf_p95": 613.7088439941406,
  "summary_csf_stdv": 135.66957092285156,
  "summary_gm_k": 0.7747729332290376,
  "summary_gm_mad": 59.17052459716797,
  "summary_gm_mean": 769.4240112304688,
  "summary_gm_median": 768.47265625,
  "summary_gm_n": 100993.0,
  "summary_gm_p05": 669.734521484375,
  "summary_gm_p95": 876.491650390625,
  "summary_gm_stdv": 63.318031311035156,
  "summary_wm_k": 0.5521950492595367,
  "summary_wm_mad": 53.030677795410156,
  "summary_wm_mean": 999.1158447265625,
  "summary_wm_median": 1000.0202026367188,
  "summary_wm_n": 426774.0,
  "summary_wm_p05": 901.8639831542969,
  "summary_wm_p95": 1092.3556213378906,
  "summary_wm_stdv": 57.591522216796875,
  "tpm_overlap_csf": 0.24266192317008972,
  "tpm_overlap_gm": 0.5257999300956726,
  "tpm_overlap_wm": 0.5471222996711731,
  "wm2max": 0.5238940746588836
}