{
  "bids_meta": {
    "AcquisitionDateTime": "2018-05-30T16:06:05.441000",
    "AcquisitionMatrixPE": 320,
    "AcquisitionNumber": 1,
    "AcquisitionTime": "15:58:1.507500",
    "BaseResolution": 320,
    "BodyPartExamined": "HEAD",
    "ConsistencyInfo": "N4_VE11B_LATEST_20150530",
    "ConversionSoftware": "dcm2niix",
    "ConversionSoftwareVersion": "v1.0.20171215 GCC5.1.0",
    "DeviceSerialNumber": "66072",
    "DwellTime": 2.2e-06,
    "EchoTime": 0.562,
    "EchoTrainLength": 305,
    "FlipAngle": 120,
    "ImageOrientationPatientDICOM": [
      -0.00722041,
      0.98169,
      0.190349,
      0.0343728,
      0.190485,
      -0.981088
    ],
    "ImageType": [
      "ORIGINAL",
      "PRIMARY",
      "M",
      "ND",
      "NORM"
    ],
    "InPlanePhaseEncodingDirectionDICOM": "ROW",
    "InstitutionAddress": "Boulevard_Jean_Moulin_27_Marseille_District_FR_13005",
    "InstitutionName": "Universite_d_aix_Marseille",
    "InstitutionalDepartmentName": "Department",
    "MRAcquisitionType": "3D",
    "MagneticFieldStrength": 3,
    "Manufacturer": "Siemens",
    "ManufacturersModelName": "Prisma",
    "Modality": "MR",
    "ParallelReductionFactorInPlane": 2,
    "PartialFourier": 1,
    "PatientPosition": "HFS",
    "PercentPhaseFOV": 100,
    "PhaseEncodingSteps": 315,
    "PhaseResolution": 1,
    "PixelBandwidth": 710,
    "ProcedureStepDescription": "Projets_Convers",
    "ProtocolName": "T2w",
    "PulseSequenceDetails": "%SiemensSeq%_tse_vfl",
    "ReceiveCoilActiveElements": "HC1-7;NC1,2",
    "ReceiveCoilName": "HeadNeck_64",
    "ReconMatrixPE": 320,
    "RepetitionTime": 3.2,
    "SAR": 0.155936,
    "ScanOptions": "PFP",
    "ScanningSequence": "SE",
    "SequenceName": "_spc_305ns",
    "SequenceVariant": "SK_SP",
    "SeriesDescription": "T2w",
    "SeriesNumber": 23,
    "ShimSetting": [
      -598,
      -10826,
      -685,
      -42,
      90,
      -232,
      17,
      -18
    ],
    "SliceThickness": 0.8,
    "SoftwareVersions": "syngo_MR_E11",
    "StationName": "AWP66072",
    "TxRefAmp": 231.604,
    "modality": "T2w",
    "subject_id": "08"
  },
  "cjv": 0.3761891628864249,
  "cnr": 3.2847233234506454,
  "efc": 0.48107672779011107,
  "fber": 3324.717529296875,
  "fwhm_avg": 2.5377615609911373,
  "fwhm_x": 2.419122260372463,
  "fwhm_y": 2.85327495748289,
  "fwhm_z": 2.3408874651180587,
  "icvs_csf": 0.120475638392974,
  "icvs_gm": 0.4238065281424116,
  "icvs_wm": 0.4557178334646144,
  "inu_med": 1.2908992767333984,
  "inu_range": 0.4948316216468809,
  "provenance": {
    "md5sum": "d4dcdd8fe8b42d34adee45b98e989b8e",
    "settings": {
      "testing": false
    },
    "software": "mriqc",
    "version": "0.10.4",
    "warnings": {
      "large_rot_frame": true,
      "small_air_mask": false
    }
  },
  "qi_1": 0.07623207173957514,
  "qi_2": 0.09194192494600734,
  "rpve_csf": 57.43709662538278,
  "rpve_gm": 16.206888455233784,
  "rpve_wm": 17.10894986928857,
  "size_x": 256,
  "size_y": 320,
  "size_z": 320,
  "snr_csf": 4.161173788526536,
  "snr_gm": 9.046498467760971,
  "snr_total": 8.292366046035397,
  "snr_wm": 11.669425881818684,
  "snrd_csf": 171.5137038221896,
  "snrd_gm": 90.73705523883034,
  "snrd_total": 105.53706104769991,
  "snrd_wm": 54.36042408207976,
  "spacing_x": 0.8000009059906006,
  "spacing_y": 0.800000011920929,
  "spacing_z": 0.800000011920929,
  "summary_bg_k": 58.59466723390394,
  "summary_bg_mad": 12.051763534545898,
  "summary_bg_mean": 10.330181121826172,
  "summary_bg_median": 8.55595588684082,
  "summary_bg_n": 3433906.0,
  "summary_bg_p05": 0.0,
  "summary_bg_p95": 29.050775051116943,
  "summary_bg_stdv": 10.766599655151367,
  "summary_csf_k": 1.7060282862576077,
  "summary_csf_mad": 633.189697265625,
  "summary_csf_mean": 3034.66845703125,
  "summary_csf_median": 3155.13330078125,
  "summary_csf_n": 30462.0,
  "summary_csf_p05": 1462.3679016113283,
  "summary_csf_p95": 3994.3930541992186,
  "summary_csf_stdv": 758.2191162109375,
  "summary_gm_k": 0.8106555201232939,
  "summary_gm_mad": 176.2398223876953,
  "summary_gm_mean": 1683.0162353515625,
  "summary_gm_median": 1669.1815185546875,
  "summary_gm_n": 106226.0,
  "summary_gm_p05": 1407.7986755371094,
  "summary_gm_p95": 2003.6228942871094,
  "summary_gm_stdv": 184.51046752929688,
  "summary_wm_k": 2.1089693359519917,
  "summary_wm_mad": 75.49752044677734,
  "summary_wm_mean": 1003.1114501953125,
  "summary_wm_median": 1000.0039672851562,
  "summary_wm_n": 468673.0,
  "summary_wm_p05": 871.1431518554688,
  "summary_wm_p95": 1144.5623535156249,
  "summary_wm_stdv": 85.69426727294922,
  "tpm_overlap_csf": 0.17899522185325623,
  "tpm_overlap_gm": 0.46278417110443115,
  "tpm_overlap_wm": 0.5320478677749634,
  "wm2max": 0.2626080395622275
}