{
  "aor": 0.0010509375,
  "aqi": 0.005126104947916666,
  "bids_meta": {
    "AcquisitionDateTime": "2018-05-29T13:54:51.388000",
    "AcquisitionMatrixPE": 84,
    "AcquisitionNumber": 1,
    "AcquisitionTime": "13:54:49.090000",
    "BandwidthPerPixelPhaseEncode": 23.81,
    "BaseResolution": 84,
    "BodyPartExamined": "HEAD",
    "ConsistencyInfo": "N4_VE11B_LATEST_20150530",
    "ConversionSoftware": "dcm2niix",
    "ConversionSoftwareVersion": "v1.0.20171215 GCC5.1.0",
    "DerivedVendorReportedEchoSpacing": 0.00049999,
    "DeviceSerialNumber": "66072",
    "DwellTime": 2.3e-06,
    "EchoTime": 0.03,
    "EchoTrainLength": 84,
    "EffectiveEchoSpacing": 0.00049999,
    "FlipAngle": 65,
    "ImageComments": "Unaliased_MB3_PE3_LB_SENSE1",
    "ImageOrientationPatientDICOM": [
      0.993686,
      0.0962035,
      -0.0577312,
      -0.103564,
      0.984414,
      -0.142141
    ],
    "ImageType": [
      "ORIGINAL",
      "PRIMARY",
      "M",
      "MB",
      "ND",
      "MOSAIC"
    ],
    "InPlanePhaseEncodingDirectionDICOM": "COL",
    "InstitutionAddress": "Boulevard_Jean_Moulin_27_Marseille_District_FR_13005",
    "InstitutionName": "Universite_d_aix_Marseille",
    "InstitutionalDepartmentName": "Department",
    "MRAcquisitionType": "2D",
    "MagneticFieldStrength": 3,
    "Manufacturer": "Siemens",
    "ManufacturersModelName": "Prisma",
    "Modality": "MR",
    "MultibandAccelerationFactor": 3,
    "PartialFourier": 1,
    "PatientPosition": "HFS",
    "PercentPhaseFOV": 100,
    "PhaseEncodingDirection": "j",
    "PhaseEncodingSteps": 84,
    "PhaseResolution": 1,
    "PixelBandwidth": 2590,
    "ProcedureStepDescription": "Projets_Convers",
    "ProtocolName": "task-convers_run4_bold",
    "PulseSequenceDetails": "%CustomerSeq%_cmrr_mbep2d_bold",
    "ReceiveCoilActiveElements": "HC1-6",
    "ReceiveCoilName": "HeadNeck_64",
    "ReconMatrixPE": 84,
    "RepetitionTime": 1.205,
    "SAR": 0.0527927,
    "ScanOptions": "FS_EXT",
    "ScanningSequence": "EP",
    "SequenceName": "epfid2d1_84",
    "SequenceVariant": "SK_SS",
    "SeriesDescription": "task-convers_run4_bold",
    "SeriesNumber": 16,
    "ShimSetting": [
      -611,
      -10708,
      -605,
      491,
      27,
      -63,
      -105,
      25
    ],
    "SliceThickness": 2.5,
    "SliceTiming": [
      1.1375,
      1.07,
      1.0025,
      0.935,
      0.87,
      0.8025,
      0.735,
      0.6675,
      0.6,
      0.535,
      0.4675,
      0.4,
      0.3325,
      0.2675,
      0.2,
      0.1325,
      0.065,
      0,
      1.1375,
      1.07,
      1.0025,
      0.935,
      0.87,
      0.8025,
      0.735,
      0.6675,
      0.6,
      0.535,
      0.4675,
      0.4,
      0.3325,
      0.2675,
      0.2,
      0.1325,
      0.065,
      0,
      1.1375,
      1.07,
      1.0025,
      0.935,
      0.87,
      0.8025,
      0.735,
      0.6675,
      0.6,
      0.535,
      0.4675,
      0.4,
      0.3325,
      0.2675,
      0.2,
      0.1325,
      0.065,
      0
    ],
    "SoftwareVersions": "syngo_MR_E11",
    "SpacingBetweenSlices": 2.5,
    "StationName": "AWP66072",
    "TaskName": "convers",
    "TotalReadoutTime": 0.04199916,
    "TxRefAmp": 217.908,
    "modality": "bold",
    "run_id": "04",
    "subject_id": "03",
    "task_id": "convers"
  },
  "dummy_trs": 1,
  "dvars_nstd": 42.22485581618799,
  "dvars_std": 1.1629451932898156,
  "dvars_vstd": 0.9945663434203655,
  "efc": 0.47304262220452575,
  "fber": 13354.0751953125,
  "fd_mean": 0.214889172039503,
  "fd_num": 177,
  "fd_perc": 46.09375,
  "fwhm_avg": 2.863756,
  "fwhm_x": 2.68418,
  "fwhm_y": 3.190164,
  "fwhm_z": 2.7169239999999997,
  "gcor": 0.0273056,
  "gsr_x": -0.003104276955127716,
  "gsr_y": 0.04621194303035736,
  "provenance": {
    "md5sum": "9b71f8099ad9c39a0ba173679f715bb8",
    "settings": {
      "fd_thres": 0.2,
      "hmc_fsl": false
    },
    "software": "mriqc",
    "version": "0.10.4"
  },
  "size_t": 384,
  "size_x": 84,
  "size_y": 84,
  "size_z": 54,
  "snr": 2.087717062729956,
  "spacing_tr": 1.2050000429153442,
  "spacing_x": 2.5,
  "spacing_y": 2.5,
  "spacing_z": 2.5,
  "summary_bg_k": 36.132256948127676,
  "summary_bg_mad": 69.09635162353516,
  "summary_bg_mean": 546.1875610351562,
  "summary_bg_median": 88.09896087646484,
  "summary_bg_n": 237201.0,
  "summary_bg_p05": 38.235687255859375,
  "summary_bg_p95": 2631.64208984375,
  "summary_bg_stdv": 1362.3758544921875,
  "summary_fg_k": 0.8158945871251109,
  "summary_fg_mad": 5070.51708984375,
  "summary_fg_mean": 11947.525390625,
  "summary_fg_median": 11016.32421875,
  "summary_fg_n": 83247.0,
  "summary_fg_p05": 5115.038037109375,
  "summary_fg_p95": 21884.8859375,
  "summary_fg_stdv": 5276.70068359375,
  "tsnr": 39.78395462036133
}