{
  "bids_meta": {
    "AcquisitionDateTime": "2018-07-18T15:35:22.651000",
    "AcquisitionMatrixPE": 320,
    "AcquisitionNumber": 1,
    "AcquisitionTime": "15:28:7.012500",
    "BaseResolution": 320,
    "BodyPartExamined": "HEAD",
    "ConsistencyInfo": "N4_VE11B_LATEST_20150530",
    "ConversionSoftware": "dcm2niix",
    "ConversionSoftwareVersion": "v1.0.20171215 GCC5.1.0",
    "DeviceSerialNumber": "66072",
    "DwellTime": 7.4e-06,
    "EchoTime": 0.00228,
    "FlipAngle": 8,
    "ImageOrientationPatientDICOM": [
      0.0454313,
      0.984093,
      0.171745,
      0.0200944,
      0.170987,
      -0.985068
    ],
    "ImageType": [
      "ORIGINAL",
      "PRIMARY",
      "M",
      "ND",
      "NORM"
    ],
    "InPlanePhaseEncodingDirectionDICOM": "ROW",
    "InstitutionAddress": "Boulevard_Jean_Moulin_27_Marseille_District_FR_13005",
    "InstitutionName": "Universite_d_aix_Marseille",
    "InstitutionalDepartmentName": "Department",
    "InversionTime": 1.01,
    "MRAcquisitionType": "3D",
    "MagneticFieldStrength": 3,
    "Manufacturer": "Siemens",
    "ManufacturersModelName": "Prisma",
    "Modality": "MR",
    "ParallelReductionFactorInPlane": 2,
    "PartialFourier": 1,
    "PatientPosition": "HFS",
    "PercentPhaseFOV": 100,
    "PhaseEncodingSteps": 319,
    "PhaseResolution": 1,
    "PixelBandwidth": 210,
    "ProcedureStepDescription": "Projets_Convers",
    "ProtocolName": "T1w",
    "PulseSequenceDetails": "%SiemensSeq%_tfl",
    "ReceiveCoilActiveElements": "HC1-7;NC1,2",
    "ReceiveCoilName": "HeadNeck_64",
    "ReconMatrixPE": 320,
    "RepetitionTime": 2.4,
    "SAR": 0.0483755,
    "ScanOptions": "IR_WE",
    "ScanningSequence": "GR_IR",
    "SequenceName": "_tfl3d1_16ns",
    "SequenceVariant": "SK_SP_MP",
    "SeriesDescription": "T1w",
    "SeriesNumber": 18,
    "ShimSetting": [
      -599,
      -10845,
      -624,
      129,
      42,
      -174,
      108,
      46
    ],
    "SliceThickness": 0.8,
    "SoftwareVersions": "syngo_MR_E11",
    "StationName": "AWP66072",
    "TxRefAmp": 264.25,
    "modality": "T1w",
    "subject_id": "22"
  },
  "cjv": 0.6436174574694113,
  "cnr": 2.0259063725800015,
  "efc": 0.5778795054511278,
  "fber": 3807.068359375,
  "fwhm_avg": 4.247322999228793,
  "fwhm_x": 4.274231623865498,
  "fwhm_y": 4.207962437296473,
  "fwhm_z": 4.2597749365244075,
  "icvs_csf": 0.19611010107115287,
  "icvs_gm": 0.40446461434917136,
  "icvs_wm": 0.39942528457967574,
  "inu_med": 1.139362096786499,
  "inu_range": 0.5738626658916475,
  "provenance": {
    "md5sum": "a545fb0d0d7132880b8c3e3df8281f7a",
    "settings": {
      "testing": false
    },
    "software": "mriqc",
    "version": "0.11.0",
    "warnings": {
      "large_rot_frame": false,
      "small_air_mask": false
    },
    "webapi_port": null,
    "webapi_url": "https://mriqc.nimh.nih.gov/api/v1"
  },
  "qi_1": 0.0,
  "qi_2": 0.004576777476716485,
  "rpve_csf": 27.827406967097442,
  "rpve_gm": 14.001722805941622,
  "rpve_wm": 17.02263228874939,
  "size_x": 256,
  "size_y": 320,
  "size_z": 320,
  "snr_csf": 3.2581086084385458,
  "snr_gm": 10.341129105667425,
  "snr_total": 9.663186048110106,
  "snr_wm": 15.390320430224342,
  "snrd_csf": 36.35494459222379,
  "snrd_gm": 77.78326154800477,
  "snrd_total": 70.66134327315837,
  "snrd_wm": 97.84582367924655,
  "spacing_x": 0.7999987602233887,
  "spacing_y": 0.800000011920929,
  "spacing_z": 0.800000011920929,
  "summary_bg_k": 1378.3598847523165,
  "summary_bg_mad": 6.695925712585449,
  "summary_bg_mean": 10.95256519317627,
  "summary_bg_median": 8.658100128173828,
  "summary_bg_n": 4453644.0,
  "summary_bg_p05": 1.8701757192611694,
  "summary_bg_p95": 28.07798767089841,
  "summary_bg_stdv": 10.597382545471191,
  "summary_csf_k": 0.5335562938881879,
  "summary_csf_mad": 106.69869995117188,
  "summary_csf_mean": 390.36578369140625,
  "summary_csf_median": 371.5715026855469,
  "summary_csf_n": 48974.0,
  "summary_csf_p05": 235.91460571289065,
  "summary_csf_p95": 608.234683227539,
  "summary_csf_stdv": 114.04399108886719,
  "summary_gm_k": 1.0133583925545802,
  "summary_gm_mad": 71.28724670410156,
  "summary_gm_mean": 795.703857421875,
  "summary_gm_median": 794.9962158203125,
  "summary_gm_n": 41372.0,
  "summary_gm_p05": 675.596502685547,
  "summary_gm_p95": 923.6804138183592,
  "summary_gm_stdv": 76.87619018554688,
  "summary_wm_k": 0.6496062124717108,
  "summary_wm_mad": 60.688194274902344,
  "summary_wm_mean": 1004.32177734375,
  "summary_wm_median": 1000.048828125,
  "summary_wm_n": 554392.0,
  "summary_wm_p05": 905.1870666503906,
  "summary_wm_p95": 1118.4646850585937,
  "summary_wm_stdv": 64.97901916503906,
  "tpm_overlap_csf": 0.2204103171825409,
  "tpm_overlap_gm": 0.4798917770385742,
  "tpm_overlap_wm": 0.5375162959098816,
  "wm2max": 0.6034257540937731
}