{
  "bids_meta": {
    "AcquisitionDateTime": "2018-07-17T14:08:39.288000",
    "AcquisitionMatrixPE": 320,
    "AcquisitionNumber": 1,
    "AcquisitionTime": "14:00:35.522500",
    "BaseResolution": 320,
    "BodyPartExamined": "HEAD",
    "ConsistencyInfo": "N4_VE11B_LATEST_20150530",
    "ConversionSoftware": "dcm2niix",
    "ConversionSoftwareVersion": "v1.0.20171215 GCC5.1.0",
    "DeviceSerialNumber": "66072",
    "DwellTime": 2.2e-06,
    "EchoTime": 0.562,
    "EchoTrainLength": 305,
    "FlipAngle": 120,
    "ImageOrientationPatientDICOM": [
      -0.0256376,
      0.971446,
      0.235872,
      0.0686498,
      0.237103,
      -0.969056
    ],
    "ImageType": [
      "ORIGINAL",
      "PRIMARY",
      "M",
      "ND",
      "NORM"
    ],
    "InPlanePhaseEncodingDirectionDICOM": "ROW",
    "InstitutionAddress": "Boulevard_Jean_Moulin_27_Marseille_District_FR_13005",
    "InstitutionName": "Universite_d_aix_Marseille",
    "InstitutionalDepartmentName": "Department",
    "MRAcquisitionType": "3D",
    "MagneticFieldStrength": 3,
    "Manufacturer": "Siemens",
    "ManufacturersModelName": "Prisma",
    "Modality": "MR",
    "ParallelReductionFactorInPlane": 2,
    "PartialFourier": 1,
    "PatientPosition": "HFS",
    "PercentPhaseFOV": 100,
    "PhaseEncodingSteps": 315,
    "PhaseResolution": 1,
    "PixelBandwidth": 710,
    "ProcedureStepDescription": "Projets_Convers",
    "ProtocolName": "T2w",
    "PulseSequenceDetails": "%SiemensSeq%_tse_vfl",
    "ReceiveCoilActiveElements": "HC1-7;NC1,2",
    "ReceiveCoilName": "HeadNeck_64",
    "ReconMatrixPE": 320,
    "RepetitionTime": 3.2,
    "SAR": 0.144491,
    "ScanOptions": "PFP",
    "ScanningSequence": "SE",
    "SequenceName": "_spc_305ns",
    "SequenceVariant": "SK_SP",
    "SeriesDescription": "T2w",
    "SeriesNumber": 19,
    "ShimSetting": [
      -605,
      -10853,
      -668,
      -56,
      50,
      -221,
      57,
      -76
    ],
    "SliceThickness": 0.8,
    "SoftwareVersions": "syngo_MR_E11",
    "StationName": "AWP66072",
    "TxRefAmp": 245.48,
    "modality": "T2w",
    "subject_id": "17"
  },
  "cjv": 0.3744394589247847,
  "cnr": 2.778948874395317,
  "efc": 0.5324878156680248,
  "fber": 1866.3343505859375,
  "fwhm_avg": 2.5150886202417135,
  "fwhm_x": 2.43622843685573,
  "fwhm_y": 2.833287457780727,
  "fwhm_z": 2.275749966088683,
  "icvs_csf": 0.415651368286408,
  "icvs_gm": 0.10228210995840742,
  "icvs_wm": 0.4820665217551846,
  "inu_med": 1.4367916584014893,
  "inu_range": 0.41479679346084586,
  "provenance": {
    "md5sum": "6c8a11cfb6f2001212b9ac8a6bbd987f",
    "settings": {
      "testing": false
    },
    "software": "mriqc",
    "version": "0.11.0",
    "warnings": {
      "large_rot_frame": true,
      "small_air_mask": false
    },
    "webapi_port": null,
    "webapi_url": "https://mriqc.nimh.nih.gov/api/v1"
  },
  "qi_1": 0.0,
  "qi_2": 0.00422194971060665,
  "rpve_csf": 17.24821296000287,
  "rpve_gm": 76.21936333034373,
  "rpve_wm": 16.134612076433942,
  "size_x": 256,
  "size_y": 320,
  "size_z": 320,
  "snr_csf": 9.206616628169288,
  "snr_gm": 4.070100128976252,
  "snr_total": 7.766553488235526,
  "snr_wm": 10.022943707561039,
  "snrd_csf": 86.45244764243361,
  "snrd_gm": 159.02600360928528,
  "snrd_total": 98.3463887433705,
  "snrd_wm": 49.56071497839262,
  "spacing_x": 0.7999947667121887,
  "spacing_y": 0.800000011920929,
  "spacing_z": 0.800000011920929,
  "summary_bg_k": 18.54241572737398,
  "summary_bg_mad": 13.218561172485352,
  "summary_bg_mean": 17.213184356689453,
  "summary_bg_median": 9.598662376403809,
  "summary_bg_n": 4866061.0,
  "summary_bg_p05": 0.0,
  "summary_bg_p95": 47.728214263916016,
  "summary_bg_stdv": 16.326047897338867,
  "summary_csf_k": 1.0520394400314945,
  "summary_csf_mad": 175.29727172851562,
  "summary_csf_mean": 1756.5906982421875,
  "summary_csf_median": 1744.33447265625,
  "summary_csf_n": 122817.0,
  "summary_csf_p05": 1471.672314453125,
  "summary_csf_p95": 2082.7406738281247,
  "summary_csf_stdv": 189.46453857421875,
  "summary_gm_k": 1.1856959104042062,
  "summary_gm_mad": 738.4723510742188,
  "summary_gm_mean": 3083.788330078125,
  "summary_gm_median": 3208.63720703125,
  "summary_gm_n": 23415.0,
  "summary_gm_p05": 1519.227587890625,
  "summary_gm_p95": 4077.253637695312,
  "summary_gm_stdv": 788.3267211914062,
  "summary_wm_k": 1.8101184688053582,
  "summary_wm_mad": 88.53716278076172,
  "summary_wm_mean": 1002.5660400390625,
  "summary_wm_median": 999.97705078125,
  "summary_wm_n": 437286.0,
  "summary_wm_p05": 846.5958709716797,
  "summary_wm_p95": 1166.3702697753906,
  "summary_wm_stdv": 99.76868438720703,
  "tpm_overlap_csf": 0.118776835501194,
  "tpm_overlap_gm": 0.0915713906288147,
  "tpm_overlap_wm": 0.5031838417053223,
  "wm2max": 0.2638364387404225
}