{
  "aor": 0.0007984114583333334,
  "aqi": 0.002606251614583334,
  "bids_meta": {
    "AcquisitionDateTime": "2018-07-18T17:00:01.618000",
    "AcquisitionMatrixPE": 84,
    "AcquisitionNumber": 1,
    "AcquisitionTime": "16:59:45.267500",
    "BandwidthPerPixelPhaseEncode": 23.81,
    "BaseResolution": 84,
    "BodyPartExamined": "HEAD",
    "ConsistencyInfo": "N4_VE11B_LATEST_20150530",
    "ConversionSoftware": "dcm2niix",
    "ConversionSoftwareVersion": "v1.0.20171215 GCC5.1.0",
    "DerivedVendorReportedEchoSpacing": 0.00049999,
    "DeviceSerialNumber": "66072",
    "DwellTime": 2.3e-06,
    "EchoTime": 0.03,
    "EchoTrainLength": 84,
    "EffectiveEchoSpacing": 0.00049999,
    "FlipAngle": 65,
    "ImageComments": "Unaliased_MB3_PE3_LB_SENSE1",
    "ImageOrientationPatientDICOM": [
      0.999927,
      0.0118746,
      0.0023491,
      -0.011868,
      0.999926,
      -0.00279716
    ],
    "ImageType": [
      "ORIGINAL",
      "PRIMARY",
      "M",
      "MB",
      "ND",
      "MOSAIC"
    ],
    "InPlanePhaseEncodingDirectionDICOM": "COL",
    "InstitutionAddress": "Boulevard_Jean_Moulin_27_Marseille_District_FR_13005",
    "InstitutionName": "Universite_d_aix_Marseille",
    "InstitutionalDepartmentName": "Department",
    "MRAcquisitionType": "2D",
    "MagneticFieldStrength": 3,
    "Manufacturer": "Siemens",
    "ManufacturersModelName": "Prisma",
    "Modality": "MR",
    "MultibandAccelerationFactor": 3,
    "PartialFourier": 1,
    "PatientPosition": "HFS",
    "PercentPhaseFOV": 100,
    "PhaseEncodingDirection": "j",
    "PhaseEncodingSteps": 84,
    "PhaseResolution": 1,
    "PixelBandwidth": 2590,
    "ProcedureStepDescription": "Projets_Convers",
    "ProtocolName": "task-convers_run4_bold",
    "PulseSequenceDetails": "%CustomerSeq%_cmrr_mbep2d_bold",
    "ReceiveCoilActiveElements": "HC1-6",
    "ReceiveCoilName": "HeadNeck_64",
    "ReconMatrixPE": 84,
    "RepetitionTime": 1.205,
    "SAR": 0.0665881,
    "ScanOptions": "FS_EXT",
    "ScanningSequence": "EP",
    "SequenceName": "epfid2d1_84",
    "SequenceVariant": "SK_SS",
    "SeriesDescription": "task-convers_run4_bold",
    "SeriesNumber": 16,
    "ShimSetting": [
      -613,
      -10783,
      -557,
      392,
      10,
      -70,
      -6,
      31
    ],
    "SliceThickness": 2.5,
    "SliceTiming": [
      1.1375,
      1.07,
      1.005,
      0.9375,
      0.87,
      0.8025,
      0.7375,
      0.67,
      0.6025,
      0.535,
      0.4675,
      0.4025,
      0.335,
      0.2675,
      0.2,
      0.135,
      0.0675,
      0,
      1.1375,
      1.07,
      1.005,
      0.9375,
      0.87,
      0.8025,
      0.7375,
      0.67,
      0.6025,
      0.535,
      0.4675,
      0.4025,
      0.335,
      0.2675,
      0.2,
      0.135,
      0.0675,
      0,
      1.1375,
      1.07,
      1.005,
      0.9375,
      0.87,
      0.8025,
      0.7375,
      0.67,
      0.6025,
      0.535,
      0.4675,
      0.4025,
      0.335,
      0.2675,
      0.2,
      0.135,
      0.0675,
      0
    ],
    "SoftwareVersions": "syngo_MR_E11",
    "SpacingBetweenSlices": 2.5,
    "StationName": "AWP66072",
    "TaskName": "convers",
    "TotalReadoutTime": 0.04199916,
    "TxRefAmp": 215.628,
    "modality": "bold",
    "run_id": "04",
    "subject_id": "23",
    "task_id": "convers"
  },
  "dummy_trs": 1,
  "dvars_nstd": 29.053003335979117,
  "dvars_std": 1.158107068355091,
  "dvars_vstd": 1.094349061070496,
  "efc": 0.46877611930946284,
  "fber": 15768.2763671875,
  "fd_mean": 0.06463086604732624,
  "fd_num": 2,
  "fd_perc": 0.5208333333333334,
  "fwhm_avg": 2.8978626666666667,
  "fwhm_x": 2.725184,
  "fwhm_y": 3.2232239999999996,
  "fwhm_z": 2.74518,
  "gcor": 0.0233814,
  "gsr_x": 0.004837675951421261,
  "gsr_y": 0.04174194484949112,
  "provenance": {
    "md5sum": "ffd8415976e9441dec4a44f244469ad9",
    "settings": {
      "fd_thres": 0.2,
      "hmc_fsl": false
    },
    "software": "mriqc",
    "version": "0.11.0",
    "webapi_port": null,
    "webapi_url": null
  },
  "size_t": 384,
  "size_x": 84,
  "size_y": 84,
  "size_z": 54,
  "snr": 2.078222289235242,
  "spacing_tr": 1.2050000429153442,
  "spacing_x": 2.5,
  "spacing_y": 2.5,
  "spacing_z": 2.5,
  "summary_bg_k": 32.82608710295232,
  "summary_bg_mad": 57.968101501464844,
  "summary_bg_mean": 581.300537109375,
  "summary_bg_median": 80.92636108398438,
  "summary_bg_n": 238004.0,
  "summary_bg_p05": 37.542922019958496,
  "summary_bg_p95": 3225.0484252929664,
  "summary_bg_stdv": 1587.2987060546875,
  "summary_fg_k": 0.7284932437099645,
  "summary_fg_mad": 5198.04150390625,
  "summary_fg_mean": 11952.0439453125,
  "summary_fg_median": 11002.81640625,
  "summary_fg_n": 83002.0,
  "summary_fg_p05": 5140.158642578125,
  "summary_fg_p95": 21825.979394531245,
  "summary_fg_stdv": 5294.30859375,
  "tsnr": 52.4548454284668
}