{
  "aor": 0.0043214285714285715,
  "aqi": 0.02404518096103896,
  "bids_meta": {
    "AcquisitionDateTime": "2018-05-30T12:46:09.426000",
    "AcquisitionMatrixPE": 84,
    "AcquisitionNumber": 1,
    "AcquisitionTime": "12:46:6.727500",
    "BandwidthPerPixelPhaseEncode": 23.81,
    "BaseResolution": 84,
    "BodyPartExamined": "HEAD",
    "ConsistencyInfo": "N4_VE11B_LATEST_20150530",
    "ConversionSoftware": "dcm2niix",
    "ConversionSoftwareVersion": "v1.0.20171215 GCC5.1.0",
    "DerivedVendorReportedEchoSpacing": 0.00049999,
    "DeviceSerialNumber": "66072",
    "DwellTime": 2.3e-06,
    "EchoTime": 0.03,
    "EchoTrainLength": 84,
    "EffectiveEchoSpacing": 0.00049999,
    "FlipAngle": 65,
    "ImageComments": "Unaliased_MB3_PE3_LB_SENSE1",
    "ImageOrientationPatientDICOM": [
      0.9995,
      -0.0215451,
      0.0231612,
      0.0261728,
      0.97447,
      -0.222985
    ],
    "ImageType": [
      "ORIGINAL",
      "PRIMARY",
      "M",
      "MB",
      "ND",
      "MOSAIC"
    ],
    "InPlanePhaseEncodingDirectionDICOM": "COL",
    "InstitutionAddress": "Boulevard_Jean_Moulin_27_Marseille_District_FR_13005",
    "InstitutionName": "Universite_d_aix_Marseille",
    "InstitutionalDepartmentName": "Department",
    "MRAcquisitionType": "2D",
    "MagneticFieldStrength": 3,
    "Manufacturer": "Siemens",
    "ManufacturersModelName": "Prisma",
    "Modality": "MR",
    "MultibandAccelerationFactor": 3,
    "PartialFourier": 1,
    "PatientPosition": "HFS",
    "PercentPhaseFOV": 100,
    "PhaseEncodingDirection": "j",
    "PhaseEncodingSteps": 84,
    "PhaseResolution": 1,
    "PixelBandwidth": 2590,
    "ProcedureStepDescription": "Projets_Convers",
    "ProtocolName": "task-convers_run4_bold",
    "PulseSequenceDetails": "%CustomerSeq%_cmrr_mbep2d_bold",
    "ReceiveCoilActiveElements": "HC1-7",
    "ReceiveCoilName": "HeadNeck_64",
    "ReconMatrixPE": 84,
    "RepetitionTime": 1.205,
    "SAR": 0.0692157,
    "ScanOptions": "FS_EXT",
    "ScanningSequence": "EP",
    "SequenceName": "epfid2d1_84",
    "SequenceVariant": "SK_SS",
    "SeriesDescription": "task-convers_run4_bold",
    "SeriesNumber": 18,
    "ShimSetting": [
      -583,
      -10748,
      -592,
      323,
      15,
      36,
      -52,
      23
    ],
    "SliceThickness": 2.5,
    "SliceTiming": [
      1.1375,
      1.0725,
      1.005,
      0.9375,
      0.87,
      0.805,
      0.7375,
      0.67,
      0.6025,
      0.535,
      0.47,
      0.4025,
      0.335,
      0.2675,
      0.2025,
      0.135,
      0.0675,
      0,
      1.1375,
      1.0725,
      1.005,
      0.9375,
      0.87,
      0.805,
      0.7375,
      0.67,
      0.6025,
      0.535,
      0.47,
      0.4025,
      0.335,
      0.2675,
      0.2025,
      0.135,
      0.0675,
      0,
      1.1375,
      1.0725,
      1.005,
      0.9375,
      0.87,
      0.805,
      0.7375,
      0.67,
      0.6025,
      0.535,
      0.47,
      0.4025,
      0.335,
      0.2675,
      0.2025,
      0.135,
      0.0675,
      0
    ],
    "SoftwareVersions": "syngo_MR_E11",
    "SpacingBetweenSlices": 2.5,
    "StationName": "AWP66072",
    "TaskName": "convers",
    "TotalReadoutTime": 0.04199916,
    "TxRefAmp": 251.399,
    "modality": "bold",
    "run_id": "04",
    "subject_id": "06",
    "task_id": "convers"
  },
  "dummy_trs": 0,
  "dvars_nstd": 73.87692663572913,
  "dvars_std": 1.1503025827864588,
  "dvars_vstd": 0.9836946336979165,
  "efc": 0.5006926215252515,
  "fber": 6615.74609375,
  "fd_mean": 0.6102288602719294,
  "fd_num": 334,
  "fd_perc": 86.75324675324676,
  "fwhm_avg": 2.9857014270731703,
  "fwhm_x": 2.753972,
  "fwhm_y": 3.2543320000000002,
  "fwhm_z": 2.9488002812195093,
  "gcor": 0.0581782,
  "gsr_x": 0.016837814822793007,
  "gsr_y": 0.03560416400432587,
  "provenance": {
    "md5sum": "59ca2ef3929b8e36e5668eb878738c2a",
    "settings": {
      "fd_thres": 0.2,
      "hmc_fsl": false
    },
    "software": "mriqc",
    "version": "0.10.4"
  },
  "size_t": 385,
  "size_x": 84,
  "size_y": 84,
  "size_z": 54,
  "snr": 2.2076502584944553,
  "spacing_tr": 1.2050000429153442,
  "spacing_x": 2.5,
  "spacing_y": 2.5,
  "spacing_z": 2.499999761581421,
  "summary_bg_k": 16.758176746863647,
  "summary_bg_mad": 102.83553314208984,
  "summary_bg_mean": 853.35595703125,
  "summary_bg_median": 113.82406616210938,
  "summary_bg_n": 237930.0,
  "summary_bg_p05": 35.076738357543945,
  "summary_bg_p95": 5427.391625976557,
  "summary_bg_stdv": 2049.199951171875,
  "summary_fg_k": 0.25667623127878647,
  "summary_fg_mad": 4646.38720703125,
  "summary_fg_mean": 10672.0693359375,
  "summary_fg_median": 10052.123046875,
  "summary_fg_n": 82643.0,
  "summary_fg_p05": 4369.93544921875,
  "summary_fg_p95": 18906.4048828125,
  "summary_fg_stdv": 4553.28564453125,
  "tsnr": 22.425601959228516
}