{
  "bids_meta": {
    "AcquisitionDateTime": "2018-07-18T17:17:44.762000",
    "AcquisitionMatrixPE": 320,
    "AcquisitionNumber": 1,
    "AcquisitionTime": "17:09:28.505000",
    "BaseResolution": 320,
    "BodyPartExamined": "HEAD",
    "ConsistencyInfo": "N4_VE11B_LATEST_20150530",
    "ConversionSoftware": "dcm2niix",
    "ConversionSoftwareVersion": "v1.0.20171215 GCC5.1.0",
    "DeviceSerialNumber": "66072",
    "DwellTime": 2.2e-06,
    "EchoTime": 0.562,
    "EchoTrainLength": 305,
    "FlipAngle": 120,
    "ImageOrientationPatientDICOM": [
      -0.0120918,
      0.960072,
      0.279493,
      -0.00107361,
      0.279501,
      -0.960145
    ],
    "ImageType": [
      "ORIGINAL",
      "PRIMARY",
      "M",
      "ND",
      "NORM"
    ],
    "InPlanePhaseEncodingDirectionDICOM": "ROW",
    "InstitutionAddress": "Boulevard_Jean_Moulin_27_Marseille_District_FR_13005",
    "InstitutionName": "Universite_d_aix_Marseille",
    "InstitutionalDepartmentName": "Department",
    "MRAcquisitionType": "3D",
    "MagneticFieldStrength": 3,
    "Manufacturer": "Siemens",
    "ManufacturersModelName": "Prisma",
    "Modality": "MR",
    "ParallelReductionFactorInPlane": 2,
    "PartialFourier": 1,
    "PatientPosition": "HFS",
    "PercentPhaseFOV": 100,
    "PhaseEncodingSteps": 315,
    "PhaseResolution": 1,
    "PixelBandwidth": 710,
    "ProcedureStepDescription": "Projets_Convers",
    "ProtocolName": "T2w",
    "PulseSequenceDetails": "%SiemensSeq%_tse_vfl",
    "ReceiveCoilActiveElements": "HC1-7;NC1,2",
    "ReceiveCoilName": "HeadNeck_64",
    "ReconMatrixPE": 320,
    "RepetitionTime": 3.2,
    "SAR": 0.144576,
    "ScanOptions": "PFP",
    "ScanningSequence": "SE",
    "SequenceName": "_spc_305ns",
    "SequenceVariant": "SK_SP",
    "SeriesDescription": "T2w",
    "SeriesNumber": 17,
    "ShimSetting": [
      -607,
      -10794,
      -689,
      -84,
      87,
      -214,
      22,
      31
    ],
    "SliceThickness": 0.8,
    "SoftwareVersions": "syngo_MR_E11",
    "StationName": "AWP66072",
    "TxRefAmp": 215.628,
    "modality": "T2w",
    "subject_id": "23"
  },
  "cjv": 0.32309203967796624,
  "cnr": 2.993871198233122,
  "efc": 0.47056093693566403,
  "fber": 3468.29345703125,
  "fwhm_avg": 2.5562363459999147,
  "fwhm_x": 2.4962466150754397,
  "fwhm_y": 2.7952624583473433,
  "fwhm_z": 2.37719996457696,
  "icvs_csf": 0.4224399470969665,
  "icvs_gm": 0.11225965399657623,
  "icvs_wm": 0.46530039890645725,
  "inu_med": 1.2375913858413696,
  "inu_range": 0.3964668571949004,
  "provenance": {
    "md5sum": "f6b8c05d85c072888937ae522427c27f",
    "settings": {
      "testing": false
    },
    "software": "mriqc",
    "version": "0.11.0",
    "warnings": {
      "large_rot_frame": true,
      "small_air_mask": false
    },
    "webapi_port": null,
    "webapi_url": "https://mriqc.nimh.nih.gov/api/v1"
  },
  "qi_1": 1.479435633348508e-06,
  "qi_2": 0.049450434961804464,
  "rpve_csf": 16.378710271839793,
  "rpve_gm": 68.34504258463403,
  "rpve_wm": 15.70080718790246,
  "size_x": 256,
  "size_y": 320,
  "size_z": 320,
  "snr_csf": 9.692773942606532,
  "snr_gm": 4.5775658616564545,
  "snr_total": 8.182261270066098,
  "snr_wm": 10.276444005935303,
  "snrd_csf": 87.87985989648706,
  "snrd_gm": 150.67824043392199,
  "snrd_total": 96.51700829418729,
  "snrd_wm": 50.992924552152836,
  "spacing_x": 0.8000010848045349,
  "spacing_y": 0.800000011920929,
  "spacing_z": 0.800000011920929,
  "summary_bg_k": 17.37099721530998,
  "summary_bg_mad": 12.84703540802002,
  "summary_bg_mean": 13.690376281738281,
  "summary_bg_median": 8.766342163085938,
  "summary_bg_n": 4370945.0,
  "summary_bg_p05": 0.0,
  "summary_bg_p95": 42.16305618286131,
  "summary_bg_stdv": 14.616721153259277,
  "summary_csf_k": 1.4312257098234449,
  "summary_csf_mad": 157.36016845703125,
  "summary_csf_mean": 1732.602294921875,
  "summary_csf_median": 1723.2987060546875,
  "summary_csf_n": 127895.0,
  "summary_csf_p05": 1461.9019409179687,
  "summary_csf_p95": 2036.8348510742187,
  "summary_csf_stdv": 177.79141235351562,
  "summary_gm_k": 2.7201699499341743,
  "summary_gm_mad": 547.8367309570312,
  "summary_gm_mean": 2896.2158203125,
  "summary_gm_median": 2954.7568359375,
  "summary_gm_n": 34709.0,
  "summary_gm_p05": 1672.86796875,
  "summary_gm_p95": 3722.9560546875,
  "summary_gm_stdv": 645.4771728515625,
  "summary_wm_k": 2.6236612633090735,
  "summary_wm_mad": 83.74368286132812,
  "summary_wm_mean": 1004.6104736328125,
  "summary_wm_median": 999.95654296875,
  "summary_wm_n": 446888.0,
  "summary_wm_p05": 858.093588256836,
  "summary_wm_p95": 1164.4434387207032,
  "summary_wm_stdv": 97.30558776855469,
  "tpm_overlap_csf": 0.11737412214279175,
  "tpm_overlap_gm": 0.0977686271071434,
  "tpm_overlap_wm": 0.5104334950447083,
  "wm2max": 0.2825884760469183
}