{
  "aor": 0.0021913766233766234,
  "aqi": 0.005645706909090909,
  "bids_meta": {
    "AcquisitionDateTime": "2018-07-16T16:29:45.091000",
    "AcquisitionMatrixPE": 84,
    "AcquisitionNumber": 1,
    "AcquisitionTime": "16:29:43.172500",
    "BandwidthPerPixelPhaseEncode": 23.81,
    "BaseResolution": 84,
    "BodyPartExamined": "HEAD",
    "ConsistencyInfo": "N4_VE11B_LATEST_20150530",
    "ConversionSoftware": "dcm2niix",
    "ConversionSoftwareVersion": "v1.0.20171215 GCC5.1.0",
    "DerivedVendorReportedEchoSpacing": 0.00049999,
    "DeviceSerialNumber": "66072",
    "DwellTime": 2.3e-06,
    "EchoTime": 0.03,
    "EchoTrainLength": 84,
    "EffectiveEchoSpacing": 0.00049999,
    "FlipAngle": 65,
    "ImageComments": "Unaliased_MB3_PE3_LB_SENSE1",
    "ImageOrientationPatientDICOM": [
      0.993378,
      -0.0828144,
      0.0796397,
      0.0800997,
      0.996111,
      0.0367039
    ],
    "ImageType": [
      "ORIGINAL",
      "PRIMARY",
      "M",
      "MB",
      "ND",
      "MOSAIC"
    ],
    "InPlanePhaseEncodingDirectionDICOM": "COL",
    "InstitutionAddress": "Boulevard_Jean_Moulin_27_Marseille_District_FR_13005",
    "InstitutionName": "Universite_d_aix_Marseille",
    "InstitutionalDepartmentName": "Department",
    "MRAcquisitionType": "2D",
    "MagneticFieldStrength": 3,
    "Manufacturer": "Siemens",
    "ManufacturersModelName": "Prisma",
    "Modality": "MR",
    "MultibandAccelerationFactor": 3,
    "PartialFourier": 1,
    "PatientPosition": "HFS",
    "PercentPhaseFOV": 100,
    "PhaseEncodingDirection": "j",
    "PhaseEncodingSteps": 84,
    "PhaseResolution": 1,
    "PixelBandwidth": 2590,
    "ProcedureStepDescription": "Projets_Convers",
    "ProtocolName": "task-convers_run2_bold",
    "PulseSequenceDetails": "%CustomerSeq%_cmrr_mbep2d_bold",
    "ReceiveCoilActiveElements": "HC1-6",
    "ReceiveCoilName": "HeadNeck_64",
    "ReconMatrixPE": 84,
    "RepetitionTime": 1.205,
    "SAR": 0.073701,
    "ScanOptions": "FS_EXT",
    "ScanningSequence": "EP",
    "SequenceName": "epfid2d1_84",
    "SequenceVariant": "SK_SS",
    "SeriesDescription": "task-convers_run2_bold",
    "SeriesNumber": 12,
    "ShimSetting": [
      -587,
      -10795,
      -596,
      533,
      53,
      37,
      29,
      2
    ],
    "SliceThickness": 2.5,
    "SliceTiming": [
      1.1375,
      1.07,
      1.005,
      0.9375,
      0.87,
      0.8025,
      0.7375,
      0.67,
      0.6025,
      0.535,
      0.4675,
      0.4025,
      0.335,
      0.2675,
      0.2,
      0.135,
      0.0675,
      0,
      1.1375,
      1.07,
      1.005,
      0.9375,
      0.87,
      0.8025,
      0.7375,
      0.67,
      0.6025,
      0.535,
      0.4675,
      0.4025,
      0.335,
      0.2675,
      0.2,
      0.135,
      0.0675,
      0,
      1.1375,
      1.07,
      1.005,
      0.9375,
      0.87,
      0.8025,
      0.7375,
      0.67,
      0.6025,
      0.535,
      0.4675,
      0.4025,
      0.335,
      0.2675,
      0.2,
      0.135,
      0.0675,
      0
    ],
    "SoftwareVersions": "syngo_MR_E11",
    "SpacingBetweenSlices": 2.5,
    "StationName": "AWP66072",
    "TaskName": "convers",
    "TotalReadoutTime": 0.04199916,
    "TxRefAmp": 220.974,
    "modality": "bold",
    "run_id": "02",
    "subject_id": "13",
    "task_id": "convers"
  },
  "dummy_trs": 0,
  "dvars_nstd": 39.14745489755209,
  "dvars_std": 1.1500906544791671,
  "dvars_vstd": 1.049538152734376,
  "efc": 0.4742375150923432,
  "fber": 8818.134765625,
  "fd_mean": 0.20363188562021192,
  "fd_num": 149,
  "fd_perc": 38.701298701298704,
  "fwhm_avg": 2.9924693333333336,
  "fwhm_x": 2.761564,
  "fwhm_y": 3.242852,
  "fwhm_z": 2.972992,
  "gcor": 0.0322129,
  "gsr_x": 0.011637266725301743,
  "gsr_y": 0.038652509450912476,
  "provenance": {
    "md5sum": "311a876738fac00f398661801d3d7a1d",
    "settings": {
      "fd_thres": 0.2,
      "hmc_fsl": false
    },
    "software": "mriqc",
    "version": "0.11.0",
    "webapi_port": null,
    "webapi_url": null
  },
  "size_t": 385,
  "size_x": 84,
  "size_y": 84,
  "size_z": 54,
  "snr": 2.205878777934742,
  "spacing_tr": 1.2050000429153442,
  "spacing_x": 2.5,
  "spacing_y": 2.5,
  "spacing_z": 2.5,
  "summary_bg_k": 37.668452184142275,
  "summary_bg_mad": 98.53739929199219,
  "summary_bg_mean": 573.6730346679688,
  "summary_bg_median": 104.9338150024414,
  "summary_bg_n": 239332.0,
  "summary_bg_p05": 31.805643749237063,
  "summary_bg_p95": 2818.821313476558,
  "summary_bg_stdv": 1394.80517578125,
  "summary_fg_k": 0.6357390068048736,
  "summary_fg_mad": 4542.97802734375,
  "summary_fg_mean": 11136.2314453125,
  "summary_fg_median": 10387.51953125,
  "summary_fg_n": 82059.0,
  "summary_fg_p05": 4889.56650390625,
  "summary_fg_p95": 19932.61503906248,
  "summary_fg_stdv": 4708.98779296875,
  "tsnr": 37.8626708984375
}