{
  "aor": 0.00221148051948052,
  "aqi": 0.006898095636363635,
  "bids_meta": {
    "AcquisitionDateTime": "2018-07-18T14:59:42.663000",
    "AcquisitionMatrixPE": 84,
    "AcquisitionNumber": 1,
    "AcquisitionTime": "14:59:39.257500",
    "BandwidthPerPixelPhaseEncode": 23.81,
    "BaseResolution": 84,
    "BodyPartExamined": "HEAD",
    "ConsistencyInfo": "N4_VE11B_LATEST_20150530",
    "ConversionSoftware": "dcm2niix",
    "ConversionSoftwareVersion": "v1.0.20171215 GCC5.1.0",
    "DerivedVendorReportedEchoSpacing": 0.00049999,
    "DeviceSerialNumber": "66072",
    "DwellTime": 2.3e-06,
    "EchoTime": 0.03,
    "EchoTrainLength": 84,
    "EffectiveEchoSpacing": 0.00049999,
    "FlipAngle": 65,
    "ImageComments": "Unaliased_MB3_PE3_LB_SENSE1",
    "ImageOrientationPatientDICOM": [
      0.998766,
      -0.0481814,
      0.0120089,
      0.0467513,
      0.993934,
      0.0995488
    ],
    "ImageType": [
      "ORIGINAL",
      "PRIMARY",
      "M",
      "MB",
      "ND",
      "MOSAIC"
    ],
    "InPlanePhaseEncodingDirectionDICOM": "COL",
    "InstitutionAddress": "Boulevard_Jean_Moulin_27_Marseille_District_FR_13005",
    "InstitutionName": "Universite_d_aix_Marseille",
    "InstitutionalDepartmentName": "Department",
    "MRAcquisitionType": "2D",
    "MagneticFieldStrength": 3,
    "Manufacturer": "Siemens",
    "ManufacturersModelName": "Prisma",
    "Modality": "MR",
    "MultibandAccelerationFactor": 3,
    "PartialFourier": 1,
    "PatientPosition": "HFS",
    "PercentPhaseFOV": 100,
    "PhaseEncodingDirection": "j",
    "PhaseEncodingSteps": 84,
    "PhaseResolution": 1,
    "PixelBandwidth": 2590,
    "ProcedureStepDescription": "Projets_Convers",
    "ProtocolName": "task-convers_run3_bold",
    "PulseSequenceDetails": "%CustomerSeq%_cmrr_mbep2d_bold",
    "ReceiveCoilActiveElements": "HC1-6",
    "ReceiveCoilName": "HeadNeck_64",
    "ReconMatrixPE": 84,
    "RepetitionTime": 1.205,
    "SAR": 0.073952,
    "ScanOptions": "FS_EXT",
    "ScanningSequence": "EP",
    "SequenceName": "epfid2d1_84",
    "SequenceVariant": "SK_SS",
    "SeriesDescription": "task-convers_run3_bold",
    "SeriesNumber": 14,
    "ShimSetting": [
      -617,
      -10774,
      -516,
      397,
      24,
      178,
      24,
      34
    ],
    "SliceThickness": 2.5,
    "SliceTiming": [
      1.1375,
      1.07,
      1.005,
      0.9375,
      0.87,
      0.8025,
      0.7375,
      0.67,
      0.6025,
      0.535,
      0.4675,
      0.4025,
      0.335,
      0.2675,
      0.2,
      0.135,
      0.0675,
      0,
      1.1375,
      1.07,
      1.005,
      0.9375,
      0.87,
      0.8025,
      0.7375,
      0.67,
      0.6025,
      0.535,
      0.4675,
      0.4025,
      0.335,
      0.2675,
      0.2,
      0.135,
      0.0675,
      0,
      1.1375,
      1.07,
      1.005,
      0.9375,
      0.87,
      0.8025,
      0.7375,
      0.67,
      0.6025,
      0.535,
      0.4675,
      0.4025,
      0.335,
      0.2675,
      0.2,
      0.135,
      0.0675,
      0
    ],
    "SoftwareVersions": "syngo_MR_E11",
    "SpacingBetweenSlices": 2.5,
    "StationName": "AWP66072",
    "TaskName": "convers",
    "TotalReadoutTime": 0.04199916,
    "TxRefAmp": 264.25,
    "modality": "bold",
    "run_id": "03",
    "subject_id": "22",
    "task_id": "convers"
  },
  "dummy_trs": 0,
  "dvars_nstd": 41.15312467002604,
  "dvars_std": 1.14908650859375,
  "dvars_vstd": 1.2004725492708328,
  "efc": 0.5172601224261641,
  "fber": 4015.800537109375,
  "fd_mean": 0.23011241941710048,
  "fd_num": 179,
  "fd_perc": 46.493506493506494,
  "fwhm_avg": 2.9305106666666667,
  "fwhm_x": 2.73792,
  "fwhm_y": 3.2075679999999998,
  "fwhm_z": 2.846044,
  "gcor": 0.0139955,
  "gsr_x": 0.03601880744099617,
  "gsr_y": 0.02533050812780857,
  "provenance": {
    "md5sum": "b4c381ad5e715b815fd2519ad649b3b5",
    "settings": {
      "fd_thres": 0.2,
      "hmc_fsl": false
    },
    "software": "mriqc",
    "version": "0.11.0",
    "webapi_port": null,
    "webapi_url": null
  },
  "size_t": 385,
  "size_x": 84,
  "size_y": 84,
  "size_z": 54,
  "snr": 1.887748377584343,
  "spacing_tr": 1.2050000429153442,
  "spacing_x": 2.5,
  "spacing_y": 2.5,
  "spacing_z": 2.5,
  "summary_bg_k": 26.390777484275358,
  "summary_bg_mad": 147.57489013671875,
  "summary_bg_mean": 769.6915283203125,
  "summary_bg_median": 144.7155303955078,
  "summary_bg_n": 221063.0,
  "summary_bg_p05": 36.12543830871582,
  "summary_bg_p95": 4009.8929443359357,
  "summary_bg_stdv": 1764.761962890625,
  "summary_fg_k": 1.2158155976716305,
  "summary_fg_mad": 4979.8828125,
  "summary_fg_mean": 10933.6103515625,
  "summary_fg_median": 10008.857421875,
  "summary_fg_n": 97226.0,
  "summary_fg_p05": 4013.2445678710938,
  "summary_fg_p95": 20919.73583984375,
  "summary_fg_stdv": 5301.98095703125,
  "tsnr": 37.02411651611328
}