{
  "bids_meta": {
    "AcquisitionDateTime": "2018-05-30T10:40:49.299000",
    "AcquisitionMatrixPE": 320,
    "AcquisitionNumber": 1,
    "AcquisitionTime": "10:32:45.517500",
    "BaseResolution": 320,
    "BodyPartExamined": "HEAD",
    "ConsistencyInfo": "N4_VE11B_LATEST_20150530",
    "ConversionSoftware": "dcm2niix",
    "ConversionSoftwareVersion": "v1.0.20171215 GCC5.1.0",
    "DeviceSerialNumber": "66072",
    "DwellTime": 2.2e-06,
    "EchoTime": 0.562,
    "EchoTrainLength": 305,
    "FlipAngle": 120,
    "ImageOrientationPatientDICOM": [
      0.0392512,
      0.996466,
      0.0742613,
      -0.0210324,
      0.075126,
      -0.996952
    ],
    "ImageType": [
      "ORIGINAL",
      "PRIMARY",
      "M",
      "ND",
      "NORM"
    ],
    "InPlanePhaseEncodingDirectionDICOM": "ROW",
    "InstitutionAddress": "Boulevard_Jean_Moulin_27_Marseille_District_FR_13005",
    "InstitutionName": "Universite_d_aix_Marseille",
    "InstitutionalDepartmentName": "Department",
    "MRAcquisitionType": "3D",
    "MagneticFieldStrength": 3,
    "Manufacturer": "Siemens",
    "ManufacturersModelName": "Prisma",
    "Modality": "MR",
    "ParallelReductionFactorInPlane": 2,
    "PartialFourier": 1,
    "PatientPosition": "HFS",
    "PercentPhaseFOV": 100,
    "PhaseEncodingSteps": 315,
    "PhaseResolution": 1,
    "PixelBandwidth": 710,
    "ProcedureStepDescription": "Projets_Convers",
    "ProtocolName": "T2w",
    "PulseSequenceDetails": "%SiemensSeq%_tse_vfl",
    "ReceiveCoilActiveElements": "HC1-7;NC1,2",
    "ReceiveCoilName": "HeadNeck_64",
    "ReconMatrixPE": 320,
    "RepetitionTime": 3.2,
    "SAR": 0.113856,
    "ScanOptions": "PFP",
    "ScanningSequence": "SE",
    "SequenceName": "_spc_305ns",
    "SequenceVariant": "SK_SP",
    "SeriesDescription": "T2w",
    "SeriesNumber": 17,
    "ShimSetting": [
      -600,
      -10808,
      -655,
      152,
      60,
      -379,
      -1,
      44
    ],
    "SliceThickness": 0.8,
    "SoftwareVersions": "syngo_MR_E11",
    "StationName": "AWP66072",
    "TxRefAmp": 233.498,
    "modality": "T2w",
    "subject_id": "05"
  },
  "cjv": 0.4439442055608142,
  "cnr": 2.928291398524588,
  "efc": 0.5045207049956637,
  "fber": 2300.484375,
  "fwhm_avg": 2.6320547575603777,
  "fwhm_x": 2.5428643524515175,
  "fwhm_y": 2.86592495729439,
  "fwhm_z": 2.487374962935225,
  "icvs_csf": 0.12711638810840678,
  "icvs_gm": 0.39404815964427814,
  "icvs_wm": 0.47883545224731505,
  "inu_med": 1.2511926889419556,
  "inu_range": 0.39727241992950413,
  "provenance": {
    "md5sum": "ed4eb4eba5436ceeaa0eb1e6d2e520ae",
    "settings": {
      "testing": false
    },
    "software": "mriqc",
    "version": "0.10.4",
    "warnings": {
      "large_rot_frame": true,
      "small_air_mask": false
    }
  },
  "qi_1": 1.1651984899666036e-05,
  "qi_2": 0.04965990680892886,
  "rpve_csf": 52.09588981041237,
  "rpve_gm": 15.757542236280047,
  "rpve_wm": 15.152404301652037,
  "size_x": 256,
  "size_y": 320,
  "size_z": 320,
  "snr_csf": 4.2699291631854175,
  "snr_gm": 8.682592725127922,
  "snr_total": 7.712053796645342,
  "snr_wm": 10.183639501622686,
  "snrd_csf": 139.37115159170386,
  "snrd_gm": 74.99914772812,
  "snrd_total": 86.89321247160528,
  "snrd_wm": 46.30933809499195,
  "spacing_x": 0.8000033497810364,
  "spacing_y": 0.800000011920929,
  "spacing_z": 0.800000011920929,
  "summary_bg_k": 8.477284362072503,
  "summary_bg_mad": 14.147172927856445,
  "summary_bg_mean": 17.71516227722168,
  "summary_bg_median": 11.09862232208252,
  "summary_bg_n": 5871575.0,
  "summary_bg_p05": 0.0,
  "summary_bg_p95": 52.980723190307614,
  "summary_bg_stdv": 18.055356979370117,
  "summary_csf_k": 1.5321674579844142,
  "summary_csf_mad": 677.7435913085938,
  "summary_csf_mean": 2965.781005859375,
  "summary_csf_median": 3009.6142578125,
  "summary_csf_n": 45997.0,
  "summary_csf_p05": 1662.4341308593753,
  "summary_csf_p95": 3904.447607421875,
  "summary_csf_stdv": 704.8317260742188,
  "summary_gm_k": 0.4991023975591604,
  "summary_gm_mad": 182.82537841796875,
  "summary_gm_mean": 1629.7730712890625,
  "summary_gm_median": 1619.5496826171875,
  "summary_gm_n": 88770.0,
  "summary_gm_p05": 1347.022723388672,
  "summary_gm_p95": 1949.3874633789062,
  "summary_gm_stdv": 186.5272979736328,
  "summary_wm_k": 0.8711977635973192,
  "summary_wm_mad": 92.21344757080078,
  "summary_wm_mean": 1000.7756958007812,
  "summary_wm_median": 1000.0150146484375,
  "summary_wm_n": 503673.0,
  "summary_wm_p05": 842.2722900390625,
  "summary_wm_p95": 1160.65869140625,
  "summary_wm_stdv": 98.1980972290039,
  "tpm_overlap_csf": 0.18232126533985138,
  "tpm_overlap_gm": 0.4452601969242096,
  "tpm_overlap_wm": 0.5169447064399719,
  "wm2max": 0.2725039547710229
}