{
  "bids_meta": {
    "AcquisitionDateTime": "2018-07-16T13:12:30.971000",
    "AcquisitionMatrixPE": 320,
    "AcquisitionNumber": 1,
    "AcquisitionTime": "13:04:17.492500",
    "BaseResolution": 320,
    "BodyPartExamined": "HEAD",
    "ConsistencyInfo": "N4_VE11B_LATEST_20150530",
    "ConversionSoftware": "dcm2niix",
    "ConversionSoftwareVersion": "v1.0.20171215 GCC5.1.0",
    "DeviceSerialNumber": "66072",
    "DwellTime": 2.2e-06,
    "EchoTime": 0.562,
    "EchoTrainLength": 305,
    "FlipAngle": 120,
    "ImageOrientationPatientDICOM": [
      0.0837253,
      0.98517,
      0.149764,
      -0.102055,
      0.157979,
      -0.982154
    ],
    "ImageType": [
      "ORIGINAL",
      "PRIMARY",
      "M",
      "ND",
      "NORM"
    ],
    "InPlanePhaseEncodingDirectionDICOM": "ROW",
    "InstitutionAddress": "Boulevard_Jean_Moulin_27_Marseille_District_FR_13005",
    "InstitutionName": "Universite_d_aix_Marseille",
    "InstitutionalDepartmentName": "Department",
    "MRAcquisitionType": "3D",
    "MagneticFieldStrength": 3,
    "Manufacturer": "Siemens",
    "ManufacturersModelName": "Prisma",
    "Modality": "MR",
    "ParallelReductionFactorInPlane": 2,
    "PartialFourier": 1,
    "PatientPosition": "HFS",
    "PercentPhaseFOV": 100,
    "PhaseEncodingSteps": 315,
    "PhaseResolution": 1,
    "PixelBandwidth": 710,
    "ProcedureStepDescription": "Projets_Convers",
    "ProtocolName": "T2w",
    "PulseSequenceDetails": "%SiemensSeq%_tse_vfl",
    "ReceiveCoilActiveElements": "HC1-7;NC1,2",
    "ReceiveCoilName": "HeadNeck_64",
    "ReconMatrixPE": 320,
    "RepetitionTime": 3.2,
    "SAR": 0.138914,
    "ScanOptions": "PFP",
    "ScanningSequence": "SE",
    "SequenceName": "_spc_305ns",
    "SequenceVariant": "SK_SP",
    "SeriesDescription": "T2w",
    "SeriesNumber": 18,
    "ShimSetting": [
      -633,
      -10810,
      -672,
      -11,
      121,
      -293,
      6,
      67
    ],
    "SliceThickness": 0.8,
    "SoftwareVersions": "syngo_MR_E11",
    "StationName": "AWP66072",
    "TxRefAmp": 220.561,
    "modality": "T2w",
    "subject_id": "11"
  },
  "cjv": 0.23690738945610296,
  "cnr": 3.9183580465192818,
  "efc": 0.4722539195117125,
  "fber": 3181.166259765625,
  "fwhm_avg": 2.8326587617641152,
  "fwhm_x": 2.70721387158143,
  "fwhm_y": 3.148399953085185,
  "fwhm_z": 2.642362460625731,
  "icvs_csf": 0.2717290007922365,
  "icvs_gm": 0.1378138136177494,
  "icvs_wm": 0.5904571855900141,
  "inu_med": 1.2881591320037842,
  "inu_range": 0.4671185016632078,
  "provenance": {
    "md5sum": "4e196f6fa33d788e6d873a466f13901d",
    "settings": {
      "testing": false
    },
    "software": "mriqc",
    "version": "0.11.0",
    "warnings": {
      "large_rot_frame": true,
      "small_air_mask": false
    },
    "webapi_port": null,
    "webapi_url": "https://mriqc.nimh.nih.gov/api/v1"
  },
  "qi_1": 2.2440744262102813e-05,
  "qi_2": 1.0,
  "rpve_csf": 20.136445839289042,
  "rpve_gm": 57.414938232610375,
  "rpve_wm": 12.97441480620566,
  "size_x": 256,
  "size_y": 320,
  "size_z": 320,
  "snr_csf": 7.7475731123233365,
  "snr_gm": 5.986160082012528,
  "snr_total": 7.593346911143332,
  "snr_wm": 9.04630753909413,
  "snrd_csf": 92.7511492266842,
  "snrd_gm": 163.14298806279686,
  "snrd_total": 103.22996192730501,
  "snrd_wm": 53.79574849243399,
  "spacing_x": 0.7999995946884155,
  "spacing_y": 0.800000011920929,
  "spacing_z": 0.800000011920929,
  "summary_bg_k": 14.826863504998869,
  "summary_bg_mad": 12.180225372314453,
  "summary_bg_mean": 16.123796463012695,
  "summary_bg_median": 9.000171661376953,
  "summary_bg_n": 4366665.0,
  "summary_bg_p05": 0.0,
  "summary_bg_p95": 44.41671600341796,
  "summary_bg_stdv": 15.1754150390625,
  "summary_csf_k": 2.785809922973031,
  "summary_csf_mad": 173.4984893798828,
  "summary_csf_mean": 1756.195556640625,
  "summary_csf_median": 1724.41943359375,
  "summary_csf_n": 50119.0,
  "summary_csf_p05": 1467.1397216796877,
  "summary_csf_p95": 2193.1350830078127,
  "summary_csf_stdv": 222.57321166992188,
  "summary_gm_k": 9.85792338419866,
  "summary_gm_mad": 387.482421875,
  "summary_gm_mean": 2970.232421875,
  "summary_gm_median": 3033.136962890625,
  "summary_gm_n": 87402.0,
  "summary_gm_p05": 2325.359716796875,
  "summary_gm_p95": 3552.058569335937,
  "summary_gm_stdv": 506.6886901855469,
  "summary_wm_k": 1.9599956399616199,
  "summary_wm_mad": 94.14370727539062,
  "summary_wm_mean": 1010.0919799804688,
  "summary_wm_median": 1000.164794921875,
  "summary_wm_n": 644122.0,
  "summary_wm_p05": 848.9705230712891,
  "summary_wm_p95": 1210.8749023437495,
  "summary_wm_stdv": 110.56047058105469,
  "tpm_overlap_csf": 0.13329388201236725,
  "tpm_overlap_gm": 0.12154487520456314,
  "tpm_overlap_wm": 0.48951244354248047,
  "wm2max": 0.279733743346225
}