{
  "bids_meta": {
    "AcquisitionDateTime": "2018-07-16T18:39:15.378000",
    "AcquisitionMatrixPE": 320,
    "AcquisitionNumber": 1,
    "AcquisitionTime": "18:31:11.502500",
    "BaseResolution": 320,
    "BodyPartExamined": "HEAD",
    "ConsistencyInfo": "N4_VE11B_LATEST_20150530",
    "ConversionSoftware": "dcm2niix",
    "ConversionSoftwareVersion": "v1.0.20171215 GCC5.1.0",
    "DeviceSerialNumber": "66072",
    "DwellTime": 2.2e-06,
    "EchoTime": 0.562,
    "EchoTrainLength": 305,
    "FlipAngle": 120,
    "ImageOrientationPatientDICOM": [
      -0.0219573,
      0.964696,
      0.262449,
      0.0192002,
      0.26287,
      -0.96464
    ],
    "ImageType": [
      "ORIGINAL",
      "PRIMARY",
      "M",
      "ND",
      "NORM"
    ],
    "InPlanePhaseEncodingDirectionDICOM": "ROW",
    "InstitutionAddress": "Boulevard_Jean_Moulin_27_Marseille_District_FR_13005",
    "InstitutionName": "Universite_d_aix_Marseille",
    "InstitutionalDepartmentName": "Department",
    "MRAcquisitionType": "3D",
    "MagneticFieldStrength": 3,
    "Manufacturer": "Siemens",
    "ManufacturersModelName": "Prisma",
    "Modality": "MR",
    "ParallelReductionFactorInPlane": 2,
    "PartialFourier": 1,
    "PatientPosition": "HFS",
    "PercentPhaseFOV": 100,
    "PhaseEncodingSteps": 315,
    "PhaseResolution": 1,
    "PixelBandwidth": 710,
    "ProcedureStepDescription": "Projets_Convers",
    "ProtocolName": "T2w",
    "PulseSequenceDetails": "%SiemensSeq%_tse_vfl",
    "ReceiveCoilActiveElements": "HC1-7;NC1,2",
    "ReceiveCoilName": "HeadNeck_64",
    "ReconMatrixPE": 320,
    "RepetitionTime": 3.2,
    "SAR": 0.163119,
    "ScanOptions": "PFP",
    "ScanningSequence": "SE",
    "SequenceName": "_spc_305ns",
    "SequenceVariant": "SK_SP",
    "SeriesDescription": "T2w",
    "SeriesNumber": 21,
    "ShimSetting": [
      -613,
      -10797,
      -747,
      -294,
      43,
      -156,
      -34,
      -58
    ],
    "SliceThickness": 0.8,
    "SoftwareVersions": "syngo_MR_E11",
    "StationName": "AWP66072",
    "TxRefAmp": 248.206,
    "modality": "T2w",
    "subject_id": "14"
  },
  "cjv": 0.36046603513353687,
  "cnr": 2.9839713234070118,
  "efc": 0.4948492536320784,
  "fber": 1555.9302978515625,
  "fwhm_avg": 2.6230120756112023,
  "fwhm_x": 2.585723805561096,
  "fwhm_y": 2.8581624574100606,
  "fwhm_z": 2.4251499638624496,
  "icvs_csf": 0.2957198154749911,
  "icvs_gm": 0.1340713581126426,
  "icvs_wm": 0.5702088264123664,
  "inu_med": 1.377135992050171,
  "inu_range": 0.42103359699249276,
  "provenance": {
    "md5sum": "932619cf15ecc07f9e8daae01b2d0b5d",
    "settings": {
      "testing": false
    },
    "software": "mriqc",
    "version": "0.11.0",
    "warnings": {
      "large_rot_frame": true,
      "small_air_mask": false
    },
    "webapi_port": null,
    "webapi_url": "https://mriqc.nimh.nih.gov/api/v1"
  },
  "qi_1": 0.0,
  "qi_2": 0.005328578439263311,
  "rpve_csf": 23.925456146556424,
  "rpve_gm": 71.87075771050868,
  "rpve_wm": 16.525646722853406,
  "size_x": 256,
  "size_y": 320,
  "size_z": 320,
  "snr_csf": 8.71683676806886,
  "snr_gm": 4.56185234892466,
  "snr_total": 7.198876436584686,
  "snr_wm": 8.317940192760535,
  "snrd_csf": 120.94116031773909,
  "snrd_gm": 206.48249629651917,
  "snrd_total": 132.18190498141124,
  "snrd_wm": 69.12205832997546,
  "spacing_x": 0.8000003695487976,
  "spacing_y": 0.800000011920929,
  "spacing_z": 0.800000011920929,
  "summary_bg_k": 11.15658013345615,
  "summary_bg_mad": 9.479532241821289,
  "summary_bg_mean": 17.08668327331543,
  "summary_bg_median": 13.788996696472168,
  "summary_bg_n": 5519483.0,
  "summary_bg_p05": 0.0,
  "summary_bg_p95": 48.67386550903318,
  "summary_bg_stdv": 16.358200073242188,
  "summary_csf_k": 1.8211817373640873,
  "summary_csf_mad": 181.60157775878906,
  "summary_csf_mean": 1766.3431396484375,
  "summary_csf_median": 1749.96484375,
  "summary_csf_n": 47647.0,
  "summary_csf_p05": 1474.9297485351562,
  "summary_csf_p95": 2111.8609374999996,
  "summary_csf_stdv": 200.7547607421875,
  "summary_gm_k": 2.010914099038132,
  "summary_gm_mad": 608.5303955078125,
  "summary_gm_mean": 3022.065673828125,
  "summary_gm_median": 2987.7099609375,
  "summary_gm_n": 44863.0,
  "summary_gm_p05": 2017.1577758789062,
  "summary_gm_p95": 3985.0516601562504,
  "summary_gm_stdv": 654.9262084960938,
  "summary_wm_k": 1.2935975564831583,
  "summary_wm_mad": 107.9118881225586,
  "summary_wm_mean": 1010.0313720703125,
  "summary_wm_median": 1000.1654663085938,
  "summary_wm_n": 471227.0,
  "summary_wm_p05": 831.9187805175782,
  "summary_wm_p95": 1223.9010131835937,
  "summary_wm_stdv": 120.24183654785156,
  "tpm_overlap_csf": 0.13001719117164612,
  "tpm_overlap_gm": 0.11947782337665558,
  "tpm_overlap_wm": 0.5094273686408997,
  "wm2max": 0.25810590303541964
}