{
  "AcquisitionDateTime": "2018-05-09T13:01:41.183000",
  "AcquisitionMatrixPE": 84,
  "AcquisitionNumber": 1,
  "AcquisitionTime": "13:01:14.325000",
  "BandwidthPerPixelPhaseEncode": 48.591,
  "BaseResolution": 84,
  "BodyPartExamined": "HEAD",
  "ConsistencyInfo": "N4_VE11B_LATEST_20150530",
  "ConversionSoftware": "dcm2niix",
  "ConversionSoftwareVersion": "v1.0.20171215 GCC5.1.0",
  "DerivedVendorReportedEchoSpacing": 0.000489999,
  "DeviceSerialNumber": "66072",
  "DwellTime": 2.3e-006,
  "EchoTime": 0.0134,
  "EchoTrainLength": 37,
  "EffectiveEchoSpacing": 0.000244999,
  "FlipAngle": 70,
  "ImageComments": "Unaliased_MB3_PE4_LB_SENSE1",
  "ImageOrientationPatientDICOM": [
    0.99515,
    0.017424,
    0.0968154,
    -0.00694757,
    0.99418,
    -0.107511
  ],
  "ImageType": [
    "ORIGINAL",
    "PRIMARY",
    "M",
    "MB",
    "TE1",
    "ND",
    "MOSAIC"
  ],
  "InPlanePhaseEncodingDirectionDICOM": "COL",
  "InstitutionAddress": "Boulevard_Jean_Moulin_27_Marseille...1E4BF1..._District_FR_1300",
  "InstitutionName": "Universite_d_aix_Marseille",
  "InstitutionalDepartmentName": "Department",
  "MRAcquisitionType": "2D",
  "MagneticFieldStrength": 3,
  "Manufacturer": "Siemens",
  "ManufacturersModelName": "Prisma",
  "Modality": "MR",
  "MultibandAccelerationFactor": 3,
  "ParallelReductionFactorInPlane": 2,
  "PartialFourier": 0.875,
  "PatientPosition": "HFS",
  "PercentPhaseFOV": 100,
  "PhaseEncodingDirection": "j-",
  "PhaseEncodingSteps": 74,
  "PhaseResolution": 1,
  "PixelBandwidth": 2590,
  "ProcedureStepDescription": "Projets_Convers",
  "ProtocolName": "task-convers_run3_bold_ME",
  "PulseSequenceDetails": "%CustomerSeq%_cmrr_mbep2d_bold",
  "ReceiveCoilActiveElements": "HC1-7",
  "ReceiveCoilName": "HeadNeck_64",
  "ReconMatrixPE": 84,
  "RepetitionTime": 1.425,
  "SAR": 0.0596996,
  "ScanOptions": "PFP_FS_EXT",
  "ScanningSequence": "EP",
  "SequenceName": "epfid2d3_84",
  "SequenceVariant": "SK_SS",
  "SeriesDescription": "task-convers_run3_bold_ME",
  "SeriesNumber": 34,
  "ShimSetting": [-570,-10756,-591,322,114,-12,-53,26],
  "SliceThickness": 2.5,
  "SliceTiming": [
    1.3275,
    1.25,
    1.1725,
    1.0925,
    1.015,
    0.9375,
    0.86,
    0.78,
    0.7025,
    0.625,
    0.5475,
    0.47,
    0.39,
    0.3125,
    0.235,
    0.1575,
    0.0775,
    0,
    1.3275,
    1.25,
    1.1725,
    1.0925,
    1.015,
    0.9375,
    0.86,
    0.78,
    0.7025,
    0.625,
    0.5475,
    0.47,
    0.39,
    0.3125,
    0.235,
    0.1575,
    0.0775,
    0,
    1.3275,
    1.25,
    1.1725,
    1.0925,
    1.015,
    0.9375,
    0.86,
    0.78,
    0.7025,
    0.625,
    0.5475,
    0.47,
    0.39,
    0.3125,
    0.235,
    0.1575,
    0.0775,
    0
  ],
  "SoftwareVersions": "syngo_MR_E11",
  "SpacingBetweenSlices": 2.5,
  "StationName": "AWP66072",
  "TaskName": "convers",
  "TotalReadoutTime": 0.020579916,
  "TxRefAmp": 235.05
}