{
  "AcquisitionDateTime": "2018-05-30T12:17:32.909000",
  "AcquisitionMatrixPE": 84,
  "AcquisitionNumber": 1,
  "AcquisitionTime": "12:17:0.552500",
  "BandwidthPerPixelPhaseEncode": 23.81,
  "BaseResolution": 84,
  "BodyPartExamined": "HEAD",
  "ConsistencyInfo": "N4_VE11B_LATEST_20150530",
  "ConversionSoftware": "dcm2niix",
  "ConversionSoftwareVersion": "v1.0.20171215 GCC5.1.0",
  "DerivedVendorReportedEchoSpacing": 0.00049999,
  "DeviceSerialNumber": "66072",
  "DwellTime": 2.3e-006,
  "EchoTime": 0.03,
  "EchoTrainLength": 84,
  "EffectiveEchoSpacing": 0.00049999,
  "FlipAngle": 65,
  "ImageComments": "Single-band_reference_SENSE1",
  "ImageOrientationPatientDICOM": [
    0.9995,
    -0.0215451,
    0.0231612,
    0.0261728,
    0.97447,
    -0.222985
  ],
  "ImageType": ["ORIGINAL","PRIMARY","M","ND","MOSAIC"],
  "InPlanePhaseEncodingDirectionDICOM": "COL",
  "InstitutionAddress": "Boulevard_Jean_Moulin_27_Marseille_District_FR_13005",
  "InstitutionName": "Universite_d_aix_Marseille",
  "InstitutionalDepartmentName": "Department",
  "MRAcquisitionType": "2D",
  "MagneticFieldStrength": 3,
  "Manufacturer": "Siemens",
  "ManufacturersModelName": "Prisma",
  "Modality": "MR",
  "PartialFourier": 1,
  "PatientPosition": "HFS",
  "PercentPhaseFOV": 100,
  "PhaseEncodingDirection": "j",
  "PhaseEncodingSteps": 84,
  "PhaseResolution": 1,
  "PixelBandwidth": 2590,
  "ProcedureStepDescription": "Projets_Convers",
  "ProtocolName": "task-convers_run1_bold",
  "PulseSequenceDetails": "%CustomerSeq%_cmrr_mbep2d_bold",
  "ReceiveCoilActiveElements": "HC1-7",
  "ReceiveCoilName": "HeadNeck_64",
  "ReconMatrixPE": 84,
  "RepetitionTime": 1.205,
  "SAR": 0.0692157,
  "ScanOptions": "FS_EXT",
  "ScanningSequence": "EP",
  "SequenceName": "epfid2d1_84",
  "SequenceVariant": "SK_SS",
  "SeriesDescription": "task-convers_run1_bold_SBRef",
  "SeriesNumber": 11,
  "ShimSetting": [-583,-10748,-592,323,15,36,-52,23],
  "SliceThickness": 2.5,
  "SliceTiming": [
    3.55,
    3.4825,
    3.415,
    3.3475,
    3.2825,
    3.215,
    3.1475,
    3.08,
    3.0125,
    2.9475,
    2.88,
    2.8125,
    2.745,
    2.68,
    2.6125,
    2.545,
    2.4775,
    2.41,
    2.345,
    2.2775,
    2.21,
    2.1425,
    2.0775,
    2.01,
    1.9425,
    1.875,
    1.8075,
    1.7425,
    1.675,
    1.6075,
    1.54,
    1.475,
    1.4075,
    1.34,
    1.2725,
    1.205,
    1.14,
    1.0725,
    1.005,
    0.9375,
    0.8725,
    0.805,
    0.7375,
    0.67,
    0.6025,
    0.5375,
    0.47,
    0.4025,
    0.335,
    0.27,
    0.2025,
    0.135,
    0.0675,
    0
  ],
  "SoftwareVersions": "syngo_MR_E11",
  "SpacingBetweenSlices": 2.5,
  "StationName": "AWP66072",
  "TotalReadoutTime": 0.04199916,
  "TxRefAmp": 251.399
}