{
	"Modality": "MR",
	"MagneticFieldStrength": 3,
	"Manufacturer": "Siemens",
	"ManufacturersModelName": "Prisma",
	"InstitutionName": "Universite_d_aix_Marseille",
	"InstitutionalDepartmentName": "Department",
	"InstitutionAddress": "Boulevard_Jean_Moulin_27_Marseille...1E4BF1..._District_FR_1300",
	"DeviceSerialNumber": "66072",
	"StationName": "AWP66072",
	"SeriesInstanceUID": "1.3.12.2.1107.5.2.43.66072.2018050913112575286847539.0.0.0",
	"StudyInstanceUID": "1.3.12.2.1107.5.2.43.66072.30000018050908373638100000001",
	"StudyID": "1",
	"PatientName": "pilote-02",
	"PatientID": "18.04.06-09:44:42-DST-1.3.12.2.1107.5.2.43.66072",
	"PatientSex": "F",
	"PatientWeight": 72,
	"BodyPartExamined": "HEAD",
	"PatientPosition": "HFS",
	"ProcedureStepDescription": "Projets_Convers",
	"SoftwareVersions": "syngo_MR_E11",
	"MRAcquisitionType": "2D",
	"SeriesDescription": "task-convers_run4_bold_ME_SBRef",
	"ProtocolName": "task-convers_run4_bold_ME",
	"ScanningSequence": "EP",
	"SequenceVariant": "SK_SS",
	"ScanOptions": "PFP_FS_EXT",
	"SequenceName": "epfid2d3_84",
	"ImageType": ["ORIGINAL", "PRIMARY", "M", "TE1", "ND", "MOSAIC"],
	"SeriesNumber": 35,
	"AcquisitionTime": "13:11:52.187500",
	"AcquisitionDateTime": "2018-05-09T13:11:52.187500",
	"AcquisitionNumber": 1,
	"ImageComments": "Single-band_reference_SENSE1",
	"SliceThickness": 2.5,
	"SpacingBetweenSlices": 2.5,
	"SAR": 0.0596996,
	"EchoTime": 0.0134,
	"RepetitionTime": 1.425,
	"FlipAngle": 70,
	"PartialFourier": 0.875,
	"BaseResolution": 84,
	"ShimSetting": [
		-569,
		-10803,
		-601,
		323,
		-8,
		-120,
		-139,
		25	],
	"TxRefAmp": 235.05,
	"PhaseResolution": 1,
	"ReceiveCoilName": "HeadNeck_64",
	"ReceiveCoilActiveElements": "HC1-7",
	"PulseSequenceDetails": "%CustomerSeq%_cmrr_mbep2d_bold",
	"ConsistencyInfo": "N4_VE11B_LATEST_20150530",
	"PercentPhaseFOV": 100,
	"EchoTrainLength": 37,
	"PhaseEncodingSteps": 74,
	"AcquisitionMatrixPE": 84,
	"ReconMatrixPE": 84,
	"BandwidthPerPixelPhaseEncode": 48.591,
	"ParallelReductionFactorInPlane": 2,
	"EffectiveEchoSpacing": 0.000244999,
	"DerivedVendorReportedEchoSpacing": 0.000489999,
	"TotalReadoutTime": 0.0203349,
	"PixelBandwidth": 2590,
	"DwellTime": 2.3e-06,
	"PhaseEncodingDirection": "j-",
	"SliceTiming": [
		4.1375,
		4.0575,
		3.98,
		3.9025,
		3.825,
		3.745,
		3.6675,
		3.59,
		3.5125,
		3.435,
		3.355,
		3.2775,
		3.2,
		3.1225,
		3.0425,
		2.965,
		2.8875,
		2.81,
		2.7325,
		2.6525,
		2.575,
		2.4975,
		2.42,
		2.34,
		2.2625,
		2.185,
		2.1075,
		2.03,
		1.95,
		1.8725,
		1.795,
		1.7175,
		1.6375,
		1.56,
		1.4825,
		1.405,
		1.3275,
		1.2475,
		1.17,
		1.0925,
		1.015,
		0.935,
		0.8575,
		0.78,
		0.7025,
		0.625,
		0.545,
		0.4675,
		0.39,
		0.3125,
		0.235,
		0.155,
		0.0775,
		0	],
	"ImageOrientationPatientDICOM": [
		0.99426,
		-0.0992559,
		-0.03995,
		0.105729,
		0.968692,
		0.224628	],
	"InPlanePhaseEncodingDirectionDICOM": "COL",
	"ConversionSoftware": "dcm2niix",
	"ConversionSoftwareVersion": "v1.0.20171215 Clang7.3.0"
}
