{
  "AcquisitionDateTime": "2018-07-17T10:30:26.123000",
  "AcquisitionMatrixPE": 84,
  "AcquisitionNumber": 1,
  "AcquisitionTime": "10:30:23.477500",
  "BandwidthPerPixelPhaseEncode": 23.81,
  "BaseResolution": 84,
  "BodyPartExamined": "HEAD",
  "ConsistencyInfo": "N4_VE11B_LATEST_20150530",
  "ConversionSoftware": "dcm2niix",
  "ConversionSoftwareVersion": "v1.0.20171215 GCC5.1.0",
  "DerivedVendorReportedEchoSpacing": 0.00049999,
  "DeviceSerialNumber": "66072",
  "DwellTime": 2.3e-006,
  "EchoTime": 0.03,
  "EchoTrainLength": 84,
  "EffectiveEchoSpacing": 0.00049999,
  "FlipAngle": 65,
  "ImageComments": "Unaliased_MB3_PE3_LB_SENSE1",
  "ImageOrientationPatientDICOM": [
    0.998396,
    0.0547013,
    0.0146205,
    -0.0517996,
    0.986669,
    -0.154276
  ],
  "ImageType": [
    "ORIGINAL",
    "PRIMARY",
    "M",
    "MB",
    "ND",
    "MOSAIC"
  ],
  "InPlanePhaseEncodingDirectionDICOM": "COL",
  "InstitutionAddress": "Boulevard_Jean_Moulin_27_Marseille_District_FR_13005",
  "InstitutionName": "Universite_d_aix_Marseille",
  "InstitutionalDepartmentName": "Department",
  "MRAcquisitionType": "2D",
  "MagneticFieldStrength": 3,
  "Manufacturer": "Siemens",
  "ManufacturersModelName": "Prisma",
  "Modality": "MR",
  "MultibandAccelerationFactor": 3,
  "PartialFourier": 1,
  "PatientPosition": "HFS",
  "PercentPhaseFOV": 100,
  "PhaseEncodingDirection": "j",
  "PhaseEncodingSteps": 84,
  "PhaseResolution": 1,
  "PixelBandwidth": 2590,
  "ProcedureStepDescription": "Projets_Convers",
  "ProtocolName": "task-convers_run4_bold",
  "PulseSequenceDetails": "%CustomerSeq%_cmrr_mbep2d_bold",
  "ReceiveCoilActiveElements": "HC1-7",
  "ReceiveCoilName": "HeadNeck_64",
  "ReconMatrixPE": 84,
  "RepetitionTime": 1.205,
  "SAR": 0.086206,
  "ScanOptions": "FS_EXT",
  "ScanningSequence": "EP",
  "SequenceName": "epfid2d1_84",
  "SequenceVariant": "SK_SS",
  "SeriesDescription": "task-convers_run4_bold",
  "SeriesNumber": 16,
  "ShimSetting": [-579,-10730,-517,419,67,160,23,38],
  "SliceThickness": 2.5,
  "SliceTiming": [
    1.1375,
    1.0725,
    1.005,
    0.9375,
    0.87,
    0.8025,
    0.7375,
    0.67,
    0.6025,
    0.535,
    0.47,
    0.4025,
    0.335,
    0.2675,
    0.2,
    0.135,
    0.0675,
    0,
    1.1375,
    1.0725,
    1.005,
    0.9375,
    0.87,
    0.8025,
    0.7375,
    0.67,
    0.6025,
    0.535,
    0.47,
    0.4025,
    0.335,
    0.2675,
    0.2,
    0.135,
    0.0675,
    0,
    1.1375,
    1.0725,
    1.005,
    0.9375,
    0.87,
    0.8025,
    0.7375,
    0.67,
    0.6025,
    0.535,
    0.47,
    0.4025,
    0.335,
    0.2675,
    0.2,
    0.135,
    0.0675,
    0
  ],
  "SoftwareVersions": "syngo_MR_E11",
  "SpacingBetweenSlices": 2.5,
  "StationName": "AWP66072",
  "TaskName": "convers",
  "TotalReadoutTime": 0.04199916,
  "TxRefAmp": 241.558
}