{
  "AcquisitionDateTime": "2018-07-18T13:06:31.488000",
  "AcquisitionMatrixPE": 84,
  "AcquisitionNumber": 1,
  "AcquisitionTime": "13:05:58.847500",
  "BandwidthPerPixelPhaseEncode": 23.81,
  "BaseResolution": 84,
  "BodyPartExamined": "HEAD",
  "ConsistencyInfo": "N4_VE11B_LATEST_20150530",
  "ConversionSoftware": "dcm2niix",
  "ConversionSoftwareVersion": "v1.0.20171215 GCC5.1.0",
  "DerivedVendorReportedEchoSpacing": 0.00049999,
  "DeviceSerialNumber": "66072",
  "DwellTime": 2.3e-006,
  "EchoTime": 0.03,
  "EchoTrainLength": 84,
  "EffectiveEchoSpacing": 0.00049999,
  "FlipAngle": 65,
  "ImageComments": "Unaliased_MB3_PE3_LB_SENSE1",
  "ImageOrientationPatientDICOM": [
    0.997078,
    0.0702989,
    -0.0298971,
    -0.0697225,
    0.997368,
    0.019903
  ],
  "ImageType": [
    "ORIGINAL",
    "PRIMARY",
    "M",
    "MB",
    "ND",
    "MOSAIC"
  ],
  "InPlanePhaseEncodingDirectionDICOM": "COL",
  "InstitutionAddress": "Boulevard_Jean_Moulin_27_Marseille_District_FR_13005",
  "InstitutionName": "Universite_d_aix_Marseille",
  "InstitutionalDepartmentName": "Department",
  "MRAcquisitionType": "2D",
  "MagneticFieldStrength": 3,
  "Manufacturer": "Siemens",
  "ManufacturersModelName": "Prisma",
  "Modality": "MR",
  "MultibandAccelerationFactor": 3,
  "PartialFourier": 1,
  "PatientPosition": "HFS",
  "PercentPhaseFOV": 100,
  "PhaseEncodingDirection": "j",
  "PhaseEncodingSteps": 84,
  "PhaseResolution": 1,
  "PixelBandwidth": 2590,
  "ProcedureStepDescription": "Projets_Convers",
  "ProtocolName": "task-convers_run1_bold",
  "PulseSequenceDetails": "%CustomerSeq%_cmrr_mbep2d_bold",
  "ReceiveCoilActiveElements": "HC1-6",
  "ReceiveCoilName": "HeadNeck_64",
  "ReconMatrixPE": 84,
  "RepetitionTime": 1.205,
  "SAR": 0.0674756,
  "ScanOptions": "FS_EXT",
  "ScanningSequence": "EP",
  "SequenceName": "epfid2d1_84",
  "SequenceVariant": "SK_SS",
  "SeriesDescription": "task-convers_run1_bold",
  "SeriesNumber": 10,
  "ShimSetting": [-614,-10744,-510,458,114,189,-9,-5],
  "SliceThickness": 2.5,
  "SliceTiming": [
    1.1375,
    1.07,
    1.0025,
    0.935,
    0.87,
    0.8025,
    0.735,
    0.6675,
    0.6,
    0.535,
    0.4675,
    0.4,
    0.3325,
    0.2675,
    0.2,
    0.1325,
    0.065,
    0,
    1.1375,
    1.07,
    1.0025,
    0.935,
    0.87,
    0.8025,
    0.735,
    0.6675,
    0.6,
    0.535,
    0.4675,
    0.4,
    0.3325,
    0.2675,
    0.2,
    0.1325,
    0.065,
    0,
    1.1375,
    1.07,
    1.0025,
    0.935,
    0.87,
    0.8025,
    0.735,
    0.6675,
    0.6,
    0.535,
    0.4675,
    0.4,
    0.3325,
    0.2675,
    0.2,
    0.1325,
    0.065,
    0
  ],
  "SoftwareVersions": "syngo_MR_E11",
  "SpacingBetweenSlices": 2.5,
  "StationName": "AWP66072",
  "TaskName": "convers",
  "TotalReadoutTime": 0.04199916,
  "TxRefAmp": 220.918
}