{
	"Modality": "MR",
	"MagneticFieldStrength": 3,
	"Manufacturer": "Siemens",
	"ManufacturersModelName": "Prisma",
	"InstitutionName": "Universite_d_aix_Marseille",
	"InstitutionalDepartmentName": "Department",
	"InstitutionAddress": "Boulevard_Jean_Moulin_27_Marseille...1E4BF1..._District_FR_1300",
	"DeviceSerialNumber": "66072",
	"StationName": "AWP66072",
	"BodyPartExamined": "HEAD",
	"PatientPosition": "HFS",
	"ProcedureStepDescription": "Projets_Convers",
	"SoftwareVersions": "syngo_MR_E11",
	"MRAcquisitionType": "2D",
	"SeriesDescription": "task-convers_run3_bold_ME",
	"ProtocolName": "task-convers_run3_bold_ME",
	"ScanningSequence": "EP",
	"SequenceVariant": "SK_SS",
	"ScanOptions": "PFP_FS_EXT",
	"SequenceName": "epfid2d3_84",
	"ImageType": ["ORIGINAL", "PRIMARY", "M", "MB", "TE2", "ND", "MOSAIC"],
	"SeriesNumber": 34,
	"AcquisitionTime": "13:01:14.345000",
	"AcquisitionNumber": 1,
	"ImageComments": "Unaliased_MB3_PE4_LB_SENSE1",
	"SliceThickness": 2.5,
	"SpacingBetweenSlices": 2.5,
	"SAR": 0.0596996,
	"EchoNumber": 2,
	"EchoTime": 0.03261,
	"RepetitionTime": 1.425,
	"FlipAngle": 70,
	"PartialFourier": 0.875,
	"BaseResolution": 84,
	"ShimSetting": [
		-570,
		-10756,
		-591,
		322,
		114,
		-12,
		-53,
		26	],
	"TxRefAmp": 235.05,
	"PhaseResolution": 1,
	"ReceiveCoilName": "HeadNeck_64",
	"ReceiveCoilActiveElements": "HC1-7",
	"PulseSequenceDetails": "%CustomerSeq%_cmrr_mbep2d_bold",
	"ConsistencyInfo": "N4_VE11B_LATEST_20150530",
	"MultibandAccelerationFactor": 3,
	"PercentPhaseFOV": 100,
	"EchoTrainLength": 37,
	"PhaseEncodingSteps": 74,
	"AcquisitionMatrixPE": 84,
	"ReconMatrixPE": 84,
	"BandwidthPerPixelPhaseEncode": 48.591,
	"ParallelReductionFactorInPlane": 2,
	"EffectiveEchoSpacing": 0.000244999,
	"DerivedVendorReportedEchoSpacing": 0.000489999,
	"TotalReadoutTime": 0.0203349,
	"PixelBandwidth": 2590,
	"DwellTime": 2.3e-006,
	"PhaseEncodingDirection": "j-",
	"SliceTiming": [
		1.3275,
		1.2475,
		1.17,
		1.0925,
		1.015,
		0.9375,
		0.8575,
		0.78,
		0.7025,
		0.625,
		0.545,
		0.4675,
		0.39,
		0.3125,
		0.235,
		0.155,
		0.0775,
		0,
		1.3275,
		1.2475,
		1.17,
		1.0925,
		1.015,
		0.9375,
		0.8575,
		0.78,
		0.7025,
		0.625,
		0.545,
		0.4675,
		0.39,
		0.3125,
		0.235,
		0.155,
		0.0775,
		0,
		1.3275,
		1.2475,
		1.17,
		1.0925,
		1.015,
		0.9375,
		0.8575,
		0.78,
		0.7025,
		0.625,
		0.545,
		0.4675,
		0.39,
		0.3125,
		0.235,
		0.155,
		0.0775,
		0	],
	"ImageOrientationPatientDICOM": [
		0.99515,
		0.017424,
		0.0968154,
		-0.00694757,
		0.99418,
		-0.107511	],
	"InPlanePhaseEncodingDirectionDICOM": "COL",
	"ConversionSoftware": "dcm2niix",
  	"TaskName": "convers",
	"ConversionSoftwareVersion": "v1.0.20171215 GCC5.1.0"
}
