{
	"Modality": "MR",
	"MagneticFieldStrength": 3,
	"Manufacturer": "Siemens",
	"ManufacturersModelName": "Prisma",
	"InstitutionName": "Universite_d_aix_Marseille",
	"InstitutionalDepartmentName": "Department",
	"InstitutionAddress": "Boulevard_Jean_Moulin_27_Marseille...1E4BF1..._District_FR_1300",
	"DeviceSerialNumber": "66072",
	"StationName": "AWP66072",
	"SeriesInstanceUID": "1.3.12.2.1107.5.2.43.66072.2018050913112575381547540.0.0.0",
	"StudyInstanceUID": "1.3.12.2.1107.5.2.43.66072.30000018050908373638100000001",
	"StudyID": "1",
	"PatientName": "pilote-02",
	"PatientID": "18.04.06-09:44:42-DST-1.3.12.2.1107.5.2.43.66072",
	"PatientSex": "F",
	"PatientWeight": 72,
	"BodyPartExamined": "HEAD",
	"PatientPosition": "HFS",
	"ProcedureStepDescription": "Projets_Convers",
	"SoftwareVersions": "syngo_MR_E11",
	"MRAcquisitionType": "2D",
	"SeriesDescription": "task-convers_run4_bold_ME",
	"ProtocolName": "task-convers_run4_bold_ME",
	"ScanningSequence": "EP",
	"SequenceVariant": "SK_SS",
	"ScanOptions": "PFP_FS_EXT",
	"SequenceName": "epfid2d3_84",
	"ImageType": ["ORIGINAL", "PRIMARY", "M", "MB", "TE3", "ND", "MOSAIC"],
	"SeriesNumber": 36,
	"AcquisitionTime": "13:11:57.965000",
	"AcquisitionDateTime": "2018-05-09T13:11:57.965000",
	"AcquisitionNumber": 1,
	"ImageComments": "Unaliased_MB3_PE4_LB_SENSE1",
	"SliceThickness": 2.5,
	"SpacingBetweenSlices": 2.5,
	"SAR": 0.0596996,
	"EchoNumber": 3,
	"EchoTime": 0.05182,
	"RepetitionTime": 1.425,
	"FlipAngle": 70,
	"PartialFourier": 0.875,
	"BaseResolution": 84,
	"ShimSetting": [
		-569,
		-10803,
		-601,
		323,
		-8,
		-120,
		-139,
		25	],
	"TxRefAmp": 235.05,
	"PhaseResolution": 1,
	"ReceiveCoilName": "HeadNeck_64",
	"ReceiveCoilActiveElements": "HC1-7",
	"PulseSequenceDetails": "%CustomerSeq%_cmrr_mbep2d_bold",
	"ConsistencyInfo": "N4_VE11B_LATEST_20150530",
	"MultibandAccelerationFactor": 3,
	"PercentPhaseFOV": 100,
	"EchoTrainLength": 37,
	"PhaseEncodingSteps": 74,
	"AcquisitionMatrixPE": 84,
	"ReconMatrixPE": 84,
	"BandwidthPerPixelPhaseEncode": 48.591,
	"ParallelReductionFactorInPlane": 2,
	"EffectiveEchoSpacing": 0.000244999,
	"DerivedVendorReportedEchoSpacing": 0.000489999,
	"TotalReadoutTime": 0.0203349,
	"PixelBandwidth": 2590,
	"DwellTime": 2.3e-06,
	"PhaseEncodingDirection": "j-",
	"SliceTiming": [
		1.3275,
		1.25,
		1.1725,
		1.0925,
		1.015,
		0.9375,
		0.86,
		0.78,
		0.7025,
		0.625,
		0.5475,
		0.47,
		0.39,
		0.3125,
		0.235,
		0.1575,
		0.0775,
		0,
		1.3275,
		1.25,
		1.1725,
		1.0925,
		1.015,
		0.9375,
		0.86,
		0.78,
		0.7025,
		0.625,
		0.5475,
		0.47,
		0.39,
		0.3125,
		0.235,
		0.1575,
		0.0775,
		0,
		1.3275,
		1.25,
		1.1725,
		1.0925,
		1.015,
		0.9375,
		0.86,
		0.78,
		0.7025,
		0.625,
		0.5475,
		0.47,
		0.39,
		0.3125,
		0.235,
		0.1575,
		0.0775,
		0	],
	"ImageOrientationPatientDICOM": [
		0.99426,
		-0.0992559,
		-0.03995,
		0.105729,
		0.968692,
		0.224628	],
	"InPlanePhaseEncodingDirectionDICOM": "COL",
  	"TaskName": "convers",
	"ConversionSoftware": "dcm2niix",
	"ConversionSoftwareVersion": "v1.0.20171215 Clang7.3.0"
}
