{
  "bids_meta": {
    "AcquisitionDateTime": "2018-05-09T13:38:41.152000",
    "AcquisitionMatrixPE": 320,
    "AcquisitionNumber": 1,
    "AcquisitionTime": "13:30:30.630000",
    "BaseResolution": 320,
    "BodyPartExamined": "HEAD",
    "ConsistencyInfo": "N4_VE11B_LATEST_20150530",
    "ConversionSoftware": "dcm2niix",
    "ConversionSoftwareVersion": "v1.0.20171215 GCC5.1.0",
    "DeviceSerialNumber": "66072",
    "DwellTime": 2.2e-06,
    "EchoTime": 0.562,
    "EchoTrainLength": 305,
    "FlipAngle": 120,
    "ImageOrientationPatientDICOM": [
      -0.0311165,
      0.989309,
      0.142475,
      0.0933147,
      0.144796,
      -0.985051
    ],
    "ImageType": [
      "ORIGINAL",
      "PRIMARY",
      "M",
      "ND",
      "NORM"
    ],
    "InPlanePhaseEncodingDirectionDICOM": "ROW",
    "InstitutionAddress": "Boulevard_Jean_Moulin_27_Marseille...1E4BF1..._District_FR_1300",
    "InstitutionName": "Universite_d_aix_Marseille",
    "InstitutionalDepartmentName": "Department",
    "MRAcquisitionType": "3D",
    "MagneticFieldStrength": 3,
    "Manufacturer": "Siemens",
    "ManufacturersModelName": "Prisma",
    "Modality": "MR",
    "ParallelReductionFactorInPlane": 2,
    "PartialFourier": 1,
    "PatientPosition": "HFS",
    "PercentPhaseFOV": 100,
    "PhaseEncodingSteps": 315,
    "PhaseResolution": 1,
    "PixelBandwidth": 710,
    "ProcedureStepDescription": "Projets_Convers",
    "ProtocolName": "T2w",
    "PulseSequenceDetails": "%SiemensSeq%_tse_vfl",
    "ReceiveCoilActiveElements": "HC1-7;NC1,2",
    "ReceiveCoilName": "HeadNeck_64",
    "ReconMatrixPE": 320,
    "RepetitionTime": 3.2,
    "SAR": 0.120824,
    "ScanOptions": "PFP",
    "ScanningSequence": "SE",
    "SequenceName": "_spc_305ns",
    "SequenceVariant": "SK_SP",
    "SeriesDescription": "T2w",
    "SeriesNumber": 38,
    "ShimSetting": [
      -589,
      -10776,
      -639,
      -54,
      57,
      -277,
      47,
      7
    ],
    "SliceThickness": 0.8,
    "SoftwareVersions": "syngo_MR_E11",
    "StationName": "AWP66072",
    "TxRefAmp": 235.05,
    "modality": "T2w",
    "subject_id": "pilote2"
  },
  "cjv": 0.2718990610330502,
  "cnr": 3.2092136511048124,
  "efc": 0.47989644537479687,
  "fber": 2249.20166015625,
  "fwhm_avg": 2.7207881175239006,
  "fwhm_x": 2.6497269347164005,
  "fwhm_y": 2.953649955987186,
  "fwhm_z": 2.5589874618681154,
  "icvs_csf": 0.2727614018412728,
  "icvs_gm": 0.06951884335373952,
  "icvs_wm": 0.6577197548049877,
  "inu_med": 1.2459725141525269,
  "inu_range": 0.3900124430656433,
  "provenance": {
    "md5sum": "c6d7d5122a2bebe71acf9d71bbceae9b",
    "settings": {
      "testing": false
    },
    "software": "mriqc",
    "version": "0.10.4",
    "warnings": {
      "large_rot_frame": true,
      "small_air_mask": false
    }
  },
  "qi_1": 0.0,
  "qi_2": 0.005251895690437647,
  "rpve_csf": 21.695977044649062,
  "rpve_gm": 115.6873404189527,
  "rpve_wm": 12.497097379134578,
  "size_x": 256,
  "size_y": 320,
  "size_z": 320,
  "snr_csf": 3.9206194488503967,
  "snr_gm": 4.710916449509663,
  "snr_total": 5.058360222269143,
  "snr_wm": 6.543544768447368,
  "snrd_csf": 116.77086852544905,
  "snrd_gm": 184.80554461663223,
  "snrd_total": 119.16481148853893,
  "snrd_wm": 55.9180213235355,
  "spacing_x": 0.7999994158744812,
  "spacing_y": 0.800000011920929,
  "spacing_z": 0.800000011920929,
  "summary_bg_k": 8.31769782237493,
  "summary_bg_mad": 11.721786499023438,
  "summary_bg_mean": 19.566450119018555,
  "summary_bg_median": 15.114660263061523,
  "summary_bg_n": 4788279.0,
  "summary_bg_p05": 0.0,
  "summary_bg_p95": 55.0309642791748,
  "summary_bg_stdv": 18.578271865844727,
  "summary_csf_k": -0.952649407392907,
  "summary_csf_mad": 642.2950439453125,
  "summary_csf_mean": 2175.50146484375,
  "summary_csf_median": 2089.27978515625,
  "summary_csf_n": 46419.0,
  "summary_csf_p05": 1480.94931640625,
  "summary_csf_p95": 3044.8321533203125,
  "summary_csf_stdv": 532.8895874023438,
  "summary_gm_k": 4.792845070471486,
  "summary_gm_mad": 497.88470458984375,
  "summary_gm_mean": 3187.64013671875,
  "summary_gm_median": 3306.565185546875,
  "summary_gm_n": 21419.0,
  "summary_gm_p05": 1739.616540527344,
  "summary_gm_p95": 3956.66611328125,
  "summary_gm_stdv": 701.8778686523438,
  "summary_wm_k": 2.0687410498185956,
  "summary_wm_mad": 129.13426208496094,
  "summary_wm_mean": 1024.8204345703125,
  "summary_wm_median": 1000.4926147460938,
  "summary_wm_n": 599289.0,
  "summary_wm_p05": 822.7380981445312,
  "summary_wm_p95": 1313.5868896484376,
  "summary_wm_stdv": 152.89752197265625,
  "tpm_overlap_csf": 0.15542232990264893,
  "tpm_overlap_gm": 0.046467263251543045,
  "tpm_overlap_wm": 0.47639980912208557,
  "wm2max": 0.2724717363600102
}