{
  "aor": 0.00370419525065963,
  "aqi": 0.013800992823218996,
  "bids_meta": {
    "AcquisitionDateTime": "2018-05-09T13:01:41.183000",
    "AcquisitionMatrixPE": 84,
    "AcquisitionNumber": 1,
    "AcquisitionTime": "13:01:14.325000",
    "BandwidthPerPixelPhaseEncode": 48.591,
    "BaseResolution": 84,
    "BodyPartExamined": "HEAD",
    "ConsistencyInfo": "N4_VE11B_LATEST_20150530",
    "ConversionSoftware": "dcm2niix",
    "ConversionSoftwareVersion": "v1.0.20171215 GCC5.1.0",
    "DerivedVendorReportedEchoSpacing": 0.000489999,
    "DeviceSerialNumber": "66072",
    "DwellTime": 2.3e-06,
    "EchoTime": 0.0134,
    "EchoTrainLength": 37,
    "EffectiveEchoSpacing": 0.000244999,
    "FlipAngle": 70,
    "ImageComments": "Unaliased_MB3_PE4_LB_SENSE1",
    "ImageOrientationPatientDICOM": [
      0.99515,
      0.017424,
      0.0968154,
      -0.00694757,
      0.99418,
      -0.107511
    ],
    "ImageType": [
      "ORIGINAL",
      "PRIMARY",
      "M",
      "MB",
      "TE1",
      "ND",
      "MOSAIC"
    ],
    "InPlanePhaseEncodingDirectionDICOM": "COL",
    "InstitutionAddress": "Boulevard_Jean_Moulin_27_Marseille...1E4BF1..._District_FR_1300",
    "InstitutionName": "Universite_d_aix_Marseille",
    "InstitutionalDepartmentName": "Department",
    "MRAcquisitionType": "2D",
    "MagneticFieldStrength": 3,
    "Manufacturer": "Siemens",
    "ManufacturersModelName": "Prisma",
    "Modality": "MR",
    "MultibandAccelerationFactor": 3,
    "ParallelReductionFactorInPlane": 2,
    "PartialFourier": 0.875,
    "PatientPosition": "HFS",
    "PercentPhaseFOV": 100,
    "PhaseEncodingDirection": "j-",
    "PhaseEncodingSteps": 74,
    "PhaseResolution": 1,
    "PixelBandwidth": 2590,
    "ProcedureStepDescription": "Projets_Convers",
    "ProtocolName": "task-convers_run3_bold_ME",
    "PulseSequenceDetails": "%CustomerSeq%_cmrr_mbep2d_bold",
    "ReceiveCoilActiveElements": "HC1-7",
    "ReceiveCoilName": "HeadNeck_64",
    "ReconMatrixPE": 84,
    "RepetitionTime": 1.425,
    "SAR": 0.0596996,
    "ScanOptions": "PFP_FS_EXT",
    "ScanningSequence": "EP",
    "SequenceName": "epfid2d3_84",
    "SequenceVariant": "SK_SS",
    "SeriesDescription": "task-convers_run3_bold_ME",
    "SeriesNumber": 34,
    "ShimSetting": [
      -570,
      -10756,
      -591,
      322,
      114,
      -12,
      -53,
      26
    ],
    "SliceThickness": 2.5,
    "SliceTiming": [
      1.3275,
      1.25,
      1.1725,
      1.0925,
      1.015,
      0.9375,
      0.86,
      0.78,
      0.7025,
      0.625,
      0.5475,
      0.47,
      0.39,
      0.3125,
      0.235,
      0.1575,
      0.0775,
      0,
      1.3275,
      1.25,
      1.1725,
      1.0925,
      1.015,
      0.9375,
      0.86,
      0.78,
      0.7025,
      0.625,
      0.5475,
      0.47,
      0.39,
      0.3125,
      0.235,
      0.1575,
      0.0775,
      0,
      1.3275,
      1.25,
      1.1725,
      1.0925,
      1.015,
      0.9375,
      0.86,
      0.78,
      0.7025,
      0.625,
      0.5475,
      0.47,
      0.39,
      0.3125,
      0.235,
      0.1575,
      0.0775,
      0
    ],
    "SoftwareVersions": "syngo_MR_E11",
    "SpacingBetweenSlices": 2.5,
    "StationName": "AWP66072",
    "TaskName": "convers",
    "TotalReadoutTime": 0.020579916,
    "TxRefAmp": 235.05,
    "modality": "bold",
    "run_id": "03",
    "subject_id": "pilote2",
    "task_id": "convers"
  },
  "dummy_trs": 0,
  "dvars_nstd": 43.14236351296297,
  "dvars_std": 1.1794815306349216,
  "dvars_vstd": 1.0328136191534387,
  "efc": 0.5075875625270967,
  "fber": 6036.82763671875,
  "fd_mean": 0.43996500360704255,
  "fd_num": 282,
  "fd_perc": 74.40633245382585,
  "fwhm_avg": 3.171204,
  "fwhm_x": 2.932792,
  "fwhm_y": 3.4108159999999996,
  "fwhm_z": 3.170004,
  "gcor": 0.05292,
  "gsr_x": 0.007630595937371254,
  "gsr_y": 0.08351956307888031,
  "provenance": {
    "md5sum": "581a36c128657d8075d497e136232035",
    "settings": {
      "fd_thres": 0.2,
      "hmc_fsl": false
    },
    "software": "mriqc",
    "version": "0.10.4"
  },
  "size_t": 379,
  "size_x": 84,
  "size_y": 84,
  "size_z": 54,
  "snr": 2.2468443181817412,
  "spacing_tr": 1.4249999523162842,
  "spacing_x": 2.5,
  "spacing_y": 2.5,
  "spacing_z": 2.5,
  "summary_bg_k": 17.87023995235304,
  "summary_bg_mad": 224.1551513671875,
  "summary_bg_mean": 1753.7745361328125,
  "summary_bg_median": 196.33480834960938,
  "summary_bg_n": 241210.0,
  "summary_bg_p05": 39.11627674102783,
  "summary_bg_p95": 10985.670996093746,
  "summary_bg_stdv": 4095.435546875,
  "summary_fg_k": 0.6935564480514707,
  "summary_fg_mad": 7230.28466796875,
  "summary_fg_mean": 17862.34765625,
  "summary_fg_median": 16642.861328125,
  "summary_fg_n": 81123.0,
  "summary_fg_p05": 8205.21103515625,
  "summary_fg_p95": 31829.297656249993,
  "summary_fg_stdv": 7407.17041015625,
  "tsnr": 34.537353515625
}