{
  "AcquisitionDateTime": "2018-05-09T13:38:41.152000",
  "AcquisitionMatrixPE": 320,
  "AcquisitionNumber": 1,
  "AcquisitionTime": "13:30:30.630000",
  "BaseResolution": 320,
  "BodyPartExamined": "HEAD",
  "ConsistencyInfo": "N4_VE11B_LATEST_20150530",
  "ConversionSoftware": "dcm2niix",
  "ConversionSoftwareVersion": "v1.0.20171215 GCC5.1.0",
  "DeviceSerialNumber": "66072",
  "DwellTime": 2.2e-006,
  "EchoTime": 0.562,
  "EchoTrainLength": 305,
  "FlipAngle": 120,
  "ImageOrientationPatientDICOM": [
    -0.0311165,
    0.989309,
    0.142475,
    0.0933147,
    0.144796,
    -0.985051
  ],
  "ImageType": ["ORIGINAL","PRIMARY","M","ND","NORM"],
  "InPlanePhaseEncodingDirectionDICOM": "ROW",
  "InstitutionAddress": "Boulevard_Jean_Moulin_27_Marseille...1E4BF1..._District_FR_1300",
  "InstitutionName": "Universite_d_aix_Marseille",
  "InstitutionalDepartmentName": "Department",
  "MRAcquisitionType": "3D",
  "MagneticFieldStrength": 3,
  "Manufacturer": "Siemens",
  "ManufacturersModelName": "Prisma",
  "Modality": "MR",
  "ParallelReductionFactorInPlane": 2,
  "PartialFourier": 1,
  "PatientPosition": "HFS",
  "PercentPhaseFOV": 100,
  "PhaseEncodingSteps": 315,
  "PhaseResolution": 1,
  "PixelBandwidth": 710,
  "ProcedureStepDescription": "Projets_Convers",
  "ProtocolName": "T2w",
  "PulseSequenceDetails": "%SiemensSeq%_tse_vfl",
  "ReceiveCoilActiveElements": "HC1-7;NC1,2",
  "ReceiveCoilName": "HeadNeck_64",
  "ReconMatrixPE": 320,
  "RepetitionTime": 3.2,
  "SAR": 0.120824,
  "ScanOptions": "PFP",
  "ScanningSequence": "SE",
  "SequenceName": "_spc_305ns",
  "SequenceVariant": "SK_SP",
  "SeriesDescription": "T2w",
  "SeriesNumber": 38,
  "ShimSetting": [-589,-10776,-639,-54,57,-277,47,7],
  "SliceThickness": 0.8,
  "SoftwareVersions": "syngo_MR_E11",
  "StationName": "AWP66072",
  "TxRefAmp": 235.05
}