{
  "AcquisitionDateTime": "2018-07-18T12:18:53.700000",
  "AcquisitionMatrixPE": 320,
  "AcquisitionNumber": 1,
  "AcquisitionTime": "12:11:46.780000",
  "BaseResolution": 320,
  "BodyPartExamined": "HEAD",
  "ConsistencyInfo": "N4_VE11B_LATEST_20150530",
  "ConversionSoftware": "dcm2niix",
  "ConversionSoftwareVersion": "v1.0.20171215 GCC5.1.0",
  "DeviceSerialNumber": "66072",
  "DwellTime": 7.4e-006,
  "EchoTime": 0.00228,
  "FlipAngle": 8,
  "ImageOrientationPatientDICOM": [
    -0.0455477,
    0.996436,
    0.0709925,
    0.0632136,
    0.0737987,
    -0.995268
  ],
  "ImageType": ["ORIGINAL","PRIMARY","M","ND","NORM"],
  "InPlanePhaseEncodingDirectionDICOM": "ROW",
  "InstitutionAddress": "Boulevard_Jean_Moulin_27_Marseille_District_FR_13005",
  "InstitutionName": "Universite_d_aix_Marseille",
  "InstitutionalDepartmentName": "Department",
  "InversionTime": 1.01,
  "MRAcquisitionType": "3D",
  "MagneticFieldStrength": 3,
  "Manufacturer": "Siemens",
  "ManufacturersModelName": "Prisma",
  "Modality": "MR",
  "ParallelReductionFactorInPlane": 2,
  "PartialFourier": 1,
  "PatientPosition": "HFS",
  "PercentPhaseFOV": 100,
  "PhaseEncodingSteps": 319,
  "PhaseResolution": 1,
  "PixelBandwidth": 210,
  "ProcedureStepDescription": "Projets_Convers",
  "ProtocolName": "T1w",
  "PulseSequenceDetails": "%SiemensSeq%_tfl",
  "ReceiveCoilActiveElements": "HC1-7;NC1,2",
  "ReceiveCoilName": "HeadNeck_64",
  "ReconMatrixPE": 320,
  "RepetitionTime": 2.4,
  "SAR": 0.0374358,
  "ScanOptions": "IR_WE",
  "ScanningSequence": "GR_IR",
  "SequenceName": "_tfl3d1_16ns",
  "SequenceVariant": "SK_SP_MP",
  "SeriesDescription": "T1w",
  "SeriesNumber": 18,
  "ShimSetting": [-593,-10721,-721,-288,30,-198,17,-39],
  "SliceThickness": 0.8,
  "SoftwareVersions": "syngo_MR_E11",
  "StationName": "AWP66072",
  "TxRefAmp": 211.888
}