{
  "AcquisitionDateTime": "2018-05-29T12:38:43.888000",
  "AcquisitionMatrixPE": 320,
  "AcquisitionNumber": 1,
  "AcquisitionTime": "12:30:40.525000",
  "BaseResolution": 320,
  "BodyPartExamined": "HEAD",
  "ConsistencyInfo": "N4_VE11B_LATEST_20150530",
  "ConversionSoftware": "dcm2niix",
  "ConversionSoftwareVersion": "v1.0.20171215 GCC5.1.0",
  "DeviceSerialNumber": "66072",
  "DwellTime": 2.2e-006,
  "EchoTime": 0.562,
  "EchoTrainLength": 305,
  "FlipAngle": 120,
  "ImageOrientationPatientDICOM": [
    0.00586889,
    0.997055,
    0.0764688,
    0.0813862,
    0.0757402,
    -0.993801
  ],
  "ImageType": ["ORIGINAL","PRIMARY","M","ND","NORM"],
  "InPlanePhaseEncodingDirectionDICOM": "ROW",
  "InstitutionAddress": "Boulevard_Jean_Moulin_27_Marseille_District_FR_13005",
  "InstitutionName": "Universite_d_aix_Marseille",
  "InstitutionalDepartmentName": "Department",
  "MRAcquisitionType": "3D",
  "MagneticFieldStrength": 3,
  "Manufacturer": "Siemens",
  "ManufacturersModelName": "Prisma",
  "Modality": "MR",
  "ParallelReductionFactorInPlane": 2,
  "PartialFourier": 1,
  "PatientPosition": "HFS",
  "PercentPhaseFOV": 100,
  "PhaseEncodingSteps": 315,
  "PhaseResolution": 1,
  "PixelBandwidth": 710,
  "ProcedureStepDescription": "Projets_Convers",
  "ProtocolName": "T2w",
  "PulseSequenceDetails": "%SiemensSeq%_tse_vfl",
  "ReceiveCoilActiveElements": "HC1-7;NC1,2",
  "ReceiveCoilName": "HeadNeck_64",
  "ReconMatrixPE": 320,
  "RepetitionTime": 3.2,
  "SAR": 0.107549,
  "ScanOptions": "PFP",
  "ScanningSequence": "SE",
  "SequenceName": "_spc_305ns",
  "SequenceVariant": "SK_SP",
  "SeriesDescription": "T2w",
  "SeriesNumber": 17,
  "ShimSetting": [-595,-10772,-682,-263,34,-116,63,31],
  "SliceThickness": 0.8,
  "SoftwareVersions": "syngo_MR_E11",
  "StationName": "AWP66072",
  "TxRefAmp": 216.133
}