{
  "AcquisitionDateTime": "2018-05-30T17:27:53.304000",
  "AcquisitionMatrixPE": 320,
  "AcquisitionNumber": 1,
  "AcquisitionTime": "17:19:48.507500",
  "BaseResolution": 320,
  "BodyPartExamined": "HEAD",
  "ConsistencyInfo": "N4_VE11B_LATEST_20150530",
  "ConversionSoftware": "dcm2niix",
  "ConversionSoftwareVersion": "v1.0.20171215 GCC5.1.0",
  "DeviceSerialNumber": "66072",
  "DwellTime": 2.2e-006,
  "EchoTime": 0.562,
  "EchoTrainLength": 305,
  "FlipAngle": 120,
  "ImageOrientationPatientDICOM": [
    -0.0372725,
    0.990779,
    0.130262,
    0.0326912,
    0.131492,
    -0.990778
  ],
  "ImageType": ["ORIGINAL","PRIMARY","M","ND","NORM"],
  "InPlanePhaseEncodingDirectionDICOM": "ROW",
  "InstitutionAddress": "Boulevard_Jean_Moulin_27_Marseille_District_FR_13005",
  "InstitutionName": "Universite_d_aix_Marseille",
  "InstitutionalDepartmentName": "Department",
  "MRAcquisitionType": "3D",
  "MagneticFieldStrength": 3,
  "Manufacturer": "Siemens",
  "ManufacturersModelName": "Prisma",
  "Modality": "MR",
  "ParallelReductionFactorInPlane": 2,
  "PartialFourier": 1,
  "PatientPosition": "HFS",
  "PercentPhaseFOV": 100,
  "PhaseEncodingSteps": 315,
  "PhaseResolution": 1,
  "PixelBandwidth": 710,
  "ProcedureStepDescription": "Projets_Convers",
  "ProtocolName": "T2w",
  "PulseSequenceDetails": "%SiemensSeq%_tse_vfl",
  "ReceiveCoilActiveElements": "HC1-7;NC1,2",
  "ReceiveCoilName": "HeadNeck_64",
  "ReconMatrixPE": 320,
  "RepetitionTime": 3.2,
  "SAR": 0.151086,
  "ScanOptions": "PFP",
  "ScanningSequence": "SE",
  "SequenceName": "_spc_305ns",
  "SequenceVariant": "SK_SP",
  "SeriesDescription": "T2w",
  "SeriesNumber": 21,
  "ShimSetting": [-607,-10794,-642,-207,102,-187,56,-18],
  "SliceThickness": 0.8,
  "SoftwareVersions": "syngo_MR_E11",
  "StationName": "AWP66072",
  "TxRefAmp": 234.264
}