{
  "AcquisitionDateTime": "2018-07-16T14:08:51.539000",
  "AcquisitionMatrixPE": 84,
  "AcquisitionNumber": 1,
  "AcquisitionTime": "14:08:36.212500",
  "BandwidthPerPixelPhaseEncode": 23.81,
  "BaseResolution": 84,
  "BodyPartExamined": "HEAD",
  "ConsistencyInfo": "N4_VE11B_LATEST_20150530",
  "ConversionSoftware": "dcm2niix",
  "ConversionSoftwareVersion": "v1.0.20171215 GCC5.1.0",
  "DerivedVendorReportedEchoSpacing": 0.00049999,
  "DeviceSerialNumber": "66072",
  "DwellTime": 2.3e-006,
  "EchoTime": 0.03,
  "EchoTrainLength": 84,
  "EffectiveEchoSpacing": 0.00049999,
  "FlipAngle": 65,
  "ImageComments": "Single-band_reference_SENSE1",
  "ImageOrientationPatientDICOM": [
    0.999925,
    -0.00837601,
    -0.0088853,
    0.00785352,
    0.998327,
    -0.0572921
  ],
  "ImageType": ["ORIGINAL","PRIMARY","M","ND","MOSAIC"],
  "InPlanePhaseEncodingDirectionDICOM": "COL",
  "InstitutionAddress": "Boulevard_Jean_Moulin_27_Marseille_District_FR_13005",
  "InstitutionName": "Universite_d_aix_Marseille",
  "InstitutionalDepartmentName": "Department",
  "MRAcquisitionType": "2D",
  "MagneticFieldStrength": 3,
  "Manufacturer": "Siemens",
  "ManufacturersModelName": "Prisma",
  "Modality": "MR",
  "PartialFourier": 1,
  "PatientPosition": "HFS",
  "PercentPhaseFOV": 100,
  "PhaseEncodingDirection": "j",
  "PhaseEncodingSteps": 84,
  "PhaseResolution": 1,
  "PixelBandwidth": 2590,
  "ProcedureStepDescription": "Projets_Convers",
  "ProtocolName": "task-convers_run2_bold",
  "PulseSequenceDetails": "%CustomerSeq%_cmrr_mbep2d_bold",
  "ReceiveCoilActiveElements": "HC1-7",
  "ReceiveCoilName": "HeadNeck_64",
  "ReconMatrixPE": 84,
  "RepetitionTime": 1.205,
  "SAR": 0.0666736,
  "ScanOptions": "FS_EXT",
  "ScanningSequence": "EP",
  "SequenceName": "epfid2d1_84",
  "SequenceVariant": "SK_SS",
  "SeriesDescription": "task-convers_run2_bold_SBRef",
  "SeriesNumber": 12,
  "ShimSetting": [-618,-10756,-609,721,52,145,132,-14],
  "SliceThickness": 2.5,
  "SliceTiming": [
    3.5475,
    3.48,
    3.4125,
    3.345,
    3.28,
    3.2125,
    3.145,
    3.0775,
    3.01,
    2.945,
    2.8775,
    2.81,
    2.7425,
    2.6775,
    2.61,
    2.5425,
    2.475,
    2.4075,
    2.3425,
    2.275,
    2.2075,
    2.14,
    2.075,
    2.0075,
    1.94,
    1.8725,
    1.8075,
    1.74,
    1.6725,
    1.605,
    1.5375,
    1.4725,
    1.405,
    1.3375,
    1.27,
    1.205,
    1.1375,
    1.07,
    1.0025,
    0.935,
    0.87,
    0.8025,
    0.735,
    0.6675,
    0.6025,
    0.535,
    0.4675,
    0.4,
    0.3325,
    0.2675,
    0.2,
    0.1325,
    0.065,
    0
  ],
  "SoftwareVersions": "syngo_MR_E11",
  "SpacingBetweenSlices": 2.5,
  "StationName": "AWP66072",
  "TotalReadoutTime": 0.04199916,
  "TxRefAmp": 239.049
}