{
  "aor": 0.0024288051948051946,
  "aqi": 0.004750575064935065,
  "bids_meta": {
    "AcquisitionDateTime": "2018-07-17T14:56:19.539000",
    "AcquisitionMatrixPE": 84,
    "AcquisitionNumber": 1,
    "AcquisitionTime": "14:56:17.515000",
    "BandwidthPerPixelPhaseEncode": 23.81,
    "BaseResolution": 84,
    "BodyPartExamined": "HEAD",
    "ConsistencyInfo": "N4_VE11B_LATEST_20150530",
    "ConversionSoftware": "dcm2niix",
    "ConversionSoftwareVersion": "v1.0.20171215 GCC5.1.0",
    "DerivedVendorReportedEchoSpacing": 0.00049999,
    "DeviceSerialNumber": "66072",
    "DwellTime": 2.3e-06,
    "EchoTime": 0.03,
    "EchoTrainLength": 84,
    "EffectiveEchoSpacing": 0.00049999,
    "FlipAngle": 65,
    "ImageComments": "Unaliased_MB3_PE3_LB_SENSE1",
    "ImageOrientationPatientDICOM": [
      0.995287,
      -0.0767024,
      0.0593287,
      0.0767579,
      0.997049,
      0.00134527
    ],
    "ImageType": [
      "ORIGINAL",
      "PRIMARY",
      "M",
      "MB",
      "ND",
      "MOSAIC"
    ],
    "InPlanePhaseEncodingDirectionDICOM": "COL",
    "InstitutionAddress": "Boulevard_Jean_Moulin_27_Marseille_District_FR_13005",
    "InstitutionName": "Universite_d_aix_Marseille",
    "InstitutionalDepartmentName": "Department",
    "MRAcquisitionType": "2D",
    "MagneticFieldStrength": 3,
    "Manufacturer": "Siemens",
    "ManufacturersModelName": "Prisma",
    "Modality": "MR",
    "MultibandAccelerationFactor": 3,
    "PartialFourier": 1,
    "PatientPosition": "HFS",
    "PercentPhaseFOV": 100,
    "PhaseEncodingDirection": "j",
    "PhaseEncodingSteps": 84,
    "PhaseResolution": 1,
    "PixelBandwidth": 2590,
    "ProcedureStepDescription": "Projets_Convers",
    "ProtocolName": "task-convers_run2_bold",
    "PulseSequenceDetails": "%CustomerSeq%_cmrr_mbep2d_bold",
    "ReceiveCoilActiveElements": "HC1-6",
    "ReceiveCoilName": "HeadNeck_64",
    "ReconMatrixPE": 84,
    "RepetitionTime": 1.205,
    "SAR": 0.0766711,
    "ScanOptions": "FS_EXT",
    "ScanningSequence": "EP",
    "SequenceName": "epfid2d1_84",
    "SequenceVariant": "SK_SS",
    "SeriesDescription": "task-convers_run2_bold",
    "SeriesNumber": 12,
    "ShimSetting": [
      -588,
      -10737,
      -577,
      348,
      43,
      30,
      -70,
      28
    ],
    "SliceThickness": 2.5,
    "SliceTiming": [
      1.1375,
      1.07,
      1.0025,
      0.935,
      0.87,
      0.8025,
      0.735,
      0.6675,
      0.6025,
      0.535,
      0.4675,
      0.4,
      0.335,
      0.2675,
      0.2,
      0.1325,
      0.065,
      0,
      1.1375,
      1.07,
      1.0025,
      0.935,
      0.87,
      0.8025,
      0.735,
      0.6675,
      0.6025,
      0.535,
      0.4675,
      0.4,
      0.335,
      0.2675,
      0.2,
      0.1325,
      0.065,
      0,
      1.1375,
      1.07,
      1.0025,
      0.935,
      0.87,
      0.8025,
      0.735,
      0.6675,
      0.6025,
      0.535,
      0.4675,
      0.4,
      0.335,
      0.2675,
      0.2,
      0.1325,
      0.065,
      0
    ],
    "SoftwareVersions": "syngo_MR_E11",
    "SpacingBetweenSlices": 2.5,
    "StationName": "AWP66072",
    "TaskName": "convers",
    "TotalReadoutTime": 0.04199916,
    "TxRefAmp": 234.209,
    "modality": "bold",
    "run_id": "02",
    "subject_id": "18",
    "task_id": "convers"
  },
  "dummy_trs": 0,
  "dvars_nstd": 34.31818180783855,
  "dvars_std": 1.1486804313802097,
  "dvars_vstd": 1.2066222657291672,
  "efc": 0.4914708356837009,
  "fber": 8135.43603515625,
  "fd_mean": 0.15119034467487213,
  "fd_num": 82,
  "fd_perc": 21.2987012987013,
  "fwhm_avg": 2.972156091422026,
  "fwhm_x": 2.787944,
  "fwhm_y": 3.252636,
  "fwhm_z": 2.8758882742660785,
  "gcor": 0.0157206,
  "gsr_x": -0.0167886670678854,
  "gsr_y": 0.046009331941604614,
  "provenance": {
    "md5sum": "3e15d302b7caf1f9fc15cbb81079a528",
    "settings": {
      "fd_thres": 0.2,
      "hmc_fsl": false
    },
    "software": "mriqc",
    "version": "0.11.0",
    "webapi_port": null,
    "webapi_url": null
  },
  "size_t": 385,
  "size_x": 84,
  "size_y": 84,
  "size_z": 54,
  "snr": 2.169092686441114,
  "spacing_tr": 1.2050000429153442,
  "spacing_x": 2.5,
  "spacing_y": 2.5,
  "spacing_z": 2.499999761581421,
  "summary_bg_k": 29.843151791327713,
  "summary_bg_mad": 102.522705078125,
  "summary_bg_mean": 528.1002197265625,
  "summary_bg_median": 106.29347229003906,
  "summary_bg_n": 230039.0,
  "summary_bg_p05": 30.181388473510744,
  "summary_bg_p95": 2535.0241943359306,
  "summary_bg_stdv": 1139.8341064453125,
  "summary_fg_k": 0.4054805396027681,
  "summary_fg_mad": 4796.0029296875,
  "summary_fg_mean": 11207.599609375,
  "summary_fg_median": 10433.6162109375,
  "summary_fg_n": 89988.0,
  "summary_fg_p05": 4884.587622070312,
  "summary_fg_p95": 20123.352929687484,
  "summary_fg_stdv": 4810.1025390625,
  "tsnr": 39.58097457885742
}