{
  "aor": 0.002019922077922078,
  "aqi": 0.005886846857142857,
  "bids_meta": {
    "AcquisitionDateTime": "2018-05-29T12:21:36.757000",
    "AcquisitionMatrixPE": 84,
    "AcquisitionNumber": 1,
    "AcquisitionTime": "12:21:34.715000",
    "BandwidthPerPixelPhaseEncode": 23.81,
    "BaseResolution": 84,
    "BodyPartExamined": "HEAD",
    "ConsistencyInfo": "N4_VE11B_LATEST_20150530",
    "ConversionSoftware": "dcm2niix",
    "ConversionSoftwareVersion": "v1.0.20171215 GCC5.1.0",
    "DerivedVendorReportedEchoSpacing": 0.00049999,
    "DeviceSerialNumber": "66072",
    "DwellTime": 2.3e-06,
    "EchoTime": 0.03,
    "EchoTrainLength": 84,
    "EffectiveEchoSpacing": 0.00049999,
    "FlipAngle": 65,
    "ImageComments": "Unaliased_MB3_PE3_LB_SENSE1",
    "ImageOrientationPatientDICOM": [
      0.996665,
      -0.0120731,
      0.0807029,
      0.0167008,
      0.998239,
      -0.0569162
    ],
    "ImageType": [
      "ORIGINAL",
      "PRIMARY",
      "M",
      "MB",
      "ND",
      "MOSAIC"
    ],
    "InPlanePhaseEncodingDirectionDICOM": "COL",
    "InstitutionAddress": "Boulevard_Jean_Moulin_27_Marseille_District_FR_13005",
    "InstitutionName": "Universite_d_aix_Marseille",
    "InstitutionalDepartmentName": "Department",
    "MRAcquisitionType": "2D",
    "MagneticFieldStrength": 3,
    "Manufacturer": "Siemens",
    "ManufacturersModelName": "Prisma",
    "Modality": "MR",
    "MultibandAccelerationFactor": 3,
    "PartialFourier": 1,
    "PatientPosition": "HFS",
    "PercentPhaseFOV": 100,
    "PhaseEncodingDirection": "j",
    "PhaseEncodingSteps": 84,
    "PhaseResolution": 1,
    "PixelBandwidth": 2590,
    "ProcedureStepDescription": "Projets_Convers",
    "ProtocolName": "task-convers_run4_bold",
    "PulseSequenceDetails": "%CustomerSeq%_cmrr_mbep2d_bold",
    "ReceiveCoilActiveElements": "HC1-7",
    "ReceiveCoilName": "HeadNeck_64",
    "ReconMatrixPE": 84,
    "RepetitionTime": 1.205,
    "SAR": 0.0495346,
    "ScanOptions": "FS_EXT",
    "ScanningSequence": "EP",
    "SequenceName": "epfid2d1_84",
    "SequenceVariant": "SK_SS",
    "SeriesDescription": "task-convers_run4_bold",
    "SeriesNumber": 16,
    "ShimSetting": [
      -590,
      -10745,
      -556,
      562,
      13,
      147,
      -113,
      -12
    ],
    "SliceThickness": 2.5,
    "SliceTiming": [
      1.1375,
      1.07,
      1.005,
      0.9375,
      0.87,
      0.8025,
      0.735,
      0.67,
      0.6025,
      0.535,
      0.4675,
      0.4025,
      0.335,
      0.2675,
      0.2,
      0.1325,
      0.0675,
      0,
      1.1375,
      1.07,
      1.005,
      0.9375,
      0.87,
      0.8025,
      0.735,
      0.67,
      0.6025,
      0.535,
      0.4675,
      0.4025,
      0.335,
      0.2675,
      0.2,
      0.1325,
      0.0675,
      0,
      1.1375,
      1.07,
      1.005,
      0.9375,
      0.87,
      0.8025,
      0.735,
      0.67,
      0.6025,
      0.535,
      0.4675,
      0.4025,
      0.335,
      0.2675,
      0.2,
      0.1325,
      0.0675,
      0
    ],
    "SoftwareVersions": "syngo_MR_E11",
    "SpacingBetweenSlices": 2.5,
    "StationName": "AWP66072",
    "TaskName": "convers",
    "TotalReadoutTime": 0.04199916,
    "TxRefAmp": 216.133,
    "modality": "bold",
    "run_id": "04",
    "subject_id": "02",
    "task_id": "convers"
  },
  "dummy_trs": 0,
  "dvars_nstd": 37.513101950260385,
  "dvars_std": 1.1409066080208328,
  "dvars_vstd": 1.0904063929427086,
  "efc": 0.42522662401369804,
  "fber": 19253.849609375,
  "fd_mean": 0.1951758356414962,
  "fd_num": 118,
  "fd_perc": 30.649350649350648,
  "fwhm_avg": 2.751945333333333,
  "fwhm_x": 2.54516,
  "fwhm_y": 3.0849599999999997,
  "fwhm_z": 2.6257159999999997,
  "gcor": 0.0189597,
  "gsr_x": -0.0009979057358577847,
  "gsr_y": 0.028059987351298332,
  "provenance": {
    "md5sum": "82a18557dbd6f951011ef12b9e9795ff",
    "settings": {
      "fd_thres": 0.2,
      "hmc_fsl": false
    },
    "software": "mriqc",
    "version": "0.10.4"
  },
  "size_t": 385,
  "size_x": 84,
  "size_y": 84,
  "size_z": 54,
  "snr": 2.4111880145167857,
  "spacing_tr": 1.2050000429153442,
  "spacing_x": 2.5,
  "spacing_y": 2.5,
  "spacing_z": 2.5,
  "summary_bg_k": 46.654875735647664,
  "summary_bg_mad": 43.98578643798828,
  "summary_bg_mean": 393.2221374511719,
  "summary_bg_median": 68.61659240722656,
  "summary_bg_n": 259074.0,
  "summary_bg_p05": 35.87385864257813,
  "summary_bg_p95": 1788.0896240234374,
  "summary_bg_stdv": 977.14794921875,
  "summary_fg_k": 0.5626868219008561,
  "summary_fg_mad": 3920.886474609375,
  "summary_fg_mean": 10796.853515625,
  "summary_fg_median": 10166.681640625,
  "summary_fg_n": 65095.0,
  "summary_fg_p05": 4983.373486328125,
  "summary_fg_p95": 18709.798632812493,
  "summary_fg_stdv": 4216.42919921875,
  "tsnr": 37.00680160522461
}