{
  "aor": 0.0024232467532467536,
  "aqi": 0.009419817584415586,
  "bids_meta": {
    "AcquisitionDateTime": "2018-07-16T12:25:09.219000",
    "AcquisitionMatrixPE": 84,
    "AcquisitionNumber": 1,
    "AcquisitionTime": "12:25:7.162500",
    "BandwidthPerPixelPhaseEncode": 23.81,
    "BaseResolution": 84,
    "BodyPartExamined": "HEAD",
    "ConsistencyInfo": "N4_VE11B_LATEST_20150530",
    "ConversionSoftware": "dcm2niix",
    "ConversionSoftwareVersion": "v1.0.20171215 GCC5.1.0",
    "DerivedVendorReportedEchoSpacing": 0.00049999,
    "DeviceSerialNumber": "66072",
    "DwellTime": 2.3e-06,
    "EchoTime": 0.03,
    "EchoTrainLength": 84,
    "EffectiveEchoSpacing": 0.00049999,
    "FlipAngle": 65,
    "ImageComments": "Unaliased_MB3_PE3_LB_SENSE1",
    "ImageOrientationPatientDICOM": [
      0.991246,
      -0.0669863,
      -0.113769,
      0.0675764,
      0.997713,
      0.00133435
    ],
    "ImageType": [
      "ORIGINAL",
      "PRIMARY",
      "M",
      "MB",
      "ND",
      "MOSAIC"
    ],
    "InPlanePhaseEncodingDirectionDICOM": "COL",
    "InstitutionAddress": "Boulevard_Jean_Moulin_27_Marseille_District_FR_13005",
    "InstitutionName": "Universite_d_aix_Marseille",
    "InstitutionalDepartmentName": "Department",
    "MRAcquisitionType": "2D",
    "MagneticFieldStrength": 3,
    "Manufacturer": "Siemens",
    "ManufacturersModelName": "Prisma",
    "Modality": "MR",
    "MultibandAccelerationFactor": 3,
    "PartialFourier": 1,
    "PatientPosition": "HFS",
    "PercentPhaseFOV": 100,
    "PhaseEncodingDirection": "j",
    "PhaseEncodingSteps": 84,
    "PhaseResolution": 1,
    "PixelBandwidth": 2590,
    "ProcedureStepDescription": "Projets_Convers",
    "ProtocolName": "task-convers_run2_bold",
    "PulseSequenceDetails": "%CustomerSeq%_cmrr_mbep2d_bold",
    "ReceiveCoilActiveElements": "HC1-6",
    "ReceiveCoilName": "HeadNeck_64",
    "ReconMatrixPE": 84,
    "RepetitionTime": 1.205,
    "SAR": 0.0639802,
    "ScanOptions": "FS_EXT",
    "ScanningSequence": "EP",
    "SequenceName": "epfid2d1_84",
    "SequenceVariant": "SK_SS",
    "SeriesDescription": "task-convers_run2_bold",
    "SeriesNumber": 13,
    "ShimSetting": [
      -638,
      -10792,
      -554,
      516,
      -39,
      -85,
      -20,
      17
    ],
    "SliceThickness": 2.5,
    "SliceTiming": [
      1.1375,
      1.0725,
      1.005,
      0.9375,
      0.87,
      0.805,
      0.7375,
      0.67,
      0.6025,
      0.535,
      0.47,
      0.4025,
      0.335,
      0.2675,
      0.2025,
      0.135,
      0.0675,
      0,
      1.1375,
      1.0725,
      1.005,
      0.9375,
      0.87,
      0.805,
      0.7375,
      0.67,
      0.6025,
      0.535,
      0.47,
      0.4025,
      0.335,
      0.2675,
      0.2025,
      0.135,
      0.0675,
      0,
      1.1375,
      1.0725,
      1.005,
      0.9375,
      0.87,
      0.805,
      0.7375,
      0.67,
      0.6025,
      0.535,
      0.47,
      0.4025,
      0.335,
      0.2675,
      0.2025,
      0.135,
      0.0675,
      0
    ],
    "SoftwareVersions": "syngo_MR_E11",
    "SpacingBetweenSlices": 2.5,
    "StationName": "AWP66072",
    "TaskName": "convers",
    "TotalReadoutTime": 0.04199916,
    "TxRefAmp": 220.561,
    "modality": "bold",
    "run_id": "02",
    "subject_id": "11",
    "task_id": "convers"
  },
  "dummy_trs": 0,
  "dvars_nstd": 41.350403467630194,
  "dvars_std": 1.077859273229166,
  "dvars_vstd": 1.0439247783072914,
  "efc": 0.48959110232382247,
  "fber": 5649.9208984375,
  "fd_mean": 0.2538956079803737,
  "fd_num": 212,
  "fd_perc": 55.064935064935064,
  "fwhm_avg": 2.844272,
  "fwhm_x": 2.6164639999999997,
  "fwhm_y": 3.131208,
  "fwhm_z": 2.785144,
  "gcor": 0.0260278,
  "gsr_x": 0.0074042887426912785,
  "gsr_y": 0.04277275502681732,
  "provenance": {
    "md5sum": "b24c424a1f9c8aef7cf05206cbef7669",
    "settings": {
      "fd_thres": 0.2,
      "hmc_fsl": false
    },
    "software": "mriqc",
    "version": "0.11.0",
    "webapi_port": null,
    "webapi_url": null
  },
  "size_t": 385,
  "size_x": 84,
  "size_y": 84,
  "size_z": 54,
  "snr": 2.1048571085157755,
  "spacing_tr": 1.2050000429153442,
  "spacing_x": 2.5,
  "spacing_y": 2.5,
  "spacing_z": 2.5,
  "summary_bg_k": 28.400229965258095,
  "summary_bg_mad": 124.74400329589844,
  "summary_bg_mean": 618.851318359375,
  "summary_bg_median": 125.25746154785156,
  "summary_bg_n": 235898.0,
  "summary_bg_p05": 35.86040897369385,
  "summary_bg_p95": 2936.8369506835934,
  "summary_bg_stdv": 1350.4716796875,
  "summary_fg_k": 1.2783516172790526,
  "summary_fg_mad": 4206.091796875,
  "summary_fg_mean": 10776.5712890625,
  "summary_fg_median": 9940.60546875,
  "summary_fg_n": 85611.0,
  "summary_fg_p05": 4710.525634765625,
  "summary_fg_p95": 19948.279296875,
  "summary_fg_stdv": 4722.6708984375,
  "tsnr": 30.65804100036621
}