{
  "aor": 0.0011955468750000002,
  "aqi": 0.0071519094270833345,
  "bids_meta": {
    "AcquisitionDateTime": "2018-05-29T13:34:13.279000",
    "AcquisitionMatrixPE": 84,
    "AcquisitionNumber": 1,
    "AcquisitionTime": "13:34:11.725000",
    "BandwidthPerPixelPhaseEncode": 23.81,
    "BaseResolution": 84,
    "BodyPartExamined": "HEAD",
    "ConsistencyInfo": "N4_VE11B_LATEST_20150530",
    "ConversionSoftware": "dcm2niix",
    "ConversionSoftwareVersion": "v1.0.20171215 GCC5.1.0",
    "DerivedVendorReportedEchoSpacing": 0.00049999,
    "DeviceSerialNumber": "66072",
    "DwellTime": 2.3e-06,
    "EchoTime": 0.03,
    "EchoTrainLength": 84,
    "EffectiveEchoSpacing": 0.00049999,
    "FlipAngle": 65,
    "ImageComments": "Unaliased_MB3_PE3_LB_SENSE1",
    "ImageOrientationPatientDICOM": [
      0.993686,
      0.0962035,
      -0.0577312,
      -0.103564,
      0.984414,
      -0.142141
    ],
    "ImageType": [
      "ORIGINAL",
      "PRIMARY",
      "M",
      "MB",
      "ND",
      "MOSAIC"
    ],
    "InPlanePhaseEncodingDirectionDICOM": "COL",
    "InstitutionAddress": "Boulevard_Jean_Moulin_27_Marseille_District_FR_13005",
    "InstitutionName": "Universite_d_aix_Marseille",
    "InstitutionalDepartmentName": "Department",
    "MRAcquisitionType": "2D",
    "MagneticFieldStrength": 3,
    "Manufacturer": "Siemens",
    "ManufacturersModelName": "Prisma",
    "Modality": "MR",
    "MultibandAccelerationFactor": 3,
    "PartialFourier": 1,
    "PatientPosition": "HFS",
    "PercentPhaseFOV": 100,
    "PhaseEncodingDirection": "j",
    "PhaseEncodingSteps": 84,
    "PhaseResolution": 1,
    "PixelBandwidth": 2590,
    "ProcedureStepDescription": "Projets_Convers",
    "ProtocolName": "task-convers_run2_bold",
    "PulseSequenceDetails": "%CustomerSeq%_cmrr_mbep2d_bold",
    "ReceiveCoilActiveElements": "HC1-6",
    "ReceiveCoilName": "HeadNeck_64",
    "ReconMatrixPE": 84,
    "RepetitionTime": 1.205,
    "SAR": 0.0527927,
    "ScanOptions": "FS_EXT",
    "ScanningSequence": "EP",
    "SequenceName": "epfid2d1_84",
    "SequenceVariant": "SK_SS",
    "SeriesDescription": "task-convers_run2_bold",
    "SeriesNumber": 12,
    "ShimSetting": [
      -611,
      -10708,
      -605,
      491,
      27,
      -63,
      -105,
      25
    ],
    "SliceThickness": 2.5,
    "SliceTiming": [
      1.1375,
      1.07,
      1.0025,
      0.9375,
      0.87,
      0.8025,
      0.735,
      0.67,
      0.6025,
      0.535,
      0.4675,
      0.4,
      0.335,
      0.2675,
      0.2,
      0.1325,
      0.0675,
      0,
      1.1375,
      1.07,
      1.0025,
      0.9375,
      0.87,
      0.8025,
      0.735,
      0.67,
      0.6025,
      0.535,
      0.4675,
      0.4,
      0.335,
      0.2675,
      0.2,
      0.1325,
      0.0675,
      0,
      1.1375,
      1.07,
      1.0025,
      0.9375,
      0.87,
      0.8025,
      0.735,
      0.67,
      0.6025,
      0.535,
      0.4675,
      0.4,
      0.335,
      0.2675,
      0.2,
      0.1325,
      0.0675,
      0
    ],
    "SoftwareVersions": "syngo_MR_E11",
    "SpacingBetweenSlices": 2.5,
    "StationName": "AWP66072",
    "TaskName": "convers",
    "TotalReadoutTime": 0.04199916,
    "TxRefAmp": 217.908,
    "modality": "bold",
    "run_id": "02",
    "subject_id": "03",
    "task_id": "convers"
  },
  "dummy_trs": 1,
  "dvars_nstd": 42.16131361707569,
  "dvars_std": 1.1120476121409923,
  "dvars_vstd": 1.6341383707049617,
  "efc": 0.4722982263725511,
  "fber": 12754.5791015625,
  "fd_mean": 0.2204520568640786,
  "fd_num": 185,
  "fd_perc": 48.177083333333336,
  "fwhm_avg": 2.8959946666666667,
  "fwhm_x": 2.707688,
  "fwhm_y": 3.221628,
  "fwhm_z": 2.758668,
  "gcor": 0.0275893,
  "gsr_x": -0.0035889858845621347,
  "gsr_y": 0.04765855148434639,
  "provenance": {
    "md5sum": "43cfb8250e7946ea03435cb6ba349c46",
    "settings": {
      "fd_thres": 0.2,
      "hmc_fsl": false
    },
    "software": "mriqc",
    "version": "0.10.4"
  },
  "size_t": 384,
  "size_x": 84,
  "size_y": 84,
  "size_z": 54,
  "snr": 2.092642247275434,
  "spacing_tr": 1.2050000429153442,
  "spacing_x": 2.5,
  "spacing_y": 2.5,
  "spacing_z": 2.5,
  "summary_bg_k": 36.38797109011073,
  "summary_bg_mad": 74.79183197021484,
  "summary_bg_mean": 531.380859375,
  "summary_bg_median": 90.29032897949219,
  "summary_bg_n": 236854.0,
  "summary_bg_p05": 35.39375648498535,
  "summary_bg_p95": 2544.7249267578045,
  "summary_bg_stdv": 1317.181396484375,
  "summary_fg_k": 0.7942351929362412,
  "summary_fg_mad": 5071.7685546875,
  "summary_fg_mean": 11981.8955078125,
  "summary_fg_median": 11052.580078125,
  "summary_fg_n": 83384.0,
  "summary_fg_p05": 5137.999072265625,
  "summary_fg_p95": 21938.95361328125,
  "summary_fg_stdv": 5281.60693359375,
  "tsnr": 33.54420852661133
}