{
  "bids_meta": {
    "AcquisitionDateTime": "2018-07-17T18:40:50.910000",
    "AcquisitionMatrixPE": 320,
    "AcquisitionNumber": 1,
    "AcquisitionTime": "18:32:47.525000",
    "BaseResolution": 320,
    "BodyPartExamined": "HEAD",
    "ConsistencyInfo": "N4_VE11B_LATEST_20150530",
    "ConversionSoftware": "dcm2niix",
    "ConversionSoftwareVersion": "v1.0.20171215 GCC5.1.0",
    "DeviceSerialNumber": "66072",
    "DwellTime": 2.2e-06,
    "EchoTime": 0.562,
    "EchoTrainLength": 305,
    "FlipAngle": 120,
    "ImageOrientationPatientDICOM": [
      -0.03397,
      0.997326,
      -0.0647021,
      0.0138208,
      -0.0642645,
      -0.997837
    ],
    "ImageType": [
      "ORIGINAL",
      "PRIMARY",
      "M",
      "ND",
      "NORM"
    ],
    "InPlanePhaseEncodingDirectionDICOM": "ROW",
    "InstitutionAddress": "Boulevard_Jean_Moulin_27_Marseille_District_FR_13005",
    "InstitutionName": "Universite_d_aix_Marseille",
    "InstitutionalDepartmentName": "Department",
    "MRAcquisitionType": "3D",
    "MagneticFieldStrength": 3,
    "Manufacturer": "Siemens",
    "ManufacturersModelName": "Prisma",
    "Modality": "MR",
    "ParallelReductionFactorInPlane": 2,
    "PartialFourier": 1,
    "PatientPosition": "HFS",
    "PercentPhaseFOV": 100,
    "PhaseEncodingSteps": 315,
    "PhaseResolution": 1,
    "PixelBandwidth": 710,
    "ProcedureStepDescription": "Projets_Convers",
    "ProtocolName": "T2w",
    "PulseSequenceDetails": "%SiemensSeq%_tse_vfl",
    "ReceiveCoilActiveElements": "HC1-7;NC1,2",
    "ReceiveCoilName": "HeadNeck_64",
    "ReconMatrixPE": 320,
    "RepetitionTime": 3.2,
    "SAR": 0.168895,
    "ScanOptions": "PFP",
    "ScanningSequence": "SE",
    "SequenceName": "_spc_305ns",
    "SequenceVariant": "SK_SP",
    "SeriesDescription": "T2w",
    "SeriesNumber": 17,
    "ShimSetting": [
      -592,
      -10882,
      -628,
      -291,
      46,
      -75,
      -105,
      -77
    ],
    "SliceThickness": 0.8,
    "SoftwareVersions": "syngo_MR_E11",
    "StationName": "AWP66072",
    "TxRefAmp": 263.328,
    "modality": "T2w",
    "subject_id": "19"
  },
  "cjv": 0.7341668479705641,
  "cnr": 1.842088527296104,
  "efc": 0.531005315154499,
  "fber": 571.6685791015625,
  "fwhm_avg": 3.0115338052680785,
  "fwhm_x": 2.972789006132278,
  "fwhm_y": 3.192024952435122,
  "fwhm_z": 2.8697874572368347,
  "icvs_csf": 0.320961397232269,
  "icvs_gm": 0.6034169428938791,
  "icvs_wm": 0.07562165987385182,
  "inu_med": 1.4158015251159668,
  "inu_range": 0.24431090354919416,
  "provenance": {
    "md5sum": "572252dd7e8f1c392d3973789dcd7c17",
    "settings": {
      "testing": false
    },
    "software": "mriqc",
    "version": "0.11.0",
    "warnings": {
      "large_rot_frame": true,
      "small_air_mask": false
    },
    "webapi_port": null,
    "webapi_url": "https://mriqc.nimh.nih.gov/api/v1"
  },
  "qi_1": 0.0001511832390740372,
  "qi_2": 0.0018023054707311113,
  "rpve_csf": 22.963023481849813,
  "rpve_gm": 13.988948728024686,
  "rpve_wm": 90.76662030405089,
  "size_x": 256,
  "size_y": 320,
  "size_z": 320,
  "snr_csf": 7.588573796163764,
  "snr_gm": 6.415476351496084,
  "snr_total": 5.836923737631007,
  "snr_wm": 3.506721065233174,
  "snrd_csf": 78.71976766812494,
  "snrd_gm": 31.075878945927034,
  "snrd_total": 42.59432377525331,
  "snrd_wm": 17.98732471170796,
  "spacing_x": 0.7999995946884155,
  "spacing_y": 0.800000011920929,
  "spacing_z": 0.800000011920929,
  "summary_bg_k": 14.089431122319613,
  "summary_bg_mad": 36.45326232910156,
  "summary_bg_mean": 55.54893112182617,
  "summary_bg_median": 44.1398811340332,
  "summary_bg_n": 4842718.0,
  "summary_bg_p05": 0.0,
  "summary_bg_p95": 146.40716552734358,
  "summary_bg_stdv": 47.016815185546875,
  "summary_csf_k": 0.5278432310182706,
  "summary_csf_mad": 552.412353515625,
  "summary_csf_mean": 4388.48193359375,
  "summary_csf_median": 4380.14501953125,
  "summary_csf_n": 256074.0,
  "summary_csf_p05": 3465.382800292969,
  "summary_csf_p95": 5335.11789550781,
  "summary_csf_stdv": 577.2015380859375,
  "summary_gm_k": 0.2918975141311271,
  "summary_gm_mad": 263.0188293457031,
  "summary_gm_mean": 1750.0281982421875,
  "summary_gm_median": 1729.1318359375,
  "summary_gm_n": 619940.0,
  "summary_gm_p05": 1345.9575439453124,
  "summary_gm_p95": 2226.513842773437,
  "summary_gm_stdv": 269.5248718261719,
  "summary_wm_k": 0.9434541957140938,
  "summary_wm_mad": 271.65771484375,
  "summary_wm_mean": 975.6857299804688,
  "summary_wm_median": 1000.855224609375,
  "summary_wm_n": 9219.0,
  "summary_wm_p05": 465.8548950195313,
  "summary_wm_p95": 1388.9900390625,
  "summary_wm_stdv": 285.39508056640625,
  "tpm_overlap_csf": 0.16697929799556732,
  "tpm_overlap_gm": 0.3729047179222107,
  "tpm_overlap_wm": 0.08963000029325485,
  "wm2max": 0.1789386481697093
}