{
  "aor": 0.0018949870129870128,
  "aqi": 0.005591110415584414,
  "bids_meta": {
    "AcquisitionDateTime": "2018-07-16T17:47:06.234000",
    "AcquisitionMatrixPE": 84,
    "AcquisitionNumber": 1,
    "AcquisitionTime": "17:47:3.415000",
    "BandwidthPerPixelPhaseEncode": 23.81,
    "BaseResolution": 84,
    "BodyPartExamined": "HEAD",
    "ConsistencyInfo": "N4_VE11B_LATEST_20150530",
    "ConversionSoftware": "dcm2niix",
    "ConversionSoftwareVersion": "v1.0.20171215 GCC5.1.0",
    "DerivedVendorReportedEchoSpacing": 0.00049999,
    "DeviceSerialNumber": "66072",
    "DwellTime": 2.3e-06,
    "EchoTime": 0.03,
    "EchoTrainLength": 84,
    "EffectiveEchoSpacing": 0.00049999,
    "FlipAngle": 65,
    "ImageComments": "Unaliased_MB3_PE3_LB_SENSE1",
    "ImageOrientationPatientDICOM": [
      0.999573,
      0.0162093,
      0.0243003,
      -0.0183202,
      0.995834,
      0.0893248
    ],
    "ImageType": [
      "ORIGINAL",
      "PRIMARY",
      "M",
      "MB",
      "ND",
      "MOSAIC"
    ],
    "InPlanePhaseEncodingDirectionDICOM": "COL",
    "InstitutionAddress": "Boulevard_Jean_Moulin_27_Marseille_District_FR_13005",
    "InstitutionName": "Universite_d_aix_Marseille",
    "InstitutionalDepartmentName": "Department",
    "MRAcquisitionType": "2D",
    "MagneticFieldStrength": 3,
    "Manufacturer": "Siemens",
    "ManufacturersModelName": "Prisma",
    "Modality": "MR",
    "MultibandAccelerationFactor": 3,
    "PartialFourier": 1,
    "PatientPosition": "HFS",
    "PercentPhaseFOV": 100,
    "PhaseEncodingDirection": "j",
    "PhaseEncodingSteps": 84,
    "PhaseResolution": 1,
    "PixelBandwidth": 2590,
    "ProcedureStepDescription": "Projets_Convers",
    "ProtocolName": "task-convers_run1_bold",
    "PulseSequenceDetails": "%CustomerSeq%_cmrr_mbep2d_bold",
    "ReceiveCoilActiveElements": "HC1-6",
    "ReceiveCoilName": "HeadNeck_64",
    "ReconMatrixPE": 84,
    "RepetitionTime": 1.205,
    "SAR": 0.0751287,
    "ScanOptions": "FS_EXT",
    "ScanningSequence": "EP",
    "SequenceName": "epfid2d1_84",
    "SequenceVariant": "SK_SS",
    "SeriesDescription": "task-convers_run1_bold",
    "SeriesNumber": 12,
    "ShimSetting": [
      -618,
      -10808,
      -493,
      396,
      -20,
      -151,
      58,
      3
    ],
    "SliceThickness": 2.5,
    "SliceTiming": [
      1.14,
      1.0725,
      1.005,
      0.9375,
      0.87,
      0.805,
      0.7375,
      0.67,
      0.6025,
      0.5375,
      0.47,
      0.4025,
      0.335,
      0.2675,
      0.2025,
      0.135,
      0.0675,
      0,
      1.14,
      1.0725,
      1.005,
      0.9375,
      0.87,
      0.805,
      0.7375,
      0.67,
      0.6025,
      0.5375,
      0.47,
      0.4025,
      0.335,
      0.2675,
      0.2025,
      0.135,
      0.0675,
      0,
      1.14,
      1.0725,
      1.005,
      0.9375,
      0.87,
      0.805,
      0.7375,
      0.67,
      0.6025,
      0.5375,
      0.47,
      0.4025,
      0.335,
      0.2675,
      0.2025,
      0.135,
      0.0675,
      0
    ],
    "SoftwareVersions": "syngo_MR_E11",
    "SpacingBetweenSlices": 2.5,
    "StationName": "AWP66072",
    "TaskName": "convers",
    "TotalReadoutTime": 0.04199916,
    "TxRefAmp": 248.206,
    "modality": "bold",
    "run_id": "01",
    "subject_id": "14",
    "task_id": "convers"
  },
  "dummy_trs": 0,
  "dvars_nstd": 35.10396870958329,
  "dvars_std": 1.0829867984114587,
  "dvars_vstd": 1.0586366787499997,
  "efc": 0.44720818418919783,
  "fber": 9558.3662109375,
  "fd_mean": 0.22985299210131563,
  "fd_num": 180,
  "fd_perc": 46.753246753246756,
  "fwhm_avg": 2.9456826666666664,
  "fwhm_x": 2.797456,
  "fwhm_y": 3.2541759999999997,
  "fwhm_z": 2.785416,
  "gcor": 0.0269996,
  "gsr_x": 0.016955336555838585,
  "gsr_y": 0.015943070873618126,
  "provenance": {
    "md5sum": "c113e660d1acb3bba6c2dfbdaea29a08",
    "settings": {
      "fd_thres": 0.2,
      "hmc_fsl": false
    },
    "software": "mriqc",
    "version": "0.11.0",
    "webapi_port": null,
    "webapi_url": null
  },
  "size_t": 385,
  "size_x": 84,
  "size_y": 84,
  "size_z": 54,
  "snr": 2.176870695185852,
  "spacing_tr": 1.2050000429153442,
  "spacing_x": 2.5,
  "spacing_y": 2.5,
  "spacing_z": 2.5,
  "summary_bg_k": 26.041023436097273,
  "summary_bg_mad": 84.9356460571289,
  "summary_bg_mean": 609.3695068359375,
  "summary_bg_median": 97.33722686767578,
  "summary_bg_n": 256683.0,
  "summary_bg_p05": 35.27281227111816,
  "summary_bg_p95": 3381.414379882809,
  "summary_bg_stdv": 1455.590576171875,
  "summary_fg_k": 0.9098907466981321,
  "summary_fg_mad": 4271.24658203125,
  "summary_fg_mean": 10809.63671875,
  "summary_fg_median": 10092.4794921875,
  "summary_fg_n": 66925.0,
  "summary_fg_p05": 4571.40712890625,
  "summary_fg_p95": 19695.64414062499,
  "summary_fg_stdv": 4636.1982421875,
  "tsnr": 37.487449645996094
}