{
  "aor": 0.0007036458333333334,
  "aqi": 0.0028033238802083332,
  "bids_meta": {
    "AcquisitionDateTime": "2018-07-18T16:38:04.785000",
    "AcquisitionMatrixPE": 84,
    "AcquisitionNumber": 1,
    "AcquisitionTime": "16:37:39.552500",
    "BandwidthPerPixelPhaseEncode": 23.81,
    "BaseResolution": 84,
    "BodyPartExamined": "HEAD",
    "ConsistencyInfo": "N4_VE11B_LATEST_20150530",
    "ConversionSoftware": "dcm2niix",
    "ConversionSoftwareVersion": "v1.0.20171215 GCC5.1.0",
    "DerivedVendorReportedEchoSpacing": 0.00049999,
    "DeviceSerialNumber": "66072",
    "DwellTime": 2.3e-06,
    "EchoTime": 0.03,
    "EchoTrainLength": 84,
    "EffectiveEchoSpacing": 0.00049999,
    "FlipAngle": 65,
    "ImageComments": "Unaliased_MB3_PE3_LB_SENSE1",
    "ImageOrientationPatientDICOM": [
      0.999927,
      0.0118746,
      0.0023491,
      -0.011868,
      0.999926,
      -0.00279716
    ],
    "ImageType": [
      "ORIGINAL",
      "PRIMARY",
      "M",
      "MB",
      "ND",
      "MOSAIC"
    ],
    "InPlanePhaseEncodingDirectionDICOM": "COL",
    "InstitutionAddress": "Boulevard_Jean_Moulin_27_Marseille_District_FR_13005",
    "InstitutionName": "Universite_d_aix_Marseille",
    "InstitutionalDepartmentName": "Department",
    "MRAcquisitionType": "2D",
    "MagneticFieldStrength": 3,
    "Manufacturer": "Siemens",
    "ManufacturersModelName": "Prisma",
    "Modality": "MR",
    "MultibandAccelerationFactor": 3,
    "PartialFourier": 1,
    "PatientPosition": "HFS",
    "PercentPhaseFOV": 100,
    "PhaseEncodingDirection": "j",
    "PhaseEncodingSteps": 84,
    "PhaseResolution": 1,
    "PixelBandwidth": 2590,
    "ProcedureStepDescription": "Projets_Convers",
    "ProtocolName": "task-convers_run2_bold",
    "PulseSequenceDetails": "%CustomerSeq%_cmrr_mbep2d_bold",
    "ReceiveCoilActiveElements": "HC1-6",
    "ReceiveCoilName": "HeadNeck_64",
    "ReconMatrixPE": 84,
    "RepetitionTime": 1.205,
    "SAR": 0.0665881,
    "ScanOptions": "FS_EXT",
    "ScanningSequence": "EP",
    "SequenceName": "epfid2d1_84",
    "SequenceVariant": "SK_SS",
    "SeriesDescription": "task-convers_run2_bold",
    "SeriesNumber": 12,
    "ShimSetting": [
      -613,
      -10783,
      -557,
      392,
      10,
      -70,
      -6,
      31
    ],
    "SliceThickness": 2.5,
    "SliceTiming": [
      1.1375,
      1.0725,
      1.005,
      0.9375,
      0.87,
      0.805,
      0.7375,
      0.67,
      0.6025,
      0.535,
      0.47,
      0.4025,
      0.335,
      0.2675,
      0.2025,
      0.135,
      0.0675,
      0,
      1.1375,
      1.0725,
      1.005,
      0.9375,
      0.87,
      0.805,
      0.7375,
      0.67,
      0.6025,
      0.535,
      0.47,
      0.4025,
      0.335,
      0.2675,
      0.2025,
      0.135,
      0.0675,
      0,
      1.1375,
      1.0725,
      1.005,
      0.9375,
      0.87,
      0.805,
      0.7375,
      0.67,
      0.6025,
      0.535,
      0.47,
      0.4025,
      0.335,
      0.2675,
      0.2025,
      0.135,
      0.0675,
      0
    ],
    "SoftwareVersions": "syngo_MR_E11",
    "SpacingBetweenSlices": 2.5,
    "StationName": "AWP66072",
    "TaskName": "convers",
    "TotalReadoutTime": 0.04199916,
    "TxRefAmp": 215.628,
    "modality": "bold",
    "run_id": "02",
    "subject_id": "23",
    "task_id": "convers"
  },
  "dummy_trs": 1,
  "dvars_nstd": 29.356108618120118,
  "dvars_std": 1.155441791723237,
  "dvars_vstd": 1.1436031051958222,
  "efc": 0.4698828333310516,
  "fber": 16025.525390625,
  "fd_mean": 0.07237340604571718,
  "fd_num": 0,
  "fd_perc": 0.0,
  "fwhm_avg": 2.910597333333333,
  "fwhm_x": 2.732472,
  "fwhm_y": 3.2372799999999997,
  "fwhm_z": 2.76204,
  "gcor": 0.0180256,
  "gsr_x": 0.005981423892080784,
  "gsr_y": 0.042156923562288284,
  "provenance": {
    "md5sum": "b54f13ea53a42e0b74bb133acf78190d",
    "settings": {
      "fd_thres": 0.2,
      "hmc_fsl": false
    },
    "software": "mriqc",
    "version": "0.11.0",
    "webapi_port": null,
    "webapi_url": null
  },
  "size_t": 384,
  "size_x": 84,
  "size_y": 84,
  "size_z": 54,
  "snr": 2.081654397401842,
  "spacing_tr": 1.2050000429153442,
  "spacing_x": 2.5,
  "spacing_y": 2.5,
  "spacing_z": 2.5,
  "summary_bg_k": 32.845062720471816,
  "summary_bg_mad": 58.20370864868164,
  "summary_bg_mean": 577.5691528320312,
  "summary_bg_median": 80.25408935546875,
  "summary_bg_n": 236919.0,
  "summary_bg_p05": 35.60639533996582,
  "summary_bg_p95": 3219.433276367185,
  "summary_bg_stdv": 1591.9781494140625,
  "summary_fg_k": 0.7086031551284857,
  "summary_fg_mad": 5199.505859375,
  "summary_fg_mean": 11952.5107421875,
  "summary_fg_median": 11020.5595703125,
  "summary_fg_n": 83862.0,
  "summary_fg_p05": 5089.419604492188,
  "summary_fg_p95": 21759.876269531247,
  "summary_fg_stdv": 5294.103515625,
  "tsnr": 51.6735725402832
}