{
  "aor": 0.00232974025974026,
  "aqi": 0.007804552987012986,
  "bids_meta": {
    "AcquisitionDateTime": "2018-07-16T12:38:06.136000",
    "AcquisitionMatrixPE": 84,
    "AcquisitionNumber": 1,
    "AcquisitionTime": "12:37:46.632500",
    "BandwidthPerPixelPhaseEncode": 23.81,
    "BaseResolution": 84,
    "BodyPartExamined": "HEAD",
    "ConsistencyInfo": "N4_VE11B_LATEST_20150530",
    "ConversionSoftware": "dcm2niix",
    "ConversionSoftwareVersion": "v1.0.20171215 GCC5.1.0",
    "DerivedVendorReportedEchoSpacing": 0.00049999,
    "DeviceSerialNumber": "66072",
    "DwellTime": 2.3e-06,
    "EchoTime": 0.03,
    "EchoTrainLength": 84,
    "EffectiveEchoSpacing": 0.00049999,
    "FlipAngle": 65,
    "ImageComments": "Unaliased_MB3_PE3_LB_SENSE1",
    "ImageOrientationPatientDICOM": [
      0.991246,
      -0.0669863,
      -0.113769,
      0.0675764,
      0.997713,
      0.00133435
    ],
    "ImageType": [
      "ORIGINAL",
      "PRIMARY",
      "M",
      "MB",
      "ND",
      "MOSAIC"
    ],
    "InPlanePhaseEncodingDirectionDICOM": "COL",
    "InstitutionAddress": "Boulevard_Jean_Moulin_27_Marseille_District_FR_13005",
    "InstitutionName": "Universite_d_aix_Marseille",
    "InstitutionalDepartmentName": "Department",
    "MRAcquisitionType": "2D",
    "MagneticFieldStrength": 3,
    "Manufacturer": "Siemens",
    "ManufacturersModelName": "Prisma",
    "Modality": "MR",
    "MultibandAccelerationFactor": 3,
    "PartialFourier": 1,
    "PatientPosition": "HFS",
    "PercentPhaseFOV": 100,
    "PhaseEncodingDirection": "j",
    "PhaseEncodingSteps": 84,
    "PhaseResolution": 1,
    "PixelBandwidth": 2590,
    "ProcedureStepDescription": "Projets_Convers",
    "ProtocolName": "task-convers_run3_bold",
    "PulseSequenceDetails": "%CustomerSeq%_cmrr_mbep2d_bold",
    "ReceiveCoilActiveElements": "HC1-6",
    "ReceiveCoilName": "HeadNeck_64",
    "ReconMatrixPE": 84,
    "RepetitionTime": 1.205,
    "SAR": 0.0639802,
    "ScanOptions": "FS_EXT",
    "ScanningSequence": "EP",
    "SequenceName": "epfid2d1_84",
    "SequenceVariant": "SK_SS",
    "SeriesDescription": "task-convers_run3_bold",
    "SeriesNumber": 15,
    "ShimSetting": [
      -638,
      -10792,
      -554,
      516,
      -39,
      -85,
      -20,
      17
    ],
    "SliceThickness": 2.5,
    "SliceTiming": [
      1.1375,
      1.07,
      1.005,
      0.9375,
      0.87,
      0.8025,
      0.735,
      0.67,
      0.6025,
      0.535,
      0.4675,
      0.4025,
      0.335,
      0.2675,
      0.2,
      0.1325,
      0.0675,
      0,
      1.1375,
      1.07,
      1.005,
      0.9375,
      0.87,
      0.8025,
      0.735,
      0.67,
      0.6025,
      0.535,
      0.4675,
      0.4025,
      0.335,
      0.2675,
      0.2,
      0.1325,
      0.0675,
      0,
      1.1375,
      1.07,
      1.005,
      0.9375,
      0.87,
      0.8025,
      0.735,
      0.67,
      0.6025,
      0.535,
      0.4675,
      0.4025,
      0.335,
      0.2675,
      0.2,
      0.1325,
      0.0675,
      0
    ],
    "SoftwareVersions": "syngo_MR_E11",
    "SpacingBetweenSlices": 2.5,
    "StationName": "AWP66072",
    "TaskName": "convers",
    "TotalReadoutTime": 0.04199916,
    "TxRefAmp": 220.561,
    "modality": "bold",
    "run_id": "03",
    "subject_id": "11",
    "task_id": "convers"
  },
  "dummy_trs": 0,
  "dvars_nstd": 43.033376763385434,
  "dvars_std": 1.1020290714062504,
  "dvars_vstd": 1.0956612885937502,
  "efc": 0.48944884657523297,
  "fber": 5811.166015625,
  "fd_mean": 0.26149484944530915,
  "fd_num": 209,
  "fd_perc": 54.285714285714285,
  "fwhm_avg": 2.83454,
  "fwhm_x": 2.61778,
  "fwhm_y": 3.112188,
  "fwhm_z": 2.773652,
  "gcor": 0.0229766,
  "gsr_x": 0.008453195914626122,
  "gsr_y": 0.04159422591328621,
  "provenance": {
    "md5sum": "0a498b901dc08640296e4b40382d76f9",
    "settings": {
      "fd_thres": 0.2,
      "hmc_fsl": false
    },
    "software": "mriqc",
    "version": "0.11.0",
    "webapi_port": null,
    "webapi_url": null
  },
  "size_t": 385,
  "size_x": 84,
  "size_y": 84,
  "size_z": 54,
  "snr": 2.1098452118742053,
  "spacing_tr": 1.2050000429153442,
  "spacing_x": 2.5,
  "spacing_y": 2.5,
  "spacing_z": 2.5,
  "summary_bg_k": 28.329397076560518,
  "summary_bg_mad": 118.6859130859375,
  "summary_bg_mean": 618.7301635742188,
  "summary_bg_median": 123.15910339355469,
  "summary_bg_n": 235756.0,
  "summary_bg_p05": 38.73019790649414,
  "summary_bg_p95": 2954.0835571289062,
  "summary_bg_stdv": 1364.6378173828125,
  "summary_fg_k": 1.2814769132190982,
  "summary_fg_mad": 4189.6357421875,
  "summary_fg_mean": 10753.2724609375,
  "summary_fg_median": 9929.154296875,
  "summary_fg_n": 85747.0,
  "summary_fg_p05": 4694.945361328125,
  "summary_fg_p95": 19832.850585937496,
  "summary_fg_stdv": 4706.078125,
  "tsnr": 32.24756622314453
}