{
  "bids_meta": {
    "AcquisitionDateTime": "2018-05-29T12:45:43.598000",
    "AcquisitionMatrixPE": 320,
    "AcquisitionNumber": 1,
    "AcquisitionTime": "12:38:37.032500",
    "BaseResolution": 320,
    "BodyPartExamined": "HEAD",
    "ConsistencyInfo": "N4_VE11B_LATEST_20150530",
    "ConversionSoftware": "dcm2niix",
    "ConversionSoftwareVersion": "v1.0.20171215 GCC5.1.0",
    "DeviceSerialNumber": "66072",
    "DwellTime": 7.4e-06,
    "EchoTime": 0.00228,
    "FlipAngle": 8,
    "ImageOrientationPatientDICOM": [
      0.00586889,
      0.997055,
      0.0764688,
      0.0813862,
      0.0757402,
      -0.993801
    ],
    "ImageType": [
      "ORIGINAL",
      "PRIMARY",
      "M",
      "ND",
      "NORM"
    ],
    "InPlanePhaseEncodingDirectionDICOM": "ROW",
    "InstitutionAddress": "Boulevard_Jean_Moulin_27_Marseille_District_FR_13005",
    "InstitutionName": "Universite_d_aix_Marseille",
    "InstitutionalDepartmentName": "Department",
    "InversionTime": 1.01,
    "MRAcquisitionType": "3D",
    "MagneticFieldStrength": 3,
    "Manufacturer": "Siemens",
    "ManufacturersModelName": "Prisma",
    "Modality": "MR",
    "ParallelReductionFactorInPlane": 2,
    "PartialFourier": 1,
    "PatientPosition": "HFS",
    "PercentPhaseFOV": 100,
    "PhaseEncodingSteps": 319,
    "PhaseResolution": 1,
    "PixelBandwidth": 210,
    "ProcedureStepDescription": "Projets_Convers",
    "ProtocolName": "T1w",
    "PulseSequenceDetails": "%SiemensSeq%_tfl",
    "ReceiveCoilActiveElements": "HC1-7;NC1,2",
    "ReceiveCoilName": "HeadNeck_64",
    "ReconMatrixPE": 320,
    "RepetitionTime": 2.4,
    "SAR": 0.0324029,
    "ScanOptions": "IR_WE",
    "ScanningSequence": "GR_IR",
    "SequenceName": "_tfl3d1_16ns",
    "SequenceVariant": "SK_SP_MP",
    "SeriesDescription": "T1w",
    "SeriesNumber": 18,
    "ShimSetting": [
      -595,
      -10772,
      -682,
      -263,
      34,
      -116,
      63,
      31
    ],
    "SliceThickness": 0.8,
    "SoftwareVersions": "syngo_MR_E11",
    "StationName": "AWP66072",
    "TxRefAmp": 216.133,
    "modality": "T1w",
    "subject_id": "02"
  },
  "cjv": 0.5822904439423755,
  "cnr": 2.2849127593256586,
  "efc": 0.46286134838521426,
  "fber": 3434.71435546875,
  "fwhm_avg": 3.918020288023984,
  "fwhm_x": 3.921248480789952,
  "fwhm_y": 3.9050624418100353,
  "fwhm_z": 3.9277499414719648,
  "icvs_csf": 0.181372080445718,
  "icvs_gm": 0.44925731149581216,
  "icvs_wm": 0.36937060805846983,
  "inu_med": 1.0720157623291016,
  "inu_range": 0.43469283878803244,
  "provenance": {
    "md5sum": "a0237407fb8a39630ea25fa51ebef8e3",
    "settings": {
      "testing": false
    },
    "software": "mriqc",
    "version": "0.10.4",
    "warnings": {
      "large_rot_frame": false,
      "small_air_mask": false
    }
  },
  "qi_1": 0.0,
  "qi_2": 0.008022786691454889,
  "rpve_csf": 45.46408878268654,
  "rpve_gm": 20.492812270256113,
  "rpve_wm": 27.78290764325105,
  "size_x": 256,
  "size_y": 320,
  "size_z": 320,
  "snr_csf": 2.6643610303509973,
  "snr_gm": 10.987719442042712,
  "snr_total": 10.615381912734671,
  "snr_wm": 18.194065265810305,
  "snrd_csf": 32.50196011667703,
  "snrd_gm": 74.23472027908042,
  "snrd_total": 66.87725726864558,
  "snrd_wm": 93.89509141017926,
  "spacing_x": 0.8000003099441528,
  "spacing_y": 0.800000011920929,
  "spacing_z": 0.800000011920929,
  "summary_bg_k": 4050.9762152711596,
  "summary_bg_mad": 6.977533340454102,
  "summary_bg_mean": 11.440657615661621,
  "summary_bg_median": 9.163908004760742,
  "summary_bg_n": 6314542.0,
  "summary_bg_p05": 1.9979179024696352,
  "summary_bg_p95": 28.509255695343008,
  "summary_bg_stdv": 14.122282981872559,
  "summary_csf_k": 19.659815808134493,
  "summary_csf_mad": 93.91865539550781,
  "summary_csf_mean": 376.35968017578125,
  "summary_csf_median": 346.16229248046875,
  "summary_csf_n": 29693.0,
  "summary_csf_p05": 232.11914978027346,
  "summary_csf_p95": 607.5726440429687,
  "summary_csf_stdv": 129.92100524902344,
  "summary_gm_k": 0.16686956345751458,
  "summary_gm_mad": 71.47872924804688,
  "summary_gm_mean": 790.8567504882812,
  "summary_gm_median": 790.6372680664062,
  "summary_gm_n": 50917.0,
  "summary_gm_p05": 675.4558959960938,
  "summary_gm_p95": 911.1051391601562,
  "summary_gm_stdv": 71.95574188232422,
  "summary_wm_k": 0.5446400754557215,
  "summary_wm_mad": 50.44874572753906,
  "summary_wm_mean": 1000.9605712890625,
  "summary_wm_median": 1000.0301513671875,
  "summary_wm_n": 297657.0,
  "summary_wm_p05": 910.8568115234375,
  "summary_wm_p95": 1093.3299560546875,
  "summary_wm_stdv": 54.964542388916016,
  "tpm_overlap_csf": 0.2242301106452942,
  "tpm_overlap_gm": 0.506467878818512,
  "tpm_overlap_wm": 0.5280058979988098,
  "wm2max": 0.5058840885942758
}