{
  "aor": 0.004837818181818183,
  "aqi": 0.0076982000000000005,
  "bids_meta": {
    "AcquisitionDateTime": "2018-07-16T13:56:14.285000",
    "AcquisitionMatrixPE": 84,
    "AcquisitionNumber": 1,
    "AcquisitionTime": "13:56:11.695000",
    "BandwidthPerPixelPhaseEncode": 23.81,
    "BaseResolution": 84,
    "BodyPartExamined": "HEAD",
    "ConsistencyInfo": "N4_VE11B_LATEST_20150530",
    "ConversionSoftware": "dcm2niix",
    "ConversionSoftwareVersion": "v1.0.20171215 GCC5.1.0",
    "DerivedVendorReportedEchoSpacing": 0.00049999,
    "DeviceSerialNumber": "66072",
    "DwellTime": 2.3e-06,
    "EchoTime": 0.03,
    "EchoTrainLength": 84,
    "EffectiveEchoSpacing": 0.00049999,
    "FlipAngle": 65,
    "ImageComments": "Unaliased_MB3_PE3_LB_SENSE1",
    "ImageOrientationPatientDICOM": [
      0.999925,
      -0.00837601,
      -0.0088853,
      0.00785352,
      0.998327,
      -0.0572921
    ],
    "ImageType": [
      "ORIGINAL",
      "PRIMARY",
      "M",
      "MB",
      "ND",
      "MOSAIC"
    ],
    "InPlanePhaseEncodingDirectionDICOM": "COL",
    "InstitutionAddress": "Boulevard_Jean_Moulin_27_Marseille_District_FR_13005",
    "InstitutionName": "Universite_d_aix_Marseille",
    "InstitutionalDepartmentName": "Department",
    "MRAcquisitionType": "2D",
    "MagneticFieldStrength": 3,
    "Manufacturer": "Siemens",
    "ManufacturersModelName": "Prisma",
    "Modality": "MR",
    "MultibandAccelerationFactor": 3,
    "PartialFourier": 1,
    "PatientPosition": "HFS",
    "PercentPhaseFOV": 100,
    "PhaseEncodingDirection": "j",
    "PhaseEncodingSteps": 84,
    "PhaseResolution": 1,
    "PixelBandwidth": 2590,
    "ProcedureStepDescription": "Projets_Convers",
    "ProtocolName": "task-convers_run1_bold",
    "PulseSequenceDetails": "%CustomerSeq%_cmrr_mbep2d_bold",
    "ReceiveCoilActiveElements": "HC1-7",
    "ReceiveCoilName": "HeadNeck_64",
    "ReconMatrixPE": 84,
    "RepetitionTime": 1.205,
    "SAR": 0.0666736,
    "ScanOptions": "FS_EXT",
    "ScanningSequence": "EP",
    "SequenceName": "epfid2d1_84",
    "SequenceVariant": "SK_SS",
    "SeriesDescription": "task-convers_run1_bold",
    "SeriesNumber": 11,
    "ShimSetting": [
      -618,
      -10756,
      -609,
      721,
      52,
      145,
      132,
      -14
    ],
    "SliceThickness": 2.5,
    "SliceTiming": [
      1.1375,
      1.07,
      1.0025,
      0.9375,
      0.87,
      0.8025,
      0.735,
      0.67,
      0.6025,
      0.535,
      0.4675,
      0.4,
      0.335,
      0.2675,
      0.2,
      0.1325,
      0.0675,
      0,
      1.1375,
      1.07,
      1.0025,
      0.9375,
      0.87,
      0.8025,
      0.735,
      0.67,
      0.6025,
      0.535,
      0.4675,
      0.4,
      0.335,
      0.2675,
      0.2,
      0.1325,
      0.0675,
      0,
      1.1375,
      1.07,
      1.0025,
      0.9375,
      0.87,
      0.8025,
      0.735,
      0.67,
      0.6025,
      0.535,
      0.4675,
      0.4,
      0.335,
      0.2675,
      0.2,
      0.1325,
      0.0675,
      0
    ],
    "SoftwareVersions": "syngo_MR_E11",
    "SpacingBetweenSlices": 2.5,
    "StationName": "AWP66072",
    "TaskName": "convers",
    "TotalReadoutTime": 0.04199916,
    "TxRefAmp": 239.049,
    "modality": "bold",
    "run_id": "01",
    "subject_id": "12",
    "task_id": "convers"
  },
  "dummy_trs": 0,
  "dvars_nstd": 43.006371532864584,
  "dvars_std": 1.163665956562501,
  "dvars_vstd": 1.043164519192708,
  "efc": 0.47440737867444305,
  "fber": 15767.5302734375,
  "fd_mean": 0.2949706656244417,
  "fd_num": 202,
  "fd_perc": 52.467532467532465,
  "fwhm_avg": 2.843906666666667,
  "fwhm_x": 2.66222,
  "fwhm_y": 3.0823039999999997,
  "fwhm_z": 2.7871960000000002,
  "gcor": 0.0130917,
  "gsr_x": -0.0039067259058356285,
  "gsr_y": 0.027776231989264488,
  "provenance": {
    "md5sum": "614a0a1b06810604cf5e009b34ca7797",
    "settings": {
      "fd_thres": 0.2,
      "hmc_fsl": false
    },
    "software": "mriqc",
    "version": "0.11.0",
    "webapi_port": null,
    "webapi_url": null
  },
  "size_t": 385,
  "size_x": 84,
  "size_y": 84,
  "size_z": 54,
  "snr": 2.43249163315067,
  "spacing_tr": 1.2050000429153442,
  "spacing_x": 2.5,
  "spacing_y": 2.5,
  "spacing_z": 2.5,
  "summary_bg_k": 43.8881587467604,
  "summary_bg_mad": 51.82049560546875,
  "summary_bg_mean": 355.0259094238281,
  "summary_bg_median": 72.96530151367188,
  "summary_bg_n": 233453.0,
  "summary_bg_p05": 29.882420349121098,
  "summary_bg_p95": 1793.5777099609372,
  "summary_bg_stdv": 904.0143432617188,
  "summary_fg_k": 0.44276555677938934,
  "summary_fg_mad": 3972.49169921875,
  "summary_fg_mean": 10356.7958984375,
  "summary_fg_median": 9909.052734375,
  "summary_fg_n": 86092.0,
  "summary_fg_p05": 4598.415380859375,
  "summary_fg_p95": 17750.2416015625,
  "summary_fg_stdv": 4073.598876953125,
  "tsnr": 35.0594367980957
}