{
  "aor": 0.0011203376623376623,
  "aqi": 0.004557056129870131,
  "bids_meta": {
    "AcquisitionDateTime": "2018-07-18T13:36:00.074000",
    "AcquisitionMatrixPE": 84,
    "AcquisitionNumber": 1,
    "AcquisitionTime": "13:35:57.982500",
    "BandwidthPerPixelPhaseEncode": 23.81,
    "BaseResolution": 84,
    "BodyPartExamined": "HEAD",
    "ConsistencyInfo": "N4_VE11B_LATEST_20150530",
    "ConversionSoftware": "dcm2niix",
    "ConversionSoftwareVersion": "v1.0.20171215 GCC5.1.0",
    "DerivedVendorReportedEchoSpacing": 0.00049999,
    "DeviceSerialNumber": "66072",
    "DwellTime": 2.3e-06,
    "EchoTime": 0.03,
    "EchoTrainLength": 84,
    "EffectiveEchoSpacing": 0.00049999,
    "FlipAngle": 65,
    "ImageComments": "Unaliased_MB3_PE3_LB_SENSE1",
    "ImageOrientationPatientDICOM": [
      0.997078,
      0.0702989,
      -0.0298971,
      -0.0697225,
      0.997368,
      0.019903
    ],
    "ImageType": [
      "ORIGINAL",
      "PRIMARY",
      "M",
      "MB",
      "ND",
      "MOSAIC"
    ],
    "InPlanePhaseEncodingDirectionDICOM": "COL",
    "InstitutionAddress": "Boulevard_Jean_Moulin_27_Marseille_District_FR_13005",
    "InstitutionName": "Universite_d_aix_Marseille",
    "InstitutionalDepartmentName": "Department",
    "MRAcquisitionType": "2D",
    "MagneticFieldStrength": 3,
    "Manufacturer": "Siemens",
    "ManufacturersModelName": "Prisma",
    "Modality": "MR",
    "MultibandAccelerationFactor": 3,
    "PartialFourier": 1,
    "PatientPosition": "HFS",
    "PercentPhaseFOV": 100,
    "PhaseEncodingDirection": "j",
    "PhaseEncodingSteps": 84,
    "PhaseResolution": 1,
    "PixelBandwidth": 2590,
    "ProcedureStepDescription": "Projets_Convers",
    "ProtocolName": "task-convers_run4_bold",
    "PulseSequenceDetails": "%CustomerSeq%_cmrr_mbep2d_bold",
    "ReceiveCoilActiveElements": "HC1-6",
    "ReceiveCoilName": "HeadNeck_64",
    "ReconMatrixPE": 84,
    "RepetitionTime": 1.205,
    "SAR": 0.0674756,
    "ScanOptions": "FS_EXT",
    "ScanningSequence": "EP",
    "SequenceName": "epfid2d1_84",
    "SequenceVariant": "SK_SS",
    "SeriesDescription": "task-convers_run4_bold",
    "SeriesNumber": 16,
    "ShimSetting": [
      -614,
      -10744,
      -510,
      458,
      114,
      189,
      -9,
      -5
    ],
    "SliceThickness": 2.5,
    "SliceTiming": [
      1.1375,
      1.07,
      1.0025,
      0.9375,
      0.87,
      0.8025,
      0.735,
      0.6675,
      0.6025,
      0.535,
      0.4675,
      0.4,
      0.335,
      0.2675,
      0.2,
      0.1325,
      0.065,
      0,
      1.1375,
      1.07,
      1.0025,
      0.9375,
      0.87,
      0.8025,
      0.735,
      0.6675,
      0.6025,
      0.535,
      0.4675,
      0.4,
      0.335,
      0.2675,
      0.2,
      0.1325,
      0.065,
      0,
      1.1375,
      1.07,
      1.0025,
      0.9375,
      0.87,
      0.8025,
      0.735,
      0.6675,
      0.6025,
      0.535,
      0.4675,
      0.4,
      0.335,
      0.2675,
      0.2,
      0.1325,
      0.065,
      0
    ],
    "SoftwareVersions": "syngo_MR_E11",
    "SpacingBetweenSlices": 2.5,
    "StationName": "AWP66072",
    "TaskName": "convers",
    "TotalReadoutTime": 0.04199916,
    "TxRefAmp": 220.918,
    "modality": "bold",
    "run_id": "04",
    "subject_id": "21",
    "task_id": "convers"
  },
  "dummy_trs": 0,
  "dvars_nstd": 33.589451720260435,
  "dvars_std": 1.0523319915364582,
  "dvars_vstd": 0.9632106347135426,
  "efc": 0.4741669412213964,
  "fber": 14795.1171875,
  "fd_mean": 0.14303836892236974,
  "fd_num": 66,
  "fd_perc": 17.142857142857142,
  "fwhm_avg": 2.8783893333333332,
  "fwhm_x": 2.681816,
  "fwhm_y": 3.088076,
  "fwhm_z": 2.865276,
  "gcor": 0.0166003,
  "gsr_x": -0.018970834091305733,
  "gsr_y": 0.049955226480960846,
  "provenance": {
    "md5sum": "ca28ed0d7a7ca002b21c23d103fb6f3c",
    "settings": {
      "fd_thres": 0.2,
      "hmc_fsl": false
    },
    "software": "mriqc",
    "version": "0.11.0",
    "webapi_port": null,
    "webapi_url": null
  },
  "size_t": 385,
  "size_x": 84,
  "size_y": 84,
  "size_z": 54,
  "snr": 2.0849406008337286,
  "spacing_tr": 1.2050000429153442,
  "spacing_x": 2.5,
  "spacing_y": 2.5,
  "spacing_z": 2.5,
  "summary_bg_k": 37.737302817834376,
  "summary_bg_mad": 51.83697509765625,
  "summary_bg_mean": 424.2716979980469,
  "summary_bg_median": 76.416015625,
  "summary_bg_n": 232085.0,
  "summary_bg_p05": 38.25165023803711,
  "summary_bg_p95": 2081.7840820312476,
  "summary_bg_stdv": 1044.1627197265625,
  "summary_fg_k": 0.8823750785382827,
  "summary_fg_mad": 4563.0126953125,
  "summary_fg_mean": 10932.7060546875,
  "summary_fg_median": 10094.12890625,
  "summary_fg_n": 88602.0,
  "summary_fg_p05": 4769.270947265625,
  "summary_fg_p95": 20268.799023437496,
  "summary_fg_stdv": 4841.41943359375,
  "tsnr": 39.87729263305664
}