{
  "bids_meta": {
    "AcquisitionDateTime": "2018-05-09T13:29:21.115000",
    "AcquisitionMatrixPE": 320,
    "AcquisitionNumber": 1,
    "AcquisitionTime": "13:22:4.580000",
    "BaseResolution": 320,
    "BodyPartExamined": "HEAD",
    "ConsistencyInfo": "N4_VE11B_LATEST_20150530",
    "ConversionSoftware": "dcm2niix",
    "ConversionSoftwareVersion": "v1.0.20171215 GCC5.1.0",
    "DeviceSerialNumber": "66072",
    "DwellTime": 7.4e-06,
    "EchoTime": 0.00228,
    "FlipAngle": 8,
    "ImageOrientationPatientDICOM": [
      -0.0311165,
      0.989309,
      0.142475,
      0.0933147,
      0.144796,
      -0.985051
    ],
    "ImageType": [
      "ORIGINAL",
      "PRIMARY",
      "M",
      "ND",
      "NORM"
    ],
    "InPlanePhaseEncodingDirectionDICOM": "ROW",
    "InstitutionAddress": "Boulevard_Jean_Moulin_27_Marseille...1E4BF1..._District_FR_1300",
    "InstitutionName": "Universite_d_aix_Marseille",
    "InstitutionalDepartmentName": "Department",
    "InversionTime": 1.01,
    "MRAcquisitionType": "3D",
    "MagneticFieldStrength": 3,
    "Manufacturer": "Siemens",
    "ManufacturersModelName": "Prisma",
    "Modality": "MR",
    "ParallelReductionFactorInPlane": 2,
    "PartialFourier": 1,
    "PatientPosition": "HFS",
    "PercentPhaseFOV": 100,
    "PhaseEncodingSteps": 319,
    "PhaseResolution": 1,
    "PixelBandwidth": 210,
    "ProcedureStepDescription": "Projets_Convers",
    "ProtocolName": "T1w",
    "PulseSequenceDetails": "%SiemensSeq%_tfl",
    "ReceiveCoilActiveElements": "HC1-7;NC1,2",
    "ReceiveCoilName": "HeadNeck_64",
    "ReconMatrixPE": 320,
    "RepetitionTime": 2.4,
    "SAR": 0.0364023,
    "ScanOptions": "IR_WE",
    "ScanningSequence": "GR_IR",
    "SequenceName": "_tfl3d1_16ns",
    "SequenceVariant": "SK_SP_MP",
    "SeriesDescription": "T1w",
    "SeriesNumber": 37,
    "ShimSetting": [
      -589,
      -10776,
      -639,
      -54,
      57,
      -277,
      47,
      7
    ],
    "SliceThickness": 0.8,
    "SoftwareVersions": "syngo_MR_E11",
    "StationName": "AWP66072",
    "TxRefAmp": 235.05,
    "modality": "T1w",
    "subject_id": "pilote2"
  },
  "cjv": 0.609658268265427,
  "cnr": 2.148161842992545,
  "efc": 0.5143842903127017,
  "fber": 4014.425537109375,
  "fwhm_avg": 4.365909338475288,
  "fwhm_x": 4.309190646385278,
  "fwhm_y": 4.395799934497477,
  "fwhm_z": 4.392737434543111,
  "icvs_csf": 0.19497857667244126,
  "icvs_gm": 0.42479320655160013,
  "icvs_wm": 0.38022821677595864,
  "inu_med": 1.155938982963562,
  "inu_range": 0.5446242481470107,
  "provenance": {
    "md5sum": "5bb5d08f8b7db77104530fec4d0a7b9a",
    "settings": {
      "testing": false
    },
    "software": "mriqc",
    "version": "0.10.4",
    "warnings": {
      "large_rot_frame": false,
      "small_air_mask": false
    }
  },
  "qi_1": 0.0,
  "qi_2": 0.005506385252744196,
  "rpve_csf": 35.166644188129176,
  "rpve_gm": 17.3642396876155,
  "rpve_wm": 22.324008713253804,
  "size_x": 256,
  "size_y": 320,
  "size_z": 320,
  "snr_csf": 3.0798949661143413,
  "snr_gm": 10.416223305284023,
  "snr_total": 10.398406152456337,
  "snr_wm": 17.699100185970646,
  "snrd_csf": 45.48392804869285,
  "snrd_gm": 94.48598507300505,
  "snrd_total": 86.2584572343102,
  "snrd_wm": 118.80545858123271,
  "spacing_x": 0.7999994158744812,
  "spacing_y": 0.800000011920929,
  "spacing_z": 0.800000011920929,
  "summary_bg_k": 12.24680888866416,
  "summary_bg_mad": 5.514572620391846,
  "summary_bg_mean": 9.260035514831543,
  "summary_bg_median": 7.550210952758789,
  "summary_bg_n": 5012078.0,
  "summary_bg_p05": 1.454340010881424,
  "summary_bg_p95": 23.230796051025365,
  "summary_bg_stdv": 7.650709629058838,
  "summary_csf_k": -0.03587195798645615,
  "summary_csf_mad": 121.90023803710938,
  "summary_csf_mean": 408.1809387207031,
  "summary_csf_median": 382.85833740234375,
  "summary_csf_n": 51439.0,
  "summary_csf_p05": 243.76315307617188,
  "summary_csf_p95": 637.1666992187501,
  "summary_csf_stdv": 124.30768585205078,
  "summary_gm_k": 0.2812771267486047,
  "summary_gm_mad": 72.89554595947266,
  "summary_gm_mean": 799.9744262695312,
  "summary_gm_median": 795.330322265625,
  "summary_gm_n": 69094.0,
  "summary_gm_p05": 682.932339477539,
  "summary_gm_p95": 936.7484954833983,
  "summary_gm_stdv": 76.35440826416016,
  "summary_wm_k": 0.7676084552666005,
  "summary_wm_mad": 51.90623474121094,
  "summary_wm_mean": 1004.2972412109375,
  "summary_wm_median": 1000.0380859375,
  "summary_wm_n": 422460.0,
  "summary_wm_p05": 919.3643798828125,
  "summary_wm_p95": 1104.6003540039062,
  "summary_wm_stdv": 56.502132415771484,
  "tpm_overlap_csf": 0.23706117272377014,
  "tpm_overlap_gm": 0.5161768794059753,
  "tpm_overlap_wm": 0.5695536732673645,
  "wm2max": 0.5411593391511587
}