{
  "aor": 0.0030715039577836408,
  "aqi": 0.007035144670184696,
  "bids_meta": {
    "AcquisitionDateTime": "2018-05-09T13:01:41.183000",
    "AcquisitionMatrixPE": 84,
    "AcquisitionNumber": 1,
    "AcquisitionTime": "13:01:14.325000",
    "BandwidthPerPixelPhaseEncode": 48.591,
    "BaseResolution": 84,
    "BodyPartExamined": "HEAD",
    "ConsistencyInfo": "N4_VE11B_LATEST_20150530",
    "ConversionSoftware": "dcm2niix",
    "ConversionSoftwareVersion": "v1.0.20171215 GCC5.1.0",
    "DerivedVendorReportedEchoSpacing": 0.000489999,
    "DeviceSerialNumber": "66072",
    "DwellTime": 2.3e-06,
    "EchoTime": 0.0134,
    "EchoTrainLength": 37,
    "EffectiveEchoSpacing": 0.000244999,
    "FlipAngle": 70,
    "ImageComments": "Unaliased_MB3_PE4_LB_SENSE1",
    "ImageOrientationPatientDICOM": [
      0.99515,
      0.017424,
      0.0968154,
      -0.00694757,
      0.99418,
      -0.107511
    ],
    "ImageType": [
      "ORIGINAL",
      "PRIMARY",
      "M",
      "MB",
      "TE1",
      "ND",
      "MOSAIC"
    ],
    "InPlanePhaseEncodingDirectionDICOM": "COL",
    "InstitutionAddress": "Boulevard_Jean_Moulin_27_Marseille...1E4BF1..._District_FR_1300",
    "InstitutionName": "Universite_d_aix_Marseille",
    "InstitutionalDepartmentName": "Department",
    "MRAcquisitionType": "2D",
    "MagneticFieldStrength": 3,
    "Manufacturer": "Siemens",
    "ManufacturersModelName": "Prisma",
    "Modality": "MR",
    "MultibandAccelerationFactor": 3,
    "ParallelReductionFactorInPlane": 2,
    "PartialFourier": 0.875,
    "PatientPosition": "HFS",
    "PercentPhaseFOV": 100,
    "PhaseEncodingDirection": "j-",
    "PhaseEncodingSteps": 74,
    "PhaseResolution": 1,
    "PixelBandwidth": 2590,
    "ProcedureStepDescription": "Projets_Convers",
    "ProtocolName": "task-convers_run3_bold_ME",
    "PulseSequenceDetails": "%CustomerSeq%_cmrr_mbep2d_bold",
    "ReceiveCoilActiveElements": "HC1-7",
    "ReceiveCoilName": "HeadNeck_64",
    "ReconMatrixPE": 84,
    "RepetitionTime": 1.425,
    "SAR": 0.0596996,
    "ScanOptions": "PFP_FS_EXT",
    "ScanningSequence": "EP",
    "SequenceName": "epfid2d3_84",
    "SequenceVariant": "SK_SS",
    "SeriesDescription": "task-convers_run3_bold_ME",
    "SeriesNumber": 34,
    "ShimSetting": [
      -570,
      -10756,
      -591,
      322,
      114,
      -12,
      -53,
      26
    ],
    "SliceThickness": 2.5,
    "SliceTiming": [
      1.3275,
      1.25,
      1.1725,
      1.0925,
      1.015,
      0.9375,
      0.86,
      0.78,
      0.7025,
      0.625,
      0.5475,
      0.47,
      0.39,
      0.3125,
      0.235,
      0.1575,
      0.0775,
      0,
      1.3275,
      1.25,
      1.1725,
      1.0925,
      1.015,
      0.9375,
      0.86,
      0.78,
      0.7025,
      0.625,
      0.5475,
      0.47,
      0.39,
      0.3125,
      0.235,
      0.1575,
      0.0775,
      0,
      1.3275,
      1.25,
      1.1725,
      1.0925,
      1.015,
      0.9375,
      0.86,
      0.78,
      0.7025,
      0.625,
      0.5475,
      0.47,
      0.39,
      0.3125,
      0.235,
      0.1575,
      0.0775,
      0
    ],
    "SoftwareVersions": "syngo_MR_E11",
    "SpacingBetweenSlices": 2.5,
    "StationName": "AWP66072",
    "TaskName": "convers",
    "TotalReadoutTime": 0.020579916,
    "TxRefAmp": 235.05,
    "modality": "bold",
    "rec_id": "arithmsum",
    "run_id": "03",
    "subject_id": "pilote2",
    "task_id": "convers"
  },
  "dummy_trs": 0,
  "dvars_nstd": 42.869506699947074,
  "dvars_std": 1.1957851397354495,
  "dvars_vstd": 1.0101664985449728,
  "efc": 0.4719777354357136,
  "fber": 12773.005859375,
  "fd_mean": 0.045772856610089334,
  "fd_num": 0,
  "fd_perc": 0.0,
  "fwhm_avg": 3.2489225677878153,
  "fwhm_x": 3.0247479999999998,
  "fwhm_y": 3.61156,
  "fwhm_z": 3.110459703363447,
  "gcor": 0.0664011,
  "gsr_x": 0.01118189375847578,
  "gsr_y": 0.054664064198732376,
  "provenance": {
    "md5sum": "2e870a0131c45c4e38c0ccbfbd49c546",
    "settings": {
      "fd_thres": 0.2,
      "hmc_fsl": false
    },
    "software": "mriqc",
    "version": "0.10.4"
  },
  "size_t": 379,
  "size_x": 84,
  "size_y": 84,
  "size_z": 54,
  "snr": 2.0751701723497504,
  "spacing_tr": 1.4249999523162842,
  "spacing_x": 2.5,
  "spacing_y": 2.5,
  "spacing_z": 2.500000238418579,
  "summary_bg_k": 18.433191772699562,
  "summary_bg_mad": 110.92300415039062,
  "summary_bg_mean": 811.9942626953125,
  "summary_bg_median": 115.9024658203125,
  "summary_bg_n": 242396.0,
  "summary_bg_p05": 34.966007232666016,
  "summary_bg_p95": 4716.7735595703125,
  "summary_bg_stdv": 1812.8465576171875,
  "summary_fg_k": 0.9071209896378054,
  "summary_fg_mad": 5485.3251953125,
  "summary_fg_mean": 13147.751953125,
  "summary_fg_median": 12141.029296875,
  "summary_fg_n": 79902.0,
  "summary_fg_p05": 5472.234619140625,
  "summary_fg_p95": 24283.608007812494,
  "summary_fg_stdv": 5850.58203125,
  "tsnr": 36.59251403808594
}